{
  "aor": 0.0005881063122923588,
  "aqi": 0.006197738106312293,
  "bids_meta": {
    "AccelFactPE": 2,
    "AcquisitionNumber": 1,
    "AcquisitionTime": "11:47:21.967500",
    "BandwidthPerPixelPhaseEncode": 47.348,
    "BodyPartExamined": "BRAIN",
    "ConversionSoftware": "dcm2niix",
    "ConversionSoftwareVersion": "v1.0.20170724 (OpenJPEG build) GCC6.1.0",
    "DeviceSerialNumber": "45031",
    "EchoTime": 0.03,
    "EchoTrainLength": 31,
    "EffectiveEchoSpacing": 0.000330003,
    "FlipAngle": 71,
    "ImageType": [
      "ORIGINAL",
      "PRIMARY",
      "M",
      "ND",
      "NORM",
      "MOSAIC"
    ],
    "InstitutionAddress": "Washington_and_Faculty_Rd._-_Building_25_25_Princeton_NJ_US_085",
    "InstitutionName": "Princeton_University_-_Neuroscience_Institute",
    "MagneticFieldStrength": 3,
    "Manufacturer": "Siemens",
    "ManufacturersModelName": "Skyra",
    "PhaseEncodingDirection": "j-",
    "PhaseEncodingLines": 64,
    "ProcedureStepDescription": "NormanLab_Jarrod",
    "ProtocolName": "epi_301_3x3x3_2s",
    "RepetitionTime": 2,
    "ScanningSequence": "EP",
    "SequenceName": "_epfid2d1_64",
    "SequenceVariant": "SK",
    "SeriesDescription": "epi_301_3x3x3_2s",
    "SliceTiming": [
      1,
      0,
      1.055,
      0.055,
      1.11,
      0.1125,
      1.1675,
      0.1675,
      1.2225,
      0.2225,
      1.2775,
      0.2775,
      1.3325,
      0.3325,
      1.39,
      0.39,
      1.445,
      0.445,
      1.5,
      0.5,
      1.555,
      0.555,
      1.61,
      0.61,
      1.6675,
      0.6675,
      1.7225,
      0.7225,
      1.7775,
      0.7775,
      1.8325,
      0.8325,
      1.8875,
      0.89,
      1.945,
      0.945
    ],
    "SoftwareVersions": "syngo_MR_D11",
    "TaskName": "Working Memory",
    "TotalReadoutTime": 0.0201302,
    "TrueEchoSpacing": 0.000660007,
    "dataset": "ds001229",
    "modality": "bold",
    "run_id": 3,
    "subject_id": "19",
    "task_id": "wm"
  },
  "dummy_trs": 0,
  "dvars_nstd": 23.593993123533345,
  "dvars_std": 1.1217624961000006,
  "dvars_vstd": 1.0078107192666659,
  "efc": 0.6128120596343059,
  "fber": 1108.0626220703125,
  "fd_mean": 0.08110546978044902,
  "fd_num": 2,
  "fd_perc": 0.6644518272425249,
  "fwhm_avg": 1.615711195188112,
  "fwhm_x": 1.5219833333333332,
  "fwhm_y": 1.73825,
  "fwhm_z": 1.5869002522310023,
  "gcor": 0.0368784,
  "gsr_x": 0.02475450560450554,
  "gsr_y": 0.02578926458954811,
  "provenance": {
    "md5sum": "87bea115a2bd7dad560613fffcb02e46",
    "settings": {
      "fd_thres": 0.2,
      "testing": false
    },
    "software": "mriqc",
    "version": "22.0.6",
    "webapi_port": null,
    "webapi_url": "https://mriqc.nimh.nih.gov/api/v1"
  },
  "size_t": 301,
  "size_x": 64,
  "size_y": 64,
  "size_z": 36,
  "snr": 6.243846967592948,
  "spacing_tr": 2.0,
  "spacing_x": 3.0,
  "spacing_y": 3.0,
  "spacing_z": 2.999999523162842,
  "summary_bg_k": 17.068096287638053,
  "summary_bg_mad": 14.638848914750811,
  "summary_bg_mean": 53.3457145690918,
  "summary_bg_median": 21.73421859741211,
  "summary_bg_n": 73529.0,
  "summary_bg_p05": 9.64784049987793,
  "summary_bg_p95": 218.22125549316402,
  "summary_bg_stdv": 84.54011535644531,
  "summary_fg_k": 2.7392187696392085,
  "summary_fg_mad": 107.43699056170212,
  "summary_fg_mean": 756.45458984375,
  "summary_fg_median": 745.431884765625,
  "summary_fg_n": 39487.0,
  "summary_fg_p05": 596.5036437988281,
  "summary_fg_p95": 953.591339111328,
  "summary_fg_stdv": 119.38512420654297,
  "tsnr": 66.23242114018649
}