{
  "aor": 0.0007746179401993356,
  "aqi": 0.006296853621262459,
  "bids_meta": {
    "AccelFactPE": 2,
    "AcquisitionNumber": 1,
    "AcquisitionTime": "10:53:57.552500",
    "BandwidthPerPixelPhaseEncode": 47.348,
    "BodyPartExamined": "BRAIN",
    "ConversionSoftware": "dcm2niix",
    "ConversionSoftwareVersion": "v1.0.20170724 (OpenJPEG build) GCC6.1.0",
    "DeviceSerialNumber": "45031",
    "EchoTime": 0.03,
    "EchoTrainLength": 31,
    "EffectiveEchoSpacing": 0.000330003,
    "FlipAngle": 71,
    "ImageType": [
      "ORIGINAL",
      "PRIMARY",
      "M",
      "ND",
      "NORM",
      "MOSAIC"
    ],
    "InstitutionAddress": "Washington_and_Faculty_Rd._-_Building_25_25_Princeton_NJ_US_085",
    "InstitutionName": "Princeton_University_-_Neuroscience_Institute",
    "MagneticFieldStrength": 3,
    "Manufacturer": "Siemens",
    "ManufacturersModelName": "Skyra",
    "PhaseEncodingDirection": "j-",
    "PhaseEncodingLines": 64,
    "ProcedureStepDescription": "NormanLab_Jarrod",
    "ProtocolName": "epi_301_3x3x3_2s",
    "RepetitionTime": 2,
    "ScanningSequence": "EP",
    "SequenceName": "_epfid2d1_64",
    "SequenceVariant": "SK",
    "SeriesDescription": "epi_301_3x3x3_2s",
    "SliceTiming": [
      1,
      0,
      1.0575,
      0.0575,
      1.1125,
      0.1125,
      1.1675,
      0.1675,
      1.2225,
      0.2225,
      1.2775,
      0.28,
      1.335,
      0.335,
      1.39,
      0.39,
      1.445,
      0.445,
      1.5,
      0.5,
      1.555,
      0.5575,
      1.6125,
      0.6125,
      1.6675,
      0.6675,
      1.7225,
      0.7225,
      1.7775,
      0.7775,
      1.835,
      0.835,
      1.89,
      0.89,
      1.945,
      0.945
    ],
    "SoftwareVersions": "syngo_MR_D11",
    "TaskName": "Episodic Memory",
    "TotalReadoutTime": 0.0201302,
    "TrueEchoSpacing": 0.000660007,
    "dataset": "ds001229",
    "modality": "bold",
    "run_id": 1,
    "subject_id": "19",
    "task_id": "em"
  },
  "dummy_trs": 0,
  "dvars_nstd": 23.375687993366657,
  "dvars_std": 1.1052155554666665,
  "dvars_vstd": 1.0040564623666666,
  "efc": 0.6093139219102401,
  "fber": 1159.910400390625,
  "fd_mean": 0.07410994425397012,
  "fd_num": 2,
  "fd_perc": 0.6644518272425249,
  "fwhm_avg": 1.6180867511376764,
  "fwhm_x": 1.5195533333333333,
  "fwhm_y": 1.7403700000000002,
  "fwhm_z": 1.5943369200796953,
  "gcor": 0.0397909,
  "gsr_x": 0.023732781410217285,
  "gsr_y": 0.02620786242187023,
  "provenance": {
    "md5sum": "5aa4bf76f9f689f16c44b7e012c35015",
    "settings": {
      "fd_thres": 0.2,
      "testing": false
    },
    "software": "mriqc",
    "version": "22.0.6",
    "webapi_port": null,
    "webapi_url": "https://mriqc.nimh.nih.gov/api/v1"
  },
  "size_t": 301,
  "size_x": 64,
  "size_y": 64,
  "size_z": 36,
  "snr": 6.140764021273177,
  "spacing_tr": 2.0,
  "spacing_x": 3.0,
  "spacing_y": 3.0,
  "spacing_z": 2.999999523162842,
  "summary_bg_k": 18.443834593752364,
  "summary_bg_mad": 14.02315194432889,
  "summary_bg_mean": 51.18855285644531,
  "summary_bg_median": 21.315614700317383,
  "summary_bg_n": 73668.0,
  "summary_bg_p05": 9.50166130065918,
  "summary_bg_p95": 206.84285507202114,
  "summary_bg_stdv": 82.1222152709961,
  "summary_fg_k": 2.873498788078587,
  "summary_fg_mad": 109.82585872370953,
  "summary_fg_mean": 759.5968627929688,
  "summary_fg_median": 748.6079711914062,
  "summary_fg_n": 39317.0,
  "summary_fg_p05": 596.7255493164063,
  "summary_fg_p95": 960.7461791992187,
  "summary_fg_stdv": 121.90640258789062,
  "tsnr": 64.2930693353992
}