{
  "aor": 0.0007695666666666667,
  "aqi": 0.005925306766666667,
  "bids_meta": {
    "AccelFactPE": 2,
    "AcquisitionNumber": 1,
    "AcquisitionTime": "11:15:10.792500",
    "BandwidthPerPixelPhaseEncode": 47.348,
    "BodyPartExamined": "BRAIN",
    "ConversionSoftware": "dcm2niix",
    "ConversionSoftwareVersion": "v1.0.20170724 (OpenJPEG build) GCC6.1.0",
    "DeviceSerialNumber": "45031",
    "EchoTime": 0.03,
    "EchoTrainLength": 31,
    "EffectiveEchoSpacing": 0.000330003,
    "FlipAngle": 71,
    "ImageType": [
      "ORIGINAL",
      "PRIMARY",
      "M",
      "ND",
      "NORM",
      "MOSAIC"
    ],
    "InstitutionAddress": "Washington_and_Faculty_Rd._-_Building_25_25_Princeton_NJ_US_085",
    "InstitutionName": "Princeton_University_-_Neuroscience_Institute",
    "MagneticFieldStrength": 3,
    "Manufacturer": "Siemens",
    "ManufacturersModelName": "Skyra",
    "PhaseEncodingDirection": "j-",
    "PhaseEncodingLines": 64,
    "ProcedureStepDescription": "NormanLab_Jarrod",
    "ProtocolName": "epi_301_3x3x3_2s",
    "RepetitionTime": 2,
    "ScanningSequence": "EP",
    "SequenceName": "_epfid2d1_64",
    "SequenceVariant": "SK",
    "SeriesDescription": "epi_301_3x3x3_2s",
    "SliceTiming": [
      1,
      0,
      1.055,
      0.055,
      1.11,
      0.11,
      1.165,
      0.165,
      1.2225,
      0.2225,
      1.2775,
      0.2775,
      1.3325,
      0.3325,
      1.3875,
      0.3875,
      1.4425,
      0.445,
      1.5,
      0.5,
      1.555,
      0.555,
      1.61,
      0.61,
      1.665,
      0.665,
      1.7225,
      0.7225,
      1.7775,
      0.7775,
      1.8325,
      0.8325,
      1.8875,
      0.8875,
      1.9425,
      0.9425
    ],
    "SoftwareVersions": "syngo_MR_D11",
    "TaskName": "Episodic Memory",
    "TotalReadoutTime": 0.0201302,
    "TrueEchoSpacing": 0.000660007,
    "dataset": "ds001229",
    "modality": "bold",
    "run_id": 2,
    "subject_id": "19",
    "task_id": "em"
  },
  "dummy_trs": 1,
  "dvars_nstd": 23.425360198127084,
  "dvars_std": 1.1216673755518387,
  "dvars_vstd": 1.0048894352508364,
  "efc": 0.6117292085963594,
  "fber": 1111.0045166015625,
  "fd_mean": 0.08448726636329015,
  "fd_num": 3,
  "fd_perc": 1.0,
  "fwhm_avg": 1.609964528149512,
  "fwhm_x": 1.51908,
  "fwhm_y": 1.7309333333333334,
  "fwhm_z": 1.579880251115203,
  "gcor": 0.0917503,
  "gsr_x": 0.024485349655151367,
  "gsr_y": 0.026304418221116066,
  "provenance": {
    "md5sum": "81c6572b6ddf34b8d0f3a53f568ecb7b",
    "settings": {
      "fd_thres": 0.2,
      "testing": false
    },
    "software": "mriqc",
    "version": "22.0.6",
    "webapi_port": null,
    "webapi_url": "https://mriqc.nimh.nih.gov/api/v1"
  },
  "size_t": 300,
  "size_x": 64,
  "size_y": 64,
  "size_z": 36,
  "snr": 6.218751811138393,
  "spacing_tr": 2.0,
  "spacing_x": 3.0,
  "spacing_y": 3.0,
  "spacing_z": 2.999999523162842,
  "summary_bg_k": 17.650040018133684,
  "summary_bg_mad": 14.756833440548847,
  "summary_bg_mean": 52.742061614990234,
  "summary_bg_median": 21.753334045410156,
  "summary_bg_n": 73563.0,
  "summary_bg_p05": 9.553333282470703,
  "summary_bg_p95": 215.41334533691406,
  "summary_bg_stdv": 84.1107177734375,
  "summary_fg_k": 2.73666911169785,
  "summary_fg_mad": 108.69205351760809,
  "summary_fg_mean": 759.0540161132812,
  "summary_fg_median": 748.106689453125,
  "summary_fg_n": 39484.0,
  "summary_fg_p05": 597.4576629638672,
  "summary_fg_p95": 958.2526641845702,
  "summary_fg_stdv": 120.29700469970703,
  "tsnr": 65.59611238958314
}