{
  "aor": 0.0005810299003322259,
  "aqi": 0.006118423820598006,
  "bids_meta": {
    "AccelFactPE": 2,
    "AcquisitionNumber": 1,
    "AcquisitionTime": "11:04:30.710000",
    "BandwidthPerPixelPhaseEncode": 47.348,
    "BodyPartExamined": "BRAIN",
    "ConversionSoftware": "dcm2niix",
    "ConversionSoftwareVersion": "v1.0.20170724 (OpenJPEG build) GCC6.1.0",
    "DeviceSerialNumber": "45031",
    "EchoTime": 0.03,
    "EchoTrainLength": 31,
    "EffectiveEchoSpacing": 0.000330003,
    "FlipAngle": 71,
    "ImageType": [
      "ORIGINAL",
      "PRIMARY",
      "M",
      "ND",
      "NORM",
      "MOSAIC"
    ],
    "InstitutionAddress": "Washington_and_Faculty_Rd._-_Building_25_25_Princeton_NJ_US_085",
    "InstitutionName": "Princeton_University_-_Neuroscience_Institute",
    "MagneticFieldStrength": 3,
    "Manufacturer": "Siemens",
    "ManufacturersModelName": "Skyra",
    "PhaseEncodingDirection": "j-",
    "PhaseEncodingLines": 64,
    "ProcedureStepDescription": "NormanLab_Jarrod",
    "ProtocolName": "epi_301_3x3x3_2s",
    "RepetitionTime": 2,
    "ScanningSequence": "EP",
    "SequenceName": "_epfid2d1_64",
    "SequenceVariant": "SK",
    "SeriesDescription": "epi_301_3x3x3_2s",
    "SliceTiming": [
      0.9975,
      0,
      1.055,
      0.055,
      1.11,
      0.11,
      1.165,
      0.165,
      1.22,
      0.22,
      1.275,
      0.2775,
      1.3325,
      0.3325,
      1.3875,
      0.3875,
      1.4425,
      0.4425,
      1.4975,
      0.4975,
      1.555,
      0.555,
      1.61,
      0.61,
      1.665,
      0.665,
      1.72,
      0.72,
      1.775,
      0.7775,
      1.8325,
      0.8325,
      1.8875,
      0.8875,
      1.9425,
      0.9425
    ],
    "SoftwareVersions": "syngo_MR_D11",
    "TaskName": "Working Memory",
    "TotalReadoutTime": 0.0201302,
    "TrueEchoSpacing": 0.000660007,
    "dataset": "ds001229",
    "modality": "bold",
    "run_id": 1,
    "subject_id": "19",
    "task_id": "wm"
  },
  "dummy_trs": 0,
  "dvars_nstd": 22.758746001066665,
  "dvars_std": 1.1049985079666673,
  "dvars_vstd": 1.0022161040000002,
  "efc": 0.6106399469947941,
  "fber": 1157.0467529296875,
  "fd_mean": 0.07188109700758036,
  "fd_num": 4,
  "fd_perc": 1.3289036544850499,
  "fwhm_avg": 1.6170534174832722,
  "fwhm_x": 1.5219833333333332,
  "fwhm_y": 1.7409,
  "fwhm_z": 1.588276919116484,
  "gcor": 0.102831,
  "gsr_x": 0.02396346628665924,
  "gsr_y": 0.026171984151005745,
  "provenance": {
    "md5sum": "c55baf3be6277c3c5c44bccd3ecb4ecf",
    "settings": {
      "fd_thres": 0.2,
      "testing": false
    },
    "software": "mriqc",
    "version": "22.0.6",
    "webapi_port": null,
    "webapi_url": "https://mriqc.nimh.nih.gov/api/v1"
  },
  "size_t": 301,
  "size_x": 64,
  "size_y": 64,
  "size_z": 36,
  "snr": 6.189848401202446,
  "spacing_tr": 2.0,
  "spacing_x": 3.0,
  "spacing_y": 3.0,
  "spacing_z": 2.999999523162842,
  "summary_bg_k": 18.133016228253588,
  "summary_bg_mad": 14.348238938000868,
  "summary_bg_mean": 52.193050384521484,
  "summary_bg_median": 21.37541389465332,
  "summary_bg_n": 73651.0,
  "summary_bg_p05": 9.50166130065918,
  "summary_bg_p95": 212.9700927734375,
  "summary_bg_stdv": 83.8001480102539,
  "summary_fg_k": 2.7209126580371192,
  "summary_fg_mad": 109.91205126601463,
  "summary_fg_mean": 759.9338989257812,
  "summary_fg_median": 749.2757568359375,
  "summary_fg_n": 39386.0,
  "summary_fg_p05": 597.7815551757812,
  "summary_fg_p95": 960.6129608154297,
  "summary_fg_stdv": 121.04759216308594,
  "tsnr": 63.65706067532301
}