{
  "aor": 0.007805415282392026,
  "aqi": 0.014104022657807308,
  "bids_meta": {
    "AccelFactPE": 2,
    "AcquisitionNumber": 1,
    "AcquisitionTime": "18:42:56.827500",
    "BandwidthPerPixelPhaseEncode": 47.348,
    "BodyPartExamined": "BRAIN",
    "ConversionSoftware": "dcm2niix",
    "ConversionSoftwareVersion": "v1.0.20170724 (OpenJPEG build) GCC6.1.0",
    "DeviceSerialNumber": "45031",
    "EchoTime": 0.03,
    "EchoTrainLength": 31,
    "EffectiveEchoSpacing": 0.000330003,
    "FlipAngle": 71,
    "ImageType": [
      "ORIGINAL",
      "PRIMARY",
      "M",
      "ND",
      "NORM",
      "MOSAIC"
    ],
    "InstitutionAddress": "Washington_and_Faculty_Rd._-_Building_25_25_Princeton_NJ_US_085",
    "InstitutionName": "Princeton_University_-_Neuroscience_Institute",
    "MagneticFieldStrength": 3,
    "Manufacturer": "Siemens",
    "ManufacturersModelName": "Skyra",
    "PhaseEncodingDirection": "j-",
    "PhaseEncodingLines": 64,
    "ProcedureStepDescription": "NormanLab_Jarrod",
    "ProtocolName": "epi_301_3x3x3_2s",
    "RepetitionTime": 2,
    "ScanningSequence": "EP",
    "SequenceName": "_epfid2d1_64",
    "SequenceVariant": "SK",
    "SeriesDescription": "epi_301_3x3x3_2s",
    "SliceTiming": [
      1,
      0,
      1.055,
      0.0575,
      1.1125,
      0.1125,
      1.1675,
      0.1675,
      1.2225,
      0.2225,
      1.2775,
      0.2775,
      1.335,
      0.335,
      1.39,
      0.39,
      1.445,
      0.445,
      1.5,
      0.5,
      1.555,
      0.5575,
      1.6125,
      0.6125,
      1.6675,
      0.6675,
      1.7225,
      0.7225,
      1.7775,
      0.7775,
      1.8325,
      0.835,
      1.89,
      0.89,
      1.945,
      0.945
    ],
    "SoftwareVersions": "syngo_MR_D11",
    "TaskName": "Working Memory",
    "TotalReadoutTime": 0.0201302,
    "TrueEchoSpacing": 0.000660007,
    "dataset": "ds001229",
    "modality": "bold",
    "run_id": 2,
    "subject_id": "15",
    "task_id": "wm"
  },
  "dummy_trs": 0,
  "dvars_nstd": 32.06377202949997,
  "dvars_std": 1.1827066764666658,
  "dvars_vstd": 1.0368306063333335,
  "efc": 0.5683936382690128,
  "fber": 1806.7103271484375,
  "fd_mean": 0.2369862992356597,
  "fd_num": 97,
  "fd_perc": 32.22591362126246,
  "fwhm_avg": 1.6967497304170622,
  "fwhm_x": 1.5723533333333333,
  "fwhm_y": 1.8218266666666667,
  "fwhm_z": 1.6960691912511867,
  "gcor": 0.0423645,
  "gsr_x": 0.025427717715501785,
  "gsr_y": 0.022190643474459648,
  "provenance": {
    "md5sum": "2d5441f2419b7897e69556d0746e2b05",
    "settings": {
      "fd_thres": 0.2,
      "testing": false
    },
    "software": "mriqc",
    "version": "22.0.6",
    "webapi_port": null,
    "webapi_url": "https://mriqc.nimh.nih.gov/api/v1"
  },
  "size_t": 301,
  "size_x": 64,
  "size_y": 64,
  "size_z": 36,
  "snr": 5.604003878244985,
  "spacing_tr": 2.0,
  "spacing_x": 3.0,
  "spacing_y": 3.0,
  "spacing_z": 3.0000014305114746,
  "summary_bg_k": 26.144603612659814,
  "summary_bg_mad": 8.875910340610032,
  "summary_bg_mean": 36.563053131103516,
  "summary_bg_median": 16.860464096069336,
  "summary_bg_n": 79008.0,
  "summary_bg_p05": 8.617939949035645,
  "summary_bg_p95": 127.24019737243648,
  "summary_bg_stdv": 64.6402359008789,
  "summary_fg_k": 3.0973713907531426,
  "summary_fg_mad": 117.92108039517515,
  "summary_fg_mean": 739.9461669921875,
  "summary_fg_median": 725.7208862304688,
  "summary_fg_n": 35398.0,
  "summary_fg_p05": 574.0142822265625,
  "summary_fg_p95": 947.7576385498047,
  "summary_fg_stdv": 129.49859619140625,
  "tsnr": 45.993058535736054
}