{
  "aor": 0.0004900664451827243,
  "aqi": 0.006663193720930231,
  "bids_meta": {
    "AccelFactPE": 2,
    "AcquisitionNumber": 1,
    "AcquisitionTime": "17:08:55.332500",
    "BandwidthPerPixelPhaseEncode": 47.348,
    "BodyPartExamined": "BRAIN",
    "ConversionSoftware": "dcm2niix",
    "ConversionSoftwareVersion": "v1.0.20170724 (OpenJPEG build) GCC6.1.0",
    "DeviceSerialNumber": "45031",
    "EchoTime": 0.03,
    "EchoTrainLength": 31,
    "EffectiveEchoSpacing": 0.000330003,
    "FlipAngle": 71,
    "ImageType": [
      "ORIGINAL",
      "PRIMARY",
      "M",
      "ND",
      "NORM",
      "MOSAIC"
    ],
    "InstitutionAddress": "Washington_and_Faculty_Rd._-_Building_25_25_Princeton_NJ_US_085",
    "InstitutionName": "Princeton_University_-_Neuroscience_Institute",
    "MagneticFieldStrength": 3,
    "Manufacturer": "Siemens",
    "ManufacturersModelName": "Skyra",
    "PhaseEncodingDirection": "j-",
    "PhaseEncodingLines": 64,
    "ProcedureStepDescription": "NormanLab_Jarrod",
    "ProtocolName": "epi_301_3x3x3_2s",
    "RepetitionTime": 2,
    "ScanningSequence": "EP",
    "SequenceName": "_epfid2d1_64",
    "SequenceVariant": "SK",
    "SeriesDescription": "epi_301_3x3x3_2s",
    "SliceTiming": [
      1,
      0,
      1.055,
      0.055,
      1.11,
      0.11,
      1.165,
      0.165,
      1.22,
      0.2225,
      1.2775,
      0.2775,
      1.3325,
      0.3325,
      1.3875,
      0.3875,
      1.4425,
      0.4425,
      1.4975,
      0.5,
      1.555,
      0.555,
      1.61,
      0.61,
      1.665,
      0.665,
      1.72,
      0.72,
      1.7775,
      0.7775,
      1.8325,
      0.8325,
      1.8875,
      0.8875,
      1.9425,
      0.9425
    ],
    "SoftwareVersions": "syngo_MR_D11",
    "TaskName": "Working Memory",
    "TotalReadoutTime": 0.0201302,
    "TrueEchoSpacing": 0.000660007,
    "dataset": "ds001229",
    "modality": "bold",
    "run_id": 2,
    "subject_id": "04",
    "task_id": "wm"
  },
  "dummy_trs": 0,
  "dvars_nstd": 23.972658551599995,
  "dvars_std": 1.1279649424333333,
  "dvars_vstd": 0.9964444585333327,
  "efc": 0.6375592391643269,
  "fber": 1052.5968017578125,
  "fd_mean": 0.059871836533626197,
  "fd_num": 1,
  "fd_perc": 0.33222591362126247,
  "fwhm_avg": 1.6417833333333334,
  "fwhm_x": 1.5294400000000001,
  "fwhm_y": 1.77063,
  "fwhm_z": 1.62528,
  "gcor": 0.0434968,
  "gsr_x": -0.00568380719050765,
  "gsr_y": 0.04348817467689514,
  "provenance": {
    "md5sum": "34ab23620133b95cf5ae839fc13c6924",
    "settings": {
      "fd_thres": 0.2,
      "testing": false
    },
    "software": "mriqc",
    "version": "22.0.6",
    "webapi_port": null,
    "webapi_url": "https://mriqc.nimh.nih.gov/api/v1"
  },
  "size_t": 301,
  "size_x": 64,
  "size_y": 64,
  "size_z": 36,
  "snr": 6.1973839167711,
  "spacing_tr": 2.0,
  "spacing_x": 3.0,
  "spacing_y": 3.0,
  "spacing_z": 3.0,
  "summary_bg_k": 19.562179290872702,
  "summary_bg_mad": 17.003133255677863,
  "summary_bg_mean": 55.281463623046875,
  "summary_bg_median": 23.55481719970703,
  "summary_bg_n": 68296.0,
  "summary_bg_p05": 9.933554649353027,
  "summary_bg_p95": 221.27988815307617,
  "summary_bg_stdv": 82.63874816894531,
  "summary_fg_k": 3.1154957557993814,
  "summary_fg_mad": 117.800365590519,
  "summary_fg_mean": 807.5834350585938,
  "summary_fg_median": 796.6229248046875,
  "summary_fg_n": 44414.0,
  "summary_fg_p05": 640.1393402099609,
  "summary_fg_p95": 1014.6900115966797,
  "summary_fg_stdv": 128.5403594970703,
  "tsnr": 64.56763698952273
}