{
  "aor": 0.00040186046511627913,
  "aqi": 0.0067723353820598005,
  "bids_meta": {
    "AccelFactPE": 2,
    "AcquisitionNumber": 1,
    "AcquisitionTime": "16:58:24.295000",
    "BandwidthPerPixelPhaseEncode": 47.348,
    "BodyPartExamined": "BRAIN",
    "ConversionSoftware": "dcm2niix",
    "ConversionSoftwareVersion": "v1.0.20170724 (OpenJPEG build) GCC6.1.0",
    "DeviceSerialNumber": "45031",
    "EchoTime": 0.03,
    "EchoTrainLength": 31,
    "EffectiveEchoSpacing": 0.000330003,
    "FlipAngle": 71,
    "ImageType": [
      "ORIGINAL",
      "PRIMARY",
      "M",
      "ND",
      "NORM",
      "MOSAIC"
    ],
    "InstitutionAddress": "Washington_and_Faculty_Rd._-_Building_25_25_Princeton_NJ_US_085",
    "InstitutionName": "Princeton_University_-_Neuroscience_Institute",
    "MagneticFieldStrength": 3,
    "Manufacturer": "Siemens",
    "ManufacturersModelName": "Skyra",
    "PhaseEncodingDirection": "j-",
    "PhaseEncodingLines": 64,
    "ProcedureStepDescription": "NormanLab_Jarrod",
    "ProtocolName": "epi_301_3x3x3_2s",
    "RepetitionTime": 2,
    "ScanningSequence": "EP",
    "SequenceName": "_epfid2d1_64",
    "SequenceVariant": "SK",
    "SeriesDescription": "epi_301_3x3x3_2s",
    "SliceTiming": [
      1,
      0,
      1.0575,
      0.0575,
      1.1125,
      0.1125,
      1.1675,
      0.1675,
      1.2225,
      0.2225,
      1.2775,
      0.2775,
      1.335,
      0.335,
      1.39,
      0.39,
      1.445,
      0.445,
      1.5,
      0.5,
      1.555,
      0.5575,
      1.6125,
      0.6125,
      1.6675,
      0.6675,
      1.7225,
      0.7225,
      1.7775,
      0.7775,
      1.835,
      0.835,
      1.89,
      0.89,
      1.945,
      0.945
    ],
    "SoftwareVersions": "syngo_MR_D11",
    "TaskName": "Episodic Memory",
    "TotalReadoutTime": 0.0201302,
    "TrueEchoSpacing": 0.000660007,
    "dataset": "ds001229",
    "modality": "bold",
    "run_id": 2,
    "subject_id": "04",
    "task_id": "em"
  },
  "dummy_trs": 0,
  "dvars_nstd": 23.25368664440002,
  "dvars_std": 1.110274186133334,
  "dvars_vstd": 0.9951541383999997,
  "efc": 0.6371172308028089,
  "fber": 1054.2276611328125,
  "fd_mean": 0.0557057804794758,
  "fd_num": 0,
  "fd_perc": 0.0,
  "fwhm_avg": 1.6353955555555555,
  "fwhm_x": 1.5173766666666666,
  "fwhm_y": 1.7579533333333333,
  "fwhm_z": 1.6308566666666666,
  "gcor": 0.04895,
  "gsr_x": -0.005332202650606632,
  "gsr_y": 0.04287121444940567,
  "provenance": {
    "md5sum": "10ab9b73dfabdfd82cdb9248c4ab1d95",
    "settings": {
      "fd_thres": 0.2,
      "testing": false
    },
    "software": "mriqc",
    "version": "22.0.6",
    "webapi_port": null,
    "webapi_url": "https://mriqc.nimh.nih.gov/api/v1"
  },
  "size_t": 301,
  "size_x": 64,
  "size_y": 64,
  "size_z": 36,
  "snr": 6.200005648547168,
  "spacing_tr": 2.0,
  "spacing_x": 3.0,
  "spacing_y": 3.0,
  "spacing_z": 3.0,
  "summary_bg_k": 19.836422693931294,
  "summary_bg_mad": 16.554903757298252,
  "summary_bg_mean": 55.033451080322266,
  "summary_bg_median": 23.49501609802246,
  "summary_bg_n": 68334.0,
  "summary_bg_p05": 10.112957000732422,
  "summary_bg_p95": 219.80497207641594,
  "summary_bg_stdv": 82.3532943725586,
  "summary_fg_k": 3.15610203338346,
  "summary_fg_mad": 118.30277083448524,
  "summary_fg_mean": 808.7015380859375,
  "summary_fg_median": 797.617919921875,
  "summary_fg_n": 44361.0,
  "summary_fg_p05": 641.1029663085938,
  "summary_fg_p95": 1015.498291015625,
  "summary_fg_stdv": 128.646484375,
  "tsnr": 63.641595758032054
}