{
  "aor": 0.0030840863787375415,
  "aqi": 0.009242325448504984,
  "bids_meta": {
    "AccelFactPE": 2,
    "AcquisitionNumber": 1,
    "AcquisitionTime": "17:19:28.425000",
    "BandwidthPerPixelPhaseEncode": 47.348,
    "BodyPartExamined": "BRAIN",
    "ConversionSoftware": "dcm2niix",
    "ConversionSoftwareVersion": "v1.0.20170724 (OpenJPEG build) GCC6.1.0",
    "DeviceSerialNumber": "45031",
    "EchoTime": 0.03,
    "EchoTrainLength": 31,
    "EffectiveEchoSpacing": 0.000330003,
    "FlipAngle": 71,
    "ImageType": [
      "ORIGINAL",
      "PRIMARY",
      "M",
      "ND",
      "NORM",
      "MOSAIC"
    ],
    "InstitutionAddress": "Washington_and_Faculty_Rd._-_Building_25_25_Princeton_NJ_US_085",
    "InstitutionName": "Princeton_University_-_Neuroscience_Institute",
    "MagneticFieldStrength": 3,
    "Manufacturer": "Siemens",
    "ManufacturersModelName": "Skyra",
    "PhaseEncodingDirection": "j-",
    "PhaseEncodingLines": 64,
    "ProcedureStepDescription": "NormanLab_Jarrod",
    "ProtocolName": "epi_301_3x3x3_2s",
    "RepetitionTime": 2,
    "ScanningSequence": "EP",
    "SequenceName": "_epfid2d1_64",
    "SequenceVariant": "SK",
    "SeriesDescription": "epi_301_3x3x3_2s",
    "SliceTiming": [
      1,
      0,
      1.055,
      0.055,
      1.11,
      0.11,
      1.1675,
      0.1675,
      1.2225,
      0.2225,
      1.2775,
      0.2775,
      1.3325,
      0.3325,
      1.3875,
      0.39,
      1.445,
      0.445,
      1.5,
      0.5,
      1.555,
      0.555,
      1.61,
      0.61,
      1.665,
      0.6675,
      1.7225,
      0.7225,
      1.7775,
      0.7775,
      1.8325,
      0.8325,
      1.8875,
      0.8875,
      1.945,
      0.945
    ],
    "SoftwareVersions": "syngo_MR_D11",
    "TaskName": "Episodic Memory",
    "TotalReadoutTime": 0.0201302,
    "TrueEchoSpacing": 0.000660007,
    "dataset": "ds001229",
    "modality": "bold",
    "run_id": 3,
    "subject_id": "04",
    "task_id": "em"
  },
  "dummy_trs": 0,
  "dvars_nstd": 24.061931336766673,
  "dvars_std": 1.1666560331000004,
  "dvars_vstd": 1.042572728566666,
  "efc": 0.6391663140422028,
  "fber": 1048.95947265625,
  "fd_mean": 0.06320503957623677,
  "fd_num": 2,
  "fd_perc": 0.6644518272425249,
  "fwhm_avg": 1.6427822222222221,
  "fwhm_x": 1.5348266666666666,
  "fwhm_y": 1.782,
  "fwhm_z": 1.6115199999999998,
  "gcor": 0.0244634,
  "gsr_x": -0.006757508497685194,
  "gsr_y": 0.04476873576641083,
  "provenance": {
    "md5sum": "85473a75e09e26960787e4b3b9188513",
    "settings": {
      "fd_thres": 0.2,
      "testing": false
    },
    "software": "mriqc",
    "version": "22.0.6",
    "webapi_port": null,
    "webapi_url": "https://mriqc.nimh.nih.gov/api/v1"
  },
  "size_t": 301,
  "size_x": 64,
  "size_y": 64,
  "size_z": 36,
  "snr": 6.242654517406055,
  "spacing_tr": 2.0,
  "spacing_x": 3.0,
  "spacing_y": 3.0,
  "spacing_z": 3.0,
  "summary_bg_k": 18.956656167753753,
  "summary_bg_mad": 17.342997123687613,
  "summary_bg_mean": 55.60530471801758,
  "summary_bg_median": 23.49501609802246,
  "summary_bg_n": 68151.0,
  "summary_bg_p05": 9.73421859741211,
  "summary_bg_p95": 221.23753356933594,
  "summary_bg_stdv": 82.58366394042969,
  "summary_fg_k": 3.0239973781863663,
  "summary_fg_mad": 117.1501887753357,
  "summary_fg_mean": 805.9393310546875,
  "summary_fg_median": 794.0963134765625,
  "summary_fg_n": 44552.0,
  "summary_fg_p05": 636.8277221679688,
  "summary_fg_p95": 1011.5356689453124,
  "summary_fg_stdv": 127.20348358154297,
  "tsnr": 58.09440437878948
}