{
  "aor": 0.0012164451827242524,
  "aqi": 0.020716338970099665,
  "bids_meta": {
    "AccelFactPE": 2,
    "AcquisitionNumber": 1,
    "AcquisitionTime": "09:41:59.222500",
    "BandwidthPerPixelPhaseEncode": 47.348,
    "BodyPartExamined": "BRAIN",
    "ConversionSoftware": "dcm2niix",
    "ConversionSoftwareVersion": "v1.0.20170724 (OpenJPEG build) GCC6.1.0",
    "DeviceSerialNumber": "45031",
    "EchoTime": 0.03,
    "EchoTrainLength": 31,
    "EffectiveEchoSpacing": 0.000330003,
    "FlipAngle": 71,
    "ImageType": [
      "ORIGINAL",
      "PRIMARY",
      "M",
      "ND",
      "NORM",
      "MOSAIC"
    ],
    "InstitutionAddress": "Washington_and_Faculty_Rd._-_Building_25_25_Princeton_NJ_US_085",
    "InstitutionName": "Princeton_University_-_Neuroscience_Institute",
    "MagneticFieldStrength": 3,
    "Manufacturer": "Siemens",
    "ManufacturersModelName": "Skyra",
    "PhaseEncodingDirection": "j-",
    "PhaseEncodingLines": 64,
    "ProcedureStepDescription": "NormanLab_Jarrod",
    "ProtocolName": "epi_301_3x3x3_2s",
    "RepetitionTime": 2,
    "ScanningSequence": "EP",
    "SequenceName": "_epfid2d1_64",
    "SequenceVariant": "SK",
    "SeriesDescription": "epi_301_3x3x3_2s",
    "SliceTiming": [
      1,
      0,
      1.055,
      0.055,
      1.11,
      0.11,
      1.165,
      0.165,
      1.22,
      0.2225,
      1.2775,
      0.2775,
      1.3325,
      0.3325,
      1.3875,
      0.3875,
      1.4425,
      0.4425,
      1.5,
      0.5,
      1.555,
      0.555,
      1.61,
      0.61,
      1.665,
      0.665,
      1.72,
      0.7225,
      1.7775,
      0.7775,
      1.8325,
      0.8325,
      1.8875,
      0.8875,
      1.9425,
      0.9425
    ],
    "SoftwareVersions": "syngo_MR_D11",
    "TaskName": "Episodic Memory",
    "TotalReadoutTime": 0.0201302,
    "TrueEchoSpacing": 0.000660007,
    "dataset": "ds001229",
    "modality": "bold",
    "run_id": 2,
    "subject_id": "16",
    "task_id": "em"
  },
  "dummy_trs": 0,
  "dvars_nstd": 20.315708370199992,
  "dvars_std": 0.9582208518333339,
  "dvars_vstd": 0.9379936344999998,
  "efc": 0.5926755711443976,
  "fber": 1064.476318359375,
  "fd_mean": 0.06655948331336252,
  "fd_num": 5,
  "fd_perc": 1.6611295681063123,
  "fwhm_avg": 1.8205964427864114,
  "fwhm_x": 1.73182,
  "fwhm_y": 2.03973,
  "fwhm_z": 1.690239328359235,
  "gcor": 0.0281607,
  "gsr_x": 0.017425555735826492,
  "gsr_y": 0.02003934234380722,
  "provenance": {
    "md5sum": "0a2036c6c449e529b0754adb65158e35",
    "settings": {
      "fd_thres": 0.2,
      "testing": false
    },
    "software": "mriqc",
    "version": "22.0.6",
    "webapi_port": null,
    "webapi_url": "https://mriqc.nimh.nih.gov/api/v1"
  },
  "size_t": 301,
  "size_x": 64,
  "size_y": 64,
  "size_z": 36,
  "snr": 6.427665014322329,
  "spacing_tr": 2.0,
  "spacing_x": 3.0,
  "spacing_y": 3.0,
  "spacing_z": 3.0000011920928955,
  "summary_bg_k": 18.392233866302362,
  "summary_bg_mad": 18.03750880364317,
  "summary_bg_mean": 52.67509841918945,
  "summary_bg_median": 23.066444396972656,
  "summary_bg_n": 77847.0,
  "summary_bg_p05": 8.936877250671387,
  "summary_bg_p95": 202.49434967041012,
  "summary_bg_stdv": 75.12367248535156,
  "summary_fg_k": 4.4600654328315965,
  "summary_fg_mad": 99.4008594205517,
  "summary_fg_mean": 784.5962524414062,
  "summary_fg_median": 776.2242431640625,
  "summary_fg_n": 35230.0,
  "summary_fg_p05": 619.8469909667969,
  "summary_fg_p95": 973.4285522460934,
  "summary_fg_stdv": 120.76130676269531,
  "tsnr": 48.11577061470598
}