{
  "aor": 0.002439767441860465,
  "aqi": 0.006809261528239202,
  "bids_meta": {
    "AccelFactPE": 2,
    "AcquisitionNumber": 1,
    "AcquisitionTime": "10:03:19.867500",
    "BandwidthPerPixelPhaseEncode": 47.348,
    "BodyPartExamined": "BRAIN",
    "ConversionSoftware": "dcm2niix",
    "ConversionSoftwareVersion": "v1.0.20170724 (OpenJPEG build) GCC6.1.0",
    "DeviceSerialNumber": "45031",
    "EchoTime": 0.03,
    "EchoTrainLength": 31,
    "EffectiveEchoSpacing": 0.000330003,
    "FlipAngle": 71,
    "ImageType": [
      "ORIGINAL",
      "PRIMARY",
      "M",
      "ND",
      "NORM",
      "MOSAIC"
    ],
    "InstitutionAddress": "Washington_and_Faculty_Rd._-_Building_25_25_Princeton_NJ_US_085",
    "InstitutionName": "Princeton_University_-_Neuroscience_Institute",
    "MagneticFieldStrength": 3,
    "Manufacturer": "Siemens",
    "ManufacturersModelName": "Skyra",
    "PhaseEncodingDirection": "j-",
    "PhaseEncodingLines": 64,
    "ProcedureStepDescription": "NormanLab_Jarrod",
    "ProtocolName": "epi_301_3x3x3_2s",
    "RepetitionTime": 2,
    "ScanningSequence": "EP",
    "SequenceName": "_epfid2d1_64",
    "SequenceVariant": "SK",
    "SeriesDescription": "epi_301_3x3x3_2s",
    "SliceTiming": [
      1,
      0,
      1.055,
      0.055,
      1.1125,
      0.1125,
      1.1675,
      0.1675,
      1.2225,
      0.2225,
      1.2775,
      0.2775,
      1.3325,
      0.335,
      1.39,
      0.39,
      1.445,
      0.445,
      1.5,
      0.5,
      1.555,
      0.555,
      1.6125,
      0.6125,
      1.6675,
      0.6675,
      1.7225,
      0.7225,
      1.7775,
      0.7775,
      1.8325,
      0.8325,
      1.89,
      0.89,
      1.945,
      0.945
    ],
    "SoftwareVersions": "syngo_MR_D11",
    "TaskName": "Episodic Memory",
    "TotalReadoutTime": 0.0201302,
    "TrueEchoSpacing": 0.000660007,
    "dataset": "ds001229",
    "modality": "bold",
    "run_id": 3,
    "subject_id": "16",
    "task_id": "em"
  },
  "dummy_trs": 0,
  "dvars_nstd": 21.128677686200003,
  "dvars_std": 1.0953172867333323,
  "dvars_vstd": 1.033415371166666,
  "efc": 0.591438278944601,
  "fber": 1056.8621826171875,
  "fd_mean": 0.06417851493672964,
  "fd_num": 7,
  "fd_perc": 2.3255813953488373,
  "fwhm_avg": 1.7859008853204177,
  "fwhm_x": 1.6795666666666669,
  "fwhm_y": 1.9734733333333334,
  "fwhm_z": 1.704662655961253,
  "gcor": 0.0274061,
  "gsr_x": 0.017941677942872047,
  "gsr_y": 0.021245082840323448,
  "provenance": {
    "md5sum": "e70db7fa316fa95f43093d3c770a2c9f",
    "settings": {
      "fd_thres": 0.2,
      "testing": false
    },
    "software": "mriqc",
    "version": "22.0.6",
    "webapi_port": null,
    "webapi_url": "https://mriqc.nimh.nih.gov/api/v1"
  },
  "size_t": 301,
  "size_x": 64,
  "size_y": 64,
  "size_z": 36,
  "snr": 6.413463613996793,
  "spacing_tr": 2.0,
  "spacing_x": 3.0,
  "spacing_y": 3.0,
  "spacing_z": 3.0000011920928955,
  "summary_bg_k": 18.112367929032985,
  "summary_bg_mad": 17.569574920920324,
  "summary_bg_mean": 52.63336944580078,
  "summary_bg_median": 23.0,
  "summary_bg_n": 78083.0,
  "summary_bg_p05": 9.016611099243164,
  "summary_bg_p95": 204.58039398193353,
  "summary_bg_stdv": 75.38823699951172,
  "summary_fg_k": 4.585447714415092,
  "summary_fg_mad": 99.1988838253549,
  "summary_fg_mean": 781.9046630859375,
  "summary_fg_median": 774.1312255859375,
  "summary_fg_n": 34974.0,
  "summary_fg_p05": 615.2738891601563,
  "summary_fg_p95": 971.5063049316406,
  "summary_fg_stdv": 120.70235443115234,
  "tsnr": 64.15156499424484
}