{
  "aor": 0.0009124584717607973,
  "aqi": 0.010251187475083058,
  "bids_meta": {
    "AccelFactPE": 2,
    "AcquisitionNumber": 1,
    "AcquisitionTime": "09:20:55.120000",
    "BandwidthPerPixelPhaseEncode": 47.348,
    "BodyPartExamined": "BRAIN",
    "ConversionSoftware": "dcm2niix",
    "ConversionSoftwareVersion": "v1.0.20170724 (OpenJPEG build) GCC6.1.0",
    "DeviceSerialNumber": "45031",
    "EchoTime": 0.03,
    "EchoTrainLength": 31,
    "EffectiveEchoSpacing": 0.000330003,
    "FlipAngle": 71,
    "ImageType": [
      "ORIGINAL",
      "PRIMARY",
      "M",
      "ND",
      "NORM",
      "MOSAIC"
    ],
    "InstitutionAddress": "Washington_and_Faculty_Rd._-_Building_25_25_Princeton_NJ_US_085",
    "InstitutionName": "Princeton_University_-_Neuroscience_Institute",
    "MagneticFieldStrength": 3,
    "Manufacturer": "Siemens",
    "ManufacturersModelName": "Skyra",
    "PhaseEncodingDirection": "j-",
    "PhaseEncodingLines": 64,
    "ProcedureStepDescription": "NormanLab_Jarrod",
    "ProtocolName": "epi_301_3x3x3_2s",
    "RepetitionTime": 2,
    "ScanningSequence": "EP",
    "SequenceName": "_epfid2d1_64",
    "SequenceVariant": "SK",
    "SeriesDescription": "epi_301_3x3x3_2s",
    "SliceTiming": [
      1,
      0,
      1.055,
      0.055,
      1.11,
      0.11,
      1.1675,
      0.1675,
      1.2225,
      0.2225,
      1.2775,
      0.2775,
      1.3325,
      0.3325,
      1.3875,
      0.3875,
      1.445,
      0.445,
      1.5,
      0.5,
      1.555,
      0.555,
      1.61,
      0.61,
      1.665,
      0.6675,
      1.7225,
      0.7225,
      1.7775,
      0.7775,
      1.8325,
      0.8325,
      1.8875,
      0.8875,
      1.945,
      0.945
    ],
    "SoftwareVersions": "syngo_MR_D11",
    "TaskName": "Episodic Memory",
    "TotalReadoutTime": 0.0201302,
    "TrueEchoSpacing": 0.000660007,
    "dataset": "ds001229",
    "modality": "bold",
    "run_id": 1,
    "subject_id": "16",
    "task_id": "em"
  },
  "dummy_trs": 0,
  "dvars_nstd": 20.501891168100023,
  "dvars_std": 1.0239566177666668,
  "dvars_vstd": 0.9770373029333332,
  "efc": 0.5932059918624919,
  "fber": 1023.933349609375,
  "fd_mean": 0.0695574229266702,
  "fd_num": 3,
  "fd_perc": 0.9966777408637874,
  "fwhm_avg": 1.7940097728008713,
  "fwhm_x": 1.6855566666666668,
  "fwhm_y": 1.9811766666666666,
  "fwhm_z": 1.7152959850692806,
  "gcor": 0.0385059,
  "gsr_x": 0.01785588078200817,
  "gsr_y": 0.01954851672053337,
  "provenance": {
    "md5sum": "4f9e3ff8eb9eddf4bb9ef8657eae91b8",
    "settings": {
      "fd_thres": 0.2,
      "testing": false
    },
    "software": "mriqc",
    "version": "22.0.6",
    "webapi_port": null,
    "webapi_url": "https://mriqc.nimh.nih.gov/api/v1"
  },
  "size_t": 301,
  "size_x": 64,
  "size_y": 64,
  "size_z": 36,
  "snr": 6.391601597866678,
  "spacing_tr": 2.0,
  "spacing_x": 3.0,
  "spacing_y": 3.0,
  "spacing_z": 3.0000011920928955,
  "summary_bg_k": 17.407598134459654,
  "summary_bg_mad": 18.623650611469895,
  "summary_bg_mean": 53.0790901184082,
  "summary_bg_median": 23.607973098754883,
  "summary_bg_n": 77688.0,
  "summary_bg_p05": 8.79069709777832,
  "summary_bg_p95": 204.65929031372008,
  "summary_bg_stdv": 76.61747741699219,
  "summary_fg_k": 4.33016482645124,
  "summary_fg_mad": 100.4574306792963,
  "summary_fg_mean": 784.6536865234375,
  "summary_fg_median": 776.1959838867188,
  "summary_fg_n": 35319.0,
  "summary_fg_p05": 616.8099731445312,
  "summary_fg_p95": 974.165771484375,
  "summary_fg_stdv": 121.43826293945312,
  "tsnr": 55.74679897201713
}