{
  "aor": 0.0007782392026578072,
  "aqi": 0.008884969800664453,
  "bids_meta": {
    "AccelFactPE": 2,
    "AcquisitionNumber": 1,
    "AcquisitionTime": "09:09:44.475000",
    "BandwidthPerPixelPhaseEncode": 47.348,
    "BodyPartExamined": "BRAIN",
    "ConversionSoftware": "dcm2niix",
    "ConversionSoftwareVersion": "v1.0.20170724 (OpenJPEG build) GCC6.1.0",
    "DeviceSerialNumber": "45031",
    "EchoTime": 0.03,
    "EchoTrainLength": 31,
    "EffectiveEchoSpacing": 0.000330003,
    "FlipAngle": 71,
    "ImageType": [
      "ORIGINAL",
      "PRIMARY",
      "M",
      "ND",
      "NORM",
      "MOSAIC"
    ],
    "InstitutionAddress": "Washington_and_Faculty_Rd._-_Building_25_25_Princeton_NJ_US_085",
    "InstitutionName": "Princeton_University_-_Neuroscience_Institute",
    "MagneticFieldStrength": 3,
    "Manufacturer": "Siemens",
    "ManufacturersModelName": "Skyra",
    "PhaseEncodingDirection": "j-",
    "PhaseEncodingLines": 64,
    "ProcedureStepDescription": "NormanLab_Jarrod",
    "ProtocolName": "epi_301_3x3x3_2s",
    "RepetitionTime": 2,
    "ScanningSequence": "EP",
    "SequenceName": "_epfid2d1_64",
    "SequenceVariant": "SK",
    "SeriesDescription": "epi_301_3x3x3_2s",
    "SliceTiming": [
      1,
      0,
      1.055,
      0.055,
      1.11,
      0.11,
      1.165,
      0.165,
      1.22,
      0.2225,
      1.2775,
      0.2775,
      1.3325,
      0.3325,
      1.3875,
      0.3875,
      1.4425,
      0.4425,
      1.5,
      0.5,
      1.555,
      0.555,
      1.61,
      0.61,
      1.665,
      0.665,
      1.72,
      0.7225,
      1.7775,
      0.7775,
      1.8325,
      0.8325,
      1.8875,
      0.8875,
      1.9425,
      0.9425
    ],
    "SoftwareVersions": "syngo_MR_D11",
    "TaskName": "Working Memory",
    "TotalReadoutTime": 0.0201302,
    "TrueEchoSpacing": 0.000660007,
    "dataset": "ds001229",
    "modality": "bold",
    "run_id": 1,
    "subject_id": "16",
    "task_id": "wm"
  },
  "dummy_trs": 0,
  "dvars_nstd": 20.680984821299997,
  "dvars_std": 1.037166945266666,
  "dvars_vstd": 0.9833261364333326,
  "efc": 0.591923238082365,
  "fber": 1078.4876708984375,
  "fd_mean": 0.06252423953714581,
  "fd_num": 1,
  "fd_perc": 0.33222591362126247,
  "fwhm_avg": 1.7968586621727785,
  "fwhm_x": 1.6945633333333332,
  "fwhm_y": 1.9843633333333335,
  "fwhm_z": 1.7116493198516687,
  "gcor": 0.0239557,
  "gsr_x": 0.018652603030204773,
  "gsr_y": 0.019435347989201546,
  "provenance": {
    "md5sum": "73cfc73d3b100e60cab05782912a0f95",
    "settings": {
      "fd_thres": 0.2,
      "testing": false
    },
    "software": "mriqc",
    "version": "22.0.6",
    "webapi_port": null,
    "webapi_url": "https://mriqc.nimh.nih.gov/api/v1"
  },
  "size_t": 301,
  "size_x": 64,
  "size_y": 64,
  "size_z": 36,
  "snr": 6.3471264979294295,
  "spacing_tr": 2.0,
  "spacing_x": 3.0,
  "spacing_y": 3.0,
  "spacing_z": 3.0000011920928955,
  "summary_bg_k": 17.871269638278466,
  "summary_bg_mad": 17.57450101700613,
  "summary_bg_mean": 52.7873649597168,
  "summary_bg_median": 23.05315589904785,
  "summary_bg_n": 77831.0,
  "summary_bg_p05": 9.056478500366211,
  "summary_bg_p95": 204.28571319580078,
  "summary_bg_stdv": 76.74793243408203,
  "summary_fg_k": 4.450981548079302,
  "summary_fg_mad": 100.91051840561816,
  "summary_fg_mean": 784.5838012695312,
  "summary_fg_median": 776.6544799804688,
  "summary_fg_n": 35231.0,
  "summary_fg_p05": 615.9202575683594,
  "summary_fg_p95": 975.0913391113281,
  "summary_fg_stdv": 122.3614273071289,
  "tsnr": 58.995905842632055
}