{
  "aor": 0.0012939202657807308,
  "aqi": 0.01711695857142857,
  "bids_meta": {
    "AccelFactPE": 2,
    "AcquisitionNumber": 1,
    "AcquisitionTime": "09:52:51.945000",
    "BandwidthPerPixelPhaseEncode": 47.348,
    "BodyPartExamined": "BRAIN",
    "ConversionSoftware": "dcm2niix",
    "ConversionSoftwareVersion": "v1.0.20170724 (OpenJPEG build) GCC6.1.0",
    "DeviceSerialNumber": "45031",
    "EchoTime": 0.03,
    "EchoTrainLength": 31,
    "EffectiveEchoSpacing": 0.000330003,
    "FlipAngle": 71,
    "ImageType": [
      "ORIGINAL",
      "PRIMARY",
      "M",
      "ND",
      "NORM",
      "MOSAIC"
    ],
    "InstitutionAddress": "Washington_and_Faculty_Rd._-_Building_25_25_Princeton_NJ_US_085",
    "InstitutionName": "Princeton_University_-_Neuroscience_Institute",
    "MagneticFieldStrength": 3,
    "Manufacturer": "Siemens",
    "ManufacturersModelName": "Skyra",
    "PhaseEncodingDirection": "j-",
    "PhaseEncodingLines": 64,
    "ProcedureStepDescription": "NormanLab_Jarrod",
    "ProtocolName": "epi_301_3x3x3_2s",
    "RepetitionTime": 2,
    "ScanningSequence": "EP",
    "SequenceName": "_epfid2d1_64",
    "SequenceVariant": "SK",
    "SeriesDescription": "epi_301_3x3x3_2s",
    "SliceTiming": [
      1,
      0,
      1.055,
      0.055,
      1.11,
      0.11,
      1.165,
      0.165,
      1.2225,
      0.2225,
      1.2775,
      0.2775,
      1.3325,
      0.3325,
      1.3875,
      0.3875,
      1.4425,
      0.445,
      1.5,
      0.5,
      1.555,
      0.555,
      1.61,
      0.61,
      1.665,
      0.665,
      1.7225,
      0.7225,
      1.7775,
      0.7775,
      1.8325,
      0.8325,
      1.8875,
      0.8875,
      1.9425,
      0.945
    ],
    "SoftwareVersions": "syngo_MR_D11",
    "TaskName": "Working Memory",
    "TotalReadoutTime": 0.0201302,
    "TrueEchoSpacing": 0.000660007,
    "dataset": "ds001229",
    "modality": "bold",
    "run_id": 3,
    "subject_id": "16",
    "task_id": "wm"
  },
  "dummy_trs": 0,
  "dvars_nstd": 20.493138288100003,
  "dvars_std": 0.9747092186333345,
  "dvars_vstd": 0.9366851350333337,
  "efc": 0.5921447230553954,
  "fber": 1026.2947998046875,
  "fd_mean": 0.06257126054489208,
  "fd_num": 2,
  "fd_perc": 0.6644518272425249,
  "fwhm_avg": 1.807901996638158,
  "fwhm_x": 1.7091166666666666,
  "fwhm_y": 2.011486666666667,
  "fwhm_z": 1.703102656581141,
  "gcor": 0.0176165,
  "gsr_x": 0.01728341355919838,
  "gsr_y": 0.023241907358169556,
  "provenance": {
    "md5sum": "b010636a35973ce40077d9a23b816292",
    "settings": {
      "fd_thres": 0.2,
      "testing": false
    },
    "software": "mriqc",
    "version": "22.0.6",
    "webapi_port": null,
    "webapi_url": "https://mriqc.nimh.nih.gov/api/v1"
  },
  "size_t": 301,
  "size_x": 64,
  "size_y": 64,
  "size_z": 36,
  "snr": 6.43643240496237,
  "spacing_tr": 2.0,
  "spacing_x": 3.0,
  "spacing_y": 3.0,
  "spacing_z": 3.0000011920928955,
  "summary_bg_k": 17.222949800278005,
  "summary_bg_mad": 18.55469233586685,
  "summary_bg_mean": 53.24920654296875,
  "summary_bg_median": 23.750829696655273,
  "summary_bg_n": 78110.0,
  "summary_bg_p05": 9.0996675491333,
  "summary_bg_p95": 201.38604812622074,
  "summary_bg_stdv": 74.11376190185547,
  "summary_fg_k": 4.474389179741483,
  "summary_fg_mad": 99.70866407425329,
  "summary_fg_mean": 784.1826171875,
  "summary_fg_median": 775.481689453125,
  "summary_fg_n": 34904.0,
  "summary_fg_p05": 618.47822265625,
  "summary_fg_p95": 974.0986724853516,
  "summary_fg_stdv": 120.48143005371094,
  "tsnr": 48.585331758484244
}