{
  "aor": 0.00246312292358804,
  "aqi": 0.008852288604651162,
  "bids_meta": {
    "AccelFactPE": 2,
    "AcquisitionNumber": 1,
    "AcquisitionTime": "09:31:26.415000",
    "BandwidthPerPixelPhaseEncode": 47.348,
    "BodyPartExamined": "BRAIN",
    "ConversionSoftware": "dcm2niix",
    "ConversionSoftwareVersion": "v1.0.20170724 (OpenJPEG build) GCC6.1.0",
    "DeviceSerialNumber": "45031",
    "EchoTime": 0.03,
    "EchoTrainLength": 31,
    "EffectiveEchoSpacing": 0.000330003,
    "FlipAngle": 71,
    "ImageType": [
      "ORIGINAL",
      "PRIMARY",
      "M",
      "ND",
      "NORM",
      "MOSAIC"
    ],
    "InstitutionAddress": "Washington_and_Faculty_Rd._-_Building_25_25_Princeton_NJ_US_085",
    "InstitutionName": "Princeton_University_-_Neuroscience_Institute",
    "MagneticFieldStrength": 3,
    "Manufacturer": "Siemens",
    "ManufacturersModelName": "Skyra",
    "PhaseEncodingDirection": "j-",
    "PhaseEncodingLines": 64,
    "ProcedureStepDescription": "NormanLab_Jarrod",
    "ProtocolName": "epi_301_3x3x3_2s",
    "RepetitionTime": 2,
    "ScanningSequence": "EP",
    "SequenceName": "_epfid2d1_64",
    "SequenceVariant": "SK",
    "SeriesDescription": "epi_301_3x3x3_2s",
    "SliceTiming": [
      1,
      0,
      1.055,
      0.055,
      1.1125,
      0.1125,
      1.1675,
      0.1675,
      1.2225,
      0.2225,
      1.2775,
      0.2775,
      1.3325,
      0.3325,
      1.39,
      0.39,
      1.445,
      0.445,
      1.5,
      0.5,
      1.555,
      0.555,
      1.61,
      0.6125,
      1.6675,
      0.6675,
      1.7225,
      0.7225,
      1.7775,
      0.7775,
      1.8325,
      0.8325,
      1.89,
      0.89,
      1.945,
      0.945
    ],
    "SoftwareVersions": "syngo_MR_D11",
    "TaskName": "Working Memory",
    "TotalReadoutTime": 0.0201302,
    "TrueEchoSpacing": 0.000660007,
    "dataset": "ds001229",
    "modality": "bold",
    "run_id": 2,
    "subject_id": "16",
    "task_id": "wm"
  },
  "dummy_trs": 0,
  "dvars_nstd": 20.292978553733327,
  "dvars_std": 1.0507884197000004,
  "dvars_vstd": 1.007625768666667,
  "efc": 0.5927895189127222,
  "fber": 1110.90234375,
  "fd_mean": 0.07349470983402102,
  "fd_num": 5,
  "fd_perc": 1.6611295681063123,
  "fwhm_avg": 1.7663131155932374,
  "fwhm_x": 1.6849833333333333,
  "fwhm_y": 1.9700733333333333,
  "fwhm_z": 1.6438826801130455,
  "gcor": 0.0514017,
  "gsr_x": 0.017474807798862457,
  "gsr_y": 0.01885436475276947,
  "provenance": {
    "md5sum": "ad99ae8a998cc66b7078d06965f27674",
    "settings": {
      "fd_thres": 0.2,
      "testing": false
    },
    "software": "mriqc",
    "version": "22.0.6",
    "webapi_port": null,
    "webapi_url": "https://mriqc.nimh.nih.gov/api/v1"
  },
  "size_t": 301,
  "size_x": 64,
  "size_y": 64,
  "size_z": 36,
  "snr": 6.460219730701871,
  "spacing_tr": 2.0,
  "spacing_x": 3.0,
  "spacing_y": 3.0,
  "spacing_z": 3.0000011920928955,
  "summary_bg_k": 19.358452001725926,
  "summary_bg_mad": 17.441510561885856,
  "summary_bg_mean": 52.5037727355957,
  "summary_bg_median": 22.55813980102539,
  "summary_bg_n": 77533.0,
  "summary_bg_p05": 8.860465049743652,
  "summary_bg_p95": 203.84052734374941,
  "summary_bg_stdv": 76.84110260009766,
  "summary_fg_k": 4.176875863401972,
  "summary_fg_mad": 101.1075170036215,
  "summary_fg_mean": 788.1528930664062,
  "summary_fg_median": 778.8538208007812,
  "summary_fg_n": 35315.0,
  "summary_fg_p05": 623.1504699707032,
  "summary_fg_p95": 979.3275390624997,
  "summary_fg_stdv": 120.55979919433594,
  "tsnr": 59.18414919800125
}