{
  "aor": 0.0004108637873754153,
  "aqi": 0.007269954950166113,
  "bids_meta": {
    "AccelFactPE": 2,
    "AcquisitionNumber": 1,
    "AcquisitionTime": "16:44:1.090000",
    "BandwidthPerPixelPhaseEncode": 47.348,
    "BodyPartExamined": "BRAIN",
    "ConversionSoftware": "dcm2niix",
    "ConversionSoftwareVersion": "v1.0.20170724 (OpenJPEG build) GCC6.1.0",
    "DeviceSerialNumber": "45031",
    "EchoTime": 0.03,
    "EchoTrainLength": 31,
    "EffectiveEchoSpacing": 0.000330003,
    "FlipAngle": 71,
    "ImageType": [
      "ORIGINAL",
      "PRIMARY",
      "M",
      "ND",
      "NORM",
      "MOSAIC"
    ],
    "InstitutionAddress": "Washington_and_Faculty_Rd._-_Building_25_25_Princeton_NJ_US_085",
    "InstitutionName": "Princeton_University_-_Neuroscience_Institute",
    "MagneticFieldStrength": 3,
    "Manufacturer": "Siemens",
    "ManufacturersModelName": "Skyra",
    "PhaseEncodingDirection": "j-",
    "PhaseEncodingLines": 64,
    "ProcedureStepDescription": "NormanLab_Jarrod",
    "ProtocolName": "epi_301_3x3x3_2s",
    "RepetitionTime": 2,
    "ScanningSequence": "EP",
    "SequenceName": "_epfid2d1_64",
    "SequenceVariant": "SK",
    "SeriesDescription": "epi_301_3x3x3_2s",
    "SliceTiming": [
      1,
      0,
      1.055,
      0.055,
      1.11,
      0.11,
      1.165,
      0.165,
      1.2225,
      0.2225,
      1.2775,
      0.2775,
      1.3325,
      0.3325,
      1.3875,
      0.3875,
      1.4425,
      0.4425,
      1.5,
      0.5,
      1.555,
      0.555,
      1.61,
      0.61,
      1.665,
      0.665,
      1.72,
      0.7225,
      1.7775,
      0.7775,
      1.8325,
      0.8325,
      1.8875,
      0.8875,
      1.9425,
      0.9425
    ],
    "SoftwareVersions": "syngo_MR_D11",
    "TaskName": "Episodic Memory",
    "TotalReadoutTime": 0.0201302,
    "TrueEchoSpacing": 0.000660007,
    "dataset": "ds001229",
    "modality": "bold",
    "run_id": 2,
    "subject_id": "02",
    "task_id": "em"
  },
  "dummy_trs": 0,
  "dvars_nstd": 24.234294446166654,
  "dvars_std": 1.1926177315999995,
  "dvars_vstd": 0.991114481466667,
  "efc": 0.5623743861377537,
  "fber": 1712.560302734375,
  "fd_mean": 0.07453329222884841,
  "fd_num": 4,
  "fd_perc": 1.3289036544850499,
  "fwhm_avg": 1.6102479484724659,
  "fwhm_x": 1.4956500000000001,
  "fwhm_y": 1.7242166666666667,
  "fwhm_z": 1.6108771787507308,
  "gcor": 0.0717153,
  "gsr_x": -0.003792541567236185,
  "gsr_y": 0.027619242668151855,
  "provenance": {
    "md5sum": "e8b767d7aa7d68391680371679dad305",
    "settings": {
      "fd_thres": 0.2,
      "testing": false
    },
    "software": "mriqc",
    "version": "22.0.6",
    "webapi_port": null,
    "webapi_url": "https://mriqc.nimh.nih.gov/api/v1"
  },
  "size_t": 301,
  "size_x": 64,
  "size_y": 64,
  "size_z": 36,
  "snr": 6.602205110890513,
  "spacing_tr": 2.0,
  "spacing_x": 3.0,
  "spacing_y": 3.0,
  "spacing_z": 2.9999990463256836,
  "summary_bg_k": 31.486567318647715,
  "summary_bg_mad": 8.531118962594816,
  "summary_bg_mean": 35.717185974121094,
  "summary_bg_median": 17.23255729675293,
  "summary_bg_n": 80903.0,
  "summary_bg_p05": 9.239202499389648,
  "summary_bg_p95": 120.51096267700191,
  "summary_bg_stdv": 61.19850540161133,
  "summary_fg_k": 2.2953503528676187,
  "summary_fg_mad": 107.86297627603409,
  "summary_fg_mean": 728.5880737304688,
  "summary_fg_median": 724.76904296875,
  "summary_fg_n": 33844.0,
  "summary_fg_p05": 574.3388671875,
  "summary_fg_p95": 900.979214477539,
  "summary_fg_stdv": 109.77519226074219,
  "tsnr": 62.492060048971325
}