{
  "aor": 0.0007031229235880398,
  "aqi": 0.00654755172757475,
  "bids_meta": {
    "AccelFactPE": 2,
    "AcquisitionNumber": 1,
    "AcquisitionTime": "11:36:42.905000",
    "BandwidthPerPixelPhaseEncode": 47.348,
    "BodyPartExamined": "BRAIN",
    "ConversionSoftware": "dcm2niix",
    "ConversionSoftwareVersion": "v1.0.20170724 (OpenJPEG build) GCC6.1.0",
    "DeviceSerialNumber": "45031",
    "EchoTime": 0.03,
    "EchoTrainLength": 31,
    "EffectiveEchoSpacing": 0.000330003,
    "FlipAngle": 71,
    "ImageType": [
      "ORIGINAL",
      "PRIMARY",
      "M",
      "ND",
      "NORM",
      "MOSAIC"
    ],
    "InstitutionAddress": "Washington_and_Faculty_Rd._-_Building_25_25_Princeton_NJ_US_085",
    "InstitutionName": "Princeton_University_-_Neuroscience_Institute",
    "MagneticFieldStrength": 3,
    "Manufacturer": "Siemens",
    "ManufacturersModelName": "Skyra",
    "PhaseEncodingDirection": "j-",
    "PhaseEncodingLines": 64,
    "ProcedureStepDescription": "NormanLab_Jarrod",
    "ProtocolName": "epi_301_3x3x3_2s",
    "RepetitionTime": 2,
    "ScanningSequence": "EP",
    "SequenceName": "_epfid2d1_64",
    "SequenceVariant": "SK",
    "SeriesDescription": "epi_301_3x3x3_2s",
    "SliceTiming": [
      1,
      0,
      1.055,
      0.055,
      1.11,
      0.11,
      1.165,
      0.165,
      1.22,
      0.2225,
      1.2775,
      0.2775,
      1.3325,
      0.3325,
      1.3875,
      0.3875,
      1.4425,
      0.4425,
      1.5,
      0.5,
      1.555,
      0.555,
      1.61,
      0.61,
      1.665,
      0.665,
      1.72,
      0.7225,
      1.7775,
      0.7775,
      1.8325,
      0.8325,
      1.8875,
      0.8875,
      1.9425,
      0.9425
    ],
    "SoftwareVersions": "syngo_MR_D11",
    "TaskName": "Episodic Memory",
    "TotalReadoutTime": 0.0201302,
    "TrueEchoSpacing": 0.000660007,
    "dataset": "ds001229",
    "modality": "bold",
    "run_id": 3,
    "subject_id": "19",
    "task_id": "em"
  },
  "dummy_trs": 0,
  "dvars_nstd": 23.313905315333354,
  "dvars_std": 1.1168035861333319,
  "dvars_vstd": 1.0077714612,
  "efc": 0.6126624263951698,
  "fber": 1109.18359375,
  "fd_mean": 0.08793196060002344,
  "fd_num": 5,
  "fd_perc": 1.6611295681063123,
  "fwhm_avg": 1.6111078616387886,
  "fwhm_x": 1.5181066666666665,
  "fwhm_y": 1.7323933333333335,
  "fwhm_z": 1.5828235849163668,
  "gcor": 0.0547668,
  "gsr_x": 0.024522896856069565,
  "gsr_y": 0.025691723451018333,
  "provenance": {
    "md5sum": "33877e1318f937cf069c43b82a7ff4fd",
    "settings": {
      "fd_thres": 0.2,
      "testing": false
    },
    "software": "mriqc",
    "version": "22.0.6",
    "webapi_port": null,
    "webapi_url": "https://mriqc.nimh.nih.gov/api/v1"
  },
  "size_t": 301,
  "size_x": 64,
  "size_y": 64,
  "size_z": 36,
  "snr": 6.235273009400315,
  "spacing_tr": 2.0,
  "spacing_x": 3.0,
  "spacing_y": 3.0,
  "spacing_z": 2.999999523162842,
  "summary_bg_k": 17.225931728156315,
  "summary_bg_mad": 14.707808604273513,
  "summary_bg_mean": 53.221370697021484,
  "summary_bg_median": 21.687707901000977,
  "summary_bg_n": 73527.0,
  "summary_bg_p05": 9.528239250183105,
  "summary_bg_p95": 217.99234771728504,
  "summary_bg_stdv": 84.53561401367188,
  "summary_fg_k": 2.776170617948228,
  "summary_fg_mad": 107.31134400528153,
  "summary_fg_mean": 756.7299194335938,
  "summary_fg_median": 745.4883422851562,
  "summary_fg_n": 39488.0,
  "summary_fg_p05": 596.959115600586,
  "summary_fg_p95": 954.0636108398439,
  "summary_fg_stdv": 119.55834197998047,
  "tsnr": 64.57187234098092
}