{
  "aor": 0.0005286868686868686,
  "aqi": 0.006223125488215488,
  "bids_meta": {
    "AccelFactPE": 2,
    "AcquisitionNumber": 1,
    "AcquisitionTime": "11:25:56.547500",
    "BandwidthPerPixelPhaseEncode": 47.348,
    "BodyPartExamined": "BRAIN",
    "ConversionSoftware": "dcm2niix",
    "ConversionSoftwareVersion": "v1.0.20170724 (OpenJPEG build) GCC6.1.0",
    "DeviceSerialNumber": "45031",
    "EchoTime": 0.03,
    "EchoTrainLength": 31,
    "EffectiveEchoSpacing": 0.000330003,
    "FlipAngle": 71,
    "ImageType": [
      "ORIGINAL",
      "PRIMARY",
      "M",
      "ND",
      "NORM",
      "MOSAIC"
    ],
    "InstitutionAddress": "Washington_and_Faculty_Rd._-_Building_25_25_Princeton_NJ_US_085",
    "InstitutionName": "Princeton_University_-_Neuroscience_Institute",
    "MagneticFieldStrength": 3,
    "Manufacturer": "Siemens",
    "ManufacturersModelName": "Skyra",
    "PhaseEncodingDirection": "j-",
    "PhaseEncodingLines": 64,
    "ProcedureStepDescription": "NormanLab_Jarrod",
    "ProtocolName": "epi_301_3x3x3_2s",
    "RepetitionTime": 2,
    "ScanningSequence": "EP",
    "SequenceName": "_epfid2d1_64",
    "SequenceVariant": "SK",
    "SeriesDescription": "epi_301_3x3x3_2s",
    "SliceTiming": [
      1,
      0,
      1.0575,
      0.0575,
      1.1125,
      0.1125,
      1.1675,
      0.1675,
      1.2225,
      0.2225,
      1.2775,
      0.28,
      1.335,
      0.335,
      1.39,
      0.39,
      1.445,
      0.445,
      1.5,
      0.5,
      1.555,
      0.5575,
      1.6125,
      0.6125,
      1.6675,
      0.6675,
      1.7225,
      0.7225,
      1.7775,
      0.7775,
      1.835,
      0.835,
      1.89,
      0.89,
      1.945,
      0.945
    ],
    "SoftwareVersions": "syngo_MR_D11",
    "TaskName": "Working Memory",
    "TotalReadoutTime": 0.0201302,
    "TrueEchoSpacing": 0.000660007,
    "dataset": "ds001229",
    "modality": "bold",
    "run_id": 2,
    "subject_id": "19",
    "task_id": "wm"
  },
  "dummy_trs": 4,
  "dvars_nstd": 23.291645726621624,
  "dvars_std": 1.1120745388851336,
  "dvars_vstd": 1.0023821505405406,
  "efc": 0.6120744708685966,
  "fber": 1102.489990234375,
  "fd_mean": 0.07605169710201576,
  "fd_num": 2,
  "fd_perc": 0.6734006734006734,
  "fwhm_avg": 1.6105900837202558,
  "fwhm_x": 1.52241,
  "fwhm_y": 1.7291933333333331,
  "fwhm_z": 1.5801669178274342,
  "gcor": 0.0604738,
  "gsr_x": 0.0242074653506279,
  "gsr_y": 0.025971442461013794,
  "provenance": {
    "md5sum": "6634b6bab0238ca3d92858084137cc02",
    "settings": {
      "fd_thres": 0.2,
      "testing": false
    },
    "software": "mriqc",
    "version": "22.0.6",
    "webapi_port": null,
    "webapi_url": "https://mriqc.nimh.nih.gov/api/v1"
  },
  "size_t": 297,
  "size_x": 64,
  "size_y": 64,
  "size_z": 36,
  "snr": 6.223668349279327,
  "spacing_tr": 2.0,
  "spacing_x": 3.0,
  "spacing_y": 3.0,
  "spacing_z": 2.999999523162842,
  "summary_bg_k": 17.255971670593123,
  "summary_bg_mad": 14.67626547064024,
  "summary_bg_mean": 52.87651824951172,
  "summary_bg_median": 21.77104377746582,
  "summary_bg_n": 73549.0,
  "summary_bg_p05": 9.56700325012207,
  "summary_bg_p95": 216.0222198486325,
  "summary_bg_stdv": 83.73697662353516,
  "summary_fg_k": 2.739887180073965,
  "summary_fg_mad": 107.8106273146446,
  "summary_fg_mean": 757.6839599609375,
  "summary_fg_median": 746.434326171875,
  "summary_fg_n": 39467.0,
  "summary_fg_p05": 597.2791015625,
  "summary_fg_p95": 955.1201904296875,
  "summary_fg_stdv": 119.93326568603516,
  "tsnr": 64.9206105878111
}