{
  "aor": 0.0014286,
  "aqi": 0.007792222833333333,
  "bids_meta": {
    "AccelFactPE": 2,
    "AcquisitionNumber": 1,
    "AcquisitionTime": "17:50:45.260000",
    "BandwidthPerPixelPhaseEncode": 47.348,
    "BodyPartExamined": "BRAIN",
    "ConversionSoftware": "dcm2niix",
    "ConversionSoftwareVersion": "v1.0.20170724 (OpenJPEG build) GCC6.1.0",
    "DeviceSerialNumber": "45031",
    "EchoTime": 0.03,
    "EchoTrainLength": 31,
    "EffectiveEchoSpacing": 0.000330003,
    "FlipAngle": 71,
    "ImageType": [
      "ORIGINAL",
      "PRIMARY",
      "M",
      "ND",
      "NORM",
      "MOSAIC"
    ],
    "InstitutionAddress": "Washington_and_Faculty_Rd._-_Building_25_25_Princeton_NJ_US_085",
    "InstitutionName": "Princeton_University_-_Neuroscience_Institute",
    "MagneticFieldStrength": 3,
    "Manufacturer": "Siemens",
    "ManufacturersModelName": "Skyra",
    "PhaseEncodingDirection": "j-",
    "PhaseEncodingLines": 64,
    "ProcedureStepDescription": "NormanLab_Jarrod",
    "ProtocolName": "epi_301_3x3x3_2s",
    "RepetitionTime": 2,
    "ScanningSequence": "EP",
    "SequenceName": "_epfid2d1_64",
    "SequenceVariant": "SK",
    "SeriesDescription": "epi_301_3x3x3_2s",
    "SliceTiming": [
      1,
      0,
      1.055,
      0.055,
      1.11,
      0.11,
      1.165,
      0.165,
      1.2225,
      0.2225,
      1.2775,
      0.2775,
      1.3325,
      0.3325,
      1.3875,
      0.3875,
      1.4425,
      0.445,
      1.5,
      0.5,
      1.555,
      0.555,
      1.61,
      0.61,
      1.665,
      0.665,
      1.72,
      0.7225,
      1.7775,
      0.7775,
      1.8325,
      0.8325,
      1.8875,
      0.8875,
      1.9425,
      0.9425
    ],
    "SoftwareVersions": "syngo_MR_D11",
    "TaskName": "Episodic Memory",
    "TotalReadoutTime": 0.0201302,
    "TrueEchoSpacing": 0.000660007,
    "dataset": "ds001229",
    "modality": "bold",
    "run_id": 1,
    "subject_id": "09",
    "task_id": "em"
  },
  "dummy_trs": 1,
  "dvars_nstd": 25.861372057625413,
  "dvars_std": 1.2260806927090282,
  "dvars_vstd": 1.0232842679933114,
  "efc": 0.5720872447620893,
  "fber": 1834.3992919921875,
  "fd_mean": 0.09198274679669433,
  "fd_num": 16,
  "fd_perc": 5.333333333333333,
  "fwhm_avg": 1.6007231218473075,
  "fwhm_x": 1.4987233333333334,
  "fwhm_y": 1.70678,
  "fwhm_z": 1.5966660322085888,
  "gcor": 0.0240028,
  "gsr_x": -0.0013569943839684129,
  "gsr_y": 0.027965765446424484,
  "provenance": {
    "md5sum": "f8875829cfb5740698830455eba5dd6d",
    "settings": {
      "fd_thres": 0.2,
      "testing": false
    },
    "software": "mriqc",
    "version": "22.0.6",
    "webapi_port": null,
    "webapi_url": "https://mriqc.nimh.nih.gov/api/v1"
  },
  "size_t": 300,
  "size_x": 64,
  "size_y": 64,
  "size_z": 36,
  "snr": 6.3267389183895,
  "spacing_tr": 2.0,
  "spacing_x": 3.0,
  "spacing_y": 3.0,
  "spacing_z": 3.0000011920928955,
  "summary_bg_k": 33.82008458947884,
  "summary_bg_mad": 9.365102505379419,
  "summary_bg_mean": 33.801612854003906,
  "summary_bg_median": 17.426666259765625,
  "summary_bg_n": 77259.0,
  "summary_bg_p05": 7.703333377838135,
  "summary_bg_p95": 107.33466949462878,
  "summary_bg_stdv": 56.40693283081055,
  "summary_fg_k": 3.2045614485478104,
  "summary_fg_mad": 101.28641743001222,
  "summary_fg_mean": 772.6468505859375,
  "summary_fg_median": 757.4666748046875,
  "summary_fg_n": 36696.0,
  "summary_fg_p05": 620.7958221435547,
  "summary_fg_p95": 979.1966857910156,
  "summary_fg_stdv": 119.72303009033203,
  "tsnr": 65.51653255324345
}