{
  "aor": 0.0014017940199335549,
  "aqi": 0.009031222591362126,
  "bids_meta": {
    "AccelFactPE": 2,
    "AcquisitionNumber": 1,
    "AcquisitionTime": "18:34:24.827500",
    "BandwidthPerPixelPhaseEncode": 47.348,
    "BodyPartExamined": "BRAIN",
    "ConversionSoftware": "dcm2niix",
    "ConversionSoftwareVersion": "v1.0.20170724 (OpenJPEG build) GCC6.1.0",
    "DeviceSerialNumber": "45031",
    "EchoTime": 0.03,
    "EchoTrainLength": 31,
    "EffectiveEchoSpacing": 0.000330003,
    "FlipAngle": 71,
    "ImageType": [
      "ORIGINAL",
      "PRIMARY",
      "M",
      "ND",
      "NORM",
      "MOSAIC"
    ],
    "InstitutionAddress": "Washington_and_Faculty_Rd._-_Building_25_25_Princeton_NJ_US_085",
    "InstitutionName": "Princeton_University_-_Neuroscience_Institute",
    "MagneticFieldStrength": 3,
    "Manufacturer": "Siemens",
    "ManufacturersModelName": "Skyra",
    "PhaseEncodingDirection": "j-",
    "PhaseEncodingLines": 64,
    "ProcedureStepDescription": "NormanLab_Jarrod",
    "ProtocolName": "epi_301_3x3x3_2s",
    "RepetitionTime": 2,
    "ScanningSequence": "EP",
    "SequenceName": "_epfid2d1_64",
    "SequenceVariant": "SK",
    "SeriesDescription": "epi_301_3x3x3_2s",
    "SliceTiming": [
      0.9975,
      0,
      1.055,
      0.055,
      1.11,
      0.11,
      1.165,
      0.165,
      1.22,
      0.22,
      1.275,
      0.2775,
      1.3325,
      0.3325,
      1.3875,
      0.3875,
      1.4425,
      0.4425,
      1.4975,
      0.4975,
      1.555,
      0.555,
      1.61,
      0.61,
      1.665,
      0.665,
      1.72,
      0.72,
      1.775,
      0.7775,
      1.8325,
      0.8325,
      1.8875,
      0.8875,
      1.9425,
      0.9425
    ],
    "SoftwareVersions": "syngo_MR_D11",
    "TaskName": "Episodic Memory",
    "TotalReadoutTime": 0.0201302,
    "TrueEchoSpacing": 0.000660007,
    "dataset": "ds001229",
    "modality": "bold",
    "run_id": 3,
    "subject_id": "09",
    "task_id": "em"
  },
  "dummy_trs": 0,
  "dvars_nstd": 23.886984698333325,
  "dvars_std": 1.1849008850333347,
  "dvars_vstd": 1.0118739298666666,
  "efc": 0.5714551631892731,
  "fber": 1824.6893310546875,
  "fd_mean": 0.07587995151415336,
  "fd_num": 5,
  "fd_perc": 1.6611295681063123,
  "fwhm_avg": 1.592467567746546,
  "fwhm_x": 1.4934133333333335,
  "fwhm_y": 1.6983066666666666,
  "fwhm_z": 1.5856827032396381,
  "gcor": 0.0155206,
  "gsr_x": 0.0008419101941399276,
  "gsr_y": 0.029566379263997078,
  "provenance": {
    "md5sum": "98517baa7536478139d2df585195ad8c",
    "settings": {
      "fd_thres": 0.2,
      "testing": false
    },
    "software": "mriqc",
    "version": "22.0.6",
    "webapi_port": null,
    "webapi_url": "https://mriqc.nimh.nih.gov/api/v1"
  },
  "size_t": 301,
  "size_x": 64,
  "size_y": 64,
  "size_z": 36,
  "snr": 6.290130549765553,
  "spacing_tr": 2.0,
  "spacing_x": 3.0,
  "spacing_y": 3.0,
  "spacing_z": 3.0000011920928955,
  "summary_bg_k": 33.97950448448001,
  "summary_bg_mad": 9.565491682720808,
  "summary_bg_mean": 34.813087463378906,
  "summary_bg_median": 17.561460494995117,
  "summary_bg_n": 77466.0,
  "summary_bg_p05": 7.634551525115967,
  "summary_bg_p95": 110.8131217956543,
  "summary_bg_stdv": 58.512107849121094,
  "summary_fg_k": 3.041792036837622,
  "summary_fg_mad": 102.20105377788487,
  "summary_fg_mean": 775.5128784179688,
  "summary_fg_median": 759.245849609375,
  "summary_fg_n": 36464.0,
  "summary_fg_p05": 622.3837036132812,
  "summary_fg_p95": 981.3358734130859,
  "summary_fg_stdv": 120.70265197753906,
  "tsnr": 65.06183876597788
}