{
  "aor": 0.0011222259136212625,
  "aqi": 0.021312899700996677,
  "bids_meta": {
    "AccelFactPE": 2,
    "AcquisitionNumber": 1,
    "AcquisitionTime": "18:12:5.900000",
    "BandwidthPerPixelPhaseEncode": 47.348,
    "BodyPartExamined": "BRAIN",
    "ConversionSoftware": "dcm2niix",
    "ConversionSoftwareVersion": "v1.0.20170724 (OpenJPEG build) GCC6.1.0",
    "DeviceSerialNumber": "45031",
    "EchoTime": 0.03,
    "EchoTrainLength": 31,
    "EffectiveEchoSpacing": 0.000330003,
    "FlipAngle": 71,
    "ImageType": [
      "ORIGINAL",
      "PRIMARY",
      "M",
      "ND",
      "NORM",
      "MOSAIC"
    ],
    "InstitutionAddress": "Washington_and_Faculty_Rd._-_Building_25_25_Princeton_NJ_US_085",
    "InstitutionName": "Princeton_University_-_Neuroscience_Institute",
    "MagneticFieldStrength": 3,
    "Manufacturer": "Siemens",
    "ManufacturersModelName": "Skyra",
    "PhaseEncodingDirection": "j-",
    "PhaseEncodingLines": 64,
    "ProcedureStepDescription": "NormanLab_Jarrod",
    "ProtocolName": "epi_301_3x3x3_2s",
    "RepetitionTime": 2,
    "ScanningSequence": "EP",
    "SequenceName": "_epfid2d1_64",
    "SequenceVariant": "SK",
    "SeriesDescription": "epi_301_3x3x3_2s",
    "SliceTiming": [
      1,
      0,
      1.055,
      0.055,
      1.11,
      0.1125,
      1.1675,
      0.1675,
      1.2225,
      0.2225,
      1.2775,
      0.2775,
      1.3325,
      0.3325,
      1.39,
      0.39,
      1.445,
      0.445,
      1.5,
      0.5,
      1.555,
      0.555,
      1.61,
      0.61,
      1.6675,
      0.6675,
      1.7225,
      0.7225,
      1.7775,
      0.7775,
      1.8325,
      0.8325,
      1.8875,
      0.89,
      1.945,
      0.945
    ],
    "SoftwareVersions": "syngo_MR_D11",
    "TaskName": "Episodic Memory",
    "TotalReadoutTime": 0.0201302,
    "TrueEchoSpacing": 0.000660007,
    "dataset": "ds001229",
    "modality": "bold",
    "run_id": 2,
    "subject_id": "09",
    "task_id": "em"
  },
  "dummy_trs": 0,
  "dvars_nstd": 27.443648700499985,
  "dvars_std": 1.0920870414000008,
  "dvars_vstd": 0.9493272881333331,
  "efc": 0.5731864961586273,
  "fber": 1851.10107421875,
  "fd_mean": 0.1652090777527472,
  "fd_num": 75,
  "fd_perc": 24.916943521594686,
  "fwhm_avg": 1.6048253506207395,
  "fwhm_x": 1.5334433333333333,
  "fwhm_y": 1.7338266666666666,
  "fwhm_z": 1.547206051862219,
  "gcor": 0.0425635,
  "gsr_x": -0.001540011027827859,
  "gsr_y": 0.029152769595384598,
  "provenance": {
    "md5sum": "18387a1d0cc9de42cc506fcdfc7fd7e9",
    "settings": {
      "fd_thres": 0.2,
      "testing": false
    },
    "software": "mriqc",
    "version": "22.0.6",
    "webapi_port": null,
    "webapi_url": "https://mriqc.nimh.nih.gov/api/v1"
  },
  "size_t": 301,
  "size_x": 64,
  "size_y": 64,
  "size_z": 36,
  "snr": 6.391506201872603,
  "spacing_tr": 2.0,
  "spacing_x": 3.0,
  "spacing_y": 3.0,
  "spacing_z": 3.0000011920928955,
  "summary_bg_k": 33.00843709185062,
  "summary_bg_mad": 9.66893121700486,
  "summary_bg_mean": 35.1588249206543,
  "summary_bg_median": 17.631229400634766,
  "summary_bg_n": 77189.0,
  "summary_bg_p05": 7.661129474639893,
  "summary_bg_p95": 111.00996398925753,
  "summary_bg_stdv": 59.30042266845703,
  "summary_fg_k": 2.9534279019642504,
  "summary_fg_mad": 102.10499773205089,
  "summary_fg_mean": 777.463623046875,
  "summary_fg_median": 761.9849853515625,
  "summary_fg_n": 36700.0,
  "summary_fg_p05": 626.0660766601562,
  "summary_fg_p95": 983.2723999023438,
  "summary_fg_stdv": 119.21675109863281,
  "tsnr": 45.17389045871096
}