{
  "aor": 0.015412225913621262,
  "aqi": 0.0642845877076412,
  "bids_meta": {
    "AccelFactPE": 2,
    "AcquisitionNumber": 1,
    "AcquisitionTime": "09:11:57.805000",
    "BandwidthPerPixelPhaseEncode": 47.348,
    "BodyPartExamined": "BRAIN",
    "ConversionSoftware": "dcm2niix",
    "ConversionSoftwareVersion": "v1.0.20170724 (OpenJPEG build) GCC6.1.0",
    "DeviceSerialNumber": "45031",
    "EchoTime": 0.03,
    "EchoTrainLength": 31,
    "EffectiveEchoSpacing": 0.000330003,
    "FlipAngle": 71,
    "ImageType": [
      "ORIGINAL",
      "PRIMARY",
      "M",
      "ND",
      "NORM",
      "MOSAIC"
    ],
    "InstitutionAddress": "Washington_and_Faculty_Rd._-_Building_25_25_Princeton_NJ_US_085",
    "InstitutionName": "Princeton_University_-_Neuroscience_Institute",
    "MagneticFieldStrength": 3,
    "Manufacturer": "Siemens",
    "ManufacturersModelName": "Skyra",
    "PhaseEncodingDirection": "j-",
    "PhaseEncodingLines": 64,
    "ProcedureStepDescription": "NormanLab_Jarrod",
    "ProtocolName": "epi_301_3x3x3_2s",
    "RepetitionTime": 2,
    "ScanningSequence": "EP",
    "SequenceName": "_epfid2d1_64",
    "SequenceVariant": "SK",
    "SeriesDescription": "epi_301_3x3x3_2s",
    "SliceTiming": [
      1,
      0,
      1.055,
      0.055,
      1.11,
      0.11,
      1.165,
      0.165,
      1.22,
      0.2225,
      1.2775,
      0.2775,
      1.3325,
      0.3325,
      1.3875,
      0.3875,
      1.4425,
      0.4425,
      1.5,
      0.5,
      1.555,
      0.555,
      1.61,
      0.61,
      1.665,
      0.665,
      1.72,
      0.7225,
      1.7775,
      0.7775,
      1.8325,
      0.8325,
      1.8875,
      0.8875,
      1.9425,
      0.9425
    ],
    "SoftwareVersions": "syngo_MR_D11",
    "TaskName": "Working Memory",
    "TotalReadoutTime": 0.0201302,
    "TrueEchoSpacing": 0.000660007,
    "dataset": "ds001229",
    "modality": "bold",
    "run_id": 2,
    "subject_id": "20",
    "task_id": "wm"
  },
  "dummy_trs": 0,
  "dvars_nstd": 55.74615203870002,
  "dvars_std": 1.0645940216666665,
  "dvars_vstd": 1.0230522783000005,
  "efc": 0.5679520038570393,
  "fber": 1263.5926513671875,
  "fd_mean": 1.3750633101627463,
  "fd_num": 250,
  "fd_perc": 83.05647840531562,
  "fwhm_avg": 1.7782532417258654,
  "fwhm_x": 1.7132399999999999,
  "fwhm_y": 1.8924866666666667,
  "fwhm_z": 1.72903305851093,
  "gcor": 0.0448324,
  "gsr_x": -0.009337648749351501,
  "gsr_y": 0.04829608276486397,
  "provenance": {
    "md5sum": "88963354c66b3757a49a9aba7cea5274",
    "settings": {
      "fd_thres": 0.2,
      "testing": false
    },
    "software": "mriqc",
    "version": "22.0.6",
    "webapi_port": null,
    "webapi_url": "https://mriqc.nimh.nih.gov/api/v1"
  },
  "size_t": 301,
  "size_x": 64,
  "size_y": 64,
  "size_z": 36,
  "snr": 6.5504713351226105,
  "spacing_tr": 2.0,
  "spacing_x": 3.0,
  "spacing_y": 3.0,
  "spacing_z": 3.000000476837158,
  "summary_bg_k": 43.26689453510028,
  "summary_bg_mad": 16.436688762596088,
  "summary_bg_mean": 35.9396858215332,
  "summary_bg_median": 19.694351196289062,
  "summary_bg_n": 79873.0,
  "summary_bg_p05": 0.9767441749572754,
  "summary_bg_p95": 111.40597686767563,
  "summary_bg_stdv": 56.86684036254883,
  "summary_fg_k": 2.7001114181050463,
  "summary_fg_mad": 99.60278977031948,
  "summary_fg_mean": 701.8853759765625,
  "summary_fg_median": 691.8272705078125,
  "summary_fg_n": 34594.0,
  "summary_fg_p05": 557.7870208740235,
  "summary_fg_p95": 876.6057891845703,
  "summary_fg_stdv": 105.61335754394531,
  "tsnr": 21.80529733747244
}