{
  "aor": 0.01757126245847176,
  "aqi": 0.05992475714285713,
  "bids_meta": {
    "AccelFactPE": 2,
    "AcquisitionNumber": 1,
    "AcquisitionTime": "09:22:31.197500",
    "BandwidthPerPixelPhaseEncode": 47.348,
    "BodyPartExamined": "BRAIN",
    "ConversionSoftware": "dcm2niix",
    "ConversionSoftwareVersion": "v1.0.20170724 (OpenJPEG build) GCC6.1.0",
    "DeviceSerialNumber": "45031",
    "EchoTime": 0.03,
    "EchoTrainLength": 31,
    "EffectiveEchoSpacing": 0.000330003,
    "FlipAngle": 71,
    "ImageType": [
      "ORIGINAL",
      "PRIMARY",
      "M",
      "ND",
      "NORM",
      "MOSAIC"
    ],
    "InstitutionAddress": "Washington_and_Faculty_Rd._-_Building_25_25_Princeton_NJ_US_085",
    "InstitutionName": "Princeton_University_-_Neuroscience_Institute",
    "MagneticFieldStrength": 3,
    "Manufacturer": "Siemens",
    "ManufacturersModelName": "Skyra",
    "PhaseEncodingDirection": "j-",
    "PhaseEncodingLines": 64,
    "ProcedureStepDescription": "NormanLab_Jarrod",
    "ProtocolName": "epi_301_3x3x3_2s",
    "RepetitionTime": 2,
    "ScanningSequence": "EP",
    "SequenceName": "_epfid2d1_64",
    "SequenceVariant": "SK",
    "SeriesDescription": "epi_301_3x3x3_2s",
    "SliceTiming": [
      1,
      0,
      1.055,
      0.055,
      1.11,
      0.1125,
      1.1675,
      0.1675,
      1.2225,
      0.2225,
      1.2775,
      0.2775,
      1.3325,
      0.3325,
      1.39,
      0.39,
      1.445,
      0.445,
      1.5,
      0.5,
      1.555,
      0.555,
      1.61,
      0.6125,
      1.6675,
      0.6675,
      1.7225,
      0.7225,
      1.7775,
      0.7775,
      1.8325,
      0.8325,
      1.89,
      0.89,
      1.945,
      0.945
    ],
    "SoftwareVersions": "syngo_MR_D11",
    "TaskName": "Episodic Memory",
    "TotalReadoutTime": 0.0201302,
    "TrueEchoSpacing": 0.000660007,
    "dataset": "ds001229",
    "modality": "bold",
    "run_id": 2,
    "subject_id": "20",
    "task_id": "em"
  },
  "dummy_trs": 0,
  "dvars_nstd": 56.63349619543337,
  "dvars_std": 1.140125465433333,
  "dvars_vstd": 1.0671879560666668,
  "efc": 0.5636778139855513,
  "fber": 1528.2479248046875,
  "fd_mean": 1.290489576329743,
  "fd_num": 255,
  "fd_perc": 84.71760797342192,
  "fwhm_avg": 1.7727121300787545,
  "fwhm_x": 1.6965366666666668,
  "fwhm_y": 1.8824500000000002,
  "fwhm_z": 1.739149723569596,
  "gcor": 0.056377,
  "gsr_x": -0.0025938688777387142,
  "gsr_y": 0.036747127771377563,
  "provenance": {
    "md5sum": "e8d98ce7699c6a13bb5d63d141a17360",
    "settings": {
      "fd_thres": 0.2,
      "testing": false
    },
    "software": "mriqc",
    "version": "22.0.6",
    "webapi_port": null,
    "webapi_url": "https://mriqc.nimh.nih.gov/api/v1"
  },
  "size_t": 301,
  "size_x": 64,
  "size_y": 64,
  "size_z": 36,
  "snr": 6.5392355089152066,
  "spacing_tr": 2.0,
  "spacing_x": 3.0,
  "spacing_y": 3.0,
  "spacing_z": 3.000000476837158,
  "summary_bg_k": 49.174718384137776,
  "summary_bg_mad": 10.984061721709175,
  "summary_bg_mean": 34.23082733154297,
  "summary_bg_median": 18.006643295288086,
  "summary_bg_n": 79951.0,
  "summary_bg_p05": 7.019933223724365,
  "summary_bg_p95": 105.45348739624023,
  "summary_bg_stdv": 56.070533752441406,
  "summary_fg_k": 2.577533242266976,
  "summary_fg_mad": 98.73837584867185,
  "summary_fg_mean": 703.5053100585938,
  "summary_fg_median": 693.2159423828125,
  "summary_fg_n": 34381.0,
  "summary_fg_p05": 559.7408447265625,
  "summary_fg_p95": 878.803955078125,
  "summary_fg_stdv": 106.00717163085938,
  "tsnr": 22.903481667046435
}