{
  "aor": 0.01802249169435216,
  "aqi": 0.03214277568106313,
  "bids_meta": {
    "AccelFactPE": 2,
    "AcquisitionNumber": 1,
    "AcquisitionTime": "08:50:41.665000",
    "BandwidthPerPixelPhaseEncode": 47.348,
    "BodyPartExamined": "BRAIN",
    "ConversionSoftware": "dcm2niix",
    "ConversionSoftwareVersion": "v1.0.20170724 (OpenJPEG build) GCC6.1.0",
    "DeviceSerialNumber": "45031",
    "EchoTime": 0.03,
    "EchoTrainLength": 31,
    "EffectiveEchoSpacing": 0.000330003,
    "FlipAngle": 71,
    "ImageType": [
      "ORIGINAL",
      "PRIMARY",
      "M",
      "ND",
      "NORM",
      "MOSAIC"
    ],
    "InstitutionAddress": "Washington_and_Faculty_Rd._-_Building_25_25_Princeton_NJ_US_085",
    "InstitutionName": "Princeton_University_-_Neuroscience_Institute",
    "MagneticFieldStrength": 3,
    "Manufacturer": "Siemens",
    "ManufacturersModelName": "Skyra",
    "PhaseEncodingDirection": "j-",
    "PhaseEncodingLines": 64,
    "ProcedureStepDescription": "NormanLab_Jarrod",
    "ProtocolName": "epi_301_3x3x3_2s",
    "RepetitionTime": 2,
    "ScanningSequence": "EP",
    "SequenceName": "_epfid2d1_64",
    "SequenceVariant": "SK",
    "SeriesDescription": "epi_301_3x3x3_2s",
    "SliceTiming": [
      1,
      0,
      1.055,
      0.055,
      1.11,
      0.11,
      1.165,
      0.1675,
      1.2225,
      0.2225,
      1.2775,
      0.2775,
      1.3325,
      0.3325,
      1.3875,
      0.3875,
      1.445,
      0.445,
      1.5,
      0.5,
      1.555,
      0.555,
      1.61,
      0.61,
      1.665,
      0.6675,
      1.7225,
      0.7225,
      1.7775,
      0.7775,
      1.8325,
      0.8325,
      1.8875,
      0.8875,
      1.9425,
      0.945
    ],
    "SoftwareVersions": "syngo_MR_D11",
    "TaskName": "Working Memory",
    "TotalReadoutTime": 0.0201302,
    "TrueEchoSpacing": 0.000660007,
    "dataset": "ds001229",
    "modality": "bold",
    "run_id": 1,
    "subject_id": "20",
    "task_id": "wm"
  },
  "dummy_trs": 0,
  "dvars_nstd": 38.571542637899995,
  "dvars_std": 1.0726901377666667,
  "dvars_vstd": 1.0448713297333334,
  "efc": 0.5634356015234867,
  "fber": 1720.7017822265625,
  "fd_mean": 0.5965330469130354,
  "fd_num": 164,
  "fd_perc": 54.48504983388705,
  "fwhm_avg": 1.7422465749532352,
  "fwhm_x": 1.6521733333333335,
  "fwhm_y": 1.8435333333333332,
  "fwhm_z": 1.7310330581930387,
  "gcor": 0.0653811,
  "gsr_x": -0.0013991128653287888,
  "gsr_y": 0.031615909188985825,
  "provenance": {
    "md5sum": "f12119f269ba417ddf4737b49e7fcf14",
    "settings": {
      "fd_thres": 0.2,
      "testing": false
    },
    "software": "mriqc",
    "version": "22.0.6",
    "webapi_port": null,
    "webapi_url": "https://mriqc.nimh.nih.gov/api/v1"
  },
  "size_t": 301,
  "size_x": 64,
  "size_y": 64,
  "size_z": 36,
  "snr": 6.437940636729004,
  "spacing_tr": 2.0,
  "spacing_x": 3.0,
  "spacing_y": 3.0,
  "spacing_z": 3.000000476837158,
  "summary_bg_k": 46.424996877765956,
  "summary_bg_mad": 7.97452666168466,
  "summary_bg_mean": 32.020606994628906,
  "summary_bg_median": 16.50166130065918,
  "summary_bg_n": 79861.0,
  "summary_bg_p05": 8.372093200683594,
  "summary_bg_p95": 99.25581359863281,
  "summary_bg_stdv": 54.37094497680664,
  "summary_fg_k": 2.9047785773183863,
  "summary_fg_mad": 101.03856296977742,
  "summary_fg_mean": 703.298583984375,
  "summary_fg_median": 693.47509765625,
  "summary_fg_n": 34716.0,
  "summary_fg_p05": 558.1744079589844,
  "summary_fg_p95": 878.7450103759766,
  "summary_fg_stdv": 107.71536254882812,
  "tsnr": 30.22623094782466
}