{
  "aor": 0.004789833887043188,
  "aqi": 0.03039696511627907,
  "bids_meta": {
    "AccelFactPE": 2,
    "AcquisitionNumber": 1,
    "AcquisitionTime": "12:00:14.702500",
    "BandwidthPerPixelPhaseEncode": 47.348,
    "BodyPartExamined": "BRAIN",
    "ConversionSoftware": "dcm2niix",
    "ConversionSoftwareVersion": "v1.0.20170724 (OpenJPEG build) GCC6.1.0",
    "DeviceSerialNumber": "45031",
    "EchoTime": 0.03,
    "EchoTrainLength": 31,
    "EffectiveEchoSpacing": 0.000330003,
    "FlipAngle": 71,
    "ImageType": [
      "ORIGINAL",
      "PRIMARY",
      "M",
      "ND",
      "NORM",
      "MOSAIC"
    ],
    "InstitutionAddress": "Washington_and_Faculty_Rd._-_Building_25_25_Princeton_NJ_US_085",
    "InstitutionName": "Princeton_University_-_Neuroscience_Institute",
    "MagneticFieldStrength": 3,
    "Manufacturer": "Siemens",
    "ManufacturersModelName": "Skyra",
    "PhaseEncodingDirection": "j-",
    "PhaseEncodingLines": 64,
    "ProcedureStepDescription": "NormanLab_Jarrod",
    "ProtocolName": "epi_301_3x3x3_2s",
    "RepetitionTime": 2,
    "ScanningSequence": "EP",
    "SequenceName": "_epfid2d1_64",
    "SequenceVariant": "SK",
    "SeriesDescription": "epi_301_3x3x3_2s",
    "SliceTiming": [
      1,
      0,
      1.055,
      0.0575,
      1.1125,
      0.1125,
      1.1675,
      0.1675,
      1.2225,
      0.2225,
      1.2775,
      0.2775,
      1.335,
      0.335,
      1.39,
      0.39,
      1.445,
      0.445,
      1.5,
      0.5,
      1.555,
      0.5575,
      1.6125,
      0.6125,
      1.6675,
      0.6675,
      1.7225,
      0.7225,
      1.7775,
      0.7775,
      1.8325,
      0.835,
      1.89,
      0.89,
      1.945,
      0.945
    ],
    "SoftwareVersions": "syngo_MR_D11",
    "TaskName": "Episodic Memory",
    "TotalReadoutTime": 0.0201302,
    "TrueEchoSpacing": 0.000660007,
    "dataset": "ds001229",
    "modality": "bold",
    "run_id": 3,
    "subject_id": "17",
    "task_id": "em"
  },
  "dummy_trs": 0,
  "dvars_nstd": 32.62103879943337,
  "dvars_std": 1.0757957613,
  "dvars_vstd": 0.976769493766667,
  "efc": 0.5444220300941426,
  "fber": 2257.4814453125,
  "fd_mean": 0.3613649955038854,
  "fd_num": 165,
  "fd_perc": 54.817275747508305,
  "fwhm_avg": 1.676510408109321,
  "fwhm_x": 1.50732,
  "fwhm_y": 1.8104766666666665,
  "fwhm_z": 1.7117345576612966,
  "gcor": 0.0361643,
  "gsr_x": 0.00930155348032713,
  "gsr_y": 0.038915637880563736,
  "provenance": {
    "md5sum": "025483c18009762099d4eb65a2da2a96",
    "settings": {
      "fd_thres": 0.2,
      "testing": false
    },
    "software": "mriqc",
    "version": "22.0.6",
    "webapi_port": null,
    "webapi_url": "https://mriqc.nimh.nih.gov/api/v1"
  },
  "size_t": 301,
  "size_x": 64,
  "size_y": 64,
  "size_z": 36,
  "snr": 6.2647156953242185,
  "spacing_tr": 2.0,
  "spacing_x": 3.0,
  "spacing_y": 3.0,
  "spacing_z": 2.999997854232788,
  "summary_bg_k": 42.89651165637948,
  "summary_bg_mad": 8.4769389752492,
  "summary_bg_mean": 30.510366439819336,
  "summary_bg_median": 16.50498390197754,
  "summary_bg_n": 82096.0,
  "summary_bg_p05": 8.132889747619629,
  "summary_bg_p95": 83.33388328552246,
  "summary_bg_stdv": 52.46345901489258,
  "summary_fg_k": 2.2246443408437733,
  "summary_fg_mad": 115.37204341439607,
  "summary_fg_mean": 803.7854614257812,
  "summary_fg_median": 786.9517822265625,
  "summary_fg_n": 33814.0,
  "summary_fg_p05": 639.6235961914062,
  "summary_fg_p95": 1020.1031494140623,
  "summary_fg_stdv": 125.61466217041016,
  "tsnr": 37.9100197898224
}