{
  "aor": 0.005402126245847175,
  "aqi": 0.028097659269102987,
  "bids_meta": {
    "AccelFactPE": 2,
    "AcquisitionNumber": 1,
    "AcquisitionTime": "12:10:50.860000",
    "BandwidthPerPixelPhaseEncode": 47.348,
    "BodyPartExamined": "BRAIN",
    "ConversionSoftware": "dcm2niix",
    "ConversionSoftwareVersion": "v1.0.20170724 (OpenJPEG build) GCC6.1.0",
    "DeviceSerialNumber": "45031",
    "EchoTime": 0.03,
    "EchoTrainLength": 31,
    "EffectiveEchoSpacing": 0.000330003,
    "FlipAngle": 71,
    "ImageType": [
      "ORIGINAL",
      "PRIMARY",
      "M",
      "ND",
      "NORM",
      "MOSAIC"
    ],
    "InstitutionAddress": "Washington_and_Faculty_Rd._-_Building_25_25_Princeton_NJ_US_085",
    "InstitutionName": "Princeton_University_-_Neuroscience_Institute",
    "MagneticFieldStrength": 3,
    "Manufacturer": "Siemens",
    "ManufacturersModelName": "Skyra",
    "PhaseEncodingDirection": "j-",
    "PhaseEncodingLines": 64,
    "ProcedureStepDescription": "NormanLab_Jarrod",
    "ProtocolName": "epi_301_3x3x3_2s",
    "RepetitionTime": 2,
    "ScanningSequence": "EP",
    "SequenceName": "_epfid2d1_64",
    "SequenceVariant": "SK",
    "SeriesDescription": "epi_301_3x3x3_2s",
    "SliceTiming": [
      1,
      0,
      1.055,
      0.055,
      1.11,
      0.1125,
      1.1675,
      0.1675,
      1.2225,
      0.2225,
      1.2775,
      0.2775,
      1.3325,
      0.3325,
      1.39,
      0.39,
      1.445,
      0.445,
      1.5,
      0.5,
      1.555,
      0.555,
      1.61,
      0.6125,
      1.6675,
      0.6675,
      1.7225,
      0.7225,
      1.7775,
      0.7775,
      1.8325,
      0.8325,
      1.89,
      0.89,
      1.945,
      0.945
    ],
    "SoftwareVersions": "syngo_MR_D11",
    "TaskName": "Working Memory",
    "TotalReadoutTime": 0.0201302,
    "TrueEchoSpacing": 0.000660007,
    "dataset": "ds001229",
    "modality": "bold",
    "run_id": 3,
    "subject_id": "17",
    "task_id": "wm"
  },
  "dummy_trs": 0,
  "dvars_nstd": 33.6416172026,
  "dvars_std": 1.0935329723999991,
  "dvars_vstd": 0.9905921871333334,
  "efc": 0.5397106932052143,
  "fber": 2331.1953125,
  "fd_mean": 0.40029072501352575,
  "fd_num": 176,
  "fd_perc": 58.47176079734219,
  "fwhm_avg": 1.683347083724638,
  "fwhm_x": 1.49369,
  "fwhm_y": 1.8070833333333332,
  "fwhm_z": 1.749267917840581,
  "gcor": 0.0395469,
  "gsr_x": 0.011821474879980087,
  "gsr_y": 0.03819170221686363,
  "provenance": {
    "md5sum": "a116018c89717321729fd6868f69c8c2",
    "settings": {
      "fd_thres": 0.2,
      "testing": false
    },
    "software": "mriqc",
    "version": "22.0.6",
    "webapi_port": null,
    "webapi_url": "https://mriqc.nimh.nih.gov/api/v1"
  },
  "size_t": 301,
  "size_x": 64,
  "size_y": 64,
  "size_z": 36,
  "snr": 6.264337849073931,
  "spacing_tr": 2.0,
  "spacing_x": 3.0,
  "spacing_y": 3.0,
  "spacing_z": 2.999997854232788,
  "summary_bg_k": 47.15621012056817,
  "summary_bg_mad": 8.319319453619533,
  "summary_bg_mean": 29.390607833862305,
  "summary_bg_median": 16.242525100708008,
  "summary_bg_n": 82846.0,
  "summary_bg_p05": 7.953488349914551,
  "summary_bg_p95": 78.18521308898926,
  "summary_bg_stdv": 50.595130920410156,
  "summary_fg_k": 2.260325120139287,
  "summary_fg_mad": 114.55445851179608,
  "summary_fg_mean": 802.7066650390625,
  "summary_fg_median": 786.4949951171875,
  "summary_fg_n": 33451.0,
  "summary_fg_p05": 638.6677551269531,
  "summary_fg_p95": 1020.05810546875,
  "summary_fg_stdv": 125.54930114746094,
  "tsnr": 37.23643216013443
}