{
  "aor": 0.011649169435215946,
  "aqi": 0.04941909401993355,
  "bids_meta": {
    "AccelFactPE": 2,
    "AcquisitionNumber": 1,
    "AcquisitionTime": "11:37:24.807500",
    "BandwidthPerPixelPhaseEncode": 47.348,
    "BodyPartExamined": "BRAIN",
    "ConversionSoftware": "dcm2niix",
    "ConversionSoftwareVersion": "v1.0.20170724 (OpenJPEG build) GCC6.1.0",
    "DeviceSerialNumber": "45031",
    "EchoTime": 0.03,
    "EchoTrainLength": 31,
    "EffectiveEchoSpacing": 0.000330003,
    "FlipAngle": 71,
    "ImageType": [
      "ORIGINAL",
      "PRIMARY",
      "M",
      "ND",
      "NORM",
      "MOSAIC"
    ],
    "InstitutionAddress": "Washington_and_Faculty_Rd._-_Building_25_25_Princeton_NJ_US_085",
    "InstitutionName": "Princeton_University_-_Neuroscience_Institute",
    "MagneticFieldStrength": 3,
    "Manufacturer": "Siemens",
    "ManufacturersModelName": "Skyra",
    "PhaseEncodingDirection": "j-",
    "PhaseEncodingLines": 64,
    "ProcedureStepDescription": "NormanLab_Jarrod",
    "ProtocolName": "epi_301_3x3x3_2s",
    "RepetitionTime": 2,
    "ScanningSequence": "EP",
    "SequenceName": "_epfid2d1_64",
    "SequenceVariant": "SK",
    "SeriesDescription": "epi_301_3x3x3_2s",
    "SliceTiming": [
      1,
      0,
      1.055,
      0.055,
      1.11,
      0.1125,
      1.1675,
      0.1675,
      1.2225,
      0.2225,
      1.2775,
      0.2775,
      1.3325,
      0.3325,
      1.39,
      0.39,
      1.445,
      0.445,
      1.5,
      0.5,
      1.555,
      0.555,
      1.61,
      0.6125,
      1.6675,
      0.6675,
      1.7225,
      0.7225,
      1.7775,
      0.7775,
      1.8325,
      0.8325,
      1.8875,
      0.89,
      1.945,
      0.945
    ],
    "SoftwareVersions": "syngo_MR_D11",
    "TaskName": "Episodic Memory",
    "TotalReadoutTime": 0.0201302,
    "TrueEchoSpacing": 0.000660007,
    "dataset": "ds001229",
    "modality": "bold",
    "run_id": 2,
    "subject_id": "17",
    "task_id": "em"
  },
  "dummy_trs": 0,
  "dvars_nstd": 47.44384367010002,
  "dvars_std": 1.0262963466666666,
  "dvars_vstd": 0.977148337733334,
  "efc": 0.5511821296942839,
  "fber": 2039.06591796875,
  "fd_mean": 0.8157456650484558,
  "fd_num": 208,
  "fd_perc": 69.1029900332226,
  "fwhm_avg": 1.7093837506289289,
  "fwhm_x": 1.53204,
  "fwhm_y": 1.8458466666666666,
  "fwhm_z": 1.7502645852201197,
  "gcor": 0.0809373,
  "gsr_x": 0.005426504649221897,
  "gsr_y": 0.04317384958267212,
  "provenance": {
    "md5sum": "90e512426748726d28112e2d679b83cd",
    "settings": {
      "fd_thres": 0.2,
      "testing": false
    },
    "software": "mriqc",
    "version": "22.0.6",
    "webapi_port": null,
    "webapi_url": "https://mriqc.nimh.nih.gov/api/v1"
  },
  "size_t": 301,
  "size_x": 64,
  "size_y": 64,
  "size_z": 36,
  "snr": 6.314859972950245,
  "spacing_tr": 2.0,
  "spacing_x": 3.0,
  "spacing_y": 3.0,
  "spacing_z": 2.999997854232788,
  "summary_bg_k": 36.46818679195234,
  "summary_bg_mad": 11.200788740689923,
  "summary_bg_mean": 30.859750747680664,
  "summary_bg_median": 17.049833297729492,
  "summary_bg_n": 80949.0,
  "summary_bg_p05": 5.531561374664307,
  "summary_bg_p95": 86.94484863281238,
  "summary_bg_stdv": 48.05592346191406,
  "summary_fg_k": 1.9591118585661365,
  "summary_fg_mad": 114.26131337710072,
  "summary_fg_mean": 794.6338500976562,
  "summary_fg_median": 778.1910400390625,
  "summary_fg_n": 34562.0,
  "summary_fg_p05": 632.9777404785157,
  "summary_fg_p95": 1008.8699218749999,
  "summary_fg_stdv": 123.22993469238281,
  "tsnr": 24.687495057471097
}