{
  "aor": 0.0023048172757475084,
  "aqi": 0.029247603322259137,
  "bids_meta": {
    "AccelFactPE": 2,
    "AcquisitionNumber": 1,
    "AcquisitionTime": "11:49:16.697500",
    "BandwidthPerPixelPhaseEncode": 47.348,
    "BodyPartExamined": "BRAIN",
    "ConversionSoftware": "dcm2niix",
    "ConversionSoftwareVersion": "v1.0.20170724 (OpenJPEG build) GCC6.1.0",
    "DeviceSerialNumber": "45031",
    "EchoTime": 0.03,
    "EchoTrainLength": 31,
    "EffectiveEchoSpacing": 0.000330003,
    "FlipAngle": 71,
    "ImageType": [
      "ORIGINAL",
      "PRIMARY",
      "M",
      "ND",
      "NORM",
      "MOSAIC"
    ],
    "InstitutionAddress": "Washington_and_Faculty_Rd._-_Building_25_25_Princeton_NJ_US_085",
    "InstitutionName": "Princeton_University_-_Neuroscience_Institute",
    "MagneticFieldStrength": 3,
    "Manufacturer": "Siemens",
    "ManufacturersModelName": "Skyra",
    "PhaseEncodingDirection": "j-",
    "PhaseEncodingLines": 64,
    "ProcedureStepDescription": "NormanLab_Jarrod",
    "ProtocolName": "epi_301_3x3x3_2s",
    "RepetitionTime": 2,
    "ScanningSequence": "EP",
    "SequenceName": "_epfid2d1_64",
    "SequenceVariant": "SK",
    "SeriesDescription": "epi_301_3x3x3_2s",
    "SliceTiming": [
      0.9975,
      0,
      1.055,
      0.055,
      1.11,
      0.11,
      1.165,
      0.165,
      1.22,
      0.22,
      1.275,
      0.2775,
      1.3325,
      0.3325,
      1.3875,
      0.3875,
      1.4425,
      0.4425,
      1.4975,
      0.4975,
      1.555,
      0.555,
      1.61,
      0.61,
      1.665,
      0.665,
      1.72,
      0.72,
      1.775,
      0.7775,
      1.8325,
      0.8325,
      1.8875,
      0.8875,
      1.9425,
      0.9425
    ],
    "SoftwareVersions": "syngo_MR_D11",
    "TaskName": "Working Memory",
    "TotalReadoutTime": 0.0201302,
    "TrueEchoSpacing": 0.000660007,
    "dataset": "ds001229",
    "modality": "bold",
    "run_id": 2,
    "subject_id": "17",
    "task_id": "wm"
  },
  "dummy_trs": 0,
  "dvars_nstd": 31.44477441773334,
  "dvars_std": 1.0301229722000003,
  "dvars_vstd": 0.952090938166667,
  "efc": 0.5482966815880873,
  "fber": 2147.157470703125,
  "fd_mean": 0.36686269253273013,
  "fd_num": 189,
  "fd_perc": 62.7906976744186,
  "fwhm_avg": 1.6683026161456276,
  "fwhm_x": 1.5201366666666667,
  "fwhm_y": 1.8325366666666667,
  "fwhm_z": 1.6522345151035496,
  "gcor": 0.0349843,
  "gsr_x": 0.0060886237770318985,
  "gsr_y": 0.04082290083169937,
  "provenance": {
    "md5sum": "ec55a99bae50783d12af3a77d43ec8ab",
    "settings": {
      "fd_thres": 0.2,
      "testing": false
    },
    "software": "mriqc",
    "version": "22.0.6",
    "webapi_port": null,
    "webapi_url": "https://mriqc.nimh.nih.gov/api/v1"
  },
  "size_t": 301,
  "size_x": 64,
  "size_y": 64,
  "size_z": 36,
  "snr": 6.203297235074113,
  "spacing_tr": 2.0,
  "spacing_x": 3.0,
  "spacing_y": 3.0,
  "spacing_z": 2.999997854232788,
  "summary_bg_k": 38.70595980808707,
  "summary_bg_mad": 9.31428906073768,
  "summary_bg_mean": 32.37338638305664,
  "summary_bg_median": 17.039867401123047,
  "summary_bg_n": 81387.0,
  "summary_bg_p05": 7.770763874053955,
  "summary_bg_p95": 92.36345443725584,
  "summary_bg_stdv": 55.267024993896484,
  "summary_fg_k": 2.096249798319964,
  "summary_fg_mad": 115.95326619573527,
  "summary_fg_mean": 802.5755004882812,
  "summary_fg_median": 784.8737182617188,
  "summary_fg_n": 34089.0,
  "summary_fg_p05": 636.24716796875,
  "summary_fg_p95": 1023.9461669921875,
  "summary_fg_stdv": 126.52339172363281,
  "tsnr": 38.67573945061304
}