{
  "bids_meta": {
    "AcquisitionNumber": 1,
    "AcquisitionTime": "09:28:46.142500",
    "BodyPartExamined": "BRAIN",
    "ConversionSoftware": "dcm2niix",
    "ConversionSoftwareVersion": "v1.0.20170724 (OpenJPEG build) GCC6.1.0",
    "DeviceSerialNumber": "45031",
    "EchoTime": 0.00308,
    "FlipAngle": 9,
    "ImageType": [
      "ORIGINAL",
      "PRIMARY",
      "M",
      "ND",
      "NORM"
    ],
    "InstitutionAddress": "Washington_and_Faculty_Rd._-_Building_25_25_Princeton_NJ_US_085",
    "InstitutionName": "Princeton_University_-_Neuroscience_Institute",
    "InversionTime": 0.9,
    "MagneticFieldStrength": 3,
    "Manufacturer": "Siemens",
    "ManufacturersModelName": "Skyra",
    "PhaseEncodingDirection": "i-",
    "PhaseEncodingLines": 256,
    "ProcedureStepDescription": "NormanLab_Jarrod",
    "ProtocolName": "long_mprage_.9x.9x.9",
    "RepetitionTime": 2.3,
    "ScanningSequence": "GR_IR",
    "SequenceName": "_tfl3d1_16ns",
    "SequenceVariant": "SK_SP_MP",
    "SeriesDescription": "long_mprage_.9x.9x.9",
    "SoftwareVersions": "syngo_MR_D11",
    "dataset": "ds001229",
    "modality": "T1w",
    "subject_id": "10"
  },
  "cjv": 0.35337949177948735,
  "cnr": 3.7374970125383924,
  "efc": 0.5714551142445363,
  "fber": 5582.307876586914,
  "fwhm_avg": 3.7466085299485066,
  "fwhm_x": 3.802013226209157,
  "fwhm_y": 3.8626094545454546,
  "fwhm_z": 3.5752029090909088,
  "icvs_csf": 0.20704630365185675,
  "icvs_gm": 0.4469929451926317,
  "icvs_wm": 0.3459607511555115,
  "inu_med": 0.5999282896518707,
  "inu_range": 0.23755207359790792,
  "provenance": {
    "md5sum": "7424132315bfcc99d336a225e365919d",
    "settings": {
      "testing": false
    },
    "software": "mriqc",
    "version": "22.0.6",
    "warnings": {
      "large_rot_frame": true,
      "small_air_mask": false
    },
    "webapi_port": null,
    "webapi_url": "https://mriqc.nimh.nih.gov/api/v1"
  },
  "qi_1": 0.0,
  "qi_2": 0.00412468040572492,
  "rpve_csf": 19.83630578408681,
  "rpve_gm": 9.64119259073671,
  "rpve_wm": 13.791648991639713,
  "size_x": 192,
  "size_y": 256,
  "size_z": 256,
  "snr_csf": 1.9300739348437048,
  "snr_gm": 10.445065715599954,
  "snr_total": 10.801742369554352,
  "snr_wm": 20.030087458219395,
  "snrd_csf": 14.757005428018838,
  "snrd_gm": 41.528772987842885,
  "snrd_total": 38.872426114376744,
  "snrd_wm": 60.33149992726852,
  "spacing_x": 0.8999994993209839,
  "spacing_y": 0.859375,
  "spacing_z": 0.859375,
  "summary_bg_k": 5.765170317250201,
  "summary_bg_mad": 0.0,
  "summary_bg_mean": 7.020076627711711,
  "summary_bg_median": 0.0,
  "summary_bg_n": 2633816.0,
  "summary_bg_p05": 0.0,
  "summary_bg_p95": 29.54367358237505,
  "summary_bg_stdv": 10.859330417715942,
  "summary_csf_k": 0.7319601643318321,
  "summary_csf_mad": 124.54406957908631,
  "summary_csf_mean": 255.81242511408837,
  "summary_csf_median": 244.60737934708595,
  "summary_csf_n": 65842.0,
  "summary_csf_p05": 67.98604402691126,
  "summary_csf_p95": 481.3465309286489,
  "summary_csf_stdv": 126.73375739194785,
  "summary_gm_k": 0.41066479557676683,
  "summary_gm_mad": 61.95539732451158,
  "summary_gm_mean": 689.023569233563,
  "summary_gm_median": 688.3675944693387,
  "summary_gm_n": 62813.0,
  "summary_gm_p05": 581.2272842489183,
  "summary_gm_p95": 798.711435560137,
  "summary_gm_stdv": 65.90309086519406,
  "summary_wm_k": 0.3276725187570624,
  "summary_wm_mad": 48.181667595638054,
  "summary_wm_mean": 1000.1988322079576,
  "summary_wm_median": 1000.0355533696711,
  "summary_wm_n": 304139.0,
  "summary_wm_p05": 918.9862223491073,
  "summary_wm_p95": 1082.2951071634889,
  "summary_wm_stdv": 49.926587260823595,
  "tpm_overlap_csf": 0.14718431612614963,
  "tpm_overlap_gm": 0.46064595199176106,
  "tpm_overlap_wm": 0.5013185972752056,
  "wm2max": 0.5423326384063006
}