{
  "aor": 0.00048435215946843847,
  "aqi": 0.009027251029900332,
  "bids_meta": {
    "AccelFactPE": 2,
    "AcquisitionNumber": 1,
    "AcquisitionTime": "09:34:27.607500",
    "BandwidthPerPixelPhaseEncode": 47.348,
    "BodyPartExamined": "BRAIN",
    "ConversionSoftware": "dcm2niix",
    "ConversionSoftwareVersion": "v1.0.20170724 (OpenJPEG build) GCC6.1.0",
    "DeviceSerialNumber": "45031",
    "EchoTime": 0.03,
    "EchoTrainLength": 31,
    "EffectiveEchoSpacing": 0.000330003,
    "FlipAngle": 71,
    "ImageType": [
      "ORIGINAL",
      "PRIMARY",
      "M",
      "ND",
      "NORM",
      "MOSAIC"
    ],
    "InstitutionAddress": "Washington_and_Faculty_Rd._-_Building_25_25_Princeton_NJ_US_085",
    "InstitutionName": "Princeton_University_-_Neuroscience_Institute",
    "MagneticFieldStrength": 3,
    "Manufacturer": "Siemens",
    "ManufacturersModelName": "Skyra",
    "PhaseEncodingDirection": "j-",
    "PhaseEncodingLines": 64,
    "ProcedureStepDescription": "NormanLab_Jarrod",
    "ProtocolName": "epi_301_3x3x3_2s",
    "RepetitionTime": 2,
    "ScanningSequence": "EP",
    "SequenceName": "_epfid2d1_64",
    "SequenceVariant": "SK",
    "SeriesDescription": "epi_301_3x3x3_2s",
    "SliceTiming": [
      1,
      0,
      1.055,
      0.055,
      1.11,
      0.11,
      1.165,
      0.165,
      1.22,
      0.2225,
      1.2775,
      0.2775,
      1.3325,
      0.3325,
      1.3875,
      0.3875,
      1.4425,
      0.4425,
      1.4975,
      0.5,
      1.555,
      0.555,
      1.61,
      0.61,
      1.665,
      0.665,
      1.72,
      0.72,
      1.7775,
      0.7775,
      1.8325,
      0.8325,
      1.8875,
      0.8875,
      1.9425,
      0.9425
    ],
    "SoftwareVersions": "syngo_MR_D11",
    "TaskName": "Working Memory",
    "TotalReadoutTime": 0.0201302,
    "TrueEchoSpacing": 0.000660007,
    "dataset": "ds001229",
    "modality": "bold",
    "run_id": 3,
    "subject_id": "26",
    "task_id": "wm"
  },
  "dummy_trs": 0,
  "dvars_nstd": 22.13758099230002,
  "dvars_std": 1.0684782687333336,
  "dvars_vstd": 0.9862861119666667,
  "efc": 0.5526114716958279,
  "fber": 2376.460693359375,
  "fd_mean": 0.1079535807524109,
  "fd_num": 24,
  "fd_perc": 7.973421926910299,
  "fwhm_avg": 1.7540001414304045,
  "fwhm_x": 1.6116232052530284,
  "fwhm_y": 1.9127666666666665,
  "fwhm_z": 1.7376105523715186,
  "gcor": 0.0533534,
  "gsr_x": 0.037024855613708496,
  "gsr_y": 0.0317157618701458,
  "provenance": {
    "md5sum": "bb22c0e37eda29074835ec940ded285e",
    "settings": {
      "fd_thres": 0.2,
      "testing": false
    },
    "software": "mriqc",
    "version": "22.0.6",
    "webapi_port": null,
    "webapi_url": "https://mriqc.nimh.nih.gov/api/v1"
  },
  "size_t": 301,
  "size_x": 64,
  "size_y": 64,
  "size_z": 36,
  "snr": 6.0805041304319305,
  "spacing_tr": 2.0,
  "spacing_x": 3.000000238418579,
  "spacing_y": 3.0,
  "spacing_z": 2.9999990463256836,
  "summary_bg_k": 25.689760895574395,
  "summary_bg_mad": 8.545897250852244,
  "summary_bg_mean": 38.488616943359375,
  "summary_bg_median": 15.803986549377441,
  "summary_bg_n": 82280.0,
  "summary_bg_p05": 8.29568099975586,
  "summary_bg_p95": 134.4872055053712,
  "summary_bg_stdv": 73.93057250976562,
  "summary_fg_k": 3.0824779630929866,
  "summary_fg_mad": 112.91910772487999,
  "summary_fg_mean": 802.843994140625,
  "summary_fg_median": 784.86376953125,
  "summary_fg_n": 33344.0,
  "summary_fg_p05": 637.3275573730468,
  "summary_fg_p95": 1024.2300842285156,
  "summary_fg_stdv": 129.07679748535156,
  "tsnr": 57.12605823110789
}