{
  "aor": 0.0005412292358803987,
  "aqi": 0.011499936777408638,
  "bids_meta": {
    "AccelFactPE": 2,
    "AcquisitionNumber": 1,
    "AcquisitionTime": "08:50:10.512500",
    "BandwidthPerPixelPhaseEncode": 47.348,
    "BodyPartExamined": "BRAIN",
    "ConversionSoftware": "dcm2niix",
    "ConversionSoftwareVersion": "v1.0.20170724 (OpenJPEG build) GCC6.1.0",
    "DeviceSerialNumber": "45031",
    "EchoTime": 0.03,
    "EchoTrainLength": 31,
    "EffectiveEchoSpacing": 0.000330003,
    "FlipAngle": 71,
    "ImageType": [
      "ORIGINAL",
      "PRIMARY",
      "M",
      "ND",
      "NORM",
      "MOSAIC"
    ],
    "InstitutionAddress": "Washington_and_Faculty_Rd._-_Building_25_25_Princeton_NJ_US_085",
    "InstitutionName": "Princeton_University_-_Neuroscience_Institute",
    "MagneticFieldStrength": 3,
    "Manufacturer": "Siemens",
    "ManufacturersModelName": "Skyra",
    "PhaseEncodingDirection": "j-",
    "PhaseEncodingLines": 64,
    "ProcedureStepDescription": "NormanLab_Jarrod",
    "ProtocolName": "epi_301_3x3x3_2s",
    "RepetitionTime": 2,
    "ScanningSequence": "EP",
    "SequenceName": "_epfid2d1_64",
    "SequenceVariant": "SK",
    "SeriesDescription": "epi_301_3x3x3_2s",
    "SliceTiming": [
      1,
      0,
      1.055,
      0.055,
      1.11,
      0.11,
      1.1675,
      0.1675,
      1.2225,
      0.2225,
      1.2775,
      0.2775,
      1.3325,
      0.3325,
      1.3875,
      0.39,
      1.445,
      0.445,
      1.5,
      0.5,
      1.555,
      0.555,
      1.61,
      0.61,
      1.6675,
      0.6675,
      1.7225,
      0.7225,
      1.7775,
      0.7775,
      1.8325,
      0.8325,
      1.8875,
      0.89,
      1.945,
      0.945
    ],
    "SoftwareVersions": "syngo_MR_D11",
    "TaskName": "Working Memory",
    "TotalReadoutTime": 0.0201302,
    "TrueEchoSpacing": 0.000660007,
    "dataset": "ds001229",
    "modality": "bold",
    "run_id": 1,
    "subject_id": "26",
    "task_id": "wm"
  },
  "dummy_trs": 0,
  "dvars_nstd": 23.955005245333325,
  "dvars_std": 1.083315403133333,
  "dvars_vstd": 0.9652542662333339,
  "efc": 0.58291431276474,
  "fber": 1592.272705078125,
  "fd_mean": 0.08604814721345833,
  "fd_num": 15,
  "fd_perc": 4.983388704318937,
  "fwhm_avg": 1.7171601336534528,
  "fwhm_x": 1.6023265393251944,
  "fwhm_y": 1.8872600000000002,
  "fwhm_z": 1.6618938616351642,
  "gcor": 0.0308283,
  "gsr_x": 0.014622817747294903,
  "gsr_y": 0.02775108441710472,
  "provenance": {
    "md5sum": "9d5984315570eaae2ece1f592b4be596",
    "settings": {
      "fd_thres": 0.2,
      "testing": false
    },
    "software": "mriqc",
    "version": "22.0.6",
    "webapi_port": null,
    "webapi_url": "https://mriqc.nimh.nih.gov/api/v1"
  },
  "size_t": 301,
  "size_x": 64,
  "size_y": 64,
  "size_z": 36,
  "snr": 6.129968282255469,
  "spacing_tr": 2.0,
  "spacing_x": 3.000000238418579,
  "spacing_y": 3.0,
  "spacing_z": 2.9999990463256836,
  "summary_bg_k": 17.622638915978634,
  "summary_bg_mad": 11.75245494551427,
  "summary_bg_mean": 47.553958892822266,
  "summary_bg_median": 19.169435501098633,
  "summary_bg_n": 77723.0,
  "summary_bg_p05": 9.14950180053711,
  "summary_bg_p95": 195.83952331542943,
  "summary_bg_stdv": 83.68406677246094,
  "summary_fg_k": 3.3498168612682786,
  "summary_fg_mad": 111.73204864880844,
  "summary_fg_mean": 797.4972534179688,
  "summary_fg_median": 783.533203125,
  "summary_fg_n": 35632.0,
  "summary_fg_p05": 632.2476623535156,
  "summary_fg_p95": 1006.7368560791015,
  "summary_fg_stdv": 127.81831359863281,
  "tsnr": 54.12766261724755
}