{
  "aor": 0.00040827242524916937,
  "aqi": 0.018617494318936875,
  "bids_meta": {
    "AccelFactPE": 2,
    "AcquisitionNumber": 1,
    "AcquisitionTime": "09:00:55.525000",
    "BandwidthPerPixelPhaseEncode": 47.348,
    "BodyPartExamined": "BRAIN",
    "ConversionSoftware": "dcm2niix",
    "ConversionSoftwareVersion": "v1.0.20170724 (OpenJPEG build) GCC6.1.0",
    "DeviceSerialNumber": "45031",
    "EchoTime": 0.03,
    "EchoTrainLength": 31,
    "EffectiveEchoSpacing": 0.000330003,
    "FlipAngle": 71,
    "ImageType": [
      "ORIGINAL",
      "PRIMARY",
      "M",
      "ND",
      "NORM",
      "MOSAIC"
    ],
    "InstitutionAddress": "Washington_and_Faculty_Rd._-_Building_25_25_Princeton_NJ_US_085",
    "InstitutionName": "Princeton_University_-_Neuroscience_Institute",
    "MagneticFieldStrength": 3,
    "Manufacturer": "Siemens",
    "ManufacturersModelName": "Skyra",
    "PhaseEncodingDirection": "j-",
    "PhaseEncodingLines": 64,
    "ProcedureStepDescription": "NormanLab_Jarrod",
    "ProtocolName": "epi_301_3x3x3_2s",
    "RepetitionTime": 2,
    "ScanningSequence": "EP",
    "SequenceName": "_epfid2d1_64",
    "SequenceVariant": "SK",
    "SeriesDescription": "epi_301_3x3x3_2s",
    "SliceTiming": [
      1,
      0,
      1.0575,
      0.0575,
      1.1125,
      0.1125,
      1.1675,
      0.1675,
      1.2225,
      0.2225,
      1.2775,
      0.28,
      1.335,
      0.335,
      1.39,
      0.39,
      1.445,
      0.445,
      1.5,
      0.5,
      1.555,
      0.5575,
      1.6125,
      0.6125,
      1.6675,
      0.6675,
      1.7225,
      0.7225,
      1.7775,
      0.7775,
      1.835,
      0.835,
      1.89,
      0.89,
      1.945,
      0.945
    ],
    "SoftwareVersions": "syngo_MR_D11",
    "TaskName": "Episodic Memory",
    "TotalReadoutTime": 0.0201302,
    "TrueEchoSpacing": 0.000660007,
    "dataset": "ds001229",
    "modality": "bold",
    "run_id": 1,
    "subject_id": "26",
    "task_id": "em"
  },
  "dummy_trs": 0,
  "dvars_nstd": 24.58706088386668,
  "dvars_std": 1.0009299840333332,
  "dvars_vstd": 0.9175804931999998,
  "efc": 0.583432606833322,
  "fber": 1607.160888671875,
  "fd_mean": 0.14090006893360307,
  "fd_num": 48,
  "fd_perc": 15.946843853820598,
  "fwhm_avg": 1.7239045767723782,
  "fwhm_x": 1.6129498718142612,
  "fwhm_y": 1.9067233333333335,
  "fwhm_z": 1.6520405251695396,
  "gcor": 0.0402067,
  "gsr_x": 0.015796592459082603,
  "gsr_y": 0.02634902484714985,
  "provenance": {
    "md5sum": "e9d6c86697267f68401cb495bf925664",
    "settings": {
      "fd_thres": 0.2,
      "testing": false
    },
    "software": "mriqc",
    "version": "22.0.6",
    "webapi_port": null,
    "webapi_url": "https://mriqc.nimh.nih.gov/api/v1"
  },
  "size_t": 301,
  "size_x": 64,
  "size_y": 64,
  "size_z": 36,
  "snr": 6.161230819892815,
  "spacing_tr": 2.0,
  "spacing_x": 3.000000238418579,
  "spacing_y": 3.0,
  "spacing_z": 2.9999990463256836,
  "summary_bg_k": 17.32969496413017,
  "summary_bg_mad": 11.481547232228078,
  "summary_bg_mean": 47.96107864379883,
  "summary_bg_median": 19.106311798095703,
  "summary_bg_n": 77642.0,
  "summary_bg_p05": 9.368770599365234,
  "summary_bg_p95": 195.4074676513671,
  "summary_bg_stdv": 84.28754425048828,
  "summary_fg_k": 3.2427951409101876,
  "summary_fg_mad": 111.46111901976755,
  "summary_fg_mean": 796.782958984375,
  "summary_fg_median": 782.465087890625,
  "summary_fg_n": 35694.0,
  "summary_fg_p05": 631.5963409423828,
  "summary_fg_p95": 1007.1483093261718,
  "summary_fg_stdv": 126.99639892578125,
  "tsnr": 44.98668176587671
}