{
  "bids_meta": {
    "AcquisitionNumber": 1,
    "AcquisitionTime": "10:37:2.130000",
    "BodyPartExamined": "BRAIN",
    "ConversionSoftware": "dcm2niix",
    "ConversionSoftwareVersion": "v1.0.20170724 (OpenJPEG build) GCC6.1.0",
    "DeviceSerialNumber": "45031",
    "EchoTime": 0.00308,
    "FlipAngle": 9,
    "ImageType": [
      "ORIGINAL",
      "PRIMARY",
      "M",
      "ND",
      "NORM"
    ],
    "InstitutionAddress": "Washington_and_Faculty_Rd._-_Building_25_25_Princeton_NJ_US_085",
    "InstitutionName": "Princeton_University_-_Neuroscience_Institute",
    "InversionTime": 0.9,
    "MagneticFieldStrength": 3,
    "Manufacturer": "Siemens",
    "ManufacturersModelName": "Skyra",
    "PhaseEncodingDirection": "i-",
    "PhaseEncodingLines": 256,
    "ProcedureStepDescription": "NormanLab_Jarrod",
    "ProtocolName": "long_mprage_.9x.9x.9",
    "RepetitionTime": 2.3,
    "ScanningSequence": "GR_IR",
    "SequenceName": "_tfl3d1_16ns",
    "SequenceVariant": "SK_SP_MP",
    "SeriesDescription": "long_mprage_.9x.9x.9",
    "SoftwareVersions": "syngo_MR_D11",
    "dataset": "ds001229",
    "modality": "T1w",
    "subject_id": "19"
  },
  "cjv": 0.4071638021679939,
  "cnr": 3.3132764549771823,
  "efc": 0.6266039345898474,
  "fber": 3888.6524143056618,
  "fwhm_avg": 3.89618591218543,
  "fwhm_x": 4.011059554738107,
  "fwhm_y": 4.0351883636363635,
  "fwhm_z": 3.6423098181818183,
  "icvs_csf": 0.2025203982355941,
  "icvs_gm": 0.43048709110261346,
  "icvs_wm": 0.36699251066179245,
  "inu_med": 0.6458301544189453,
  "inu_range": 0.30427359938621523,
  "provenance": {
    "md5sum": "464b36e96931f35955faa5448b316365",
    "settings": {
      "testing": false
    },
    "software": "mriqc",
    "version": "22.0.6",
    "warnings": {
      "large_rot_frame": true,
      "small_air_mask": false
    },
    "webapi_port": null,
    "webapi_url": "https://mriqc.nimh.nih.gov/api/v1"
  },
  "qi_1": 0.00042574159692021496,
  "qi_2": 0.003702968775143722,
  "rpve_csf": 18.344013042033804,
  "rpve_gm": 8.992282861843588,
  "rpve_wm": 11.789185380639609,
  "size_x": 192,
  "size_y": 256,
  "size_z": 256,
  "snr_csf": 1.8228554748379815,
  "snr_gm": 10.44218292684897,
  "snr_total": 9.996486778896882,
  "snr_wm": 17.724421935003697,
  "snrd_csf": 11.062450256310779,
  "snrd_gm": 34.464911269888155,
  "snrd_total": 31.46902124119929,
  "snrd_wm": 48.879702197398935,
  "spacing_x": 0.9000040888786316,
  "spacing_y": 0.859375,
  "spacing_z": 0.859375,
  "summary_bg_k": 10.353391860826287,
  "summary_bg_mad": 0.0,
  "summary_bg_mean": 8.780477872646891,
  "summary_bg_median": 0.0,
  "summary_bg_n": 2247291.0,
  "summary_bg_p05": 0.0,
  "summary_bg_p95": 35.68492757156491,
  "summary_bg_stdv": 13.403537099706508,
  "summary_csf_k": 1.2079797145293583,
  "summary_csf_mad": 116.11741846803126,
  "summary_csf_mean": 244.5098561269106,
  "summary_csf_median": 226.32838356122375,
  "summary_csf_n": 67737.0,
  "summary_csf_p05": 72.52074076533319,
  "summary_csf_p95": 474.14245649799705,
  "summary_csf_stdv": 124.1605360591928,
  "summary_gm_k": 0.19207662002843762,
  "summary_gm_mad": 65.4545467175472,
  "summary_gm_mean": 705.1256309665005,
  "summary_gm_median": 705.1229588892311,
  "summary_gm_n": 61306.0,
  "summary_gm_p05": 593.3413245119154,
  "summary_gm_p95": 815.708867944777,
  "summary_gm_stdv": 67.52584329900134,
  "summary_wm_k": 0.28348600247850575,
  "summary_wm_mad": 54.623938267881115,
  "summary_wm_mean": 1000.7401931154881,
  "summary_wm_median": 1000.0373995788395,
  "summary_wm_n": 354191.0,
  "summary_wm_p05": 909.7227713689208,
  "summary_wm_p95": 1094.6865320801735,
  "summary_wm_stdv": 56.42135983472471,
  "tpm_overlap_csf": 0.1626539749479497,
  "tpm_overlap_gm": 0.4649635601132588,
  "tpm_overlap_wm": 0.517106913784931,
  "wm2max": 0.5258830374071196
}