{
  "aor": 0.001491162790697674,
  "aqi": 0.011717394983388705,
  "bids_meta": {
    "AccelFactPE": 2,
    "AcquisitionNumber": 1,
    "AcquisitionTime": "18:01:32.670000",
    "BandwidthPerPixelPhaseEncode": 47.348,
    "BodyPartExamined": "BRAIN",
    "ConversionSoftware": "dcm2niix",
    "ConversionSoftwareVersion": "v1.0.20170724 (OpenJPEG build) GCC6.1.0",
    "DeviceSerialNumber": "45031",
    "EchoTime": 0.03,
    "EchoTrainLength": 31,
    "EffectiveEchoSpacing": 0.000330003,
    "FlipAngle": 71,
    "ImageType": [
      "ORIGINAL",
      "PRIMARY",
      "M",
      "ND",
      "NORM",
      "MOSAIC"
    ],
    "InstitutionAddress": "Washington_and_Faculty_Rd._-_Building_25_25_Princeton_NJ_US_085",
    "InstitutionName": "Princeton_University_-_Neuroscience_Institute",
    "MagneticFieldStrength": 3,
    "Manufacturer": "Siemens",
    "ManufacturersModelName": "Skyra",
    "PhaseEncodingDirection": "j-",
    "PhaseEncodingLines": 64,
    "ProcedureStepDescription": "NormanLab_Jarrod",
    "ProtocolName": "epi_301_3x3x3_2s",
    "RepetitionTime": 2,
    "ScanningSequence": "EP",
    "SequenceName": "_epfid2d1_64",
    "SequenceVariant": "SK",
    "SeriesDescription": "epi_301_3x3x3_2s",
    "SliceTiming": [
      1,
      0,
      1.055,
      0.055,
      1.11,
      0.11,
      1.165,
      0.165,
      1.2225,
      0.2225,
      1.2775,
      0.2775,
      1.3325,
      0.3325,
      1.3875,
      0.3875,
      1.4425,
      0.445,
      1.5,
      0.5,
      1.555,
      0.555,
      1.61,
      0.61,
      1.665,
      0.665,
      1.72,
      0.7225,
      1.7775,
      0.7775,
      1.8325,
      0.8325,
      1.8875,
      0.8875,
      1.9425,
      0.9425
    ],
    "SoftwareVersions": "syngo_MR_D11",
    "TaskName": "Working Memory",
    "TotalReadoutTime": 0.0201302,
    "TrueEchoSpacing": 0.000660007,
    "dataset": "ds001229",
    "modality": "bold",
    "run_id": 1,
    "subject_id": "09",
    "task_id": "wm"
  },
  "dummy_trs": 0,
  "dvars_nstd": 26.76993250523333,
  "dvars_std": 1.2217175105000007,
  "dvars_vstd": 1.0029623120333333,
  "efc": 0.572939529195212,
  "fber": 1820.852294921875,
  "fd_mean": 0.10952405467328553,
  "fd_num": 29,
  "fd_perc": 9.634551495016611,
  "fwhm_avg": 1.5954886778443786,
  "fwhm_x": 1.49254,
  "fwhm_y": 1.7005933333333332,
  "fwhm_z": 1.5933327001998028,
  "gcor": 0.0320943,
  "gsr_x": -0.0018565113423392177,
  "gsr_y": 0.028814276680350304,
  "provenance": {
    "md5sum": "acd19330c437fceffe3cd50ef708e323",
    "settings": {
      "fd_thres": 0.2,
      "testing": false
    },
    "software": "mriqc",
    "version": "22.0.6",
    "webapi_port": null,
    "webapi_url": "https://mriqc.nimh.nih.gov/api/v1"
  },
  "size_t": 301,
  "size_x": 64,
  "size_y": 64,
  "size_z": 36,
  "snr": 6.383070153473913,
  "spacing_tr": 2.0,
  "spacing_x": 3.0,
  "spacing_y": 3.0,
  "spacing_z": 3.0000011920928955,
  "summary_bg_k": 33.53993107160556,
  "summary_bg_mad": 9.358618269831334,
  "summary_bg_mean": 34.668190002441406,
  "summary_bg_median": 17.627906799316406,
  "summary_bg_n": 77202.0,
  "summary_bg_p05": 7.787375450134277,
  "summary_bg_p95": 109.70448532104474,
  "summary_bg_stdv": 58.45351791381836,
  "summary_fg_k": 3.20851988979512,
  "summary_fg_mad": 100.9868926898234,
  "summary_fg_mean": 776.4000854492188,
  "summary_fg_median": 761.83056640625,
  "summary_fg_n": 36718.0,
  "summary_fg_p05": 625.9096435546875,
  "summary_fg_p95": 979.1112518310547,
  "summary_fg_stdv": 119.3501205444336,
  "tsnr": 58.88360654655844
}