{
  "aor": 0.0014416943521594683,
  "aqi": 0.014254366212624582,
  "bids_meta": {
    "AccelFactPE": 2,
    "AcquisitionNumber": 1,
    "AcquisitionTime": "18:23:43.945000",
    "BandwidthPerPixelPhaseEncode": 47.348,
    "BodyPartExamined": "BRAIN",
    "ConversionSoftware": "dcm2niix",
    "ConversionSoftwareVersion": "v1.0.20170724 (OpenJPEG build) GCC6.1.0",
    "DeviceSerialNumber": "45031",
    "EchoTime": 0.03,
    "EchoTrainLength": 31,
    "EffectiveEchoSpacing": 0.000330003,
    "FlipAngle": 71,
    "ImageType": [
      "ORIGINAL",
      "PRIMARY",
      "M",
      "ND",
      "NORM",
      "MOSAIC"
    ],
    "InstitutionAddress": "Washington_and_Faculty_Rd._-_Building_25_25_Princeton_NJ_US_085",
    "InstitutionName": "Princeton_University_-_Neuroscience_Institute",
    "MagneticFieldStrength": 3,
    "Manufacturer": "Siemens",
    "ManufacturersModelName": "Skyra",
    "PhaseEncodingDirection": "j-",
    "PhaseEncodingLines": 64,
    "ProcedureStepDescription": "NormanLab_Jarrod",
    "ProtocolName": "epi_301_3x3x3_2s",
    "RepetitionTime": 2,
    "ScanningSequence": "EP",
    "SequenceName": "_epfid2d1_64",
    "SequenceVariant": "SK",
    "SeriesDescription": "epi_301_3x3x3_2s",
    "SliceTiming": [
      1,
      0,
      1.055,
      0.055,
      1.11,
      0.11,
      1.165,
      0.1675,
      1.2225,
      0.2225,
      1.2775,
      0.2775,
      1.3325,
      0.3325,
      1.3875,
      0.3875,
      1.445,
      0.445,
      1.5,
      0.5,
      1.555,
      0.555,
      1.61,
      0.61,
      1.665,
      0.6675,
      1.7225,
      0.7225,
      1.7775,
      0.7775,
      1.8325,
      0.8325,
      1.8875,
      0.8875,
      1.945,
      0.945
    ],
    "SoftwareVersions": "syngo_MR_D11",
    "TaskName": "Working Memory",
    "TotalReadoutTime": 0.0201302,
    "TrueEchoSpacing": 0.000660007,
    "dataset": "ds001229",
    "modality": "bold",
    "run_id": 2,
    "subject_id": "09",
    "task_id": "wm"
  },
  "dummy_trs": 0,
  "dvars_nstd": 25.341389007933333,
  "dvars_std": 1.1466391796666673,
  "dvars_vstd": 0.9823602576999999,
  "efc": 0.5718980797139704,
  "fber": 1859.6141357421875,
  "fd_mean": 0.10421207181801392,
  "fd_num": 23,
  "fd_perc": 7.641196013289036,
  "fwhm_avg": 1.5988131233564078,
  "fwhm_x": 1.4983033333333333,
  "fwhm_y": 1.7128633333333332,
  "fwhm_z": 1.5852727034025575,
  "gcor": 0.0203673,
  "gsr_x": 0.0003880102012772113,
  "gsr_y": 0.030107159167528152,
  "provenance": {
    "md5sum": "9249d33557d24d4a399669d523ecf4d1",
    "settings": {
      "fd_thres": 0.2,
      "testing": false
    },
    "software": "mriqc",
    "version": "22.0.6",
    "webapi_port": null,
    "webapi_url": "https://mriqc.nimh.nih.gov/api/v1"
  },
  "size_t": 301,
  "size_x": 64,
  "size_y": 64,
  "size_z": 36,
  "snr": 6.316606733867716,
  "spacing_tr": 2.0,
  "spacing_x": 3.0,
  "spacing_y": 3.0,
  "spacing_z": 3.0000011920928955,
  "summary_bg_k": 34.0538853341843,
  "summary_bg_mad": 9.782220115621213,
  "summary_bg_mean": 35.03166198730469,
  "summary_bg_median": 17.624584197998047,
  "summary_bg_n": 77417.0,
  "summary_bg_p05": 7.558139324188232,
  "summary_bg_p95": 111.24451599121082,
  "summary_bg_stdv": 59.310546875,
  "summary_fg_k": 3.1677230837376538,
  "summary_fg_mad": 102.0040099344525,
  "summary_fg_mean": 776.2923583984375,
  "summary_fg_median": 760.6229248046875,
  "summary_fg_n": 36548.0,
  "summary_fg_p05": 623.6687622070312,
  "summary_fg_p95": 981.5097808837893,
  "summary_fg_stdv": 120.41473388671875,
  "tsnr": 56.10583614418283
}