{
  "aor": 0.0008483720930232559,
  "aqi": 0.007002566611295681,
  "bids_meta": {
    "AccelFactPE": 2,
    "AcquisitionNumber": 1,
    "AcquisitionTime": "18:45:5.742500",
    "BandwidthPerPixelPhaseEncode": 47.348,
    "BodyPartExamined": "BRAIN",
    "ConversionSoftware": "dcm2niix",
    "ConversionSoftwareVersion": "v1.0.20170724 (OpenJPEG build) GCC6.1.0",
    "DeviceSerialNumber": "45031",
    "EchoTime": 0.03,
    "EchoTrainLength": 31,
    "EffectiveEchoSpacing": 0.000330003,
    "FlipAngle": 71,
    "ImageType": [
      "ORIGINAL",
      "PRIMARY",
      "M",
      "ND",
      "NORM",
      "MOSAIC"
    ],
    "InstitutionAddress": "Washington_and_Faculty_Rd._-_Building_25_25_Princeton_NJ_US_085",
    "InstitutionName": "Princeton_University_-_Neuroscience_Institute",
    "MagneticFieldStrength": 3,
    "Manufacturer": "Siemens",
    "ManufacturersModelName": "Skyra",
    "PhaseEncodingDirection": "j-",
    "PhaseEncodingLines": 64,
    "ProcedureStepDescription": "NormanLab_Jarrod",
    "ProtocolName": "epi_301_3x3x3_2s",
    "RepetitionTime": 2,
    "ScanningSequence": "EP",
    "SequenceName": "_epfid2d1_64",
    "SequenceVariant": "SK",
    "SeriesDescription": "epi_301_3x3x3_2s",
    "SliceTiming": [
      1,
      0,
      1.055,
      0.0575,
      1.1125,
      0.1125,
      1.1675,
      0.1675,
      1.2225,
      0.2225,
      1.2775,
      0.2775,
      1.335,
      0.335,
      1.39,
      0.39,
      1.445,
      0.445,
      1.5,
      0.5,
      1.555,
      0.5575,
      1.6125,
      0.6125,
      1.6675,
      0.6675,
      1.7225,
      0.7225,
      1.7775,
      0.7775,
      1.835,
      0.835,
      1.89,
      0.89,
      1.945,
      0.945
    ],
    "SoftwareVersions": "syngo_MR_D11",
    "TaskName": "Working Memory",
    "TotalReadoutTime": 0.0201302,
    "TrueEchoSpacing": 0.000660007,
    "dataset": "ds001229",
    "modality": "bold",
    "run_id": 3,
    "subject_id": "09",
    "task_id": "wm"
  },
  "dummy_trs": 0,
  "dvars_nstd": 22.149825471133337,
  "dvars_std": 1.1272897141666667,
  "dvars_vstd": 1.0076477297333333,
  "efc": 0.5714997700277874,
  "fber": 1843.6251220703125,
  "fd_mean": 0.07308734638270241,
  "fd_num": 6,
  "fd_perc": 1.9933554817275747,
  "fwhm_avg": 1.5842997905882148,
  "fwhm_x": 1.48632,
  "fwhm_y": 1.6855733333333334,
  "fwhm_z": 1.5810060384313112,
  "gcor": 0.0173872,
  "gsr_x": 0.0015443832380697131,
  "gsr_y": 0.027599507942795753,
  "provenance": {
    "md5sum": "01eb5def65243c8924c5e47c333ad608",
    "settings": {
      "fd_thres": 0.2,
      "testing": false
    },
    "software": "mriqc",
    "version": "22.0.6",
    "webapi_port": null,
    "webapi_url": "https://mriqc.nimh.nih.gov/api/v1"
  },
  "size_t": 301,
  "size_x": 64,
  "size_y": 64,
  "size_z": 36,
  "snr": 6.298488835877839,
  "spacing_tr": 2.0,
  "spacing_x": 3.0,
  "spacing_y": 3.0,
  "spacing_z": 3.0000011920928955,
  "summary_bg_k": 34.728058527272985,
  "summary_bg_mad": 9.348766077659716,
  "summary_bg_mean": 34.87004852294922,
  "summary_bg_median": 17.508304595947266,
  "summary_bg_n": 77468.0,
  "summary_bg_p05": 7.7176079750061035,
  "summary_bg_p95": 112.42408294677732,
  "summary_bg_stdv": 59.27983856201172,
  "summary_fg_k": 3.163683667419372,
  "summary_fg_mad": 102.23059904304246,
  "summary_fg_mean": 775.4015502929688,
  "summary_fg_median": 760.2840576171875,
  "summary_fg_n": 36416.0,
  "summary_fg_p05": 622.1918640136719,
  "summary_fg_p95": 979.3197631835938,
  "summary_fg_stdv": 120.70730590820312,
  "tsnr": 69.46980562643148
}