{
  "bids_meta": {
    "AcquisitionNumber": 1,
    "AcquisitionTime": "09:25:39.177500",
    "BodyPartExamined": "BRAIN",
    "ConversionSoftware": "dcm2niix",
    "ConversionSoftwareVersion": "v1.0.20170724 (OpenJPEG build) GCC6.1.0",
    "DeviceSerialNumber": "45031",
    "EchoTime": 0.00308,
    "FlipAngle": 9,
    "ImageType": [
      "ORIGINAL",
      "PRIMARY",
      "M",
      "ND",
      "NORM"
    ],
    "InstitutionAddress": "Washington_and_Faculty_Rd._-_Building_25_25_Princeton_NJ_US_085",
    "InstitutionName": "Princeton_University_-_Neuroscience_Institute",
    "InversionTime": 0.9,
    "MagneticFieldStrength": 3,
    "Manufacturer": "Siemens",
    "ManufacturersModelName": "Skyra",
    "PhaseEncodingDirection": "i-",
    "PhaseEncodingLines": 256,
    "ProcedureStepDescription": "NormanLab_Jarrod",
    "ProtocolName": "long_mprage_.9x.9x.9",
    "RepetitionTime": 2.3,
    "ScanningSequence": "GR_IR",
    "SequenceName": "_tfl3d1_16ns",
    "SequenceVariant": "SK_SP_MP",
    "SeriesDescription": "long_mprage_.9x.9x.9",
    "SoftwareVersions": "syngo_MR_D11",
    "dataset": "ds001229",
    "modality": "T1w",
    "subject_id": "12"
  },
  "cjv": 0.3602788896221271,
  "cnr": 3.6673329740391813,
  "efc": 0.5652058397232327,
  "fber": 7443.124152908765,
  "fwhm_avg": 3.8277806918435595,
  "fwhm_x": 3.815525348257952,
  "fwhm_y": 4.099037090909091,
  "fwhm_z": 3.5687796363636366,
  "icvs_csf": 0.23265703160149206,
  "icvs_gm": 0.4213565845809174,
  "icvs_wm": 0.3459863838175905,
  "inu_med": 0.6122298836708069,
  "inu_range": 0.22030119597911835,
  "provenance": {
    "md5sum": "061acd46648b347effefebd0c95ebc66",
    "settings": {
      "testing": false
    },
    "software": "mriqc",
    "version": "22.0.6",
    "warnings": {
      "large_rot_frame": true,
      "small_air_mask": false
    },
    "webapi_port": null,
    "webapi_url": "https://mriqc.nimh.nih.gov/api/v1"
  },
  "qi_1": 0.0002520150636720123,
  "qi_2": 0.003753119964170732,
  "rpve_csf": 19.353496142086513,
  "rpve_gm": 10.827777952392927,
  "rpve_wm": 14.902849862999972,
  "size_x": 192,
  "size_y": 256,
  "size_z": 256,
  "snr_csf": 1.592070908284858,
  "snr_gm": 9.430529680363017,
  "snr_total": 10.105883638216355,
  "snr_wm": 19.295050326001192,
  "snrd_csf": 11.386975729267796,
  "snrd_gm": 36.04067023340372,
  "snrd_total": 33.65083383687727,
  "snrd_wm": 53.524855547960286,
  "spacing_x": 0.9000018835067749,
  "spacing_y": 0.859375,
  "spacing_z": 0.859375,
  "summary_bg_k": 171.5097085336178,
  "summary_bg_mad": 0.0,
  "summary_bg_mean": 7.6592544752365255,
  "summary_bg_median": 0.0,
  "summary_bg_n": 2822442.0,
  "summary_bg_p05": 0.0,
  "summary_bg_p95": 31.23603955283761,
  "summary_bg_stdv": 12.239853502512247,
  "summary_csf_k": 0.36290564287008076,
  "summary_csf_mad": 134.42307472934885,
  "summary_csf_mean": 236.43243994813298,
  "summary_csf_median": 212.74182714149356,
  "summary_csf_n": 71728.0,
  "summary_csf_p05": 57.901789490133524,
  "summary_csf_p95": 485.82522244006395,
  "summary_csf_stdv": 133.6249177427383,
  "summary_gm_k": 0.3069879586241653,
  "summary_gm_mad": 67.96300234563249,
  "summary_gm_mean": 673.6225957587228,
  "summary_gm_median": 673.3445489965379,
  "summary_gm_n": 57306.0,
  "summary_gm_p05": 555.3760959878564,
  "summary_gm_p95": 791.7167681930587,
  "summary_gm_stdv": 71.39987856475163,
  "summary_wm_k": 0.37636565413726153,
  "summary_wm_mad": 49.724055689158405,
  "summary_wm_mean": 1000.3925213086568,
  "summary_wm_median": 999.9999857284129,
  "summary_wm_n": 288954.0,
  "summary_wm_p05": 916.2227971367538,
  "summary_wm_p95": 1085.9420483484864,
  "summary_wm_stdv": 51.82667256380023,
  "tpm_overlap_csf": 0.14719501283586023,
  "tpm_overlap_gm": 0.4611050003959947,
  "tpm_overlap_wm": 0.5068906032735488,
  "wm2max": 0.49402437782229314
}