{
  "aor": 0.005532159468438539,
  "aqi": 0.013142993754152824,
  "bids_meta": {
    "AccelFactPE": 2,
    "AcquisitionNumber": 1,
    "AcquisitionTime": "11:48:5.935000",
    "BandwidthPerPixelPhaseEncode": 47.348,
    "BodyPartExamined": "BRAIN",
    "ConversionSoftware": "dcm2niix",
    "ConversionSoftwareVersion": "v1.0.20170724 (OpenJPEG build) GCC6.1.0",
    "DeviceSerialNumber": "45031",
    "EchoTime": 0.03,
    "EchoTrainLength": 31,
    "EffectiveEchoSpacing": 0.000330003,
    "FlipAngle": 71,
    "ImageType": [
      "ORIGINAL",
      "PRIMARY",
      "M",
      "ND",
      "NORM",
      "MOSAIC"
    ],
    "InstitutionAddress": "Washington_and_Faculty_Rd._-_Building_25_25_Princeton_NJ_US_085",
    "InstitutionName": "Princeton_University_-_Neuroscience_Institute",
    "MagneticFieldStrength": 3,
    "Manufacturer": "Siemens",
    "ManufacturersModelName": "Skyra",
    "PhaseEncodingDirection": "j-",
    "PhaseEncodingLines": 64,
    "ProcedureStepDescription": "NormanLab_Jarrod",
    "ProtocolName": "epi_301_3x3x3_2s",
    "RepetitionTime": 2,
    "ScanningSequence": "EP",
    "SequenceName": "_epfid2d1_64",
    "SequenceVariant": "SK",
    "SeriesDescription": "epi_301_3x3x3_2s",
    "SliceTiming": [
      1,
      0,
      1.055,
      0.055,
      1.11,
      0.11,
      1.1675,
      0.1675,
      1.2225,
      0.2225,
      1.2775,
      0.2775,
      1.3325,
      0.3325,
      1.3875,
      0.3875,
      1.445,
      0.445,
      1.5,
      0.5,
      1.555,
      0.555,
      1.61,
      0.61,
      1.665,
      0.6675,
      1.7225,
      0.7225,
      1.7775,
      0.7775,
      1.8325,
      0.8325,
      1.8875,
      0.8875,
      1.945,
      0.945
    ],
    "SoftwareVersions": "syngo_MR_D11",
    "TaskName": "Working Memory",
    "TotalReadoutTime": 0.0201302,
    "TrueEchoSpacing": 0.000660007,
    "dataset": "ds001229",
    "modality": "bold",
    "run_id": 2,
    "subject_id": "13",
    "task_id": "wm"
  },
  "dummy_trs": 0,
  "dvars_nstd": 24.862289797600006,
  "dvars_std": 1.1156598349666667,
  "dvars_vstd": 1.0288928683333338,
  "efc": 0.5427720044400206,
  "fber": 1823.4166259765625,
  "fd_mean": 0.16268902229964807,
  "fd_num": 38,
  "fd_perc": 12.624584717607974,
  "fwhm_avg": 1.6579557311874524,
  "fwhm_x": 1.5078333333333334,
  "fwhm_y": 1.8085633333333335,
  "fwhm_z": 1.6574705268956906,
  "gcor": 0.0346808,
  "gsr_x": -0.0023661786690354347,
  "gsr_y": 0.02869914285838604,
  "provenance": {
    "md5sum": "5c01ed9bbb5b5e50ea1ae29c6c3aed46",
    "settings": {
      "fd_thres": 0.2,
      "testing": false
    },
    "software": "mriqc",
    "version": "22.0.6",
    "webapi_port": null,
    "webapi_url": "https://mriqc.nimh.nih.gov/api/v1"
  },
  "size_t": 301,
  "size_x": 64,
  "size_y": 64,
  "size_z": 36,
  "snr": 7.2254232188036775,
  "spacing_tr": 2.0,
  "spacing_x": 3.0,
  "spacing_y": 3.0,
  "spacing_z": 2.9999990463256836,
  "summary_bg_k": 53.420562809088864,
  "summary_bg_mad": 8.2552872741023,
  "summary_bg_mean": 31.290546417236328,
  "summary_bg_median": 17.35548210144043,
  "summary_bg_n": 83335.0,
  "summary_bg_p05": 9.315614700317383,
  "summary_bg_p95": 88.24086074829107,
  "summary_bg_stdv": 49.719871520996094,
  "summary_fg_k": 3.9980959300493932,
  "summary_fg_mad": 90.9436290714047,
  "summary_fg_mean": 764.3916625976562,
  "summary_fg_median": 754.1112670898438,
  "summary_fg_n": 31814.0,
  "summary_fg_p05": 628.6717376708984,
  "summary_fg_p95": 930.8923339843748,
  "summary_fg_stdv": 104.36750793457031,
  "tsnr": 55.02569722174667
}