{
  "aor": 0.0032859468438538207,
  "aqi": 0.021198266046511628,
  "bids_meta": {
    "AccelFactPE": 2,
    "AcquisitionNumber": 1,
    "AcquisitionTime": "11:59:2.122500",
    "BandwidthPerPixelPhaseEncode": 47.348,
    "BodyPartExamined": "BRAIN",
    "ConversionSoftware": "dcm2niix",
    "ConversionSoftwareVersion": "v1.0.20170724 (OpenJPEG build) GCC6.1.0",
    "DeviceSerialNumber": "45031",
    "EchoTime": 0.03,
    "EchoTrainLength": 31,
    "EffectiveEchoSpacing": 0.000330003,
    "FlipAngle": 71,
    "ImageType": [
      "ORIGINAL",
      "PRIMARY",
      "M",
      "ND",
      "NORM",
      "MOSAIC"
    ],
    "InstitutionAddress": "Washington_and_Faculty_Rd._-_Building_25_25_Princeton_NJ_US_085",
    "InstitutionName": "Princeton_University_-_Neuroscience_Institute",
    "MagneticFieldStrength": 3,
    "Manufacturer": "Siemens",
    "ManufacturersModelName": "Skyra",
    "PhaseEncodingDirection": "j-",
    "PhaseEncodingLines": 64,
    "ProcedureStepDescription": "NormanLab_Jarrod",
    "ProtocolName": "epi_301_3x3x3_2s",
    "RepetitionTime": 2,
    "ScanningSequence": "EP",
    "SequenceName": "_epfid2d1_64",
    "SequenceVariant": "SK",
    "SeriesDescription": "epi_301_3x3x3_2s",
    "SliceTiming": [
      1,
      0,
      1.055,
      0.055,
      1.11,
      0.11,
      1.165,
      0.1675,
      1.2225,
      0.2225,
      1.2775,
      0.2775,
      1.3325,
      0.3325,
      1.3875,
      0.3875,
      1.445,
      0.445,
      1.5,
      0.5,
      1.555,
      0.555,
      1.61,
      0.61,
      1.665,
      0.6675,
      1.7225,
      0.7225,
      1.7775,
      0.7775,
      1.8325,
      0.8325,
      1.8875,
      0.8875,
      1.9425,
      0.945
    ],
    "SoftwareVersions": "syngo_MR_D11",
    "TaskName": "Episodic Memory",
    "TotalReadoutTime": 0.0201302,
    "TrueEchoSpacing": 0.000660007,
    "dataset": "ds001229",
    "modality": "bold",
    "run_id": 3,
    "subject_id": "13",
    "task_id": "em"
  },
  "dummy_trs": 0,
  "dvars_nstd": 25.36453232446668,
  "dvars_std": 1.0572946354666657,
  "dvars_vstd": 0.9832714086000003,
  "efc": 0.5417193898938095,
  "fber": 1863.9259033203125,
  "fd_mean": 0.17464943289584037,
  "fd_num": 57,
  "fd_perc": 18.93687707641196,
  "fwhm_avg": 1.6728657335465609,
  "fwhm_x": 1.51182,
  "fwhm_y": 1.8270433333333334,
  "fwhm_z": 1.6797338673063493,
  "gcor": 0.0221618,
  "gsr_x": -0.0018063406459987164,
  "gsr_y": 0.029494168236851692,
  "provenance": {
    "md5sum": "f64aad6da6493ef98991f1705d86f9b8",
    "settings": {
      "fd_thres": 0.2,
      "testing": false
    },
    "software": "mriqc",
    "version": "22.0.6",
    "webapi_port": null,
    "webapi_url": "https://mriqc.nimh.nih.gov/api/v1"
  },
  "size_t": 301,
  "size_x": 64,
  "size_y": 64,
  "size_z": 36,
  "snr": 7.237883736175289,
  "spacing_tr": 2.0,
  "spacing_x": 3.0,
  "spacing_y": 3.0,
  "spacing_z": 2.9999990463256836,
  "summary_bg_k": 55.458930358364704,
  "summary_bg_mad": 8.30947008928723,
  "summary_bg_mean": 31.212934494018555,
  "summary_bg_median": 17.212623596191406,
  "summary_bg_n": 83495.0,
  "summary_bg_p05": 9.162790298461914,
  "summary_bg_p95": 87.02291946411135,
  "summary_bg_stdv": 49.755855560302734,
  "summary_fg_k": 3.901388414438765,
  "summary_fg_mad": 90.7588919846689,
  "summary_fg_mean": 764.4902954101562,
  "summary_fg_median": 754.1312255859375,
  "summary_fg_n": 31674.0,
  "summary_fg_p05": 628.9800415039062,
  "summary_fg_p95": 931.543832397461,
  "summary_fg_stdv": 104.19058227539062,
  "tsnr": 47.46821232838556
}