{
  "aor": 0.0006702657807308971,
  "aqi": 0.008232501362126247,
  "bids_meta": {
    "AccelFactPE": 2,
    "AcquisitionNumber": 1,
    "AcquisitionTime": "11:16:29.142500",
    "BandwidthPerPixelPhaseEncode": 47.348,
    "BodyPartExamined": "BRAIN",
    "ConversionSoftware": "dcm2niix",
    "ConversionSoftwareVersion": "v1.0.20170724 (OpenJPEG build) GCC6.1.0",
    "DeviceSerialNumber": "45031",
    "EchoTime": 0.03,
    "EchoTrainLength": 31,
    "EffectiveEchoSpacing": 0.000330003,
    "FlipAngle": 71,
    "ImageType": [
      "ORIGINAL",
      "PRIMARY",
      "M",
      "ND",
      "NORM",
      "MOSAIC"
    ],
    "InstitutionAddress": "Washington_and_Faculty_Rd._-_Building_25_25_Princeton_NJ_US_085",
    "InstitutionName": "Princeton_University_-_Neuroscience_Institute",
    "MagneticFieldStrength": 3,
    "Manufacturer": "Siemens",
    "ManufacturersModelName": "Skyra",
    "PhaseEncodingDirection": "j-",
    "PhaseEncodingLines": 64,
    "ProcedureStepDescription": "NormanLab_Jarrod",
    "ProtocolName": "epi_301_3x3x3_2s",
    "RepetitionTime": 2,
    "ScanningSequence": "EP",
    "SequenceName": "_epfid2d1_64",
    "SequenceVariant": "SK",
    "SeriesDescription": "epi_301_3x3x3_2s",
    "SliceTiming": [
      1,
      0,
      1.055,
      0.055,
      1.11,
      0.1125,
      1.1675,
      0.1675,
      1.2225,
      0.2225,
      1.2775,
      0.2775,
      1.3325,
      0.3325,
      1.39,
      0.39,
      1.445,
      0.445,
      1.5,
      0.5,
      1.555,
      0.555,
      1.61,
      0.6125,
      1.6675,
      0.6675,
      1.7225,
      0.7225,
      1.7775,
      0.7775,
      1.8325,
      0.8325,
      1.89,
      0.89,
      1.945,
      0.945
    ],
    "SoftwareVersions": "syngo_MR_D11",
    "TaskName": "Episodic Memory",
    "TotalReadoutTime": 0.0201302,
    "TrueEchoSpacing": 0.000660007,
    "dataset": "ds001229",
    "modality": "bold",
    "run_id": 1,
    "subject_id": "13",
    "task_id": "em"
  },
  "dummy_trs": 0,
  "dvars_nstd": 23.03243171709998,
  "dvars_std": 1.1112983184,
  "dvars_vstd": 1.0104302972666666,
  "efc": 0.5429037415223874,
  "fber": 1832.6553955078125,
  "fd_mean": 0.0742518242947835,
  "fd_num": 8,
  "fd_perc": 2.6578073089700998,
  "fwhm_avg": 1.6612479536261942,
  "fwhm_x": 1.5153233333333331,
  "fwhm_y": 1.8089066666666669,
  "fwhm_z": 1.6595138608785822,
  "gcor": 0.0213974,
  "gsr_x": -0.003647493664175272,
  "gsr_y": 0.02847619354724884,
  "provenance": {
    "md5sum": "035d18d06847d7135ddd047a2a05069e",
    "settings": {
      "fd_thres": 0.2,
      "testing": false
    },
    "software": "mriqc",
    "version": "22.0.6",
    "webapi_port": null,
    "webapi_url": "https://mriqc.nimh.nih.gov/api/v1"
  },
  "size_t": 301,
  "size_x": 64,
  "size_y": 64,
  "size_z": 36,
  "snr": 7.193134270964282,
  "spacing_tr": 2.0,
  "spacing_x": 3.0,
  "spacing_y": 3.0,
  "spacing_z": 2.9999990463256836,
  "summary_bg_k": 54.70125163205945,
  "summary_bg_mad": 8.201104458917369,
  "summary_bg_mean": 31.05942153930664,
  "summary_bg_median": 17.265779495239258,
  "summary_bg_n": 83282.0,
  "summary_bg_p05": 9.239202499389648,
  "summary_bg_p95": 86.31162948608394,
  "summary_bg_stdv": 49.502201080322266,
  "summary_fg_k": 3.876952624042879,
  "summary_fg_mad": 91.47802283369626,
  "summary_fg_mean": 761.7258911132812,
  "summary_fg_median": 752.3322143554688,
  "summary_fg_n": 31821.0,
  "summary_fg_p05": 624.4351806640625,
  "summary_fg_p95": 928.7740478515625,
  "summary_fg_stdv": 104.58867645263672,
  "tsnr": 66.67296377394814
}