{
  "aor": 0.0036304983388704315,
  "aqi": 0.016053981760797344,
  "bids_meta": {
    "AccelFactPE": 2,
    "AcquisitionNumber": 1,
    "AcquisitionTime": "12:09:33.865000",
    "BandwidthPerPixelPhaseEncode": 47.348,
    "BodyPartExamined": "BRAIN",
    "ConversionSoftware": "dcm2niix",
    "ConversionSoftwareVersion": "v1.0.20170724 (OpenJPEG build) GCC6.1.0",
    "DeviceSerialNumber": "45031",
    "EchoTime": 0.03,
    "EchoTrainLength": 31,
    "EffectiveEchoSpacing": 0.000330003,
    "FlipAngle": 71,
    "ImageType": [
      "ORIGINAL",
      "PRIMARY",
      "M",
      "ND",
      "NORM",
      "MOSAIC"
    ],
    "InstitutionAddress": "Washington_and_Faculty_Rd._-_Building_25_25_Princeton_NJ_US_085",
    "InstitutionName": "Princeton_University_-_Neuroscience_Institute",
    "MagneticFieldStrength": 3,
    "Manufacturer": "Siemens",
    "ManufacturersModelName": "Skyra",
    "PhaseEncodingDirection": "j-",
    "PhaseEncodingLines": 64,
    "ProcedureStepDescription": "NormanLab_Jarrod",
    "ProtocolName": "epi_301_3x3x3_2s",
    "RepetitionTime": 2,
    "ScanningSequence": "EP",
    "SequenceName": "_epfid2d1_64",
    "SequenceVariant": "SK",
    "SeriesDescription": "epi_301_3x3x3_2s",
    "SliceTiming": [
      1,
      0,
      1.055,
      0.055,
      1.11,
      0.11,
      1.165,
      0.1675,
      1.2225,
      0.2225,
      1.2775,
      0.2775,
      1.3325,
      0.3325,
      1.3875,
      0.3875,
      1.445,
      0.445,
      1.5,
      0.5,
      1.555,
      0.555,
      1.61,
      0.61,
      1.665,
      0.6675,
      1.7225,
      0.7225,
      1.7775,
      0.7775,
      1.8325,
      0.8325,
      1.8875,
      0.8875,
      1.9425,
      0.945
    ],
    "SoftwareVersions": "syngo_MR_D11",
    "TaskName": "Working Memory",
    "TotalReadoutTime": 0.0201302,
    "TrueEchoSpacing": 0.000660007,
    "dataset": "ds001229",
    "modality": "bold",
    "run_id": 3,
    "subject_id": "13",
    "task_id": "wm"
  },
  "dummy_trs": 0,
  "dvars_nstd": 25.200436999200004,
  "dvars_std": 1.0734114541666662,
  "dvars_vstd": 1.0059020323,
  "efc": 0.5407245238415315,
  "fber": 1925.18115234375,
  "fd_mean": 0.22097671305209085,
  "fd_num": 80,
  "fd_perc": 26.578073089700997,
  "fwhm_avg": 1.6600546167957004,
  "fwhm_x": 1.5272566666666665,
  "fwhm_y": 1.8263966666666667,
  "fwhm_z": 1.6265105170537684,
  "gcor": 0.0221816,
  "gsr_x": -0.0006759536918252707,
  "gsr_y": 0.029517637565732002,
  "provenance": {
    "md5sum": "4414b4ca5e8b1aa6985387cb28cd8267",
    "settings": {
      "fd_thres": 0.2,
      "testing": false
    },
    "software": "mriqc",
    "version": "22.0.6",
    "webapi_port": null,
    "webapi_url": "https://mriqc.nimh.nih.gov/api/v1"
  },
  "size_t": 301,
  "size_x": 64,
  "size_y": 64,
  "size_z": 36,
  "snr": 7.187927070147801,
  "spacing_tr": 2.0,
  "spacing_x": 3.0,
  "spacing_y": 3.0,
  "spacing_z": 2.9999990463256836,
  "summary_bg_k": 52.40756327453425,
  "summary_bg_mad": 8.137072279400135,
  "summary_bg_mean": 31.015933990478516,
  "summary_bg_median": 17.016611099243164,
  "summary_bg_n": 83627.0,
  "summary_bg_p05": 9.063122749328613,
  "summary_bg_p95": 87.46112594604489,
  "summary_bg_stdv": 49.215980529785156,
  "summary_fg_k": 3.7343139710696507,
  "summary_fg_mad": 91.40418229351678,
  "summary_fg_mean": 763.5879516601562,
  "summary_fg_median": 752.795654296875,
  "summary_fg_n": 31564.0,
  "summary_fg_p05": 626.4644226074219,
  "summary_fg_p95": 932.3325103759762,
  "summary_fg_stdv": 104.7289047241211,
  "tsnr": 50.0002160051954
}