{
  "aor": 0.003132724252491694,
  "aqi": 0.027415382524916945,
  "bids_meta": {
    "AccelFactPE": 2,
    "AcquisitionNumber": 1,
    "AcquisitionTime": "09:28:9.230000",
    "BandwidthPerPixelPhaseEncode": 47.348,
    "BodyPartExamined": "BRAIN",
    "ConversionSoftware": "dcm2niix",
    "ConversionSoftwareVersion": "v1.0.20170724 (OpenJPEG build) GCC6.1.0",
    "DeviceSerialNumber": "45031",
    "EchoTime": 0.03,
    "EchoTrainLength": 31,
    "EffectiveEchoSpacing": 0.000330003,
    "FlipAngle": 71,
    "ImageType": [
      "ORIGINAL",
      "PRIMARY",
      "M",
      "ND",
      "NORM",
      "MOSAIC"
    ],
    "InstitutionAddress": "Washington_and_Faculty_Rd._-_Building_25_25_Princeton_NJ_US_085",
    "InstitutionName": "Princeton_University_-_Neuroscience_Institute",
    "MagneticFieldStrength": 3,
    "Manufacturer": "Siemens",
    "ManufacturersModelName": "Skyra",
    "PhaseEncodingDirection": "j-",
    "PhaseEncodingLines": 64,
    "ProcedureStepDescription": "NormanLab_Jarrod",
    "ProtocolName": "epi_301_3x3x3_2s",
    "RepetitionTime": 2,
    "ScanningSequence": "EP",
    "SequenceName": "_epfid2d1_64",
    "SequenceVariant": "SK",
    "SeriesDescription": "epi_301_3x3x3_2s",
    "SliceTiming": [
      1,
      0,
      1.055,
      0.0575,
      1.1125,
      0.1125,
      1.1675,
      0.1675,
      1.2225,
      0.2225,
      1.2775,
      0.2775,
      1.335,
      0.335,
      1.39,
      0.39,
      1.445,
      0.445,
      1.5,
      0.5,
      1.555,
      0.5575,
      1.6125,
      0.6125,
      1.6675,
      0.6675,
      1.7225,
      0.7225,
      1.7775,
      0.7775,
      1.835,
      0.835,
      1.89,
      0.89,
      1.945,
      0.945
    ],
    "SoftwareVersions": "syngo_MR_D11",
    "TaskName": "Working Memory",
    "TotalReadoutTime": 0.0201302,
    "TrueEchoSpacing": 0.000660007,
    "dataset": "ds001229",
    "modality": "bold",
    "run_id": 1,
    "subject_id": "23",
    "task_id": "wm"
  },
  "dummy_trs": 0,
  "dvars_nstd": 28.387733363733325,
  "dvars_std": 1.0027376343999996,
  "dvars_vstd": 0.9339617719666665,
  "efc": 0.5855493749402579,
  "fber": 1433.1644287109375,
  "fd_mean": 0.20877258731590287,
  "fd_num": 70,
  "fd_perc": 23.25581395348837,
  "fwhm_avg": 1.7121335090669554,
  "fwhm_x": 1.6089133333333334,
  "fwhm_y": 1.8690566666666666,
  "fwhm_z": 1.6584305272008666,
  "gcor": 0.0339913,
  "gsr_x": 0.0035459811333566904,
  "gsr_y": 0.04204179346561432,
  "provenance": {
    "md5sum": "ecc6075435f3670268192b2e75683844",
    "settings": {
      "fd_thres": 0.2,
      "testing": false
    },
    "software": "mriqc",
    "version": "22.0.6",
    "webapi_port": null,
    "webapi_url": "https://mriqc.nimh.nih.gov/api/v1"
  },
  "size_t": 301,
  "size_x": 64,
  "size_y": 64,
  "size_z": 36,
  "snr": 5.743561610169525,
  "spacing_tr": 2.0,
  "spacing_x": 3.0,
  "spacing_y": 3.0,
  "spacing_z": 2.9999990463256836,
  "summary_bg_k": 25.89257472894582,
  "summary_bg_mad": 9.53594076188458,
  "summary_bg_mean": 34.757686614990234,
  "summary_bg_median": 17.3853816986084,
  "summary_bg_n": 75623.0,
  "summary_bg_p05": 8.617939949035645,
  "summary_bg_p95": 118.0063102722162,
  "summary_bg_stdv": 51.749481201171875,
  "summary_fg_k": 2.1421140446768225,
  "summary_fg_mad": 104.0234944138464,
  "summary_fg_mean": 686.8373413085938,
  "summary_fg_median": 669.8338623046875,
  "summary_fg_n": 37767.0,
  "summary_fg_p05": 534.8402038574219,
  "summary_fg_p95": 895.2953247070308,
  "summary_fg_stdv": 116.62188720703125,
  "tsnr": 37.80831873882562
}