{
  "aor": 0.005087109634551495,
  "aqi": 0.02896020930232558,
  "bids_meta": {
    "AccelFactPE": 2,
    "AcquisitionNumber": 1,
    "AcquisitionTime": "10:10:34.375000",
    "BandwidthPerPixelPhaseEncode": 47.348,
    "BodyPartExamined": "BRAIN",
    "ConversionSoftware": "dcm2niix",
    "ConversionSoftwareVersion": "v1.0.20170724 (OpenJPEG build) GCC6.1.0",
    "DeviceSerialNumber": "45031",
    "EchoTime": 0.03,
    "EchoTrainLength": 31,
    "EffectiveEchoSpacing": 0.000330003,
    "FlipAngle": 71,
    "ImageType": [
      "ORIGINAL",
      "PRIMARY",
      "M",
      "ND",
      "NORM",
      "MOSAIC"
    ],
    "InstitutionAddress": "Washington_and_Faculty_Rd._-_Building_25_25_Princeton_NJ_US_085",
    "InstitutionName": "Princeton_University_-_Neuroscience_Institute",
    "MagneticFieldStrength": 3,
    "Manufacturer": "Siemens",
    "ManufacturersModelName": "Skyra",
    "PhaseEncodingDirection": "j-",
    "PhaseEncodingLines": 64,
    "ProcedureStepDescription": "NormanLab_Jarrod",
    "ProtocolName": "epi_301_3x3x3_2s",
    "RepetitionTime": 2,
    "ScanningSequence": "EP",
    "SequenceName": "_epfid2d1_64",
    "SequenceVariant": "SK",
    "SeriesDescription": "epi_301_3x3x3_2s",
    "SliceTiming": [
      1,
      0,
      1.055,
      0.055,
      1.11,
      0.11,
      1.165,
      0.165,
      1.22,
      0.2225,
      1.2775,
      0.2775,
      1.3325,
      0.3325,
      1.3875,
      0.3875,
      1.4425,
      0.4425,
      1.5,
      0.5,
      1.555,
      0.555,
      1.61,
      0.61,
      1.665,
      0.665,
      1.72,
      0.72,
      1.7775,
      0.7775,
      1.8325,
      0.8325,
      1.8875,
      0.8875,
      1.9425,
      0.9425
    ],
    "SoftwareVersions": "syngo_MR_D11",
    "TaskName": "Working Memory",
    "TotalReadoutTime": 0.0201302,
    "TrueEchoSpacing": 0.000660007,
    "dataset": "ds001229",
    "modality": "bold",
    "run_id": 3,
    "subject_id": "23",
    "task_id": "wm"
  },
  "dummy_trs": 0,
  "dvars_nstd": 31.550801652366662,
  "dvars_std": 0.9952000511333335,
  "dvars_vstd": 0.9431095491999997,
  "efc": 0.5869912175408587,
  "fber": 1401.107177734375,
  "fd_mean": 0.3131810259336629,
  "fd_num": 106,
  "fd_perc": 35.21594684385382,
  "fwhm_avg": 1.7190823976803384,
  "fwhm_x": 1.6163166666666668,
  "fwhm_y": 1.8851000000000002,
  "fwhm_z": 1.6558305263743482,
  "gcor": 0.0257093,
  "gsr_x": 0.004235345870256424,
  "gsr_y": 0.04378240555524826,
  "provenance": {
    "md5sum": "9d6b66d33023942c4036abcd3ec73f01",
    "settings": {
      "fd_thres": 0.2,
      "testing": false
    },
    "software": "mriqc",
    "version": "22.0.6",
    "webapi_port": null,
    "webapi_url": "https://mriqc.nimh.nih.gov/api/v1"
  },
  "size_t": 301,
  "size_x": 64,
  "size_y": 64,
  "size_z": 36,
  "snr": 5.774629395309775,
  "spacing_tr": 2.0,
  "spacing_x": 3.0,
  "spacing_y": 3.0,
  "spacing_z": 2.9999990463256836,
  "summary_bg_k": 24.127075062824353,
  "summary_bg_mad": 10.19104084531435,
  "summary_bg_mean": 35.470985412597656,
  "summary_bg_median": 17.50498390197754,
  "summary_bg_n": 75594.0,
  "summary_bg_p05": 8.378737449645996,
  "summary_bg_p95": 122.1656150817868,
  "summary_bg_stdv": 52.50263595581055,
  "summary_fg_k": 2.199856973229986,
  "summary_fg_mad": 101.7478303152759,
  "summary_fg_mean": 680.3554077148438,
  "summary_fg_median": 664.1959838867188,
  "summary_fg_n": 37773.0,
  "summary_fg_p05": 529.7514892578125,
  "summary_fg_p95": 888.4391845703125,
  "summary_fg_stdv": 115.01815032958984,
  "tsnr": 33.90456336789066
}