{
  "aor": 0.008416378737541528,
  "aqi": 0.05373289435215947,
  "bids_meta": {
    "AccelFactPE": 2,
    "AcquisitionNumber": 1,
    "AcquisitionTime": "11:26:46.682500",
    "BandwidthPerPixelPhaseEncode": 47.348,
    "BodyPartExamined": "BRAIN",
    "ConversionSoftware": "dcm2niix",
    "ConversionSoftwareVersion": "v1.0.20170724 (OpenJPEG build) GCC6.1.0",
    "DeviceSerialNumber": "45031",
    "EchoTime": 0.03,
    "EchoTrainLength": 31,
    "EffectiveEchoSpacing": 0.000330003,
    "FlipAngle": 71,
    "ImageType": [
      "ORIGINAL",
      "PRIMARY",
      "M",
      "ND",
      "NORM",
      "MOSAIC"
    ],
    "InstitutionAddress": "Washington_and_Faculty_Rd._-_Building_25_25_Princeton_NJ_US_085",
    "InstitutionName": "Princeton_University_-_Neuroscience_Institute",
    "MagneticFieldStrength": 3,
    "Manufacturer": "Siemens",
    "ManufacturersModelName": "Skyra",
    "PhaseEncodingDirection": "j-",
    "PhaseEncodingLines": 64,
    "ProcedureStepDescription": "NormanLab_Jarrod",
    "ProtocolName": "epi_301_3x3x3_2s",
    "RepetitionTime": 2,
    "ScanningSequence": "EP",
    "SequenceName": "_epfid2d1_64",
    "SequenceVariant": "SK",
    "SeriesDescription": "epi_301_3x3x3_2s",
    "SliceTiming": [
      0.9975,
      0,
      1.055,
      0.055,
      1.11,
      0.11,
      1.165,
      0.165,
      1.22,
      0.22,
      1.2775,
      0.2775,
      1.3325,
      0.3325,
      1.3875,
      0.3875,
      1.4425,
      0.4425,
      1.4975,
      0.5,
      1.555,
      0.555,
      1.61,
      0.61,
      1.665,
      0.665,
      1.72,
      0.72,
      1.775,
      0.7775,
      1.8325,
      0.8325,
      1.8875,
      0.8875,
      1.9425,
      0.9425
    ],
    "SoftwareVersions": "syngo_MR_D11",
    "TaskName": "Working Memory",
    "TotalReadoutTime": 0.0201302,
    "TrueEchoSpacing": 0.000660007,
    "dataset": "ds001229",
    "modality": "bold",
    "run_id": 1,
    "subject_id": "17",
    "task_id": "wm"
  },
  "dummy_trs": 0,
  "dvars_nstd": 41.228266213866696,
  "dvars_std": 0.9770280514333336,
  "dvars_vstd": 0.9346902586666662,
  "efc": 0.5653169951028848,
  "fber": 1682.488037109375,
  "fd_mean": 0.6021203923326537,
  "fd_num": 167,
  "fd_perc": 55.48172757475083,
  "fwhm_avg": 1.7126970739987426,
  "fwhm_x": 1.5762866666666666,
  "fwhm_y": 1.85333,
  "fwhm_z": 1.708474555329561,
  "gcor": 0.0497472,
  "gsr_x": -0.007034672889858484,
  "gsr_y": 0.041903357952833176,
  "provenance": {
    "md5sum": "3385c51f2b9d00899a4b7baf912596cf",
    "settings": {
      "fd_thres": 0.2,
      "testing": false
    },
    "software": "mriqc",
    "version": "22.0.6",
    "webapi_port": null,
    "webapi_url": "https://mriqc.nimh.nih.gov/api/v1"
  },
  "size_t": 301,
  "size_x": 64,
  "size_y": 64,
  "size_z": 36,
  "snr": 6.191953192704261,
  "spacing_tr": 2.0,
  "spacing_x": 3.0,
  "spacing_y": 3.0,
  "spacing_z": 2.999997854232788,
  "summary_bg_k": 28.389623103777996,
  "summary_bg_mad": 11.92977602364786,
  "summary_bg_mean": 36.63735580444336,
  "summary_bg_median": 19.08970069885254,
  "summary_bg_n": 78727.0,
  "summary_bg_p05": 7.707641124725342,
  "summary_bg_p95": 114.85514602661131,
  "summary_bg_stdv": 53.88155746459961,
  "summary_fg_k": 2.0870722440556895,
  "summary_fg_mad": 117.58363998545789,
  "summary_fg_mean": 798.7295532226562,
  "summary_fg_median": 783.2291870117188,
  "summary_fg_n": 35219.0,
  "summary_fg_p05": 630.8737487792969,
  "summary_fg_p95": 1014.5783874511718,
  "summary_fg_stdv": 126.48966217041016,
  "tsnr": 25.85711135622114
}