{
  "aor": 0.015612425249169433,
  "aqi": 0.06432311196013289,
  "bids_meta": {
    "AccelFactPE": 2,
    "AcquisitionNumber": 1,
    "AcquisitionTime": "10:51:6.327500",
    "BandwidthPerPixelPhaseEncode": 47.348,
    "BodyPartExamined": "BRAIN",
    "ConversionSoftware": "dcm2niix",
    "ConversionSoftwareVersion": "v1.0.20170724 (OpenJPEG build) GCC6.1.0",
    "DeviceSerialNumber": "45031",
    "EchoTime": 0.03,
    "EchoTrainLength": 31,
    "EffectiveEchoSpacing": 0.000330003,
    "FlipAngle": 71,
    "ImageType": [
      "ORIGINAL",
      "PRIMARY",
      "M",
      "ND",
      "NORM",
      "MOSAIC"
    ],
    "InstitutionAddress": "Washington_and_Faculty_Rd._-_Building_25_25_Princeton_NJ_US_085",
    "InstitutionName": "Princeton_University_-_Neuroscience_Institute",
    "MagneticFieldStrength": 3,
    "Manufacturer": "Siemens",
    "ManufacturersModelName": "Skyra",
    "PhaseEncodingDirection": "j-",
    "PhaseEncodingLines": 64,
    "ProcedureStepDescription": "NormanLab_Jarrod",
    "ProtocolName": "epi_301_3x3x3_2s",
    "RepetitionTime": 2,
    "ScanningSequence": "EP",
    "SequenceName": "_epfid2d1_64",
    "SequenceVariant": "SK",
    "SeriesDescription": "epi_301_3x3x3_2s",
    "SliceTiming": [
      1,
      0,
      1.055,
      0.055,
      1.11,
      0.11,
      1.165,
      0.165,
      1.22,
      0.2225,
      1.2775,
      0.2775,
      1.3325,
      0.3325,
      1.3875,
      0.3875,
      1.4425,
      0.4425,
      1.4975,
      0.5,
      1.555,
      0.555,
      1.61,
      0.61,
      1.665,
      0.665,
      1.72,
      0.72,
      1.7775,
      0.7775,
      1.8325,
      0.8325,
      1.8875,
      0.8875,
      1.9425,
      0.9425
    ],
    "SoftwareVersions": "syngo_MR_D11",
    "TaskName": "Episodic Memory",
    "TotalReadoutTime": 0.0201302,
    "TrueEchoSpacing": 0.000660007,
    "dataset": "ds001229",
    "modality": "bold",
    "run_id": 1,
    "subject_id": "17",
    "task_id": "em"
  },
  "dummy_trs": 0,
  "dvars_nstd": 38.58875775033334,
  "dvars_std": 0.8624056561666661,
  "dvars_vstd": 0.8947241820333329,
  "efc": 0.5383324754485305,
  "fber": 2173.13232421875,
  "fd_mean": 0.7866409408983692,
  "fd_num": 92,
  "fd_perc": 30.564784053156146,
  "fwhm_avg": 1.744401243223116,
  "fwhm_x": 1.6190866666666668,
  "fwhm_y": 1.9517633333333333,
  "fwhm_z": 1.6623537296693474,
  "gcor": 0.035687,
  "gsr_x": 0.004879917483776808,
  "gsr_y": 0.04788689687848091,
  "provenance": {
    "md5sum": "2f0d87d3ca9d576cc443bd480327b1e5",
    "settings": {
      "fd_thres": 0.2,
      "testing": false
    },
    "software": "mriqc",
    "version": "22.0.6",
    "webapi_port": null,
    "webapi_url": "https://mriqc.nimh.nih.gov/api/v1"
  },
  "size_t": 301,
  "size_x": 64,
  "size_y": 64,
  "size_z": 36,
  "snr": 6.279194088796818,
  "spacing_tr": 2.0,
  "spacing_x": 3.0,
  "spacing_y": 3.0,
  "spacing_z": 2.9999992847442627,
  "summary_bg_k": 33.0243340557338,
  "summary_bg_mad": 10.496430524241378,
  "summary_bg_mean": 33.3266716003418,
  "summary_bg_median": 17.26245880126953,
  "summary_bg_n": 83096.0,
  "summary_bg_p05": 7.328903675079346,
  "summary_bg_p95": 99.90033149719238,
  "summary_bg_stdv": 53.7877311706543,
  "summary_fg_k": 2.005822019757497,
  "summary_fg_mad": 117.66983252776299,
  "summary_fg_mean": 815.7197875976562,
  "summary_fg_median": 799.1644287109375,
  "summary_fg_n": 32162.0,
  "summary_fg_p05": 648.0237518310547,
  "summary_fg_p95": 1036.200146484375,
  "summary_fg_stdv": 127.26983642578125,
  "tsnr": 23.191341569647193
}