{
  "bids_meta": {
    "AcquisitionNumber": 1,
    "AcquisitionTime": "08:59:52.142500",
    "BodyPartExamined": "BRAIN",
    "ConversionSoftware": "dcm2niix",
    "ConversionSoftwareVersion": "v1.0.20170724 (OpenJPEG build) GCC6.1.0",
    "DeviceSerialNumber": "45031",
    "EchoTime": 0.00308,
    "FlipAngle": 9,
    "ImageType": [
      "ORIGINAL",
      "PRIMARY",
      "M",
      "ND",
      "NORM"
    ],
    "InstitutionAddress": "Washington_and_Faculty_Rd._-_Building_25_25_Princeton_NJ_US_085",
    "InstitutionName": "Princeton_University_-_Neuroscience_Institute",
    "InversionTime": 0.9,
    "MagneticFieldStrength": 3,
    "Manufacturer": "Siemens",
    "ManufacturersModelName": "Skyra",
    "PhaseEncodingDirection": "i-",
    "PhaseEncodingLines": 256,
    "ProcedureStepDescription": "NormanLab_Jarrod",
    "ProtocolName": "long_mprage_.9x.9x.9",
    "RepetitionTime": 2.3,
    "ScanningSequence": "GR_IR",
    "SequenceName": "_tfl3d1_16ns",
    "SequenceVariant": "SK_SP_MP",
    "SeriesDescription": "long_mprage_.9x.9x.9",
    "SoftwareVersions": "syngo_MR_D11",
    "dataset": "ds001229",
    "modality": "T1w",
    "subject_id": "23"
  },
  "cjv": 0.4126487289815502,
  "cnr": 3.2808391678077786,
  "efc": 0.5758203471968026,
  "fber": 4208.338826610111,
  "fwhm_avg": 4.266271603461374,
  "fwhm_x": 4.249182810384121,
  "fwhm_y": 4.532317090909091,
  "fwhm_z": 4.017314909090909,
  "icvs_csf": 0.23087517759295562,
  "icvs_gm": 0.3925524838588473,
  "icvs_wm": 0.3765723385481971,
  "inu_med": 0.6981254816055298,
  "inu_range": 0.32416010499000547,
  "provenance": {
    "md5sum": "fdf3e9b81f00f45bc8f290f6f64eea27",
    "settings": {
      "testing": false
    },
    "software": "mriqc",
    "version": "22.0.6",
    "warnings": {
      "large_rot_frame": true,
      "small_air_mask": false
    },
    "webapi_port": null,
    "webapi_url": "https://mriqc.nimh.nih.gov/api/v1"
  },
  "qi_1": 0.00036559199347017507,
  "qi_2": 0.0038934592994712977,
  "rpve_csf": 17.483035062319463,
  "rpve_gm": 9.826537457357507,
  "rpve_wm": 11.909887212006241,
  "size_x": 192,
  "size_y": 256,
  "size_z": 256,
  "snr_csf": 1.7768641582439033,
  "snr_gm": 9.32423530640148,
  "snr_total": 9.234746462709962,
  "snr_wm": 16.603139923484505,
  "snrd_csf": 8.00161171023643,
  "snrd_gm": 27.718584424742783,
  "snrd_total": 25.413019029363863,
  "snrd_wm": 40.51886095311237,
  "spacing_x": 0.9000012874603271,
  "spacing_y": 0.859375,
  "spacing_z": 0.859375,
  "summary_bg_k": 157.24158599311812,
  "summary_bg_mad": 0.0,
  "summary_bg_mean": 9.066609092789959,
  "summary_bg_median": 0.0,
  "summary_bg_n": 2814273.0,
  "summary_bg_p05": 0.0,
  "summary_bg_p95": 38.95735090970993,
  "summary_bg_stdv": 16.169252457725598,
  "summary_csf_k": 1.171047580881484,
  "summary_csf_mad": 109.83019115027926,
  "summary_csf_mean": 211.36034352489594,
  "summary_csf_median": 197.48571413755417,
  "summary_csf_n": 101552.0,
  "summary_csf_p05": 56.5361008644104,
  "summary_csf_p95": 413.3669686317444,
  "summary_csf_stdv": 111.14228450218185,
  "summary_gm_k": 0.1737206710224326,
  "summary_gm_mad": 72.0793536360174,
  "summary_gm_mean": 684.0839275965798,
  "summary_gm_median": 684.1152305603027,
  "summary_gm_n": 39531.0,
  "summary_gm_p05": 564.1713356673717,
  "summary_gm_p95": 804.8048906028271,
  "summary_gm_stdv": 73.36865224114725,
  "summary_wm_k": 0.3513848864791118,
  "summary_wm_mad": 58.28476586929968,
  "summary_wm_mean": 1001.5261664771172,
  "summary_wm_median": 1000.0355529785156,
  "summary_wm_n": 340639.0,
  "summary_wm_p05": 905.5009421110153,
  "summary_wm_p95": 1102.7380678653717,
  "summary_wm_stdv": 60.23162424121739,
  "tpm_overlap_csf": 0.13667836439555378,
  "tpm_overlap_gm": 0.43145931186372954,
  "tpm_overlap_wm": 0.483267209195477,
  "wm2max": 0.5300551779722769
}