{
  "aor": 0.017458006644518274,
  "aqi": 0.054996604318936874,
  "bids_meta": {
    "AccelFactPE": 2,
    "AcquisitionNumber": 1,
    "AcquisitionTime": "09:01:28.715000",
    "BandwidthPerPixelPhaseEncode": 47.348,
    "BodyPartExamined": "BRAIN",
    "ConversionSoftware": "dcm2niix",
    "ConversionSoftwareVersion": "v1.0.20170724 (OpenJPEG build) GCC6.1.0",
    "DeviceSerialNumber": "45031",
    "EchoTime": 0.03,
    "EchoTrainLength": 31,
    "EffectiveEchoSpacing": 0.000330003,
    "FlipAngle": 71,
    "ImageType": [
      "ORIGINAL",
      "PRIMARY",
      "M",
      "ND",
      "NORM",
      "MOSAIC"
    ],
    "InstitutionAddress": "Washington_and_Faculty_Rd._-_Building_25_25_Princeton_NJ_US_085",
    "InstitutionName": "Princeton_University_-_Neuroscience_Institute",
    "MagneticFieldStrength": 3,
    "Manufacturer": "Siemens",
    "ManufacturersModelName": "Skyra",
    "PhaseEncodingDirection": "j-",
    "PhaseEncodingLines": 64,
    "ProcedureStepDescription": "NormanLab_Jarrod",
    "ProtocolName": "epi_301_3x3x3_2s",
    "RepetitionTime": 2,
    "ScanningSequence": "EP",
    "SequenceName": "_epfid2d1_64",
    "SequenceVariant": "SK",
    "SeriesDescription": "epi_301_3x3x3_2s",
    "SliceTiming": [
      1,
      0,
      1.055,
      0.055,
      1.11,
      0.11,
      1.165,
      0.1675,
      1.2225,
      0.2225,
      1.2775,
      0.2775,
      1.3325,
      0.3325,
      1.3875,
      0.3875,
      1.445,
      0.445,
      1.5,
      0.5,
      1.555,
      0.555,
      1.61,
      0.61,
      1.665,
      0.6675,
      1.7225,
      0.7225,
      1.7775,
      0.7775,
      1.8325,
      0.8325,
      1.8875,
      0.8875,
      1.9425,
      0.945
    ],
    "SoftwareVersions": "syngo_MR_D11",
    "TaskName": "Episodic Memory",
    "TotalReadoutTime": 0.0201302,
    "TrueEchoSpacing": 0.000660007,
    "dataset": "ds001229",
    "modality": "bold",
    "run_id": 1,
    "subject_id": "20",
    "task_id": "em"
  },
  "dummy_trs": 0,
  "dvars_nstd": 51.065494600933334,
  "dvars_std": 1.0406843307666669,
  "dvars_vstd": 1.007038243599999,
  "efc": 0.5644677022661175,
  "fber": 1597.52783203125,
  "fd_mean": 0.8564540480280105,
  "fd_num": 204,
  "fd_perc": 67.77408637873754,
  "fwhm_avg": 1.7579254649951868,
  "fwhm_x": 1.6809,
  "fwhm_y": 1.8836066666666669,
  "fwhm_z": 1.7092697283188933,
  "gcor": 0.0835873,
  "gsr_x": -0.002969273366034031,
  "gsr_y": 0.0331171490252018,
  "provenance": {
    "md5sum": "60376a915ac047af42f1192aa93a0d41",
    "settings": {
      "fd_thres": 0.2,
      "testing": false
    },
    "software": "mriqc",
    "version": "22.0.6",
    "webapi_port": null,
    "webapi_url": "https://mriqc.nimh.nih.gov/api/v1"
  },
  "size_t": 301,
  "size_x": 64,
  "size_y": 64,
  "size_z": 36,
  "snr": 6.528479074271429,
  "spacing_tr": 2.0,
  "spacing_x": 3.0,
  "spacing_y": 3.0,
  "spacing_z": 3.000000476837158,
  "summary_bg_k": 49.91810832469141,
  "summary_bg_mad": 9.531014665798772,
  "summary_bg_mean": 32.8304443359375,
  "summary_bg_median": 17.242525100708008,
  "summary_bg_n": 79799.0,
  "summary_bg_p05": 7.6013288497924805,
  "summary_bg_p95": 99.93022918701172,
  "summary_bg_stdv": 55.099403381347656,
  "summary_fg_k": 2.7499477581269813,
  "summary_fg_mad": 99.78010660669409,
  "summary_fg_mean": 701.1575317382812,
  "summary_fg_median": 691.2408447265625,
  "summary_fg_n": 34628.0,
  "summary_fg_p05": 558.309603881836,
  "summary_fg_p95": 872.3703979492188,
  "summary_fg_stdv": 105.87931060791016,
  "tsnr": 23.60836209001718
}