{
  "aor": 0.015053355481727575,
  "aqi": 0.061911827242524926,
  "bids_meta": {
    "AccelFactPE": 2,
    "AcquisitionNumber": 1,
    "AcquisitionTime": "09:43:37.627500",
    "BandwidthPerPixelPhaseEncode": 47.348,
    "BodyPartExamined": "BRAIN",
    "ConversionSoftware": "dcm2niix",
    "ConversionSoftwareVersion": "v1.0.20170724 (OpenJPEG build) GCC6.1.0",
    "DeviceSerialNumber": "45031",
    "EchoTime": 0.03,
    "EchoTrainLength": 31,
    "EffectiveEchoSpacing": 0.000330003,
    "FlipAngle": 71,
    "ImageType": [
      "ORIGINAL",
      "PRIMARY",
      "M",
      "ND",
      "NORM",
      "MOSAIC"
    ],
    "InstitutionAddress": "Washington_and_Faculty_Rd._-_Building_25_25_Princeton_NJ_US_085",
    "InstitutionName": "Princeton_University_-_Neuroscience_Institute",
    "MagneticFieldStrength": 3,
    "Manufacturer": "Siemens",
    "ManufacturersModelName": "Skyra",
    "PhaseEncodingDirection": "j-",
    "PhaseEncodingLines": 64,
    "ProcedureStepDescription": "NormanLab_Jarrod",
    "ProtocolName": "epi_301_3x3x3_2s",
    "RepetitionTime": 2,
    "ScanningSequence": "EP",
    "SequenceName": "_epfid2d1_64",
    "SequenceVariant": "SK",
    "SeriesDescription": "epi_301_3x3x3_2s",
    "SliceTiming": [
      1,
      0,
      1.055,
      0.055,
      1.11,
      0.11,
      1.1675,
      0.1675,
      1.2225,
      0.2225,
      1.2775,
      0.2775,
      1.3325,
      0.3325,
      1.3875,
      0.39,
      1.445,
      0.445,
      1.5,
      0.5,
      1.555,
      0.555,
      1.61,
      0.61,
      1.665,
      0.6675,
      1.7225,
      0.7225,
      1.7775,
      0.7775,
      1.8325,
      0.8325,
      1.8875,
      0.8875,
      1.945,
      0.945
    ],
    "SoftwareVersions": "syngo_MR_D11",
    "TaskName": "Episodic Memory",
    "TotalReadoutTime": 0.0201302,
    "TrueEchoSpacing": 0.000660007,
    "dataset": "ds001229",
    "modality": "bold",
    "run_id": 3,
    "subject_id": "20",
    "task_id": "em"
  },
  "dummy_trs": 0,
  "dvars_nstd": 55.449838116900004,
  "dvars_std": 1.0681570666000002,
  "dvars_vstd": 1.017144088,
  "efc": 0.5590231037419225,
  "fber": 1658.800537109375,
  "fd_mean": 1.227964134882987,
  "fd_num": 204,
  "fd_perc": 67.77408637873754,
  "fwhm_avg": 1.78754101882,
  "fwhm_x": 1.7101333333333333,
  "fwhm_y": 1.9105533333333333,
  "fwhm_z": 1.741936389793334,
  "gcor": 0.0610405,
  "gsr_x": 0.0032106502912938595,
  "gsr_y": 0.034919992089271545,
  "provenance": {
    "md5sum": "912150eaf24303fe1bb0555fdd0f3171",
    "settings": {
      "fd_thres": 0.2,
      "testing": false
    },
    "software": "mriqc",
    "version": "22.0.6",
    "webapi_port": null,
    "webapi_url": "https://mriqc.nimh.nih.gov/api/v1"
  },
  "size_t": 301,
  "size_x": 64,
  "size_y": 64,
  "size_z": 36,
  "snr": 6.5568306224305,
  "spacing_tr": 2.0,
  "spacing_x": 3.0,
  "spacing_y": 3.0,
  "spacing_z": 3.000000476837158,
  "summary_bg_k": 49.69343507798125,
  "summary_bg_mad": 8.59022504602624,
  "summary_bg_mean": 31.7938289642334,
  "summary_bg_median": 16.93355369567871,
  "summary_bg_n": 80733.0,
  "summary_bg_p05": 8.368770599365234,
  "summary_bg_p95": 92.59136199951172,
  "summary_bg_stdv": 53.03802490234375,
  "summary_fg_k": 2.6148958895658865,
  "summary_fg_mad": 98.22606185574767,
  "summary_fg_mean": 699.3743896484375,
  "summary_fg_median": 689.18603515625,
  "summary_fg_n": 34218.0,
  "summary_fg_p05": 557.5609588623047,
  "summary_fg_p95": 871.9420013427733,
  "summary_fg_stdv": 105.10809326171875,
  "tsnr": 23.36859469936462
}