{
  "aor": 0.015144152823920266,
  "aqi": 0.05024165083056478,
  "bids_meta": {
    "AccelFactPE": 2,
    "AcquisitionNumber": 1,
    "AcquisitionTime": "09:33:6.087500",
    "BandwidthPerPixelPhaseEncode": 47.348,
    "BodyPartExamined": "BRAIN",
    "ConversionSoftware": "dcm2niix",
    "ConversionSoftwareVersion": "v1.0.20170724 (OpenJPEG build) GCC6.1.0",
    "DeviceSerialNumber": "45031",
    "EchoTime": 0.03,
    "EchoTrainLength": 31,
    "EffectiveEchoSpacing": 0.000330003,
    "FlipAngle": 71,
    "ImageType": [
      "ORIGINAL",
      "PRIMARY",
      "M",
      "ND",
      "NORM",
      "MOSAIC"
    ],
    "InstitutionAddress": "Washington_and_Faculty_Rd._-_Building_25_25_Princeton_NJ_US_085",
    "InstitutionName": "Princeton_University_-_Neuroscience_Institute",
    "MagneticFieldStrength": 3,
    "Manufacturer": "Siemens",
    "ManufacturersModelName": "Skyra",
    "PhaseEncodingDirection": "j-",
    "PhaseEncodingLines": 64,
    "ProcedureStepDescription": "NormanLab_Jarrod",
    "ProtocolName": "epi_301_3x3x3_2s",
    "RepetitionTime": 2,
    "ScanningSequence": "EP",
    "SequenceName": "_epfid2d1_64",
    "SequenceVariant": "SK",
    "SeriesDescription": "epi_301_3x3x3_2s",
    "SliceTiming": [
      0.9975,
      0,
      1.055,
      0.055,
      1.11,
      0.11,
      1.165,
      0.165,
      1.22,
      0.22,
      1.2775,
      0.2775,
      1.3325,
      0.3325,
      1.3875,
      0.3875,
      1.4425,
      0.4425,
      1.4975,
      0.5,
      1.555,
      0.555,
      1.61,
      0.61,
      1.665,
      0.665,
      1.72,
      0.72,
      1.775,
      0.7775,
      1.8325,
      0.8325,
      1.8875,
      0.8875,
      1.9425,
      0.9425
    ],
    "SoftwareVersions": "syngo_MR_D11",
    "TaskName": "Working Memory",
    "TotalReadoutTime": 0.0201302,
    "TrueEchoSpacing": 0.000660007,
    "dataset": "ds001229",
    "modality": "bold",
    "run_id": 3,
    "subject_id": "20",
    "task_id": "wm"
  },
  "dummy_trs": 0,
  "dvars_nstd": 50.53986089096665,
  "dvars_std": 1.0721580476999997,
  "dvars_vstd": 1.0211169361333332,
  "efc": 0.557277667532607,
  "fber": 1741.926513671875,
  "fd_mean": 1.113064547942804,
  "fd_num": 225,
  "fd_perc": 74.75083056478405,
  "fwhm_avg": 1.7824632396012914,
  "fwhm_x": 1.6863733333333333,
  "fwhm_y": 1.8918833333333334,
  "fwhm_z": 1.7691330521372077,
  "gcor": 0.0433743,
  "gsr_x": 0.004012671299278736,
  "gsr_y": 0.034290894865989685,
  "provenance": {
    "md5sum": "db8cd9092b5e0a9b4ad595070a56b59c",
    "settings": {
      "fd_thres": 0.2,
      "testing": false
    },
    "software": "mriqc",
    "version": "22.0.6",
    "webapi_port": null,
    "webapi_url": "https://mriqc.nimh.nih.gov/api/v1"
  },
  "size_t": 301,
  "size_x": 64,
  "size_y": 64,
  "size_z": 36,
  "snr": 6.573215167007948,
  "spacing_tr": 2.0,
  "spacing_x": 3.0,
  "spacing_y": 3.0,
  "spacing_z": 3.000000476837158,
  "summary_bg_k": 53.99288417823872,
  "summary_bg_mad": 8.476937561329542,
  "summary_bg_mean": 30.78949737548828,
  "summary_bg_median": 16.514949798583984,
  "summary_bg_n": 81051.0,
  "summary_bg_p05": 8.159468650817871,
  "summary_bg_p95": 91.03322219848633,
  "summary_bg_stdv": 51.11334228515625,
  "summary_fg_k": 2.5887077897369135,
  "summary_fg_mad": 98.87628391636,
  "summary_fg_mean": 701.683837890625,
  "summary_fg_median": 692.111328125,
  "summary_fg_n": 34178.0,
  "summary_fg_p05": 559.5845245361328,
  "summary_fg_p95": 874.1999755859374,
  "summary_fg_stdv": 105.29112243652344,
  "tsnr": 24.964524567127228
}