{
  "aor": 0.0005519601328903654,
  "aqi": 0.007736563421926911,
  "bids_meta": {
    "AccelFactPE": 2,
    "AcquisitionNumber": 1,
    "AcquisitionTime": "14:55:24.282500",
    "BandwidthPerPixelPhaseEncode": 47.348,
    "BodyPartExamined": "BRAIN",
    "ConversionSoftware": "dcm2niix",
    "ConversionSoftwareVersion": "v1.0.20170724 (OpenJPEG build) GCC6.1.0",
    "DeviceSerialNumber": "45031",
    "EchoTime": 0.03,
    "EchoTrainLength": 31,
    "EffectiveEchoSpacing": 0.000330003,
    "FlipAngle": 71,
    "ImageType": [
      "ORIGINAL",
      "PRIMARY",
      "M",
      "ND",
      "NORM",
      "MOSAIC"
    ],
    "InstitutionAddress": "Washington_and_Faculty_Rd._-_Building_25_25_Princeton_NJ_US_085",
    "InstitutionName": "Princeton_University_-_Neuroscience_Institute",
    "MagneticFieldStrength": 3,
    "Manufacturer": "Siemens",
    "ManufacturersModelName": "Skyra",
    "PhaseEncodingDirection": "j-",
    "PhaseEncodingLines": 64,
    "ProcedureStepDescription": "NormanLab_Jarrod",
    "ProtocolName": "epi_301_3x3x3_2s",
    "RepetitionTime": 2,
    "ScanningSequence": "EP",
    "SequenceName": "_epfid2d1_64",
    "SequenceVariant": "SK",
    "SeriesDescription": "epi_301_3x3x3_2s",
    "SliceTiming": [
      1,
      0,
      1.055,
      0.055,
      1.11,
      0.11,
      1.165,
      0.165,
      1.22,
      0.2225,
      1.2775,
      0.2775,
      1.3325,
      0.3325,
      1.3875,
      0.3875,
      1.4425,
      0.4425,
      1.4975,
      0.5,
      1.555,
      0.555,
      1.61,
      0.61,
      1.665,
      0.665,
      1.72,
      0.72,
      1.7775,
      0.7775,
      1.8325,
      0.8325,
      1.8875,
      0.8875,
      1.9425,
      0.9425
    ],
    "SoftwareVersions": "syngo_MR_D11",
    "TaskName": "Working Memory",
    "TotalReadoutTime": 0.0201302,
    "TrueEchoSpacing": 0.000660007,
    "dataset": "ds001229",
    "modality": "bold",
    "run_id": 1,
    "subject_id": "06",
    "task_id": "wm"
  },
  "dummy_trs": 0,
  "dvars_nstd": 26.30075757973333,
  "dvars_std": 1.2136862723333328,
  "dvars_vstd": 1.0052808396333335,
  "efc": 0.6110172620851254,
  "fber": 1453.5203857421875,
  "fd_mean": 0.07587911988975136,
  "fd_num": 3,
  "fd_perc": 0.9966777408637874,
  "fwhm_avg": 1.672360043872554,
  "fwhm_x": 1.5483033333333334,
  "fwhm_y": 1.8126433333333332,
  "fwhm_z": 1.6561334649509958,
  "gcor": 0.0235723,
  "gsr_x": -0.005996356718242168,
  "gsr_y": 0.05189486965537071,
  "provenance": {
    "md5sum": "77767c659c3e8872e1e18b14c2687a34",
    "settings": {
      "fd_thres": 0.2,
      "testing": false
    },
    "software": "mriqc",
    "version": "22.0.6",
    "webapi_port": null,
    "webapi_url": "https://mriqc.nimh.nih.gov/api/v1"
  },
  "size_t": 301,
  "size_x": 64,
  "size_y": 64,
  "size_z": 36,
  "snr": 6.900819446487416,
  "spacing_tr": 2.0,
  "spacing_x": 3.0,
  "spacing_y": 3.0,
  "spacing_z": 2.999999761581421,
  "summary_bg_k": 17.5601885690538,
  "summary_bg_mad": 11.15645953159627,
  "summary_bg_mean": 44.99312973022461,
  "summary_bg_median": 19.38205909729004,
  "summary_bg_n": 72734.0,
  "summary_bg_p05": 9.471760749816895,
  "summary_bg_p95": 171.83554000854463,
  "summary_bg_stdv": 70.48261260986328,
  "summary_fg_k": 2.725917085845591,
  "summary_fg_mad": 102.6443232461069,
  "summary_fg_mean": 774.7885131835938,
  "summary_fg_median": 764.1760864257812,
  "summary_fg_n": 40569.0,
  "summary_fg_p05": 627.0644287109375,
  "summary_fg_p95": 958.0364990234375,
  "summary_fg_stdv": 110.73564147949219,
  "tsnr": 67.59500232106075
}