{
  "aor": 0.005394318936877076,
  "aqi": 0.03529808438538206,
  "bids_meta": {
    "AccelFactPE": 2,
    "AcquisitionNumber": 1,
    "AcquisitionTime": "15:48:18.717500",
    "BandwidthPerPixelPhaseEncode": 47.348,
    "BodyPartExamined": "BRAIN",
    "ConversionSoftware": "dcm2niix",
    "ConversionSoftwareVersion": "v1.0.20170724 (OpenJPEG build) GCC6.1.0",
    "DeviceSerialNumber": "45031",
    "EchoTime": 0.03,
    "EchoTrainLength": 31,
    "EffectiveEchoSpacing": 0.000330003,
    "FlipAngle": 71,
    "ImageType": [
      "ORIGINAL",
      "PRIMARY",
      "M",
      "ND",
      "NORM",
      "MOSAIC"
    ],
    "InstitutionAddress": "Washington_and_Faculty_Rd._-_Building_25_25_Princeton_NJ_US_085",
    "InstitutionName": "Princeton_University_-_Neuroscience_Institute",
    "MagneticFieldStrength": 3,
    "Manufacturer": "Siemens",
    "ManufacturersModelName": "Skyra",
    "PhaseEncodingDirection": "j-",
    "PhaseEncodingLines": 64,
    "ProcedureStepDescription": "NormanLab_Jarrod",
    "ProtocolName": "epi_301_3x3x3_2s",
    "RepetitionTime": 2,
    "ScanningSequence": "EP",
    "SequenceName": "_epfid2d1_64",
    "SequenceVariant": "SK",
    "SeriesDescription": "epi_301_3x3x3_2s",
    "SliceTiming": [
      0.9975,
      0,
      1.055,
      0.055,
      1.11,
      0.11,
      1.165,
      0.165,
      1.22,
      0.22,
      1.2775,
      0.2775,
      1.3325,
      0.3325,
      1.3875,
      0.3875,
      1.4425,
      0.4425,
      1.4975,
      0.4975,
      1.555,
      0.555,
      1.61,
      0.61,
      1.665,
      0.665,
      1.72,
      0.72,
      1.775,
      0.7775,
      1.8325,
      0.8325,
      1.8875,
      0.8875,
      1.9425,
      0.9425
    ],
    "SoftwareVersions": "syngo_MR_D11",
    "TaskName": "Episodic Memory",
    "TotalReadoutTime": 0.0201302,
    "TrueEchoSpacing": 0.000660007,
    "dataset": "ds001229",
    "modality": "bold",
    "run_id": 3,
    "subject_id": "06",
    "task_id": "em"
  },
  "dummy_trs": 0,
  "dvars_nstd": 28.999132283566663,
  "dvars_std": 1.066634528466666,
  "dvars_vstd": 0.9747171546000001,
  "efc": 0.6158157292179063,
  "fber": 1253.1929931640625,
  "fd_mean": 0.28963033257905807,
  "fd_num": 92,
  "fd_perc": 30.564784053156146,
  "fwhm_avg": 1.6810611552712686,
  "fwhm_x": 1.5509033333333333,
  "fwhm_y": 1.8252899999999999,
  "fwhm_z": 1.6669901324804728,
  "gcor": 0.026442,
  "gsr_x": -0.008241720497608185,
  "gsr_y": 0.054070767015218735,
  "provenance": {
    "md5sum": "9de0adb86fb3036f3aede805b99dc2bc",
    "settings": {
      "fd_thres": 0.2,
      "testing": false
    },
    "software": "mriqc",
    "version": "22.0.6",
    "webapi_port": null,
    "webapi_url": "https://mriqc.nimh.nih.gov/api/v1"
  },
  "size_t": 301,
  "size_x": 64,
  "size_y": 64,
  "size_z": 36,
  "snr": 7.034924868776297,
  "spacing_tr": 2.0,
  "spacing_x": 3.0,
  "spacing_y": 3.0,
  "spacing_z": 2.999999761581421,
  "summary_bg_k": 15.78923001936927,
  "summary_bg_mad": 13.185801858840408,
  "summary_bg_mean": 48.39600372314453,
  "summary_bg_median": 20.8770751953125,
  "summary_bg_n": 72976.0,
  "summary_bg_p05": 9.744185447692871,
  "summary_bg_p95": 182.6071319580078,
  "summary_bg_stdv": 72.29237365722656,
  "summary_fg_k": 2.879547152725026,
  "summary_fg_mad": 101.77742082586252,
  "summary_fg_mean": 775.4286499023438,
  "summary_fg_median": 765.1993408203125,
  "summary_fg_n": 40447.0,
  "summary_fg_p05": 631.2644470214843,
  "summary_fg_p95": 955.1165832519531,
  "summary_fg_stdv": 108.77015686035156,
  "tsnr": 37.69178124086466
}