{
  "aor": 0.0024477740863787377,
  "aqi": 0.03161320398671096,
  "bids_meta": {
    "AccelFactPE": 2,
    "AcquisitionNumber": 1,
    "AcquisitionTime": "15:37:47.962500",
    "BandwidthPerPixelPhaseEncode": 47.348,
    "BodyPartExamined": "BRAIN",
    "ConversionSoftware": "dcm2niix",
    "ConversionSoftwareVersion": "v1.0.20170724 (OpenJPEG build) GCC6.1.0",
    "DeviceSerialNumber": "45031",
    "EchoTime": 0.03,
    "EchoTrainLength": 31,
    "EffectiveEchoSpacing": 0.000330003,
    "FlipAngle": 71,
    "ImageType": [
      "ORIGINAL",
      "PRIMARY",
      "M",
      "ND",
      "NORM",
      "MOSAIC"
    ],
    "InstitutionAddress": "Washington_and_Faculty_Rd._-_Building_25_25_Princeton_NJ_US_085",
    "InstitutionName": "Princeton_University_-_Neuroscience_Institute",
    "MagneticFieldStrength": 3,
    "Manufacturer": "Siemens",
    "ManufacturersModelName": "Skyra",
    "PhaseEncodingDirection": "j-",
    "PhaseEncodingLines": 64,
    "ProcedureStepDescription": "NormanLab_Jarrod",
    "ProtocolName": "epi_301_3x3x3_2s",
    "RepetitionTime": 2,
    "ScanningSequence": "EP",
    "SequenceName": "_epfid2d1_64",
    "SequenceVariant": "SK",
    "SeriesDescription": "epi_301_3x3x3_2s",
    "SliceTiming": [
      0.9975,
      0,
      1.055,
      0.055,
      1.11,
      0.11,
      1.165,
      0.165,
      1.22,
      0.22,
      1.2775,
      0.2775,
      1.3325,
      0.3325,
      1.3875,
      0.3875,
      1.4425,
      0.4425,
      1.4975,
      0.4975,
      1.555,
      0.555,
      1.61,
      0.61,
      1.665,
      0.665,
      1.72,
      0.72,
      1.775,
      0.7775,
      1.8325,
      0.8325,
      1.8875,
      0.8875,
      1.9425,
      0.9425
    ],
    "SoftwareVersions": "syngo_MR_D11",
    "TaskName": "Working Memory",
    "TotalReadoutTime": 0.0201302,
    "TrueEchoSpacing": 0.000660007,
    "dataset": "ds001229",
    "modality": "bold",
    "run_id": 3,
    "subject_id": "06",
    "task_id": "wm"
  },
  "dummy_trs": 0,
  "dvars_nstd": 26.9920132766,
  "dvars_std": 1.0117912024000004,
  "dvars_vstd": 0.9290297024000004,
  "efc": 0.614218644135003,
  "fber": 1305.7010498046875,
  "fd_mean": 0.2020097975008567,
  "fd_num": 66,
  "fd_perc": 21.92691029900332,
  "fwhm_avg": 1.6883667099638373,
  "fwhm_x": 1.5747499999999999,
  "fwhm_y": 1.8559366666666666,
  "fwhm_z": 1.6344134632248453,
  "gcor": 0.0205233,
  "gsr_x": -0.007323597092181444,
  "gsr_y": 0.0540708489716053,
  "provenance": {
    "md5sum": "140234dbc82fbee2815f92aa48a9840e",
    "settings": {
      "fd_thres": 0.2,
      "testing": false
    },
    "software": "mriqc",
    "version": "22.0.6",
    "webapi_port": null,
    "webapi_url": "https://mriqc.nimh.nih.gov/api/v1"
  },
  "size_t": 301,
  "size_x": 64,
  "size_y": 64,
  "size_z": 36,
  "snr": 7.0285415888744565,
  "spacing_tr": 2.0,
  "spacing_x": 3.0,
  "spacing_y": 3.0,
  "spacing_z": 2.999999761581421,
  "summary_bg_k": 16.46329635828965,
  "summary_bg_mad": 13.038033115462703,
  "summary_bg_mean": 47.29835891723633,
  "summary_bg_median": 20.49501609802246,
  "summary_bg_n": 72805.0,
  "summary_bg_p05": 9.318936347961426,
  "summary_bg_p95": 178.18537597656257,
  "summary_bg_stdv": 71.7706527709961,
  "summary_fg_k": 2.700026982944707,
  "summary_fg_mad": 102.44483614950681,
  "summary_fg_mean": 775.7354736328125,
  "summary_fg_median": 766.0299072265625,
  "summary_fg_n": 40556.0,
  "summary_fg_p05": 630.3704071044922,
  "summary_fg_p95": 956.1403503417969,
  "summary_fg_stdv": 108.98711395263672,
  "tsnr": 41.47616417345125
}