{
  "aor": 0.005236445182724252,
  "aqi": 0.02453305976744186,
  "bids_meta": {
    "AccelFactPE": 2,
    "AcquisitionNumber": 1,
    "AcquisitionTime": "15:16:31.717500",
    "BandwidthPerPixelPhaseEncode": 47.348,
    "BodyPartExamined": "BRAIN",
    "ConversionSoftware": "dcm2niix",
    "ConversionSoftwareVersion": "v1.0.20170724 (OpenJPEG build) GCC6.1.0",
    "DeviceSerialNumber": "45031",
    "EchoTime": 0.03,
    "EchoTrainLength": 31,
    "EffectiveEchoSpacing": 0.000330003,
    "FlipAngle": 71,
    "ImageType": [
      "ORIGINAL",
      "PRIMARY",
      "M",
      "ND",
      "NORM",
      "MOSAIC"
    ],
    "InstitutionAddress": "Washington_and_Faculty_Rd._-_Building_25_25_Princeton_NJ_US_085",
    "InstitutionName": "Princeton_University_-_Neuroscience_Institute",
    "MagneticFieldStrength": 3,
    "Manufacturer": "Siemens",
    "ManufacturersModelName": "Skyra",
    "PhaseEncodingDirection": "j-",
    "PhaseEncodingLines": 64,
    "ProcedureStepDescription": "NormanLab_Jarrod",
    "ProtocolName": "epi_301_3x3x3_2s",
    "RepetitionTime": 2,
    "ScanningSequence": "EP",
    "SequenceName": "_epfid2d1_64",
    "SequenceVariant": "SK",
    "SeriesDescription": "epi_301_3x3x3_2s",
    "SliceTiming": [
      1,
      0,
      1.055,
      0.055,
      1.11,
      0.11,
      1.1675,
      0.1675,
      1.2225,
      0.2225,
      1.2775,
      0.2775,
      1.3325,
      0.3325,
      1.3875,
      0.39,
      1.445,
      0.445,
      1.5,
      0.5,
      1.555,
      0.555,
      1.61,
      0.61,
      1.6675,
      0.6675,
      1.7225,
      0.7225,
      1.7775,
      0.7775,
      1.8325,
      0.8325,
      1.8875,
      0.8875,
      1.945,
      0.945
    ],
    "SoftwareVersions": "syngo_MR_D11",
    "TaskName": "Working Memory",
    "TotalReadoutTime": 0.0201302,
    "TrueEchoSpacing": 0.000660007,
    "dataset": "ds001229",
    "modality": "bold",
    "run_id": 2,
    "subject_id": "06",
    "task_id": "wm"
  },
  "dummy_trs": 0,
  "dvars_nstd": 25.819620882733332,
  "dvars_std": 1.1159220140000006,
  "dvars_vstd": 0.9986336315666671,
  "efc": 0.6129483909539328,
  "fber": 1376.5870361328125,
  "fd_mean": 0.18303795097853248,
  "fd_num": 57,
  "fd_perc": 18.93687707641196,
  "fwhm_avg": 1.6891333774443946,
  "fwhm_x": 1.5692366666666666,
  "fwhm_y": 1.8330266666666668,
  "fwhm_z": 1.6651367989998498,
  "gcor": 0.0170149,
  "gsr_x": -0.006531286519020796,
  "gsr_y": 0.053563110530376434,
  "provenance": {
    "md5sum": "c13c5f410caafcc72f4e75df298055fb",
    "settings": {
      "fd_thres": 0.2,
      "testing": false
    },
    "software": "mriqc",
    "version": "22.0.6",
    "webapi_port": null,
    "webapi_url": "https://mriqc.nimh.nih.gov/api/v1"
  },
  "size_t": 301,
  "size_x": 64,
  "size_y": 64,
  "size_z": 36,
  "snr": 7.008348541267949,
  "spacing_tr": 2.0,
  "spacing_x": 3.0,
  "spacing_y": 3.0,
  "spacing_z": 2.999999761581421,
  "summary_bg_k": 16.979300030976308,
  "summary_bg_mad": 12.20068444389388,
  "summary_bg_mean": 46.23558807373047,
  "summary_bg_median": 19.920265197753906,
  "summary_bg_n": 72696.0,
  "summary_bg_p05": 9.458471298217773,
  "summary_bg_p95": 174.6104621887207,
  "summary_bg_stdv": 70.85707092285156,
  "summary_fg_k": 2.7322745666100605,
  "summary_fg_mad": 102.68373201479336,
  "summary_fg_mean": 779.446533203125,
  "summary_fg_median": 769.1943359375,
  "summary_fg_n": 40586.0,
  "summary_fg_p05": 633.1768798828125,
  "summary_fg_p95": 961.7483367919922,
  "summary_fg_stdv": 109.75265502929688,
  "tsnr": 44.495220528915524
}