{
  "aor": 0.0015806312292358806,
  "aqi": 0.021097261196013288,
  "bids_meta": {
    "AccelFactPE": 2,
    "AcquisitionNumber": 1,
    "AcquisitionTime": "15:27:9.882500",
    "BandwidthPerPixelPhaseEncode": 47.348,
    "BodyPartExamined": "BRAIN",
    "ConversionSoftware": "dcm2niix",
    "ConversionSoftwareVersion": "v1.0.20170724 (OpenJPEG build) GCC6.1.0",
    "DeviceSerialNumber": "45031",
    "EchoTime": 0.03,
    "EchoTrainLength": 31,
    "EffectiveEchoSpacing": 0.000330003,
    "FlipAngle": 71,
    "ImageType": [
      "ORIGINAL",
      "PRIMARY",
      "M",
      "ND",
      "NORM",
      "MOSAIC"
    ],
    "InstitutionAddress": "Washington_and_Faculty_Rd._-_Building_25_25_Princeton_NJ_US_085",
    "InstitutionName": "Princeton_University_-_Neuroscience_Institute",
    "MagneticFieldStrength": 3,
    "Manufacturer": "Siemens",
    "ManufacturersModelName": "Skyra",
    "PhaseEncodingDirection": "j-",
    "PhaseEncodingLines": 64,
    "ProcedureStepDescription": "NormanLab_Jarrod",
    "ProtocolName": "epi_301_3x3x3_2s",
    "RepetitionTime": 2,
    "ScanningSequence": "EP",
    "SequenceName": "_epfid2d1_64",
    "SequenceVariant": "SK",
    "SeriesDescription": "epi_301_3x3x3_2s",
    "SliceTiming": [
      1,
      0,
      1.055,
      0.055,
      1.11,
      0.1125,
      1.1675,
      0.1675,
      1.2225,
      0.2225,
      1.2775,
      0.2775,
      1.3325,
      0.3325,
      1.3875,
      0.39,
      1.445,
      0.445,
      1.5,
      0.5,
      1.555,
      0.555,
      1.61,
      0.61,
      1.6675,
      0.6675,
      1.7225,
      0.7225,
      1.7775,
      0.7775,
      1.8325,
      0.8325,
      1.8875,
      0.89,
      1.945,
      0.945
    ],
    "SoftwareVersions": "syngo_MR_D11",
    "TaskName": "Episodic Memory",
    "TotalReadoutTime": 0.0201302,
    "TrueEchoSpacing": 0.000660007,
    "dataset": "ds001229",
    "modality": "bold",
    "run_id": 2,
    "subject_id": "06",
    "task_id": "em"
  },
  "dummy_trs": 0,
  "dvars_nstd": 25.19416184726667,
  "dvars_std": 1.0976718557000005,
  "dvars_vstd": 0.9757407468999996,
  "efc": 0.6134969749356138,
  "fber": 1342.960205078125,
  "fd_mean": 0.17247412439521503,
  "fd_num": 64,
  "fd_perc": 21.262458471760798,
  "fwhm_avg": 1.6768444885120604,
  "fwhm_x": 1.5492800000000002,
  "fwhm_y": 1.8177566666666667,
  "fwhm_z": 1.6634967988695144,
  "gcor": 0.0197368,
  "gsr_x": -0.006452621892094612,
  "gsr_y": 0.05261595919728279,
  "provenance": {
    "md5sum": "af160ffabb1cd4678fb9449f43ce91ec",
    "settings": {
      "fd_thres": 0.2,
      "testing": false
    },
    "software": "mriqc",
    "version": "22.0.6",
    "webapi_port": null,
    "webapi_url": "https://mriqc.nimh.nih.gov/api/v1"
  },
  "size_t": 301,
  "size_x": 64,
  "size_y": 64,
  "size_z": 36,
  "snr": 7.008519623094009,
  "spacing_tr": 2.0,
  "spacing_x": 3.0,
  "spacing_y": 3.0,
  "spacing_z": 2.999999761581421,
  "summary_bg_k": 16.57024166966743,
  "summary_bg_mad": 12.786829079559919,
  "summary_bg_mean": 46.97312545776367,
  "summary_bg_median": 20.279069900512695,
  "summary_bg_n": 72846.0,
  "summary_bg_p05": 9.342192649841309,
  "summary_bg_p95": 178.26827239990234,
  "summary_bg_stdv": 71.77882385253906,
  "summary_fg_k": 2.9185339465357636,
  "summary_fg_mad": 102.42768813190386,
  "summary_fg_mean": 778.2695922851562,
  "summary_fg_median": 768.15283203125,
  "summary_fg_n": 40569.0,
  "summary_fg_p05": 632.1893310546875,
  "summary_fg_p95": 958.4126220703125,
  "summary_fg_stdv": 109.60137176513672,
  "tsnr": 47.07436501560733
}