{
  "aor": 0.0007485382059800664,
  "aqi": 0.00741443146179402,
  "bids_meta": {
    "AccelFactPE": 2,
    "AcquisitionNumber": 1,
    "AcquisitionTime": "15:05:57.315000",
    "BandwidthPerPixelPhaseEncode": 47.348,
    "BodyPartExamined": "BRAIN",
    "ConversionSoftware": "dcm2niix",
    "ConversionSoftwareVersion": "v1.0.20170724 (OpenJPEG build) GCC6.1.0",
    "DeviceSerialNumber": "45031",
    "EchoTime": 0.03,
    "EchoTrainLength": 31,
    "EffectiveEchoSpacing": 0.000330003,
    "FlipAngle": 71,
    "ImageType": [
      "ORIGINAL",
      "PRIMARY",
      "M",
      "ND",
      "NORM",
      "MOSAIC"
    ],
    "InstitutionAddress": "Washington_and_Faculty_Rd._-_Building_25_25_Princeton_NJ_US_085",
    "InstitutionName": "Princeton_University_-_Neuroscience_Institute",
    "MagneticFieldStrength": 3,
    "Manufacturer": "Siemens",
    "ManufacturersModelName": "Skyra",
    "PhaseEncodingDirection": "j-",
    "PhaseEncodingLines": 64,
    "ProcedureStepDescription": "NormanLab_Jarrod",
    "ProtocolName": "epi_301_3x3x3_2s",
    "RepetitionTime": 2,
    "ScanningSequence": "EP",
    "SequenceName": "_epfid2d1_64",
    "SequenceVariant": "SK",
    "SeriesDescription": "epi_301_3x3x3_2s",
    "SliceTiming": [
      1,
      0,
      1.055,
      0.055,
      1.11,
      0.11,
      1.165,
      0.165,
      1.22,
      0.2225,
      1.2775,
      0.2775,
      1.3325,
      0.3325,
      1.3875,
      0.3875,
      1.4425,
      0.4425,
      1.5,
      0.5,
      1.555,
      0.555,
      1.61,
      0.61,
      1.665,
      0.665,
      1.72,
      0.72,
      1.7775,
      0.7775,
      1.8325,
      0.8325,
      1.8875,
      0.8875,
      1.9425,
      0.9425
    ],
    "SoftwareVersions": "syngo_MR_D11",
    "TaskName": "Episodic Memory",
    "TotalReadoutTime": 0.0201302,
    "TrueEchoSpacing": 0.000660007,
    "dataset": "ds001229",
    "modality": "bold",
    "run_id": 1,
    "subject_id": "06",
    "task_id": "em"
  },
  "dummy_trs": 0,
  "dvars_nstd": 25.549372850800005,
  "dvars_std": 1.214295793333334,
  "dvars_vstd": 1.009450036933333,
  "efc": 0.6115262608364601,
  "fber": 1455.687744140625,
  "fd_mean": 0.07771954357704057,
  "fd_num": 4,
  "fd_perc": 1.3289036544850499,
  "fwhm_avg": 1.6636344882067966,
  "fwhm_x": 1.5332100000000002,
  "fwhm_y": 1.80572,
  "fwhm_z": 1.6519734646203887,
  "gcor": 0.0530764,
  "gsr_x": -0.006402845494449139,
  "gsr_y": 0.05319923534989357,
  "provenance": {
    "md5sum": "7b8292779e1735d9716d13034036b1f7",
    "settings": {
      "fd_thres": 0.2,
      "testing": false
    },
    "software": "mriqc",
    "version": "22.0.6",
    "webapi_port": null,
    "webapi_url": "https://mriqc.nimh.nih.gov/api/v1"
  },
  "size_t": 301,
  "size_x": 64,
  "size_y": 64,
  "size_z": 36,
  "snr": 6.930293770411778,
  "spacing_tr": 2.0,
  "spacing_x": 3.0,
  "spacing_y": 3.0,
  "spacing_z": 2.999999761581421,
  "summary_bg_k": 17.17056480031852,
  "summary_bg_mad": 11.33870529189601,
  "summary_bg_mean": 45.681884765625,
  "summary_bg_median": 19.478404998779297,
  "summary_bg_n": 72779.0,
  "summary_bg_p05": 9.498006439208984,
  "summary_bg_p95": 174.78205566406209,
  "summary_bg_stdv": 71.28924560546875,
  "summary_fg_k": 2.6529323374768143,
  "summary_fg_mad": 103.530952673409,
  "summary_fg_mean": 779.7305297851562,
  "summary_fg_median": 769.3654174804688,
  "summary_fg_n": 40551.0,
  "summary_fg_p05": 631.4717407226562,
  "summary_fg_p95": 964.820556640625,
  "summary_fg_stdv": 111.01346588134766,
  "tsnr": 68.39193131309003
}