{
  "aor": 0.0032863455149501663,
  "aqi": 0.014810734285714286,
  "bids_meta": {
    "AccelFactPE": 2,
    "AcquisitionNumber": 1,
    "AcquisitionTime": "11:25:10.115000",
    "BandwidthPerPixelPhaseEncode": 47.348,
    "BodyPartExamined": "BRAIN",
    "ConversionSoftware": "dcm2niix",
    "ConversionSoftwareVersion": "v1.0.20170724 (OpenJPEG build) GCC6.1.0",
    "DeviceSerialNumber": "45031",
    "EchoTime": 0.03,
    "EchoTrainLength": 31,
    "EffectiveEchoSpacing": 0.000330003,
    "FlipAngle": 71,
    "ImageType": [
      "ORIGINAL",
      "PRIMARY",
      "M",
      "ND",
      "NORM",
      "MOSAIC"
    ],
    "InstitutionAddress": "Washington_and_Faculty_Rd._-_Building_25_25_Princeton_NJ_US_085",
    "InstitutionName": "Princeton_University_-_Neuroscience_Institute",
    "MagneticFieldStrength": 3,
    "Manufacturer": "Siemens",
    "ManufacturersModelName": "Skyra",
    "PhaseEncodingDirection": "j-",
    "PhaseEncodingLines": 64,
    "ProcedureStepDescription": "NormanLab_Jarrod",
    "ProtocolName": "epi_301_3x3x3_2s",
    "RepetitionTime": 2,
    "ScanningSequence": "EP",
    "SequenceName": "_epfid2d1_64",
    "SequenceVariant": "SK",
    "SeriesDescription": "epi_301_3x3x3_2s",
    "SliceTiming": [
      1,
      0,
      1.0575,
      0.0575,
      1.1125,
      0.1125,
      1.1675,
      0.1675,
      1.2225,
      0.2225,
      1.2775,
      0.28,
      1.335,
      0.335,
      1.39,
      0.39,
      1.445,
      0.445,
      1.5,
      0.5,
      1.555,
      0.5575,
      1.6125,
      0.6125,
      1.6675,
      0.6675,
      1.7225,
      0.7225,
      1.7775,
      0.7775,
      1.835,
      0.835,
      1.89,
      0.89,
      1.945,
      0.945
    ],
    "SoftwareVersions": "syngo_MR_D11",
    "TaskName": "Episodic Memory",
    "TotalReadoutTime": 0.0201302,
    "TrueEchoSpacing": 0.000660007,
    "dataset": "ds001229",
    "modality": "bold",
    "run_id": 2,
    "subject_id": "24",
    "task_id": "em"
  },
  "dummy_trs": 0,
  "dvars_nstd": 29.425883115266654,
  "dvars_std": 1.1692819797333338,
  "dvars_vstd": 0.9913811864666665,
  "efc": 0.5661953491613908,
  "fber": 1402.1871337890625,
  "fd_mean": 0.17492170239691124,
  "fd_num": 53,
  "fd_perc": 17.60797342192691,
  "fwhm_avg": 1.669114575016265,
  "fwhm_x": 1.59867,
  "fwhm_y": 1.7657,
  "fwhm_z": 1.6429737250487944,
  "gcor": 0.0311901,
  "gsr_x": -0.0029062104877084494,
  "gsr_y": 0.03179704397916794,
  "provenance": {
    "md5sum": "c63092e2c05ef6367752e52f3ec88469",
    "settings": {
      "fd_thres": 0.2,
      "testing": false
    },
    "software": "mriqc",
    "version": "22.0.6",
    "webapi_port": null,
    "webapi_url": "https://mriqc.nimh.nih.gov/api/v1"
  },
  "size_t": 301,
  "size_x": 64,
  "size_y": 64,
  "size_z": 36,
  "snr": 6.533052834602983,
  "spacing_tr": 2.0,
  "spacing_x": 3.0,
  "spacing_y": 3.0,
  "spacing_z": 2.9999992847442627,
  "summary_bg_k": 30.601530583978615,
  "summary_bg_mad": 11.491398717439868,
  "summary_bg_mean": 36.18889236450195,
  "summary_bg_median": 19.574750900268555,
  "summary_bg_n": 79654.0,
  "summary_bg_p05": 9.069766998291016,
  "summary_bg_p95": 107.6083034515379,
  "summary_bg_stdv": 55.157169342041016,
  "summary_fg_k": 2.7876406878241315,
  "summary_fg_mad": 103.24527303450385,
  "summary_fg_mean": 760.3287963867188,
  "summary_fg_median": 749.1461791992188,
  "summary_fg_n": 34709.0,
  "summary_fg_p05": 607.9993041992187,
  "summary_fg_p95": 950.3401733398437,
  "summary_fg_stdv": 114.66850280761719,
  "tsnr": 49.443418524228036
}