{
  "aor": 0.0038016279069767443,
  "aqi": 0.011701992093023255,
  "bids_meta": {
    "AccelFactPE": 2,
    "AcquisitionNumber": 1,
    "AcquisitionTime": "11:14:34.887500",
    "BandwidthPerPixelPhaseEncode": 47.348,
    "BodyPartExamined": "BRAIN",
    "ConversionSoftware": "dcm2niix",
    "ConversionSoftwareVersion": "v1.0.20170724 (OpenJPEG build) GCC6.1.0",
    "DeviceSerialNumber": "45031",
    "EchoTime": 0.03,
    "EchoTrainLength": 31,
    "EffectiveEchoSpacing": 0.000330003,
    "FlipAngle": 71,
    "ImageType": [
      "ORIGINAL",
      "PRIMARY",
      "M",
      "ND",
      "NORM",
      "MOSAIC"
    ],
    "InstitutionAddress": "Washington_and_Faculty_Rd._-_Building_25_25_Princeton_NJ_US_085",
    "InstitutionName": "Princeton_University_-_Neuroscience_Institute",
    "MagneticFieldStrength": 3,
    "Manufacturer": "Siemens",
    "ManufacturersModelName": "Skyra",
    "PhaseEncodingDirection": "j-",
    "PhaseEncodingLines": 64,
    "ProcedureStepDescription": "NormanLab_Jarrod",
    "ProtocolName": "epi_301_3x3x3_2s",
    "RepetitionTime": 2,
    "ScanningSequence": "EP",
    "SequenceName": "_epfid2d1_64",
    "SequenceVariant": "SK",
    "SeriesDescription": "epi_301_3x3x3_2s",
    "SliceTiming": [
      1,
      0,
      1.055,
      0.055,
      1.11,
      0.11,
      1.1675,
      0.1675,
      1.2225,
      0.2225,
      1.2775,
      0.2775,
      1.3325,
      0.3325,
      1.3875,
      0.39,
      1.445,
      0.445,
      1.5,
      0.5,
      1.555,
      0.555,
      1.61,
      0.61,
      1.6675,
      0.6675,
      1.7225,
      0.7225,
      1.7775,
      0.7775,
      1.8325,
      0.8325,
      1.8875,
      0.89,
      1.945,
      0.945
    ],
    "SoftwareVersions": "syngo_MR_D11",
    "TaskName": "Working Memory",
    "TotalReadoutTime": 0.0201302,
    "TrueEchoSpacing": 0.000660007,
    "dataset": "ds001229",
    "modality": "bold",
    "run_id": 2,
    "subject_id": "24",
    "task_id": "wm"
  },
  "dummy_trs": 0,
  "dvars_nstd": 28.174147739533346,
  "dvars_std": 1.2458110720666666,
  "dvars_vstd": 1.0401349679999998,
  "efc": 0.5669057998744471,
  "fber": 1438.51708984375,
  "fd_mean": 0.1357935041944228,
  "fd_num": 38,
  "fd_perc": 12.624584717607974,
  "fwhm_avg": 1.6498301263104846,
  "fwhm_x": 1.5856899999999998,
  "fwhm_y": 1.7744466666666667,
  "fwhm_z": 1.5893537122647872,
  "gcor": 0.0282834,
  "gsr_x": -0.004214428830891848,
  "gsr_y": 0.03235682472586632,
  "provenance": {
    "md5sum": "f0ef87d49feebfc658ad47c88566d3f1",
    "settings": {
      "fd_thres": 0.2,
      "testing": false
    },
    "software": "mriqc",
    "version": "22.0.6",
    "webapi_port": null,
    "webapi_url": "https://mriqc.nimh.nih.gov/api/v1"
  },
  "size_t": 301,
  "size_x": 64,
  "size_y": 64,
  "size_z": 36,
  "snr": 6.519206133853219,
  "spacing_tr": 2.0,
  "spacing_x": 3.0,
  "spacing_y": 3.0,
  "spacing_z": 2.9999992847442627,
  "summary_bg_k": 30.214846674741068,
  "summary_bg_mad": 11.466769650930479,
  "summary_bg_mean": 36.40855407714844,
  "summary_bg_median": 19.43853759765625,
  "summary_bg_n": 79591.0,
  "summary_bg_p05": 9.089700698852539,
  "summary_bg_p95": 109.43687438964844,
  "summary_bg_stdv": 55.66618347167969,
  "summary_fg_k": 2.841126899625891,
  "summary_fg_mad": 103.58506620653074,
  "summary_fg_mean": 761.6808471679688,
  "summary_fg_median": 750.5348510742188,
  "summary_fg_n": 34756.0,
  "summary_fg_p05": 607.4651031494141,
  "summary_fg_p95": 954.2649078369141,
  "summary_fg_stdv": 115.12506866455078,
  "tsnr": 56.17386091500521
}