{
  "aor": 0.0008325249169435217,
  "aqi": 0.007771121196013289,
  "bids_meta": {
    "AccelFactPE": 2,
    "AcquisitionNumber": 1,
    "AcquisitionTime": "11:01:15.075000",
    "BandwidthPerPixelPhaseEncode": 49.18,
    "BodyPartExamined": "HEAD",
    "ConversionSoftware": "dcm2niix",
    "ConversionSoftwareVersion": "v1.0.20170724 (OpenJPEG build) GCC6.1.0",
    "DeviceSerialNumber": "45031",
    "EchoTime": 0.034,
    "EchoTrainLength": 29,
    "EffectiveEchoSpacing": 0.000344635,
    "FlipAngle": 71,
    "ImageType": [
      "ORIGINAL",
      "PRIMARY",
      "M",
      "ND",
      "NORM",
      "MOSAIC"
    ],
    "InstitutionAddress": "Washington_and_Faculty_Rd._-_Building_25_25_Princeton_NJ_US_085",
    "InstitutionName": "Princeton_University_-_Neuroscience_Institute",
    "MagneticFieldStrength": 3,
    "Manufacturer": "Siemens",
    "ManufacturersModelName": "Skyra",
    "PhaseEncodingDirection": "j-",
    "PhaseEncodingLines": 59,
    "ProcedureStepDescription": "NormanLab_Jarrod",
    "ProtocolName": "epi_3x3x3_2s_301_pace_moco_advshim",
    "RepetitionTime": 2,
    "ScanningSequence": "EP",
    "SequenceName": "_epfid2d1_59",
    "SequenceVariant": "SK_OSP",
    "SeriesDescription": "epi_3x3x3_2s_301_pace_moco_advshim",
    "SliceTiming": [
      0.99,
      0,
      1.0475,
      0.0575,
      1.105,
      0.1175,
      1.165,
      0.175,
      1.2225,
      0.2325,
      1.28,
      0.29,
      1.34,
      0.35,
      1.3975,
      0.4075,
      1.455,
      0.465,
      1.5125,
      0.525,
      1.5725,
      0.5825,
      1.63,
      0.64,
      1.6875,
      0.6975,
      1.7475,
      0.7575,
      1.805,
      0.815,
      1.8625,
      0.8725,
      1.92,
      0.9325
    ],
    "SoftwareVersions": "syngo_MR_D11",
    "TaskName": "Episodic Memory",
    "TotalReadoutTime": 0.0196442,
    "TrueEchoSpacing": 0.00068927,
    "dataset": "ds001229",
    "modality": "bold",
    "run_id": 2,
    "subject_id": "01",
    "task_id": "em"
  },
  "dummy_trs": 0,
  "dvars_nstd": 27.10316131576667,
  "dvars_std": 1.1579380201666674,
  "dvars_vstd": 1.0108501796999996,
  "efc": 0.6059857202490277,
  "fber": 1192.37158203125,
  "fd_mean": 0.11203838683556235,
  "fd_num": 24,
  "fd_perc": 7.973421926910299,
  "fwhm_avg": 1.7815167041759048,
  "fwhm_x": 1.6057395762106879,
  "fwhm_y": 1.9978065111708494,
  "fwhm_z": 1.7410040251461767,
  "gcor": 0.0475882,
  "gsr_x": -0.011406529694795609,
  "gsr_y": 0.036071520298719406,
  "provenance": {
    "md5sum": "e752494b225e39e18bbde41f83702259",
    "settings": {
      "fd_thres": 0.2,
      "testing": false
    },
    "software": "mriqc",
    "version": "22.0.6",
    "webapi_port": null,
    "webapi_url": "https://mriqc.nimh.nih.gov/api/v1"
  },
  "size_t": 301,
  "size_x": 66,
  "size_y": 66,
  "size_z": 34,
  "snr": 5.218313076985734,
  "spacing_tr": 2.0,
  "spacing_x": 2.9696969985961914,
  "spacing_y": 2.9696969985961914,
  "spacing_z": 2.9999988079071045,
  "summary_bg_k": 64.6447895466543,
  "summary_bg_mad": 11.230342489365464,
  "summary_bg_mean": 43.17609786987305,
  "summary_bg_median": 21.106311798095703,
  "summary_bg_n": 73845.0,
  "summary_bg_p05": 10.89368724822998,
  "summary_bg_p95": 153.50033264160157,
  "summary_bg_stdv": 75.12317657470703,
  "summary_fg_k": 4.676004163185482,
  "summary_fg_mad": 114.33764241587693,
  "summary_fg_mean": 768.7363891601562,
  "summary_fg_median": 748.617919921875,
  "summary_fg_n": 41035.0,
  "summary_fg_p05": 597.5308776855469,
  "summary_fg_p95": 1006.081396484375,
  "summary_fg_stdv": 143.4580078125,
  "tsnr": 59.416723783593625
}