{
  "aor": 0.0018601993355481727,
  "aqi": 0.008323890265780731,
  "bids_meta": {
    "AccelFactPE": 2,
    "AcquisitionNumber": 1,
    "AcquisitionTime": "11:22:39.992500",
    "BandwidthPerPixelPhaseEncode": 49.18,
    "BodyPartExamined": "HEAD",
    "ConversionSoftware": "dcm2niix",
    "ConversionSoftwareVersion": "v1.0.20170724 (OpenJPEG build) GCC6.1.0",
    "DeviceSerialNumber": "45031",
    "EchoTime": 0.034,
    "EchoTrainLength": 29,
    "EffectiveEchoSpacing": 0.000344635,
    "FlipAngle": 71,
    "ImageType": [
      "ORIGINAL",
      "PRIMARY",
      "M",
      "ND",
      "NORM",
      "MOSAIC"
    ],
    "InstitutionAddress": "Washington_and_Faculty_Rd._-_Building_25_25_Princeton_NJ_US_085",
    "InstitutionName": "Princeton_University_-_Neuroscience_Institute",
    "MagneticFieldStrength": 3,
    "Manufacturer": "Siemens",
    "ManufacturersModelName": "Skyra",
    "PhaseEncodingDirection": "j-",
    "PhaseEncodingLines": 59,
    "ProcedureStepDescription": "NormanLab_Jarrod",
    "ProtocolName": "epi_3x3x3_2s_301_pace_moco_advshim",
    "RepetitionTime": 2,
    "ScanningSequence": "EP",
    "SequenceName": "_epfid2d1_59",
    "SequenceVariant": "SK_OSP",
    "SeriesDescription": "epi_3x3x3_2s_301_pace_moco_advshim",
    "SliceTiming": [
      0.99,
      0,
      1.05,
      0.06,
      1.1075,
      0.1175,
      1.165,
      0.175,
      1.2225,
      0.235,
      1.2825,
      0.2925,
      1.34,
      0.35,
      1.3975,
      0.4075,
      1.4575,
      0.4675,
      1.515,
      0.525,
      1.5725,
      0.5825,
      1.63,
      0.6425,
      1.69,
      0.7,
      1.7475,
      0.7575,
      1.805,
      0.815,
      1.865,
      0.875,
      1.9225,
      0.9325
    ],
    "SoftwareVersions": "syngo_MR_D11",
    "TaskName": "Episodic Memory",
    "TotalReadoutTime": 0.0196442,
    "TrueEchoSpacing": 0.00068927,
    "dataset": "ds001229",
    "modality": "bold",
    "run_id": 3,
    "subject_id": "01",
    "task_id": "em"
  },
  "dummy_trs": 0,
  "dvars_nstd": 28.562460231733336,
  "dvars_std": 1.1862779788666669,
  "dvars_vstd": 1.0214817489666663,
  "efc": 0.6060314385523679,
  "fber": 1191.7598876953125,
  "fd_mean": 0.12885678536099254,
  "fd_num": 34,
  "fd_perc": 11.295681063122924,
  "fwhm_avg": 1.790689777930896,
  "fwhm_x": 1.6188284536343356,
  "fwhm_y": 2.0027901845917393,
  "fwhm_z": 1.7504506955666128,
  "gcor": 0.0388407,
  "gsr_x": -0.011387926526367664,
  "gsr_y": 0.035432249307632446,
  "provenance": {
    "md5sum": "c271a727d8284107be8a7c54481b7bbd",
    "settings": {
      "fd_thres": 0.2,
      "testing": false
    },
    "software": "mriqc",
    "version": "22.0.6",
    "webapi_port": null,
    "webapi_url": "https://mriqc.nimh.nih.gov/api/v1"
  },
  "size_t": 301,
  "size_x": 66,
  "size_y": 66,
  "size_z": 34,
  "snr": 5.244062193441211,
  "spacing_tr": 2.0,
  "spacing_x": 2.9696969985961914,
  "spacing_y": 2.9696969985961914,
  "spacing_z": 2.9999988079071045,
  "summary_bg_k": 66.95186131390247,
  "summary_bg_mad": 11.112127494663302,
  "summary_bg_mean": 42.97422790527344,
  "summary_bg_median": 21.046510696411133,
  "summary_bg_n": 73800.0,
  "summary_bg_p05": 10.860465049743652,
  "summary_bg_p95": 153.2701004028321,
  "summary_bg_stdv": 74.83993530273438,
  "summary_fg_k": 4.675750286252439,
  "summary_fg_mad": 113.45105823400385,
  "summary_fg_mean": 767.4473266601562,
  "summary_fg_median": 747.4384765625,
  "summary_fg_n": 41068.0,
  "summary_fg_p05": 597.3292297363281,
  "summary_fg_p95": 1002.7270416259767,
  "summary_fg_stdv": 142.52870178222656,
  "tsnr": 57.67683002818376
}