{
  "aor": 0.000848,
  "aqi": 0.007385309833333335,
  "bids_meta": {
    "AccelFactPE": 2,
    "AcquisitionNumber": 1,
    "AcquisitionTime": "10:28:56.840000",
    "BandwidthPerPixelPhaseEncode": 49.18,
    "BodyPartExamined": "HEAD",
    "ConversionSoftware": "dcm2niix",
    "ConversionSoftwareVersion": "v1.0.20170724 (OpenJPEG build) GCC6.1.0",
    "DeviceSerialNumber": "45031",
    "EchoTime": 0.034,
    "EchoTrainLength": 29,
    "EffectiveEchoSpacing": 0.000344635,
    "FlipAngle": 71,
    "ImageType": [
      "ORIGINAL",
      "PRIMARY",
      "M",
      "ND",
      "NORM",
      "MOSAIC"
    ],
    "InstitutionAddress": "Washington_and_Faculty_Rd._-_Building_25_25_Princeton_NJ_US_085",
    "InstitutionName": "Princeton_University_-_Neuroscience_Institute",
    "MagneticFieldStrength": 3,
    "Manufacturer": "Siemens",
    "ManufacturersModelName": "Skyra",
    "PhaseEncodingDirection": "j-",
    "PhaseEncodingLines": 59,
    "ProcedureStepDescription": "NormanLab_Jarrod",
    "ProtocolName": "epi_3x3x3_2s_301_pace_moco_advshim",
    "RepetitionTime": 2,
    "ScanningSequence": "EP",
    "SequenceName": "_epfid2d1_59",
    "SequenceVariant": "SK_OSP",
    "SeriesDescription": "epi_3x3x3_2s_301_pace_moco_advshim",
    "SliceTiming": [
      0.99,
      0,
      1.05,
      0.06,
      1.1075,
      0.1175,
      1.165,
      0.175,
      1.2225,
      0.235,
      1.2825,
      0.2925,
      1.34,
      0.35,
      1.3975,
      0.4075,
      1.4575,
      0.4675,
      1.515,
      0.525,
      1.5725,
      0.5825,
      1.6325,
      0.6425,
      1.69,
      0.7,
      1.7475,
      0.7575,
      1.805,
      0.815,
      1.865,
      0.875,
      1.9225,
      0.9325
    ],
    "SoftwareVersions": "syngo_MR_D11",
    "TaskName": "Working Memory",
    "TotalReadoutTime": 0.0196442,
    "TrueEchoSpacing": 0.00068927,
    "dataset": "ds001229",
    "modality": "bold",
    "run_id": 1,
    "subject_id": "01",
    "task_id": "wm"
  },
  "dummy_trs": 1,
  "dvars_nstd": 27.66913424227426,
  "dvars_std": 1.151354077558528,
  "dvars_vstd": 1.007418267056856,
  "efc": 0.611811606840736,
  "fber": 968.0054321289062,
  "fd_mean": 0.10021792149958067,
  "fd_num": 16,
  "fd_perc": 5.333333333333333,
  "fwhm_avg": 1.686699619001617,
  "fwhm_x": 1.516137842388758,
  "fwhm_y": 1.885987022463088,
  "fwhm_z": 1.6579739921530054,
  "gcor": 0.0203825,
  "gsr_x": -0.011000909842550755,
  "gsr_y": 0.03785325586795807,
  "provenance": {
    "md5sum": "1d62769d3f646ea5b59e467597f04ee7",
    "settings": {
      "fd_thres": 0.2,
      "testing": false
    },
    "software": "mriqc",
    "version": "22.0.6",
    "webapi_port": null,
    "webapi_url": "https://mriqc.nimh.nih.gov/api/v1"
  },
  "size_t": 300,
  "size_x": 66,
  "size_y": 66,
  "size_z": 34,
  "snr": 5.426354898336626,
  "spacing_tr": 2.0,
  "spacing_x": 2.9696969985961914,
  "spacing_y": 2.9696969985961914,
  "spacing_z": 2.9999988079071045,
  "summary_bg_k": 67.79485118170619,
  "summary_bg_mad": 10.457287572450465,
  "summary_bg_mean": 40.333465576171875,
  "summary_bg_median": 20.036666870117188,
  "summary_bg_n": 73727.0,
  "summary_bg_p05": 10.344333457946778,
  "summary_bg_p95": 141.2690017700195,
  "summary_bg_stdv": 70.77578735351562,
  "summary_fg_k": 2.8023120554162624,
  "summary_fg_mad": 102.48736685279647,
  "summary_fg_mean": 652.3697509765625,
  "summary_fg_median": 637.376708984375,
  "summary_fg_n": 41128.0,
  "summary_fg_p05": 505.8696746826172,
  "summary_fg_p95": 849.9610290527344,
  "summary_fg_stdv": 117.4580307006836,
  "tsnr": 58.21298858569935
}