{
  "bids_meta": {
    "AcquisitionNumber": 1,
    "AcquisitionTime": "08:48:52.322500",
    "BodyPartExamined": "BRAIN",
    "ConversionSoftware": "dcm2niix",
    "ConversionSoftwareVersion": "v1.0.20170724 (OpenJPEG build) GCC6.1.0",
    "DeviceSerialNumber": "45031",
    "EchoTime": 0.00308,
    "FlipAngle": 9,
    "ImageType": [
      "ORIGINAL",
      "PRIMARY",
      "M",
      "ND",
      "NORM"
    ],
    "InstitutionAddress": "Washington_and_Faculty_Rd._-_Building_25_25_Princeton_NJ_US_085",
    "InstitutionName": "Princeton_University_-_Neuroscience_Institute",
    "InversionTime": 0.9,
    "MagneticFieldStrength": 3,
    "Manufacturer": "Siemens",
    "ManufacturersModelName": "Skyra",
    "PhaseEncodingDirection": "i-",
    "PhaseEncodingLines": 256,
    "ProcedureStepDescription": "NormanLab_Jarrod",
    "ProtocolName": "long_mprage_.9x.9x.9",
    "RepetitionTime": 2.3,
    "ScanningSequence": "GR_IR",
    "SequenceName": "_tfl3d1_16ns",
    "SequenceVariant": "SK_SP_MP",
    "SeriesDescription": "long_mprage_.9x.9x.9",
    "SoftwareVersions": "syngo_MR_D11",
    "dataset": "ds001229",
    "modality": "T1w",
    "subject_id": "22"
  },
  "cjv": 0.3957887748996916,
  "cnr": 3.3813218630772814,
  "efc": 0.6440100502742042,
  "fber": 6267.361111111111,
  "fwhm_avg": 3.985263132218023,
  "fwhm_x": 3.976595214835888,
  "fwhm_y": 4.183842909090909,
  "fwhm_z": 3.7953512727272725,
  "icvs_csf": 0.2303958677706203,
  "icvs_gm": 0.4128268135095397,
  "icvs_wm": 0.35677731871984003,
  "inu_med": 0.6041575074195862,
  "inu_range": 0.2670003652572632,
  "provenance": {
    "md5sum": "1cc5fda63e6a31d38be5521500265195",
    "settings": {
      "testing": false
    },
    "software": "mriqc",
    "version": "22.0.6",
    "warnings": {
      "large_rot_frame": true,
      "small_air_mask": false
    },
    "webapi_port": null,
    "webapi_url": "https://mriqc.nimh.nih.gov/api/v1"
  },
  "qi_1": 0.0,
  "qi_2": 0.003004818296958688,
  "rpve_csf": 15.786544254224863,
  "rpve_gm": 8.815207674751925,
  "rpve_wm": 11.599248131492331,
  "size_x": 192,
  "size_y": 256,
  "size_z": 256,
  "snr_csf": 2.114249359392709,
  "snr_gm": 9.793910813011523,
  "snr_total": 10.065867362890259,
  "snr_wm": 18.289441916266544,
  "snrd_csf": 11.311723276433288,
  "snrd_gm": 37.90267921796722,
  "snrd_total": 34.59622406445532,
  "snrd_wm": 54.57426969896545,
  "spacing_x": 0.8999935388565063,
  "spacing_y": 0.859375,
  "spacing_z": 0.859375,
  "summary_bg_k": 5.677958204926238,
  "summary_bg_mad": 0.0,
  "summary_bg_mean": 7.864820594190624,
  "summary_bg_median": 0.0,
  "summary_bg_n": 2136925.0,
  "summary_bg_p05": 0.0,
  "summary_bg_p95": 33.02091423794627,
  "summary_bg_stdv": 12.00501302050739,
  "summary_csf_k": 1.5463936748788045,
  "summary_csf_mad": 88.64991013564985,
  "summary_csf_mean": 220.95140915432114,
  "summary_csf_median": 207.28108714148402,
  "summary_csf_n": 103967.0,
  "summary_csf_p05": 85.35103588178754,
  "summary_csf_p95": 402.45595211163163,
  "summary_csf_stdv": 98.03956631616337,
  "summary_gm_k": 0.2886415478274773,
  "summary_gm_mad": 67.64541401134674,
  "summary_gm_mean": 694.6925098254458,
  "summary_gm_median": 694.5456816684455,
  "summary_gm_n": 52944.0,
  "summary_gm_p05": 577.7575204707682,
  "summary_gm_p95": 812.1083807362243,
  "summary_gm_stdv": 70.91540199309117,
  "summary_wm_k": 0.2816216976207748,
  "summary_wm_mad": 53.26714484203053,
  "summary_wm_mean": 1000.4293531251807,
  "summary_wm_median": 1000.0433777160943,
  "summary_wm_n": 368083.0,
  "summary_wm_p05": 911.6549384221435,
  "summary_wm_p95": 1090.601390875876,
  "summary_wm_stdv": 54.67865142334052,
  "tpm_overlap_csf": 0.15792105997704745,
  "tpm_overlap_gm": 0.44437915194579247,
  "tpm_overlap_wm": 0.5077575696635346,
  "wm2max": 0.45032063779015885
}