{
  "aor": 0.00041039867109634556,
  "aqi": 0.00853713023255814,
  "bids_meta": {
    "AccelFactPE": 2,
    "AcquisitionNumber": 1,
    "AcquisitionTime": "09:56:18.222500",
    "BandwidthPerPixelPhaseEncode": 47.348,
    "BodyPartExamined": "BRAIN",
    "ConversionSoftware": "dcm2niix",
    "ConversionSoftwareVersion": "v1.0.20170724 (OpenJPEG build) GCC6.1.0",
    "DeviceSerialNumber": "45031",
    "EchoTime": 0.03,
    "EchoTrainLength": 31,
    "EffectiveEchoSpacing": 0.000330003,
    "FlipAngle": 71,
    "ImageType": [
      "ORIGINAL",
      "PRIMARY",
      "M",
      "ND",
      "NORM",
      "MOSAIC"
    ],
    "InstitutionAddress": "Washington_and_Faculty_Rd._-_Building_25_25_Princeton_NJ_US_085",
    "InstitutionName": "Princeton_University_-_Neuroscience_Institute",
    "MagneticFieldStrength": 3,
    "Manufacturer": "Siemens",
    "ManufacturersModelName": "Skyra",
    "PhaseEncodingDirection": "j-",
    "PhaseEncodingLines": 64,
    "ProcedureStepDescription": "NormanLab_Jarrod",
    "ProtocolName": "epi_301_3x3x3_2s",
    "RepetitionTime": 2,
    "ScanningSequence": "EP",
    "SequenceName": "_epfid2d1_64",
    "SequenceVariant": "SK",
    "SeriesDescription": "epi_301_3x3x3_2s",
    "SliceTiming": [
      1,
      0,
      1.0575,
      0.0575,
      1.1125,
      0.1125,
      1.1675,
      0.1675,
      1.2225,
      0.2225,
      1.2775,
      0.28,
      1.335,
      0.335,
      1.39,
      0.39,
      1.445,
      0.445,
      1.5,
      0.5,
      1.5575,
      0.5575,
      1.6125,
      0.6125,
      1.6675,
      0.6675,
      1.7225,
      0.7225,
      1.7775,
      0.7775,
      1.835,
      0.835,
      1.89,
      0.89,
      1.945,
      0.945
    ],
    "SoftwareVersions": "syngo_MR_D11",
    "TaskName": "Episodic Memory",
    "TotalReadoutTime": 0.0201302,
    "TrueEchoSpacing": 0.000660007,
    "dataset": "ds001229",
    "modality": "bold",
    "run_id": 3,
    "subject_id": "22",
    "task_id": "em"
  },
  "dummy_trs": 0,
  "dvars_nstd": 29.02892514556667,
  "dvars_std": 1.1484663266000006,
  "dvars_vstd": 0.9996230777666665,
  "efc": 0.5957535498446129,
  "fber": 1378.6119384765625,
  "fd_mean": 0.2590402966633742,
  "fd_num": 255,
  "fd_perc": 84.71760797342192,
  "fwhm_avg": 1.6490311111111111,
  "fwhm_x": 1.52881,
  "fwhm_y": 1.7820866666666666,
  "fwhm_z": 1.6361966666666667,
  "gcor": 0.0179005,
  "gsr_x": 0.012863856740295887,
  "gsr_y": 0.06015358865261078,
  "provenance": {
    "md5sum": "e3f9c3d4643ea1efac5830086599f102",
    "settings": {
      "fd_thres": 0.2,
      "testing": false
    },
    "software": "mriqc",
    "version": "22.0.6",
    "webapi_port": null,
    "webapi_url": "https://mriqc.nimh.nih.gov/api/v1"
  },
  "size_t": 301,
  "size_x": 64,
  "size_y": 64,
  "size_z": 36,
  "snr": 5.883801098282833,
  "spacing_tr": 2.0,
  "spacing_x": 3.0,
  "spacing_y": 3.0,
  "spacing_z": 3.0,
  "summary_bg_k": 35.77645192729254,
  "summary_bg_mad": 12.939522505103776,
  "summary_bg_mean": 46.99192428588867,
  "summary_bg_median": 20.8006649017334,
  "summary_bg_n": 75353.0,
  "summary_bg_p05": 10.0996675491333,
  "summary_bg_p95": 170.19202270507807,
  "summary_bg_stdv": 78.3240966796875,
  "summary_fg_k": 1.8460385933426808,
  "summary_fg_mad": 118.74608554813629,
  "summary_fg_mean": 800.3396606445312,
  "summary_fg_median": 781.6544799804688,
  "summary_fg_n": 39229.0,
  "summary_fg_p05": 628.8172607421875,
  "summary_fg_p95": 1043.5574462890625,
  "summary_fg_stdv": 132.84686279296875,
  "tsnr": 58.8335278442828
}