{
  "aor": 0.0008104666666666666,
  "aqi": 0.007434328166666666,
  "bids_meta": {
    "AccelFactPE": 2,
    "AcquisitionNumber": 1,
    "AcquisitionTime": "16:37:22.865000",
    "BandwidthPerPixelPhaseEncode": 47.348,
    "BodyPartExamined": "BRAIN",
    "ConversionSoftware": "dcm2niix",
    "ConversionSoftwareVersion": "v1.0.20170724 (OpenJPEG build) GCC6.1.0",
    "DeviceSerialNumber": "45031",
    "EchoTime": 0.03,
    "EchoTrainLength": 31,
    "EffectiveEchoSpacing": 0.000330003,
    "FlipAngle": 71,
    "ImageType": [
      "ORIGINAL",
      "PRIMARY",
      "M",
      "ND",
      "NORM",
      "MOSAIC"
    ],
    "InstitutionAddress": "Washington_and_Faculty_Rd._-_Building_25_25_Princeton_NJ_US_085",
    "InstitutionName": "Princeton_University_-_Neuroscience_Institute",
    "MagneticFieldStrength": 3,
    "Manufacturer": "Siemens",
    "ManufacturersModelName": "Skyra",
    "PhaseEncodingDirection": "j-",
    "PhaseEncodingLines": 64,
    "ProcedureStepDescription": "NormanLab_Jarrod",
    "ProtocolName": "epi_301_3x3x3_2s",
    "RepetitionTime": 2,
    "ScanningSequence": "EP",
    "SequenceName": "_epfid2d1_64",
    "SequenceVariant": "SK",
    "SeriesDescription": "epi_301_3x3x3_2s",
    "SliceTiming": [
      1,
      0,
      1.055,
      0.055,
      1.11,
      0.11,
      1.165,
      0.165,
      1.22,
      0.2225,
      1.2775,
      0.2775,
      1.3325,
      0.3325,
      1.3875,
      0.3875,
      1.4425,
      0.4425,
      1.4975,
      0.5,
      1.555,
      0.555,
      1.61,
      0.61,
      1.665,
      0.665,
      1.72,
      0.72,
      1.7775,
      0.7775,
      1.8325,
      0.8325,
      1.8875,
      0.8875,
      1.9425,
      0.9425
    ],
    "SoftwareVersions": "syngo_MR_D11",
    "TaskName": "Episodic Memory",
    "TotalReadoutTime": 0.0201302,
    "TrueEchoSpacing": 0.000660007,
    "dataset": "ds001229",
    "modality": "bold",
    "run_id": 1,
    "subject_id": "04",
    "task_id": "em"
  },
  "dummy_trs": 1,
  "dvars_nstd": 23.605370620602006,
  "dvars_std": 1.1148331499665554,
  "dvars_vstd": 0.9948517759866226,
  "efc": 0.6349135995588379,
  "fber": 1091.640869140625,
  "fd_mean": 0.05176315344551271,
  "fd_num": 0,
  "fd_perc": 0.0,
  "fwhm_avg": 1.6479188888888892,
  "fwhm_x": 1.5271333333333335,
  "fwhm_y": 1.77414,
  "fwhm_z": 1.6424833333333335,
  "gcor": 0.0212844,
  "gsr_x": -0.002969982335343957,
  "gsr_y": 0.042886823415756226,
  "provenance": {
    "md5sum": "b22e3149ed1d51330e5358259d7d87cd",
    "settings": {
      "fd_thres": 0.2,
      "testing": false
    },
    "software": "mriqc",
    "version": "22.0.6",
    "webapi_port": null,
    "webapi_url": "https://mriqc.nimh.nih.gov/api/v1"
  },
  "size_t": 300,
  "size_x": 64,
  "size_y": 64,
  "size_z": 36,
  "snr": 6.1580917552812275,
  "spacing_tr": 2.0,
  "spacing_x": 3.0,
  "spacing_y": 3.0,
  "spacing_z": 3.0,
  "summary_bg_k": 19.854561481704984,
  "summary_bg_mad": 16.540898883093334,
  "summary_bg_mean": 54.2991828918457,
  "summary_bg_median": 23.25,
  "summary_bg_n": 68518.0,
  "summary_bg_p05": 9.896666526794434,
  "summary_bg_p95": 215.126342773437,
  "summary_bg_stdv": 82.30879974365234,
  "summary_fg_k": 2.9357187082547274,
  "summary_fg_mad": 119.52245186488855,
  "summary_fg_mean": 809.2523193359375,
  "summary_fg_median": 796.8050537109375,
  "summary_fg_n": 44260.0,
  "summary_fg_p05": 639.5761627197265,
  "summary_fg_p95": 1020.0016693115233,
  "summary_fg_stdv": 129.3900909423828,
  "tsnr": 62.032721739728004
}