{
  "aor": 0.0016321666666666667,
  "aqi": 0.013727341133333333,
  "bids_meta": {
    "AccelFactPE": 2,
    "AcquisitionNumber": 1,
    "AcquisitionTime": "17:30:11.840000",
    "BandwidthPerPixelPhaseEncode": 47.348,
    "BodyPartExamined": "BRAIN",
    "ConversionSoftware": "dcm2niix",
    "ConversionSoftwareVersion": "v1.0.20170724 (OpenJPEG build) GCC6.1.0",
    "DeviceSerialNumber": "45031",
    "EchoTime": 0.03,
    "EchoTrainLength": 31,
    "EffectiveEchoSpacing": 0.000330003,
    "FlipAngle": 71,
    "ImageType": [
      "ORIGINAL",
      "PRIMARY",
      "M",
      "ND",
      "NORM",
      "MOSAIC"
    ],
    "InstitutionAddress": "Washington_and_Faculty_Rd._-_Building_25_25_Princeton_NJ_US_085",
    "InstitutionName": "Princeton_University_-_Neuroscience_Institute",
    "MagneticFieldStrength": 3,
    "Manufacturer": "Siemens",
    "ManufacturersModelName": "Skyra",
    "PhaseEncodingDirection": "j-",
    "PhaseEncodingLines": 64,
    "ProcedureStepDescription": "NormanLab_Jarrod",
    "ProtocolName": "epi_301_3x3x3_2s",
    "RepetitionTime": 2,
    "ScanningSequence": "EP",
    "SequenceName": "_epfid2d1_64",
    "SequenceVariant": "SK",
    "SeriesDescription": "epi_301_3x3x3_2s",
    "SliceTiming": [
      1,
      0,
      1.0575,
      0.0575,
      1.1125,
      0.1125,
      1.1675,
      0.1675,
      1.2225,
      0.2225,
      1.2775,
      0.28,
      1.335,
      0.335,
      1.39,
      0.39,
      1.445,
      0.445,
      1.5,
      0.5,
      1.5575,
      0.5575,
      1.6125,
      0.6125,
      1.6675,
      0.6675,
      1.7225,
      0.7225,
      1.7775,
      0.7775,
      1.835,
      0.835,
      1.89,
      0.89,
      1.945,
      0.945
    ],
    "SoftwareVersions": "syngo_MR_D11",
    "TaskName": "Working Memory",
    "TotalReadoutTime": 0.0201302,
    "TrueEchoSpacing": 0.000660007,
    "dataset": "ds001229",
    "modality": "bold",
    "run_id": 3,
    "subject_id": "04",
    "task_id": "wm"
  },
  "dummy_trs": 1,
  "dvars_nstd": 24.29509811652174,
  "dvars_std": 1.0639062658193983,
  "dvars_vstd": 0.9533937891638802,
  "efc": 0.6399771434972572,
  "fber": 998.285888671875,
  "fd_mean": 0.06860859920272384,
  "fd_num": 3,
  "fd_perc": 1.0,
  "fwhm_avg": 1.6490633333333333,
  "fwhm_x": 1.53967,
  "fwhm_y": 1.7779666666666667,
  "fwhm_z": 1.6295533333333332,
  "gcor": 0.0196751,
  "gsr_x": -0.006555145140737295,
  "gsr_y": 0.04333560913801193,
  "provenance": {
    "md5sum": "d0af4c9da9e473af02bab5a69af701ab",
    "settings": {
      "fd_thres": 0.2,
      "testing": false
    },
    "software": "mriqc",
    "version": "22.0.6",
    "webapi_port": null,
    "webapi_url": "https://mriqc.nimh.nih.gov/api/v1"
  },
  "size_t": 300,
  "size_x": 64,
  "size_y": 64,
  "size_z": 36,
  "snr": 6.240191585231417,
  "spacing_tr": 2.0,
  "spacing_x": 3.0,
  "spacing_y": 3.0,
  "spacing_z": 3.0,
  "summary_bg_k": 18.764679174747336,
  "summary_bg_mad": 17.707212929953933,
  "summary_bg_mean": 55.942440032958984,
  "summary_bg_median": 24.010000228881836,
  "summary_bg_n": 68098.0,
  "summary_bg_p05": 9.930000305175781,
  "summary_bg_p95": 219.35783233642562,
  "summary_bg_stdv": 82.28126525878906,
  "summary_fg_k": 3.079805701291548,
  "summary_fg_mad": 117.7679698633324,
  "summary_fg_mean": 805.4937744140625,
  "summary_fg_median": 793.8533325195312,
  "summary_fg_n": 44567.0,
  "summary_fg_p05": 637.5830200195312,
  "summary_fg_p95": 1011.5633666992187,
  "summary_fg_stdv": 127.21475219726562,
  "tsnr": 53.305360223166645
}