{
  "aor": 0.00040219269102990035,
  "aqi": 0.006611146910299003,
  "bids_meta": {
    "AccelFactPE": 2,
    "AcquisitionNumber": 1,
    "AcquisitionTime": "16:47:54.967500",
    "BandwidthPerPixelPhaseEncode": 47.348,
    "BodyPartExamined": "BRAIN",
    "ConversionSoftware": "dcm2niix",
    "ConversionSoftwareVersion": "v1.0.20170724 (OpenJPEG build) GCC6.1.0",
    "DeviceSerialNumber": "45031",
    "EchoTime": 0.03,
    "EchoTrainLength": 31,
    "EffectiveEchoSpacing": 0.000330003,
    "FlipAngle": 71,
    "ImageType": [
      "ORIGINAL",
      "PRIMARY",
      "M",
      "ND",
      "NORM",
      "MOSAIC"
    ],
    "InstitutionAddress": "Washington_and_Faculty_Rd._-_Building_25_25_Princeton_NJ_US_085",
    "InstitutionName": "Princeton_University_-_Neuroscience_Institute",
    "MagneticFieldStrength": 3,
    "Manufacturer": "Siemens",
    "ManufacturersModelName": "Skyra",
    "PhaseEncodingDirection": "j-",
    "PhaseEncodingLines": 64,
    "ProcedureStepDescription": "NormanLab_Jarrod",
    "ProtocolName": "epi_301_3x3x3_2s",
    "RepetitionTime": 2,
    "ScanningSequence": "EP",
    "SequenceName": "_epfid2d1_64",
    "SequenceVariant": "SK",
    "SeriesDescription": "epi_301_3x3x3_2s",
    "SliceTiming": [
      1,
      0,
      1.055,
      0.055,
      1.1125,
      0.1125,
      1.1675,
      0.1675,
      1.2225,
      0.2225,
      1.2775,
      0.2775,
      1.3325,
      0.335,
      1.39,
      0.39,
      1.445,
      0.445,
      1.5,
      0.5,
      1.555,
      0.555,
      1.6125,
      0.6125,
      1.6675,
      0.6675,
      1.7225,
      0.7225,
      1.7775,
      0.7775,
      1.8325,
      0.8325,
      1.89,
      0.89,
      1.945,
      0.945
    ],
    "SoftwareVersions": "syngo_MR_D11",
    "TaskName": "Working Memory",
    "TotalReadoutTime": 0.0201302,
    "TrueEchoSpacing": 0.000660007,
    "dataset": "ds001229",
    "modality": "bold",
    "run_id": 1,
    "subject_id": "04",
    "task_id": "wm"
  },
  "dummy_trs": 0,
  "dvars_nstd": 23.390265642533326,
  "dvars_std": 1.1149612333999996,
  "dvars_vstd": 0.9940346159666675,
  "efc": 0.6351439524782077,
  "fber": 1071.54638671875,
  "fd_mean": 0.05744441087844122,
  "fd_num": 0,
  "fd_perc": 0.0,
  "fwhm_avg": 1.6401933333333334,
  "fwhm_x": 1.5167333333333335,
  "fwhm_y": 1.7600666666666667,
  "fwhm_z": 1.6437799999999998,
  "gcor": 0.0498748,
  "gsr_x": -0.003550757421180606,
  "gsr_y": 0.04467146471142769,
  "provenance": {
    "md5sum": "ec3e1c031acea607629dd347897db62c",
    "settings": {
      "fd_thres": 0.2,
      "testing": false
    },
    "software": "mriqc",
    "version": "22.0.6",
    "webapi_port": null,
    "webapi_url": "https://mriqc.nimh.nih.gov/api/v1"
  },
  "size_t": 301,
  "size_x": 64,
  "size_y": 64,
  "size_z": 36,
  "snr": 6.188820463251876,
  "spacing_tr": 2.0,
  "spacing_x": 3.0,
  "spacing_y": 3.0,
  "spacing_z": 3.0,
  "summary_bg_k": 19.541919106044976,
  "summary_bg_mad": 16.441616272601557,
  "summary_bg_mean": 54.64944076538086,
  "summary_bg_median": 23.372093200683594,
  "summary_bg_n": 68578.0,
  "summary_bg_p05": 10.132889747619629,
  "summary_bg_p95": 218.63005828857362,
  "summary_bg_stdv": 82.06265258789062,
  "summary_fg_k": 3.0026862640554164,
  "summary_fg_mad": 118.30774783167871,
  "summary_fg_mean": 809.2566528320312,
  "summary_fg_median": 797.3953247070312,
  "summary_fg_n": 44197.0,
  "summary_fg_p05": 640.930908203125,
  "summary_fg_p95": 1019.7614379882812,
  "summary_fg_stdv": 128.843017578125,
  "tsnr": 63.388339122757316
}