{
  "aor": 0.00153421926910299,
  "aqi": 0.010395811362126245,
  "bids_meta": {
    "AccelFactPE": 2,
    "AcquisitionNumber": 1,
    "AcquisitionTime": "11:37:33.085000",
    "BandwidthPerPixelPhaseEncode": 47.348,
    "BodyPartExamined": "BRAIN",
    "ConversionSoftware": "dcm2niix",
    "ConversionSoftwareVersion": "v1.0.20170724 (OpenJPEG build) GCC6.1.0",
    "DeviceSerialNumber": "45031",
    "EchoTime": 0.03,
    "EchoTrainLength": 31,
    "EffectiveEchoSpacing": 0.000330003,
    "FlipAngle": 71,
    "ImageType": [
      "ORIGINAL",
      "PRIMARY",
      "M",
      "ND",
      "NORM",
      "MOSAIC"
    ],
    "InstitutionAddress": "Washington_and_Faculty_Rd._-_Building_25_25_Princeton_NJ_US_085",
    "InstitutionName": "Princeton_University_-_Neuroscience_Institute",
    "MagneticFieldStrength": 3,
    "Manufacturer": "Siemens",
    "ManufacturersModelName": "Skyra",
    "PhaseEncodingDirection": "j-",
    "PhaseEncodingLines": 64,
    "ProcedureStepDescription": "NormanLab_Jarrod",
    "ProtocolName": "epi_301_3x3x3_2s",
    "RepetitionTime": 2,
    "ScanningSequence": "EP",
    "SequenceName": "_epfid2d1_64",
    "SequenceVariant": "SK",
    "SeriesDescription": "epi_301_3x3x3_2s",
    "SliceTiming": [
      1,
      0,
      1.0575,
      0.0575,
      1.1125,
      0.1125,
      1.1675,
      0.1675,
      1.2225,
      0.2225,
      1.2775,
      0.28,
      1.335,
      0.335,
      1.39,
      0.39,
      1.445,
      0.445,
      1.5,
      0.5,
      1.5575,
      0.5575,
      1.6125,
      0.6125,
      1.6675,
      0.6675,
      1.7225,
      0.7225,
      1.7775,
      0.7775,
      1.835,
      0.835,
      1.89,
      0.89,
      1.945,
      0.945
    ],
    "SoftwareVersions": "syngo_MR_D11",
    "TaskName": "Episodic Memory",
    "TotalReadoutTime": 0.0201302,
    "TrueEchoSpacing": 0.000660007,
    "dataset": "ds001229",
    "modality": "bold",
    "run_id": 2,
    "subject_id": "13",
    "task_id": "em"
  },
  "dummy_trs": 0,
  "dvars_nstd": 23.549784850899982,
  "dvars_std": 1.1015465537,
  "dvars_vstd": 0.9966575013666669,
  "efc": 0.543555268471514,
  "fber": 1825.062744140625,
  "fd_mean": 0.09455938351818081,
  "fd_num": 12,
  "fd_perc": 3.9867109634551494,
  "fwhm_avg": 1.6564612870573672,
  "fwhm_x": 1.5005133333333334,
  "fwhm_y": 1.8084333333333333,
  "fwhm_z": 1.6604371945054353,
  "gcor": 0.0351701,
  "gsr_x": -0.0034154525492340326,
  "gsr_y": 0.028185348957777023,
  "provenance": {
    "md5sum": "58274daac6b5a7a37669ca56fe63fb39",
    "settings": {
      "fd_thres": 0.2,
      "testing": false
    },
    "software": "mriqc",
    "version": "22.0.6",
    "webapi_port": null,
    "webapi_url": "https://mriqc.nimh.nih.gov/api/v1"
  },
  "size_t": 301,
  "size_x": 64,
  "size_y": 64,
  "size_z": 36,
  "snr": 7.2409939470490485,
  "spacing_tr": 2.0,
  "spacing_x": 3.0,
  "spacing_y": 3.0,
  "spacing_z": 2.9999990463256836,
  "summary_bg_k": 54.24919357794141,
  "summary_bg_mad": 8.265138052354262,
  "summary_bg_mean": 31.36949348449707,
  "summary_bg_median": 17.34551429748535,
  "summary_bg_n": 83185.0,
  "summary_bg_p05": 9.255813598632812,
  "summary_bg_p95": 88.56743621826182,
  "summary_bg_stdv": 49.98821258544922,
  "summary_fg_k": 3.776277145149183,
  "summary_fg_mad": 91.19976344515227,
  "summary_fg_mean": 764.9960327148438,
  "summary_fg_median": 754.9036865234375,
  "summary_fg_n": 31888.0,
  "summary_fg_p05": 628.8152648925782,
  "summary_fg_p95": 931.6177337646484,
  "summary_fg_stdv": 104.25251770019531,
  "tsnr": 61.750662822742015
}