{
  "aor": 0.0005474666666666667,
  "aqi": 0.010809276666666668,
  "bids_meta": {
    "AccelFactPE": 2,
    "AcquisitionNumber": 1,
    "AcquisitionTime": "11:27:2.032500",
    "BandwidthPerPixelPhaseEncode": 47.348,
    "BodyPartExamined": "BRAIN",
    "ConversionSoftware": "dcm2niix",
    "ConversionSoftwareVersion": "v1.0.20170724 (OpenJPEG build) GCC6.1.0",
    "DeviceSerialNumber": "45031",
    "EchoTime": 0.03,
    "EchoTrainLength": 31,
    "EffectiveEchoSpacing": 0.000330003,
    "FlipAngle": 71,
    "ImageType": [
      "ORIGINAL",
      "PRIMARY",
      "M",
      "ND",
      "NORM",
      "MOSAIC"
    ],
    "InstitutionAddress": "Washington_and_Faculty_Rd._-_Building_25_25_Princeton_NJ_US_085",
    "InstitutionName": "Princeton_University_-_Neuroscience_Institute",
    "MagneticFieldStrength": 3,
    "Manufacturer": "Siemens",
    "ManufacturersModelName": "Skyra",
    "PhaseEncodingDirection": "j-",
    "PhaseEncodingLines": 64,
    "ProcedureStepDescription": "NormanLab_Jarrod",
    "ProtocolName": "epi_301_3x3x3_2s",
    "RepetitionTime": 2,
    "ScanningSequence": "EP",
    "SequenceName": "_epfid2d1_64",
    "SequenceVariant": "SK",
    "SeriesDescription": "epi_301_3x3x3_2s",
    "SliceTiming": [
      1,
      0,
      1.055,
      0.055,
      1.11,
      0.11,
      1.165,
      0.165,
      1.22,
      0.2225,
      1.2775,
      0.2775,
      1.3325,
      0.3325,
      1.3875,
      0.3875,
      1.4425,
      0.4425,
      1.4975,
      0.5,
      1.555,
      0.555,
      1.61,
      0.61,
      1.665,
      0.665,
      1.72,
      0.72,
      1.7775,
      0.7775,
      1.8325,
      0.8325,
      1.8875,
      0.8875,
      1.9425,
      0.9425
    ],
    "SoftwareVersions": "syngo_MR_D11",
    "TaskName": "Working Memory",
    "TotalReadoutTime": 0.0201302,
    "TrueEchoSpacing": 0.000660007,
    "dataset": "ds001229",
    "modality": "bold",
    "run_id": 1,
    "subject_id": "13",
    "task_id": "wm"
  },
  "dummy_trs": 1,
  "dvars_nstd": 23.408174565785938,
  "dvars_std": 1.0929069690301005,
  "dvars_vstd": 0.9899093709030099,
  "efc": 0.5436002492595727,
  "fber": 1819.3492431640625,
  "fd_mean": 0.0837301980801208,
  "fd_num": 16,
  "fd_perc": 5.333333333333333,
  "fwhm_avg": 1.651043507250382,
  "fwhm_x": 1.5007066666666666,
  "fwhm_y": 1.8111366666666668,
  "fwhm_z": 1.6412871884178126,
  "gcor": 0.0396371,
  "gsr_x": -0.003764553926885128,
  "gsr_y": 0.028373202309012413,
  "provenance": {
    "md5sum": "435eb2f385960bb875b4bebd02d37f5f",
    "settings": {
      "fd_thres": 0.2,
      "testing": false
    },
    "software": "mriqc",
    "version": "22.0.6",
    "webapi_port": null,
    "webapi_url": "https://mriqc.nimh.nih.gov/api/v1"
  },
  "size_t": 300,
  "size_x": 64,
  "size_y": 64,
  "size_z": 36,
  "snr": 7.233853091514012,
  "spacing_tr": 2.0,
  "spacing_x": 3.0,
  "spacing_y": 3.0,
  "spacing_z": 2.9999990463256836,
  "summary_bg_k": 53.703977171713845,
  "summary_bg_mad": 8.351993722978595,
  "summary_bg_mean": 31.374109268188477,
  "summary_bg_median": 17.39666748046875,
  "summary_bg_n": 83185.0,
  "summary_bg_p05": 9.24666690826416,
  "summary_bg_p95": 88.03266601562501,
  "summary_bg_stdv": 49.896400451660156,
  "summary_fg_k": 3.71924638535007,
  "summary_fg_mad": 90.97493890829455,
  "summary_fg_mean": 765.3929443359375,
  "summary_fg_median": 755.5067138671875,
  "summary_fg_n": 31866.0,
  "summary_fg_p05": 628.0475158691406,
  "summary_fg_p95": 933.2200317382812,
  "summary_fg_stdv": 104.43878936767578,
  "tsnr": 61.16723577375524
}