{
  "bids_meta": {
    "AcquisitionNumber": 1,
    "AcquisitionTime": "11:04:55.262500",
    "BodyPartExamined": "BRAIN",
    "ConversionSoftware": "dcm2niix",
    "ConversionSoftwareVersion": "v1.0.20170724 (OpenJPEG build) GCC6.1.0",
    "DeviceSerialNumber": "45031",
    "EchoTime": 0.00308,
    "FlipAngle": 9,
    "ImageType": [
      "ORIGINAL",
      "PRIMARY",
      "M",
      "ND",
      "NORM"
    ],
    "InstitutionAddress": "Washington_and_Faculty_Rd._-_Building_25_25_Princeton_NJ_US_085",
    "InstitutionName": "Princeton_University_-_Neuroscience_Institute",
    "InversionTime": 0.9,
    "MagneticFieldStrength": 3,
    "Manufacturer": "Siemens",
    "ManufacturersModelName": "Skyra",
    "PhaseEncodingDirection": "i-",
    "PhaseEncodingLines": 256,
    "ProcedureStepDescription": "NormanLab_Jarrod",
    "ProtocolName": "long_mprage_.9x.9x.9",
    "RepetitionTime": 2.3,
    "ScanningSequence": "GR_IR",
    "SequenceName": "_tfl3d1_16ns",
    "SequenceVariant": "SK_SP_MP",
    "SeriesDescription": "long_mprage_.9x.9x.9",
    "SoftwareVersions": "syngo_MR_D11",
    "dataset": "ds001229",
    "modality": "T1w",
    "subject_id": "08"
  },
  "cjv": 0.33912357225718814,
  "cnr": 3.86659495892797,
  "efc": 0.5801878788884041,
  "fber": 5753.595538833647,
  "fwhm_avg": 3.8060022186096667,
  "fwhm_x": 3.8206481103744534,
  "fwhm_y": 3.939677090909091,
  "fwhm_z": 3.657681454545455,
  "icvs_csf": 0.19378121684832358,
  "icvs_gm": 0.44896520671843776,
  "icvs_wm": 0.3572535764332387,
  "inu_med": 0.5718252062797546,
  "inu_range": 0.2314150631427765,
  "provenance": {
    "md5sum": "55b66c6bbb72eded3749b843dbfa3e0b",
    "settings": {
      "testing": false
    },
    "software": "mriqc",
    "version": "22.0.6",
    "warnings": {
      "large_rot_frame": true,
      "small_air_mask": false
    },
    "webapi_port": null,
    "webapi_url": "https://mriqc.nimh.nih.gov/api/v1"
  },
  "qi_1": 0.0,
  "qi_2": 0.004834673516559983,
  "rpve_csf": 18.022559163042473,
  "rpve_gm": 8.405852445005744,
  "rpve_wm": 11.955987355377369,
  "size_x": 192,
  "size_y": 256,
  "size_z": 256,
  "snr_csf": 1.8134643240007284,
  "snr_gm": 9.986644711736684,
  "snr_total": 10.758831348917731,
  "snr_wm": 20.47638501101578,
  "snrd_csf": 13.032254839439574,
  "snrd_gm": 39.77177622851971,
  "snrd_total": 37.247850653955624,
  "snrd_wm": 58.93952089390759,
  "spacing_x": 0.8999965190887451,
  "spacing_y": 0.859375,
  "spacing_z": 0.859375,
  "summary_bg_k": 5.041792951504643,
  "summary_bg_mad": 0.0,
  "summary_bg_mean": 7.349855668579838,
  "summary_bg_median": 0.0,
  "summary_bg_n": 2459774.0,
  "summary_bg_p05": 0.0,
  "summary_bg_p95": 30.186607595533133,
  "summary_bg_stdv": 11.115400644891073,
  "summary_csf_k": 1.6152993060121101,
  "summary_csf_mad": 121.62437306308176,
  "summary_csf_mean": 234.32775509693195,
  "summary_csf_median": 221.11232690885663,
  "summary_csf_n": 58967.0,
  "summary_csf_p05": 66.08122826367617,
  "summary_csf_p95": 454.4456561654806,
  "summary_csf_stdv": 121.92710333069515,
  "summary_gm_k": 0.4217709586801601,
  "summary_gm_mad": 63.3618500168062,
  "summary_gm_mean": 675.6178457307301,
  "summary_gm_median": 674.7895966991782,
  "summary_gm_n": 69355.0,
  "summary_gm_p05": 564.3614976406097,
  "summary_gm_p95": 788.510780222714,
  "summary_gm_stdv": 67.56871315725434,
  "summary_wm_k": 0.37088934155446207,
  "summary_wm_mad": 46.92465776073404,
  "summary_wm_mean": 1000.149398867875,
  "summary_wm_median": 999.9999825283885,
  "summary_wm_n": 364614.0,
  "summary_wm_p05": 920.4902876131237,
  "summary_wm_p95": 1080.2780638188124,
  "summary_wm_stdv": 48.83667750319569,
  "tpm_overlap_csf": 0.15012239873688502,
  "tpm_overlap_gm": 0.4488611499214953,
  "tpm_overlap_wm": 0.4963738765344586,
  "wm2max": 0.5203975216320252
}