{
  "bids_meta": {
    "AcquisitionNumber": 1,
    "AcquisitionTime": "10:32:34.155000",
    "BodyPartExamined": "BRAIN",
    "ConversionSoftware": "dcm2niix",
    "ConversionSoftwareVersion": "v1.0.20170724 (OpenJPEG build) GCC6.1.0",
    "DeviceSerialNumber": "45031",
    "EchoTime": 0.00308,
    "FlipAngle": 9,
    "ImageType": [
      "ORIGINAL",
      "PRIMARY",
      "M",
      "ND",
      "NORM"
    ],
    "InstitutionAddress": "Washington_and_Faculty_Rd._-_Building_25_25_Princeton_NJ_US_085",
    "InstitutionName": "Princeton_University_-_Neuroscience_Institute",
    "InversionTime": 0.9,
    "MagneticFieldStrength": 3,
    "Manufacturer": "Siemens",
    "ManufacturersModelName": "Skyra",
    "PhaseEncodingDirection": "i-",
    "PhaseEncodingLines": 256,
    "ProcedureStepDescription": "NormanLab_Jarrod",
    "ProtocolName": "long_mprage_.9x.9x.9",
    "RepetitionTime": 2.3,
    "ScanningSequence": "GR_IR",
    "SequenceName": "_tfl3d1_16ns",
    "SequenceVariant": "SK_SP_MP",
    "SeriesDescription": "long_mprage_.9x.9x.9",
    "SoftwareVersions": "syngo_MR_D11",
    "dataset": "ds001229",
    "modality": "T1w",
    "subject_id": "17"
  },
  "cjv": 0.45118859698749514,
  "cnr": 2.973521535258891,
  "efc": 0.5498977755281422,
  "fber": 3805.7896973508055,
  "fwhm_avg": 3.889676258251683,
  "fwhm_x": 3.8232804111186844,
  "fwhm_y": 4.122856727272727,
  "fwhm_z": 3.722891636363636,
  "icvs_csf": 0.1997339509715504,
  "icvs_gm": 0.4169568043664133,
  "icvs_wm": 0.3833092446620363,
  "inu_med": 0.7655720114707947,
  "inu_range": 0.3861217081546783,
  "provenance": {
    "md5sum": "8a04139a9c92bbb1d02d8ac87cfaa9cd",
    "settings": {
      "testing": false
    },
    "software": "mriqc",
    "version": "22.0.6",
    "warnings": {
      "large_rot_frame": true,
      "small_air_mask": false
    },
    "webapi_port": null,
    "webapi_url": "https://mriqc.nimh.nih.gov/api/v1"
  },
  "qi_1": 9.027263394367518e-05,
  "qi_2": 0.0025727206496104064,
  "rpve_csf": 20.413571347922062,
  "rpve_gm": 9.77492692432608,
  "rpve_wm": 12.161738999588643,
  "size_x": 192,
  "size_y": 256,
  "size_z": 256,
  "snr_csf": 1.8457533503720849,
  "snr_gm": 9.23434066096712,
  "snr_total": 8.173882386938,
  "snr_wm": 13.441553149474796,
  "snrd_csf": 9.42110462117671,
  "snrd_gm": 27.53896103060398,
  "snrd_total": 25.738871454115287,
  "snrd_wm": 40.256548710565184,
  "spacing_x": 0.8999993801116943,
  "spacing_y": 0.859375,
  "spacing_z": 0.859375,
  "summary_bg_k": 24.093323309355906,
  "summary_bg_mad": 0.0,
  "summary_bg_mean": 9.806943952426156,
  "summary_bg_median": 0.0,
  "summary_bg_n": 3511006.0,
  "summary_bg_p05": 0.0,
  "summary_bg_p95": 39.99401228874922,
  "summary_bg_stdv": 16.275858811656196,
  "summary_csf_k": 0.6237765289820913,
  "summary_csf_mad": 124.69189439321542,
  "summary_csf_mean": 248.0269515324245,
  "summary_csf_median": 234.05289137363434,
  "summary_csf_n": 49369.0,
  "summary_csf_p05": 63.728531835973264,
  "summary_csf_p95": 476.23178786337365,
  "summary_csf_stdv": 126.80487393970184,
  "summary_gm_k": 0.036026147865309,
  "summary_gm_mad": 73.32859625793185,
  "summary_gm_mean": 682.8970975492658,
  "summary_gm_median": 684.1632392182946,
  "summary_gm_n": 34832.0,
  "summary_gm_p05": 557.3721188753843,
  "summary_gm_p95": 802.4411345880477,
  "summary_gm_stdv": 74.08795531431797,
  "summary_wm_k": 0.8190961264823153,
  "summary_wm_mad": 69.22396984107333,
  "summary_wm_mean": 1006.1906308325839,
  "summary_wm_median": 1000.1121950447559,
  "summary_wm_n": 291050.0,
  "summary_wm_p05": 895.8228508394212,
  "summary_wm_p95": 1138.3515546396375,
  "summary_wm_stdv": 74.40438361631834,
  "tpm_overlap_csf": 0.14874095624588915,
  "tpm_overlap_gm": 0.44467349192779837,
  "tpm_overlap_wm": 0.48822882823321545,
  "wm2max": 0.4644314798474385
}