{
  "aor": 0.001926910299003323,
  "aqi": 0.02858691760797342,
  "bids_meta": {
    "AccelFactPE": 2,
    "AcquisitionNumber": 1,
    "AcquisitionTime": "09:28:58.985000",
    "BandwidthPerPixelPhaseEncode": 47.348,
    "BodyPartExamined": "BRAIN",
    "ConversionSoftware": "dcm2niix",
    "ConversionSoftwareVersion": "v1.0.20170724 (OpenJPEG build) GCC6.1.0",
    "DeviceSerialNumber": "45031",
    "EchoTime": 0.03,
    "EchoTrainLength": 31,
    "EffectiveEchoSpacing": 0.000330003,
    "FlipAngle": 71,
    "ImageType": [
      "ORIGINAL",
      "PRIMARY",
      "M",
      "ND",
      "NORM",
      "MOSAIC"
    ],
    "InstitutionAddress": "Washington_and_Faculty_Rd._-_Building_25_25_Princeton_NJ_US_085",
    "InstitutionName": "Princeton_University_-_Neuroscience_Institute",
    "MagneticFieldStrength": 3,
    "Manufacturer": "Siemens",
    "ManufacturersModelName": "Skyra",
    "PhaseEncodingDirection": "j-",
    "PhaseEncodingLines": 64,
    "ProcedureStepDescription": "NormanLab_Jarrod",
    "ProtocolName": "epi_301_3x3x3_2s",
    "RepetitionTime": 2,
    "ScanningSequence": "EP",
    "SequenceName": "_epfid2d1_64",
    "SequenceVariant": "SK",
    "SeriesDescription": "epi_301_3x3x3_2s",
    "SliceTiming": [
      1,
      0,
      1.055,
      0.055,
      1.11,
      0.11,
      1.165,
      0.165,
      1.22,
      0.2225,
      1.2775,
      0.2775,
      1.3325,
      0.3325,
      1.3875,
      0.3875,
      1.4425,
      0.4425,
      1.5,
      0.5,
      1.555,
      0.555,
      1.61,
      0.61,
      1.665,
      0.665,
      1.72,
      0.7225,
      1.7775,
      0.7775,
      1.8325,
      0.8325,
      1.8875,
      0.8875,
      1.9425,
      0.9425
    ],
    "SoftwareVersions": "syngo_MR_D11",
    "TaskName": "Episodic Memory",
    "TotalReadoutTime": 0.0201302,
    "TrueEchoSpacing": 0.000660007,
    "dataset": "ds001229",
    "modality": "bold",
    "run_id": 2,
    "subject_id": "18",
    "task_id": "em"
  },
  "dummy_trs": 0,
  "dvars_nstd": 24.8813639831,
  "dvars_std": 0.9548203178333335,
  "dvars_vstd": 0.8971681754666658,
  "efc": 0.5682198051522157,
  "fber": 1599.8746337890625,
  "fd_mean": 0.137016456471031,
  "fd_num": 37,
  "fd_perc": 12.29235880398671,
  "fwhm_avg": 1.8342031001181116,
  "fwhm_x": 1.7960200000000002,
  "fwhm_y": 1.9458733333333333,
  "fwhm_z": 1.7607159670210015,
  "gcor": 0.0334547,
  "gsr_x": 0.021563807502388954,
  "gsr_y": 0.019093312323093414,
  "provenance": {
    "md5sum": "2be59e363d98be3ed54f7a0d1dc189b1",
    "settings": {
      "fd_thres": 0.2,
      "testing": false
    },
    "software": "mriqc",
    "version": "22.0.6",
    "webapi_port": null,
    "webapi_url": "https://mriqc.nimh.nih.gov/api/v1"
  },
  "size_t": 301,
  "size_x": 64,
  "size_y": 64,
  "size_z": 36,
  "snr": 6.266887441697289,
  "spacing_tr": 2.0,
  "spacing_x": 3.0,
  "spacing_y": 3.0,
  "spacing_z": 3.0000011920928955,
  "summary_bg_k": 28.354789644907296,
  "summary_bg_mad": 10.934806416529712,
  "summary_bg_mean": 40.3198127746582,
  "summary_bg_median": 18.32225799560547,
  "summary_bg_n": 80506.0,
  "summary_bg_p05": 8.44186019897461,
  "summary_bg_p95": 151.7250862121582,
  "summary_bg_stdv": 66.80313873291016,
  "summary_fg_k": 3.512698284892415,
  "summary_fg_mad": 100.28251185066034,
  "summary_fg_mean": 747.454833984375,
  "summary_fg_median": 732.43017578125,
  "summary_fg_n": 34836.0,
  "summary_fg_p05": 596.4136047363281,
  "summary_fg_p95": 939.3213958740234,
  "summary_fg_stdv": 116.8713607788086,
  "tsnr": 43.548122054024134
}