{
  "aor": 0.00944654485049834,
  "aqi": 0.0315582145847176,
  "bids_meta": {
    "AccelFactPE": 2,
    "AcquisitionNumber": 1,
    "AcquisitionTime": "09:06:28.920000",
    "BandwidthPerPixelPhaseEncode": 47.348,
    "BodyPartExamined": "BRAIN",
    "ConversionSoftware": "dcm2niix",
    "ConversionSoftwareVersion": "v1.0.20170724 (OpenJPEG build) GCC6.1.0",
    "DeviceSerialNumber": "45031",
    "EchoTime": 0.03,
    "EchoTrainLength": 31,
    "EffectiveEchoSpacing": 0.000330003,
    "FlipAngle": 71,
    "ImageType": [
      "ORIGINAL",
      "PRIMARY",
      "M",
      "ND",
      "NORM",
      "MOSAIC"
    ],
    "InstitutionAddress": "Washington_and_Faculty_Rd._-_Building_25_25_Princeton_NJ_US_085",
    "InstitutionName": "Princeton_University_-_Neuroscience_Institute",
    "MagneticFieldStrength": 3,
    "Manufacturer": "Siemens",
    "ManufacturersModelName": "Skyra",
    "PhaseEncodingDirection": "j-",
    "PhaseEncodingLines": 64,
    "ProcedureStepDescription": "NormanLab_Jarrod",
    "ProtocolName": "epi_301_3x3x3_2s",
    "RepetitionTime": 2,
    "ScanningSequence": "EP",
    "SequenceName": "_epfid2d1_64",
    "SequenceVariant": "SK",
    "SeriesDescription": "epi_301_3x3x3_2s",
    "SliceTiming": [
      1,
      0,
      1.055,
      0.055,
      1.11,
      0.11,
      1.165,
      0.165,
      1.22,
      0.2225,
      1.2775,
      0.2775,
      1.3325,
      0.3325,
      1.3875,
      0.3875,
      1.4425,
      0.4425,
      1.5,
      0.5,
      1.555,
      0.555,
      1.61,
      0.61,
      1.665,
      0.665,
      1.72,
      0.72,
      1.7775,
      0.7775,
      1.8325,
      0.8325,
      1.8875,
      0.8875,
      1.9425,
      0.9425
    ],
    "SoftwareVersions": "syngo_MR_D11",
    "TaskName": "Episodic Memory",
    "TotalReadoutTime": 0.0201302,
    "TrueEchoSpacing": 0.000660007,
    "dataset": "ds001229",
    "modality": "bold",
    "run_id": 1,
    "subject_id": "18",
    "task_id": "em"
  },
  "dummy_trs": 0,
  "dvars_nstd": 27.829241631666683,
  "dvars_std": 1.1017998716666662,
  "dvars_vstd": 0.9973555971333333,
  "efc": 0.5696900679181932,
  "fber": 1510.9339599609375,
  "fd_mean": 0.21505046617531112,
  "fd_num": 77,
  "fd_perc": 25.58139534883721,
  "fwhm_avg": 1.8347375357534348,
  "fwhm_x": 1.7703466666666667,
  "fwhm_y": 1.9066433333333332,
  "fwhm_z": 1.827222607260304,
  "gcor": 0.0604454,
  "gsr_x": 0.019251175224781036,
  "gsr_y": 0.01981811597943306,
  "provenance": {
    "md5sum": "7a83d4918cc78cd0d4dfa0699b6397f8",
    "settings": {
      "fd_thres": 0.2,
      "testing": false
    },
    "software": "mriqc",
    "version": "22.0.6",
    "webapi_port": null,
    "webapi_url": "https://mriqc.nimh.nih.gov/api/v1"
  },
  "size_t": 301,
  "size_x": 64,
  "size_y": 64,
  "size_z": 36,
  "snr": 6.34484387137761,
  "spacing_tr": 2.0,
  "spacing_x": 3.0,
  "spacing_y": 3.0,
  "spacing_z": 3.0000011920928955,
  "summary_bg_k": 30.182927376210536,
  "summary_bg_mad": 11.259896238041005,
  "summary_bg_mean": 40.68877410888672,
  "summary_bg_median": 18.754152297973633,
  "summary_bg_n": 80429.0,
  "summary_bg_p05": 8.578072547912598,
  "summary_bg_p95": 150.84118957519496,
  "summary_bg_stdv": 67.1060791015625,
  "summary_fg_k": 3.5116787907092046,
  "summary_fg_mad": 99.03391899110588,
  "summary_fg_mean": 748.5316772460938,
  "summary_fg_median": 733.9833984375,
  "summary_fg_n": 34945.0,
  "summary_fg_p05": 599.70830078125,
  "summary_fg_p95": 937.1395263671875,
  "summary_fg_stdv": 115.68021392822266,
  "tsnr": 40.10374843957834
}