{
  "aor": 0.004852591362126246,
  "aqi": 0.02795765647840532,
  "bids_meta": {
    "AccelFactPE": 2,
    "AcquisitionNumber": 1,
    "AcquisitionTime": "08:55:27.577500",
    "BandwidthPerPixelPhaseEncode": 47.348,
    "BodyPartExamined": "BRAIN",
    "ConversionSoftware": "dcm2niix",
    "ConversionSoftwareVersion": "v1.0.20170724 (OpenJPEG build) GCC6.1.0",
    "DeviceSerialNumber": "45031",
    "EchoTime": 0.03,
    "EchoTrainLength": 31,
    "EffectiveEchoSpacing": 0.000330003,
    "FlipAngle": 71,
    "ImageType": [
      "ORIGINAL",
      "PRIMARY",
      "M",
      "ND",
      "NORM",
      "MOSAIC"
    ],
    "InstitutionAddress": "Washington_and_Faculty_Rd._-_Building_25_25_Princeton_NJ_US_085",
    "InstitutionName": "Princeton_University_-_Neuroscience_Institute",
    "MagneticFieldStrength": 3,
    "Manufacturer": "Siemens",
    "ManufacturersModelName": "Skyra",
    "PhaseEncodingDirection": "j-",
    "PhaseEncodingLines": 64,
    "ProcedureStepDescription": "NormanLab_Jarrod",
    "ProtocolName": "epi_301_3x3x3_2s",
    "RepetitionTime": 2,
    "ScanningSequence": "EP",
    "SequenceName": "_epfid2d1_64",
    "SequenceVariant": "SK",
    "SeriesDescription": "epi_301_3x3x3_2s",
    "SliceTiming": [
      1,
      0,
      1.055,
      0.055,
      1.11,
      0.11,
      1.165,
      0.165,
      1.22,
      0.22,
      1.2775,
      0.2775,
      1.3325,
      0.3325,
      1.3875,
      0.3875,
      1.4425,
      0.4425,
      1.4975,
      0.5,
      1.555,
      0.555,
      1.61,
      0.61,
      1.665,
      0.665,
      1.72,
      0.72,
      1.7775,
      0.7775,
      1.8325,
      0.8325,
      1.8875,
      0.8875,
      1.9425,
      0.9425
    ],
    "SoftwareVersions": "syngo_MR_D11",
    "TaskName": "Working Memory",
    "TotalReadoutTime": 0.0201302,
    "TrueEchoSpacing": 0.000660007,
    "dataset": "ds001229",
    "modality": "bold",
    "run_id": 1,
    "subject_id": "18",
    "task_id": "wm"
  },
  "dummy_trs": 0,
  "dvars_nstd": 27.904260590833335,
  "dvars_std": 0.982787558099999,
  "dvars_vstd": 0.9245571057,
  "efc": 0.5666093113070764,
  "fber": 1615.7264404296875,
  "fd_mean": 0.18844514186909442,
  "fd_num": 60,
  "fd_perc": 19.93355481727575,
  "fwhm_avg": 1.8307153208378557,
  "fwhm_x": 1.7780866666666666,
  "fwhm_y": 1.942,
  "fwhm_z": 1.772059295846901,
  "gcor": 0.0726328,
  "gsr_x": 0.018727995455265045,
  "gsr_y": 0.021526336669921875,
  "provenance": {
    "md5sum": "d98a1c8260613289b84e1a8e509fed6c",
    "settings": {
      "fd_thres": 0.2,
      "testing": false
    },
    "software": "mriqc",
    "version": "22.0.6",
    "webapi_port": null,
    "webapi_url": "https://mriqc.nimh.nih.gov/api/v1"
  },
  "size_t": 301,
  "size_x": 64,
  "size_y": 64,
  "size_z": 36,
  "snr": 6.255404720454732,
  "spacing_tr": 2.0,
  "spacing_x": 3.0,
  "spacing_y": 3.0,
  "spacing_z": 3.0000011920928955,
  "summary_bg_k": 34.92187917108214,
  "summary_bg_mad": 11.048095315146067,
  "summary_bg_mean": 39.579490661621094,
  "summary_bg_median": 18.23587989807129,
  "summary_bg_n": 80656.0,
  "summary_bg_p05": 8.302325248718262,
  "summary_bg_p95": 146.01162719726562,
  "summary_bg_stdv": 66.12946319580078,
  "summary_fg_k": 3.5795180082049463,
  "summary_fg_mad": 100.39824965812304,
  "summary_fg_mean": 749.40966796875,
  "summary_fg_median": 734.3953247070312,
  "summary_fg_n": 34765.0,
  "summary_fg_p05": 599.1116088867187,
  "summary_fg_p95": 941.5102661132812,
  "summary_fg_stdv": 117.40003967285156,
  "tsnr": 39.71252131968504
}