{
  "aor": 0.00886345514950166,
  "aqi": 0.03144850166112957,
  "bids_meta": {
    "AccelFactPE": 2,
    "AcquisitionNumber": 1,
    "AcquisitionTime": "09:17:39.245000",
    "BandwidthPerPixelPhaseEncode": 47.348,
    "BodyPartExamined": "BRAIN",
    "ConversionSoftware": "dcm2niix",
    "ConversionSoftwareVersion": "v1.0.20170724 (OpenJPEG build) GCC6.1.0",
    "DeviceSerialNumber": "45031",
    "EchoTime": 0.03,
    "EchoTrainLength": 31,
    "EffectiveEchoSpacing": 0.000330003,
    "FlipAngle": 71,
    "ImageType": [
      "ORIGINAL",
      "PRIMARY",
      "M",
      "ND",
      "NORM",
      "MOSAIC"
    ],
    "InstitutionAddress": "Washington_and_Faculty_Rd._-_Building_25_25_Princeton_NJ_US_085",
    "InstitutionName": "Princeton_University_-_Neuroscience_Institute",
    "MagneticFieldStrength": 3,
    "Manufacturer": "Siemens",
    "ManufacturersModelName": "Skyra",
    "PhaseEncodingDirection": "j-",
    "PhaseEncodingLines": 64,
    "ProcedureStepDescription": "NormanLab_Jarrod",
    "ProtocolName": "epi_301_3x3x3_2s",
    "RepetitionTime": 2,
    "ScanningSequence": "EP",
    "SequenceName": "_epfid2d1_64",
    "SequenceVariant": "SK",
    "SeriesDescription": "epi_301_3x3x3_2s",
    "SliceTiming": [
      1,
      0,
      1.055,
      0.055,
      1.11,
      0.11,
      1.165,
      0.1675,
      1.2225,
      0.2225,
      1.2775,
      0.2775,
      1.3325,
      0.3325,
      1.3875,
      0.3875,
      1.445,
      0.445,
      1.5,
      0.5,
      1.555,
      0.555,
      1.61,
      0.61,
      1.665,
      0.6675,
      1.7225,
      0.7225,
      1.7775,
      0.7775,
      1.8325,
      0.8325,
      1.8875,
      0.8875,
      1.945,
      0.945
    ],
    "SoftwareVersions": "syngo_MR_D11",
    "TaskName": "Working Memory",
    "TotalReadoutTime": 0.0201302,
    "TrueEchoSpacing": 0.000660007,
    "dataset": "ds001229",
    "modality": "bold",
    "run_id": 2,
    "subject_id": "18",
    "task_id": "wm"
  },
  "dummy_trs": 0,
  "dvars_nstd": 29.767884928366637,
  "dvars_std": 1.001000670799999,
  "dvars_vstd": 0.9443702056666664,
  "efc": 0.5706331686692493,
  "fber": 1428.4034423828125,
  "fd_mean": 0.23325026302003485,
  "fd_num": 63,
  "fd_perc": 20.930232558139537,
  "fwhm_avg": 1.8426664297228446,
  "fwhm_x": 1.7949066666666667,
  "fwhm_y": 1.9442266666666665,
  "fwhm_z": 1.788865955835201,
  "gcor": 0.076907,
  "gsr_x": 0.016820024698972702,
  "gsr_y": 0.021207468584179878,
  "provenance": {
    "md5sum": "181485d2af4ebe9ef8fa0654d972c281",
    "settings": {
      "fd_thres": 0.2,
      "testing": false
    },
    "software": "mriqc",
    "version": "22.0.6",
    "webapi_port": null,
    "webapi_url": "https://mriqc.nimh.nih.gov/api/v1"
  },
  "size_t": 301,
  "size_x": 64,
  "size_y": 64,
  "size_z": 36,
  "snr": 6.32646246745112,
  "spacing_tr": 2.0,
  "spacing_x": 3.0,
  "spacing_y": 3.0,
  "spacing_z": 3.0000011920928955,
  "summary_bg_k": 30.426465428322103,
  "summary_bg_mad": 12.309045832504768,
  "summary_bg_mean": 41.464351654052734,
  "summary_bg_median": 19.3853816986084,
  "summary_bg_n": 80318.0,
  "summary_bg_p05": 8.495016098022461,
  "summary_bg_p95": 155.12358551025375,
  "summary_bg_stdv": 67.29446411132812,
  "summary_fg_k": 3.485432968867718,
  "summary_fg_mad": 98.62259279578012,
  "summary_fg_mean": 746.92919921875,
  "summary_fg_median": 732.6810302734375,
  "summary_fg_n": 34786.0,
  "summary_fg_p05": 597.81396484375,
  "summary_fg_p95": 936.2873382568359,
  "summary_fg_stdv": 115.81045532226562,
  "tsnr": 37.074183034710586
}