{
  "aor": 0.00418906976744186,
  "aqi": 0.014114158671096345,
  "bids_meta": {
    "AccelFactPE": 2,
    "AcquisitionNumber": 1,
    "AcquisitionTime": "18:11:4.350000",
    "BandwidthPerPixelPhaseEncode": 47.348,
    "BodyPartExamined": "BRAIN",
    "ConversionSoftware": "dcm2niix",
    "ConversionSoftwareVersion": "v1.0.20170724 (OpenJPEG build) GCC6.1.0",
    "DeviceSerialNumber": "45031",
    "EchoTime": 0.03,
    "EchoTrainLength": 31,
    "EffectiveEchoSpacing": 0.000330003,
    "FlipAngle": 71,
    "ImageType": [
      "ORIGINAL",
      "PRIMARY",
      "M",
      "ND",
      "NORM",
      "MOSAIC"
    ],
    "InstitutionAddress": "Washington_and_Faculty_Rd._-_Building_25_25_Princeton_NJ_US_085",
    "InstitutionName": "Princeton_University_-_Neuroscience_Institute",
    "MagneticFieldStrength": 3,
    "Manufacturer": "Siemens",
    "ManufacturersModelName": "Skyra",
    "PhaseEncodingDirection": "j-",
    "PhaseEncodingLines": 64,
    "ProcedureStepDescription": "NormanLab_Jarrod",
    "ProtocolName": "epi_301_3x3x3_2s",
    "RepetitionTime": 2,
    "ScanningSequence": "EP",
    "SequenceName": "_epfid2d1_64",
    "SequenceVariant": "SK",
    "SeriesDescription": "epi_301_3x3x3_2s",
    "SliceTiming": [
      1,
      0,
      1.0575,
      0.0575,
      1.1125,
      0.1125,
      1.1675,
      0.1675,
      1.2225,
      0.2225,
      1.2775,
      0.2775,
      1.335,
      0.335,
      1.39,
      0.39,
      1.445,
      0.445,
      1.5,
      0.5,
      1.555,
      0.5575,
      1.6125,
      0.6125,
      1.6675,
      0.6675,
      1.7225,
      0.7225,
      1.7775,
      0.7775,
      1.835,
      0.835,
      1.89,
      0.89,
      1.945,
      0.945
    ],
    "SoftwareVersions": "syngo_MR_D11",
    "TaskName": "Episodic Memory",
    "TotalReadoutTime": 0.0201302,
    "TrueEchoSpacing": 0.000660007,
    "dataset": "ds001229",
    "modality": "bold",
    "run_id": 1,
    "subject_id": "15",
    "task_id": "em"
  },
  "dummy_trs": 0,
  "dvars_nstd": 33.32224175743334,
  "dvars_std": 1.179532056933333,
  "dvars_vstd": 1.0093595122,
  "efc": 0.5755756063766363,
  "fber": 1694.6971435546875,
  "fd_mean": 0.22215936135640366,
  "fd_num": 103,
  "fd_perc": 34.21926910299003,
  "fwhm_avg": 1.7360263890341916,
  "fwhm_x": 1.6169866666666666,
  "fwhm_y": 1.8443800000000001,
  "fwhm_z": 1.7467125004359085,
  "gcor": 0.0347713,
  "gsr_x": 0.019618093967437744,
  "gsr_y": 0.020701197907328606,
  "provenance": {
    "md5sum": "5823201479e5837117f7af13d215d3da",
    "settings": {
      "fd_thres": 0.2,
      "testing": false
    },
    "software": "mriqc",
    "version": "22.0.6",
    "webapi_port": null,
    "webapi_url": "https://mriqc.nimh.nih.gov/api/v1"
  },
  "size_t": 301,
  "size_x": 64,
  "size_y": 64,
  "size_z": 36,
  "snr": 5.527286502481448,
  "spacing_tr": 2.0,
  "spacing_x": 3.0,
  "spacing_y": 3.0,
  "spacing_z": 3.0000014305114746,
  "summary_bg_k": 30.867319254349503,
  "summary_bg_mad": 9.466982486281537,
  "summary_bg_mean": 35.05618667602539,
  "summary_bg_median": 17.189369201660156,
  "summary_bg_n": 77348.0,
  "summary_bg_p05": 8.568105697631836,
  "summary_bg_p95": 117.02973098754877,
  "summary_bg_stdv": 58.670902252197266,
  "summary_fg_k": 3.0073203914036792,
  "summary_fg_mad": 119.65981698742831,
  "summary_fg_mean": 738.0653686523438,
  "summary_fg_median": 724.97509765625,
  "summary_fg_n": 36166.0,
  "summary_fg_p05": 569.1627807617188,
  "summary_fg_p95": 947.5132904052734,
  "summary_fg_stdv": 131.16111755371094,
  "tsnr": 45.48525530938059
}