{
  "aor": 0.0075690365448504975,
  "aqi": 0.025694673986710964,
  "bids_meta": {
    "AccelFactPE": 2,
    "AcquisitionNumber": 1,
    "AcquisitionTime": "18:32:22.825000",
    "BandwidthPerPixelPhaseEncode": 47.348,
    "BodyPartExamined": "BRAIN",
    "ConversionSoftware": "dcm2niix",
    "ConversionSoftwareVersion": "v1.0.20170724 (OpenJPEG build) GCC6.1.0",
    "DeviceSerialNumber": "45031",
    "EchoTime": 0.03,
    "EchoTrainLength": 31,
    "EffectiveEchoSpacing": 0.000330003,
    "FlipAngle": 71,
    "ImageType": [
      "ORIGINAL",
      "PRIMARY",
      "M",
      "ND",
      "NORM",
      "MOSAIC"
    ],
    "InstitutionAddress": "Washington_and_Faculty_Rd._-_Building_25_25_Princeton_NJ_US_085",
    "InstitutionName": "Princeton_University_-_Neuroscience_Institute",
    "MagneticFieldStrength": 3,
    "Manufacturer": "Siemens",
    "ManufacturersModelName": "Skyra",
    "PhaseEncodingDirection": "j-",
    "PhaseEncodingLines": 64,
    "ProcedureStepDescription": "NormanLab_Jarrod",
    "ProtocolName": "epi_301_3x3x3_2s",
    "RepetitionTime": 2,
    "ScanningSequence": "EP",
    "SequenceName": "_epfid2d1_64",
    "SequenceVariant": "SK",
    "SeriesDescription": "epi_301_3x3x3_2s",
    "SliceTiming": [
      1,
      0,
      1.055,
      0.055,
      1.11,
      0.11,
      1.165,
      0.1675,
      1.2225,
      0.2225,
      1.2775,
      0.2775,
      1.3325,
      0.3325,
      1.3875,
      0.3875,
      1.445,
      0.445,
      1.5,
      0.5,
      1.555,
      0.555,
      1.61,
      0.61,
      1.665,
      0.6675,
      1.7225,
      0.7225,
      1.7775,
      0.7775,
      1.8325,
      0.8325,
      1.8875,
      0.8875,
      1.9425,
      0.945
    ],
    "SoftwareVersions": "syngo_MR_D11",
    "TaskName": "Episodic Memory",
    "TotalReadoutTime": 0.0201302,
    "TrueEchoSpacing": 0.000660007,
    "dataset": "ds001229",
    "modality": "bold",
    "run_id": 2,
    "subject_id": "15",
    "task_id": "em"
  },
  "dummy_trs": 0,
  "dvars_nstd": 35.0639451982,
  "dvars_std": 1.0437153609666678,
  "dvars_vstd": 0.9533596960333334,
  "efc": 0.57085021966911,
  "fber": 1753.0477294921875,
  "fd_mean": 0.3279001157194493,
  "fd_num": 103,
  "fd_perc": 34.21926910299003,
  "fwhm_avg": 1.727175279030402,
  "fwhm_x": 1.6024033333333334,
  "fwhm_y": 1.8393766666666667,
  "fwhm_z": 1.7397458370912058,
  "gcor": 0.0423711,
  "gsr_x": 0.02437566965818405,
  "gsr_y": 0.021321743726730347,
  "provenance": {
    "md5sum": "9d9b1166c7030e84fa4ab913db4a81b0",
    "settings": {
      "fd_thres": 0.2,
      "testing": false
    },
    "software": "mriqc",
    "version": "22.0.6",
    "webapi_port": null,
    "webapi_url": "https://mriqc.nimh.nih.gov/api/v1"
  },
  "size_t": 301,
  "size_x": 64,
  "size_y": 64,
  "size_z": 36,
  "snr": 5.643091751489557,
  "spacing_tr": 2.0,
  "spacing_x": 3.0,
  "spacing_y": 3.0,
  "spacing_z": 3.0000014305114746,
  "summary_bg_k": 26.737690385065118,
  "summary_bg_mad": 9.191149383869364,
  "summary_bg_mean": 36.93082809448242,
  "summary_bg_median": 17.073089599609375,
  "summary_bg_n": 78733.0,
  "summary_bg_p05": 8.667774200439453,
  "summary_bg_p95": 125.67308654785148,
  "summary_bg_stdv": 65.33563232421875,
  "summary_fg_k": 3.0206013005830767,
  "summary_fg_mad": 117.10345024714613,
  "summary_fg_mean": 738.2200927734375,
  "summary_fg_median": 724.2657470703125,
  "summary_fg_n": 35538.0,
  "summary_fg_p05": 573.5257080078125,
  "summary_fg_p95": 945.2554351806641,
  "summary_fg_stdv": 128.34375,
  "tsnr": 34.893880021059886
}