{
  "aor": 0.0056604651162790705,
  "aqi": 0.01308326245847176,
  "bids_meta": {
    "AccelFactPE": 2,
    "AcquisitionNumber": 1,
    "AcquisitionTime": "18:53:36.827500",
    "BandwidthPerPixelPhaseEncode": 47.348,
    "BodyPartExamined": "BRAIN",
    "ConversionSoftware": "dcm2niix",
    "ConversionSoftwareVersion": "v1.0.20170724 (OpenJPEG build) GCC6.1.0",
    "DeviceSerialNumber": "45031",
    "EchoTime": 0.03,
    "EchoTrainLength": 31,
    "EffectiveEchoSpacing": 0.000330003,
    "FlipAngle": 71,
    "ImageType": [
      "ORIGINAL",
      "PRIMARY",
      "M",
      "ND",
      "NORM",
      "MOSAIC"
    ],
    "InstitutionAddress": "Washington_and_Faculty_Rd._-_Building_25_25_Princeton_NJ_US_085",
    "InstitutionName": "Princeton_University_-_Neuroscience_Institute",
    "MagneticFieldStrength": 3,
    "Manufacturer": "Siemens",
    "ManufacturersModelName": "Skyra",
    "PhaseEncodingDirection": "j-",
    "PhaseEncodingLines": 64,
    "ProcedureStepDescription": "NormanLab_Jarrod",
    "ProtocolName": "epi_301_3x3x3_2s",
    "RepetitionTime": 2,
    "ScanningSequence": "EP",
    "SequenceName": "_epfid2d1_64",
    "SequenceVariant": "SK",
    "SeriesDescription": "epi_301_3x3x3_2s",
    "SliceTiming": [
      1,
      0,
      1.055,
      0.055,
      1.11,
      0.11,
      1.165,
      0.165,
      1.22,
      0.22,
      1.2775,
      0.2775,
      1.3325,
      0.3325,
      1.3875,
      0.3875,
      1.4425,
      0.4425,
      1.4975,
      0.5,
      1.555,
      0.555,
      1.61,
      0.61,
      1.665,
      0.665,
      1.72,
      0.72,
      1.7775,
      0.7775,
      1.8325,
      0.8325,
      1.8875,
      0.8875,
      1.9425,
      0.9425
    ],
    "SoftwareVersions": "syngo_MR_D11",
    "TaskName": "Episodic Memory",
    "TotalReadoutTime": 0.0201302,
    "TrueEchoSpacing": 0.000660007,
    "dataset": "ds001229",
    "modality": "bold",
    "run_id": 3,
    "subject_id": "15",
    "task_id": "em"
  },
  "dummy_trs": 0,
  "dvars_nstd": 31.749624144099993,
  "dvars_std": 1.1664572559666666,
  "dvars_vstd": 1.0257484755333333,
  "efc": 0.5636031843407555,
  "fber": 1901.9017333984375,
  "fd_mean": 0.26105106242152115,
  "fd_num": 119,
  "fd_perc": 39.53488372093023,
  "fwhm_avg": 1.739057501550912,
  "fwhm_x": 1.6144466666666668,
  "fwhm_y": 1.8648566666666666,
  "fwhm_z": 1.737869171319403,
  "gcor": 0.037731,
  "gsr_x": 0.025532124564051628,
  "gsr_y": 0.024779561907052994,
  "provenance": {
    "md5sum": "41bf3e3c07b29ed0c95c1a3ae75ca611",
    "settings": {
      "fd_thres": 0.2,
      "testing": false
    },
    "software": "mriqc",
    "version": "22.0.6",
    "webapi_port": null,
    "webapi_url": "https://mriqc.nimh.nih.gov/api/v1"
  },
  "size_t": 301,
  "size_x": 64,
  "size_y": 64,
  "size_z": 36,
  "snr": 5.564018373107039,
  "spacing_tr": 2.0,
  "spacing_x": 3.0,
  "spacing_y": 3.0,
  "spacing_z": 3.0000014305114746,
  "summary_bg_k": 33.78089462062628,
  "summary_bg_mad": 8.944868616213075,
  "summary_bg_mean": 32.97694396972656,
  "summary_bg_median": 16.34883689880371,
  "summary_bg_n": 79101.0,
  "summary_bg_p05": 7.940199375152588,
  "summary_bg_p95": 110.58139038085938,
  "summary_bg_stdv": 54.50742721557617,
  "summary_fg_k": 2.9385749744793657,
  "summary_fg_mad": 117.33488061664247,
  "summary_fg_mean": 739.8179931640625,
  "summary_fg_median": 724.1411743164062,
  "summary_fg_n": 34928.0,
  "summary_fg_p05": 573.7455017089844,
  "summary_fg_p95": 952.6662384033203,
  "summary_fg_stdv": 130.14529418945312,
  "tsnr": 44.95022772136144
}