{
  "aor": 0.00558093023255814,
  "aqi": 0.013079009136212624,
  "bids_meta": {
    "AccelFactPE": 2,
    "AcquisitionNumber": 1,
    "AcquisitionTime": "19:04:9.867500",
    "BandwidthPerPixelPhaseEncode": 47.348,
    "BodyPartExamined": "BRAIN",
    "ConversionSoftware": "dcm2niix",
    "ConversionSoftwareVersion": "v1.0.20170724 (OpenJPEG build) GCC6.1.0",
    "DeviceSerialNumber": "45031",
    "EchoTime": 0.03,
    "EchoTrainLength": 31,
    "EffectiveEchoSpacing": 0.000330003,
    "FlipAngle": 71,
    "ImageType": [
      "ORIGINAL",
      "PRIMARY",
      "M",
      "ND",
      "NORM",
      "MOSAIC"
    ],
    "InstitutionAddress": "Washington_and_Faculty_Rd._-_Building_25_25_Princeton_NJ_US_085",
    "InstitutionName": "Princeton_University_-_Neuroscience_Institute",
    "MagneticFieldStrength": 3,
    "Manufacturer": "Siemens",
    "ManufacturersModelName": "Skyra",
    "PhaseEncodingDirection": "j-",
    "PhaseEncodingLines": 64,
    "ProcedureStepDescription": "NormanLab_Jarrod",
    "ProtocolName": "epi_301_3x3x3_2s",
    "RepetitionTime": 2,
    "ScanningSequence": "EP",
    "SequenceName": "_epfid2d1_64",
    "SequenceVariant": "SK",
    "SeriesDescription": "epi_301_3x3x3_2s",
    "SliceTiming": [
      1,
      0,
      1.055,
      0.055,
      1.11,
      0.11,
      1.165,
      0.1675,
      1.2225,
      0.2225,
      1.2775,
      0.2775,
      1.3325,
      0.3325,
      1.3875,
      0.3875,
      1.445,
      0.445,
      1.5,
      0.5,
      1.555,
      0.555,
      1.61,
      0.61,
      1.665,
      0.6675,
      1.7225,
      0.7225,
      1.7775,
      0.7775,
      1.8325,
      0.8325,
      1.8875,
      0.8875,
      1.9425,
      0.945
    ],
    "SoftwareVersions": "syngo_MR_D11",
    "TaskName": "Working Memory",
    "TotalReadoutTime": 0.0201302,
    "TrueEchoSpacing": 0.000660007,
    "dataset": "ds001229",
    "modality": "bold",
    "run_id": 3,
    "subject_id": "15",
    "task_id": "wm"
  },
  "dummy_trs": 0,
  "dvars_nstd": 32.88152334246665,
  "dvars_std": 1.1545760341999998,
  "dvars_vstd": 1.0131639071333336,
  "efc": 0.5655444098472626,
  "fber": 1828.9617919921875,
  "fd_mean": 0.2326324207730018,
  "fd_num": 101,
  "fd_perc": 33.55481727574751,
  "fwhm_avg": 1.682750843113391,
  "fwhm_x": 1.56279,
  "fwhm_y": 1.7993666666666668,
  "fwhm_z": 1.6860958626735072,
  "gcor": 0.0501833,
  "gsr_x": 0.0298991110175848,
  "gsr_y": 0.022670818492770195,
  "provenance": {
    "md5sum": "5370f218dd3ebad33a7f89d40016e1d8",
    "settings": {
      "fd_thres": 0.2,
      "testing": false
    },
    "software": "mriqc",
    "version": "22.0.6",
    "webapi_port": null,
    "webapi_url": "https://mriqc.nimh.nih.gov/api/v1"
  },
  "size_t": 301,
  "size_x": 64,
  "size_y": 64,
  "size_z": 36,
  "snr": 5.629384256570417,
  "spacing_tr": 2.0,
  "spacing_x": 3.0,
  "spacing_y": 3.0,
  "spacing_z": 3.0000014305114746,
  "summary_bg_k": 23.16123677851708,
  "summary_bg_mad": 9.068008293081391,
  "summary_bg_mean": 38.22003936767578,
  "summary_bg_median": 16.750829696655273,
  "summary_bg_n": 80159.0,
  "summary_bg_p05": 8.421926498413086,
  "summary_bg_p95": 138.13322143554686,
  "summary_bg_stdv": 69.45872497558594,
  "summary_fg_k": 3.0686597785628686,
  "summary_fg_mad": 115.7217905808099,
  "summary_fg_mean": 738.2691040039062,
  "summary_fg_median": 722.86376953125,
  "summary_fg_n": 35017.0,
  "summary_fg_p05": 573.442529296875,
  "summary_fg_p95": 947.4551269531249,
  "summary_fg_stdv": 128.40719604492188,
  "tsnr": 46.37596466636751
}