{
  "aor": 0.007855348837209303,
  "aqi": 0.020393594684385383,
  "bids_meta": {
    "AccelFactPE": 2,
    "AcquisitionNumber": 1,
    "AcquisitionTime": "18:21:42.660000",
    "BandwidthPerPixelPhaseEncode": 47.348,
    "BodyPartExamined": "BRAIN",
    "ConversionSoftware": "dcm2niix",
    "ConversionSoftwareVersion": "v1.0.20170724 (OpenJPEG build) GCC6.1.0",
    "DeviceSerialNumber": "45031",
    "EchoTime": 0.03,
    "EchoTrainLength": 31,
    "EffectiveEchoSpacing": 0.000330003,
    "FlipAngle": 71,
    "ImageType": [
      "ORIGINAL",
      "PRIMARY",
      "M",
      "ND",
      "NORM",
      "MOSAIC"
    ],
    "InstitutionAddress": "Washington_and_Faculty_Rd._-_Building_25_25_Princeton_NJ_US_085",
    "InstitutionName": "Princeton_University_-_Neuroscience_Institute",
    "MagneticFieldStrength": 3,
    "Manufacturer": "Siemens",
    "ManufacturersModelName": "Skyra",
    "PhaseEncodingDirection": "j-",
    "PhaseEncodingLines": 64,
    "ProcedureStepDescription": "NormanLab_Jarrod",
    "ProtocolName": "epi_301_3x3x3_2s",
    "RepetitionTime": 2,
    "ScanningSequence": "EP",
    "SequenceName": "_epfid2d1_64",
    "SequenceVariant": "SK",
    "SeriesDescription": "epi_301_3x3x3_2s",
    "SliceTiming": [
      1,
      0,
      1.055,
      0.055,
      1.11,
      0.1125,
      1.1675,
      0.1675,
      1.2225,
      0.2225,
      1.2775,
      0.2775,
      1.3325,
      0.3325,
      1.39,
      0.39,
      1.445,
      0.445,
      1.5,
      0.5,
      1.555,
      0.555,
      1.61,
      0.61,
      1.6675,
      0.6675,
      1.7225,
      0.7225,
      1.7775,
      0.7775,
      1.8325,
      0.8325,
      1.8875,
      0.89,
      1.945,
      0.945
    ],
    "SoftwareVersions": "syngo_MR_D11",
    "TaskName": "Working Memory",
    "TotalReadoutTime": 0.0201302,
    "TrueEchoSpacing": 0.000660007,
    "dataset": "ds001229",
    "modality": "bold",
    "run_id": 1,
    "subject_id": "15",
    "task_id": "wm"
  },
  "dummy_trs": 0,
  "dvars_nstd": 33.23566361746668,
  "dvars_std": 1.122037581233334,
  "dvars_vstd": 0.9877995989333338,
  "efc": 0.5733453712936472,
  "fber": 1723.7332763671875,
  "fd_mean": 0.2264250576959005,
  "fd_num": 93,
  "fd_perc": 30.897009966777407,
  "fwhm_avg": 1.7340830665425406,
  "fwhm_x": 1.6369466666666668,
  "fwhm_y": 1.8868,
  "fwhm_z": 1.6785025329609555,
  "gcor": 0.0358348,
  "gsr_x": 0.020436637103557587,
  "gsr_y": 0.021579748019576073,
  "provenance": {
    "md5sum": "bb50a9ca5d9577dc570e93497c486478",
    "settings": {
      "fd_thres": 0.2,
      "testing": false
    },
    "software": "mriqc",
    "version": "22.0.6",
    "webapi_port": null,
    "webapi_url": "https://mriqc.nimh.nih.gov/api/v1"
  },
  "size_t": 301,
  "size_x": 64,
  "size_y": 64,
  "size_z": 36,
  "snr": 5.569869584698803,
  "spacing_tr": 2.0,
  "spacing_x": 3.0,
  "spacing_y": 3.0,
  "spacing_z": 3.0000014305114746,
  "summary_bg_k": 31.66439282825688,
  "summary_bg_mad": 9.5457929540562,
  "summary_bg_mean": 35.002647399902344,
  "summary_bg_median": 17.28571319580078,
  "summary_bg_n": 77600.0,
  "summary_bg_p05": 8.488371849060059,
  "summary_bg_p95": 115.89567794799817,
  "summary_bg_stdv": 58.00602722167969,
  "summary_fg_k": 2.899316551095011,
  "summary_fg_mad": 120.13502972854661,
  "summary_fg_mean": 741.5060424804688,
  "summary_fg_median": 727.2590942382812,
  "summary_fg_n": 35983.0,
  "summary_fg_p05": 572.2232604980469,
  "summary_fg_p95": 952.0345153808595,
  "summary_fg_stdv": 130.5684051513672,
  "tsnr": 39.43803517357446
}