{
  "aor": 0.003349169435215947,
  "aqi": 0.010802040199335549,
  "bids_meta": {
    "AccelFactPE": 2,
    "AcquisitionNumber": 1,
    "AcquisitionTime": "11:35:35.562500",
    "BandwidthPerPixelPhaseEncode": 47.348,
    "BodyPartExamined": "BRAIN",
    "ConversionSoftware": "dcm2niix",
    "ConversionSoftwareVersion": "v1.0.20170724 (OpenJPEG build) GCC6.1.0",
    "DeviceSerialNumber": "45031",
    "EchoTime": 0.03,
    "EchoTrainLength": 31,
    "EffectiveEchoSpacing": 0.000330003,
    "FlipAngle": 71,
    "ImageType": [
      "ORIGINAL",
      "PRIMARY",
      "M",
      "ND",
      "NORM",
      "MOSAIC"
    ],
    "InstitutionAddress": "Washington_and_Faculty_Rd._-_Building_25_25_Princeton_NJ_US_085",
    "InstitutionName": "Princeton_University_-_Neuroscience_Institute",
    "MagneticFieldStrength": 3,
    "Manufacturer": "Siemens",
    "ManufacturersModelName": "Skyra",
    "PhaseEncodingDirection": "j-",
    "PhaseEncodingLines": 64,
    "ProcedureStepDescription": "NormanLab_Jarrod",
    "ProtocolName": "epi_301_3x3x3_2s",
    "RepetitionTime": 2,
    "ScanningSequence": "EP",
    "SequenceName": "_epfid2d1_64",
    "SequenceVariant": "SK",
    "SeriesDescription": "epi_301_3x3x3_2s",
    "SliceTiming": [
      1,
      0,
      1.055,
      0.055,
      1.11,
      0.11,
      1.165,
      0.165,
      1.22,
      0.2225,
      1.2775,
      0.2775,
      1.3325,
      0.3325,
      1.3875,
      0.3875,
      1.4425,
      0.4425,
      1.4975,
      0.5,
      1.555,
      0.555,
      1.61,
      0.61,
      1.665,
      0.665,
      1.72,
      0.72,
      1.7775,
      0.7775,
      1.8325,
      0.8325,
      1.8875,
      0.8875,
      1.9425,
      0.9425
    ],
    "SoftwareVersions": "syngo_MR_D11",
    "TaskName": "Working Memory",
    "TotalReadoutTime": 0.0201302,
    "TrueEchoSpacing": 0.000660007,
    "dataset": "ds001229",
    "modality": "bold",
    "run_id": 3,
    "subject_id": "21",
    "task_id": "wm"
  },
  "dummy_trs": 0,
  "dvars_nstd": 21.11360249850001,
  "dvars_std": 1.1105180525666656,
  "dvars_vstd": 1.0250483962000003,
  "efc": 0.568782385531131,
  "fber": 1680.271728515625,
  "fd_mean": 0.07011994832496046,
  "fd_num": 13,
  "fd_perc": 4.318936877076412,
  "fwhm_avg": 1.6266975222806028,
  "fwhm_x": 1.4405033333333332,
  "fwhm_y": 1.8321399999999999,
  "fwhm_z": 1.6074492335084756,
  "gcor": 0.0189327,
  "gsr_x": 0.011493162252008915,
  "gsr_y": 0.050433479249477386,
  "provenance": {
    "md5sum": "a5af1bfe42971dfc0fbd9ab268085bfc",
    "settings": {
      "fd_thres": 0.2,
      "testing": false
    },
    "software": "mriqc",
    "version": "22.0.6",
    "webapi_port": null,
    "webapi_url": "https://mriqc.nimh.nih.gov/api/v1"
  },
  "size_t": 301,
  "size_x": 64,
  "size_y": 64,
  "size_z": 36,
  "snr": 6.4447463311305535,
  "spacing_tr": 2.0,
  "spacing_x": 3.0,
  "spacing_y": 3.0,
  "spacing_z": 3.0000014305114746,
  "summary_bg_k": 25.13888799461725,
  "summary_bg_mad": 10.516132080745301,
  "summary_bg_mean": 41.60877227783203,
  "summary_bg_median": 18.196012496948242,
  "summary_bg_n": 80056.0,
  "summary_bg_p05": 8.524916648864746,
  "summary_bg_p95": 151.51162719726562,
  "summary_bg_stdv": 72.65821075439453,
  "summary_fg_k": 3.380463934249698,
  "summary_fg_mad": 100.37852265106528,
  "summary_fg_mean": 770.63525390625,
  "summary_fg_median": 758.2491455078125,
  "summary_fg_n": 34277.0,
  "summary_fg_p05": 617.1660888671876,
  "summary_fg_p95": 964.2863525390622,
  "summary_fg_stdv": 117.6521224975586,
  "tsnr": 59.85356406890787
}