{
  "aor": 0.001672857142857143,
  "aqi": 0.010917792059800664,
  "bids_meta": {
    "AccelFactPE": 2,
    "AcquisitionNumber": 1,
    "AcquisitionTime": "11:13:38.445000",
    "BandwidthPerPixelPhaseEncode": 47.348,
    "BodyPartExamined": "BRAIN",
    "ConversionSoftware": "dcm2niix",
    "ConversionSoftwareVersion": "v1.0.20170724 (OpenJPEG build) GCC6.1.0",
    "DeviceSerialNumber": "45031",
    "EchoTime": 0.03,
    "EchoTrainLength": 31,
    "EffectiveEchoSpacing": 0.000330003,
    "FlipAngle": 71,
    "ImageType": [
      "ORIGINAL",
      "PRIMARY",
      "M",
      "ND",
      "NORM",
      "MOSAIC"
    ],
    "InstitutionAddress": "Washington_and_Faculty_Rd._-_Building_25_25_Princeton_NJ_US_085",
    "InstitutionName": "Princeton_University_-_Neuroscience_Institute",
    "MagneticFieldStrength": 3,
    "Manufacturer": "Siemens",
    "ManufacturersModelName": "Skyra",
    "PhaseEncodingDirection": "j-",
    "PhaseEncodingLines": 64,
    "ProcedureStepDescription": "NormanLab_Jarrod",
    "ProtocolName": "epi_301_3x3x3_2s",
    "RepetitionTime": 2,
    "ScanningSequence": "EP",
    "SequenceName": "_epfid2d1_64",
    "SequenceVariant": "SK",
    "SeriesDescription": "epi_301_3x3x3_2s",
    "SliceTiming": [
      1,
      0,
      1.055,
      0.055,
      1.11,
      0.11,
      1.165,
      0.165,
      1.22,
      0.2225,
      1.2775,
      0.2775,
      1.3325,
      0.3325,
      1.3875,
      0.3875,
      1.4425,
      0.4425,
      1.4975,
      0.5,
      1.555,
      0.555,
      1.61,
      0.61,
      1.665,
      0.665,
      1.72,
      0.72,
      1.7775,
      0.7775,
      1.8325,
      0.8325,
      1.8875,
      0.8875,
      1.9425,
      0.9425
    ],
    "SoftwareVersions": "syngo_MR_D11",
    "TaskName": "Working Memory",
    "TotalReadoutTime": 0.0201302,
    "TrueEchoSpacing": 0.000660007,
    "dataset": "ds001229",
    "modality": "bold",
    "run_id": 2,
    "subject_id": "21",
    "task_id": "wm"
  },
  "dummy_trs": 0,
  "dvars_nstd": 20.97706505446668,
  "dvars_std": 1.067241660366667,
  "dvars_vstd": 0.9919788709666661,
  "efc": 0.5676407709933453,
  "fber": 1740.9432373046875,
  "fd_mean": 0.07427836366596811,
  "fd_num": 15,
  "fd_perc": 4.983388704318937,
  "fwhm_avg": 1.6329275223012658,
  "fwhm_x": 1.4538166666666665,
  "fwhm_y": 1.8376466666666669,
  "fwhm_z": 1.6073192335704642,
  "gcor": 0.0271106,
  "gsr_x": 0.011675945483148098,
  "gsr_y": 0.04929635301232338,
  "provenance": {
    "md5sum": "01a1af5d698bdc0b7f075def56035497",
    "settings": {
      "fd_thres": 0.2,
      "testing": false
    },
    "software": "mriqc",
    "version": "22.0.6",
    "webapi_port": null,
    "webapi_url": "https://mriqc.nimh.nih.gov/api/v1"
  },
  "size_t": 301,
  "size_x": 64,
  "size_y": 64,
  "size_z": 36,
  "snr": 6.431610965551104,
  "spacing_tr": 2.0,
  "spacing_x": 3.0,
  "spacing_y": 3.0,
  "spacing_z": 3.0000014305114746,
  "summary_bg_k": 25.64248464867557,
  "summary_bg_mad": 10.353587876949481,
  "summary_bg_mean": 41.03371047973633,
  "summary_bg_median": 18.013288497924805,
  "summary_bg_n": 80040.0,
  "summary_bg_p05": 8.54485034942627,
  "summary_bg_p95": 147.7543167114258,
  "summary_bg_stdv": 72.12281799316406,
  "summary_fg_k": 3.385377765891163,
  "summary_fg_mad": 101.69371678215417,
  "summary_fg_mean": 776.0253295898438,
  "summary_fg_median": 763.4252319335938,
  "summary_fg_n": 34276.0,
  "summary_fg_p05": 619.3238830566406,
  "summary_fg_p95": 970.9285583496094,
  "summary_fg_stdv": 118.69718170166016,
  "tsnr": 57.789270353503525
}