{
  "aor": 0.0020753820598006646,
  "aqi": 0.011145919401993356,
  "bids_meta": {
    "AccelFactPE": 2,
    "AcquisitionNumber": 1,
    "AcquisitionTime": "11:24:53.010000",
    "BandwidthPerPixelPhaseEncode": 47.348,
    "BodyPartExamined": "BRAIN",
    "ConversionSoftware": "dcm2niix",
    "ConversionSoftwareVersion": "v1.0.20170724 (OpenJPEG build) GCC6.1.0",
    "DeviceSerialNumber": "45031",
    "EchoTime": 0.03,
    "EchoTrainLength": 31,
    "EffectiveEchoSpacing": 0.000330003,
    "FlipAngle": 71,
    "ImageType": [
      "ORIGINAL",
      "PRIMARY",
      "M",
      "ND",
      "NORM",
      "MOSAIC"
    ],
    "InstitutionAddress": "Washington_and_Faculty_Rd._-_Building_25_25_Princeton_NJ_US_085",
    "InstitutionName": "Princeton_University_-_Neuroscience_Institute",
    "MagneticFieldStrength": 3,
    "Manufacturer": "Siemens",
    "ManufacturersModelName": "Skyra",
    "PhaseEncodingDirection": "j-",
    "PhaseEncodingLines": 64,
    "ProcedureStepDescription": "NormanLab_Jarrod",
    "ProtocolName": "epi_301_3x3x3_2s",
    "RepetitionTime": 2,
    "ScanningSequence": "EP",
    "SequenceName": "_epfid2d1_64",
    "SequenceVariant": "SK",
    "SeriesDescription": "epi_301_3x3x3_2s",
    "SliceTiming": [
      1,
      0,
      1.055,
      0.055,
      1.11,
      0.11,
      1.165,
      0.165,
      1.2225,
      0.2225,
      1.2775,
      0.2775,
      1.3325,
      0.3325,
      1.3875,
      0.3875,
      1.4425,
      0.445,
      1.5,
      0.5,
      1.555,
      0.555,
      1.61,
      0.61,
      1.665,
      0.665,
      1.7225,
      0.7225,
      1.7775,
      0.7775,
      1.8325,
      0.8325,
      1.8875,
      0.8875,
      1.9425,
      0.945
    ],
    "SoftwareVersions": "syngo_MR_D11",
    "TaskName": "Episodic Memory",
    "TotalReadoutTime": 0.0201302,
    "TrueEchoSpacing": 0.000660007,
    "dataset": "ds001229",
    "modality": "bold",
    "run_id": 3,
    "subject_id": "21",
    "task_id": "em"
  },
  "dummy_trs": 0,
  "dvars_nstd": 20.600858364033346,
  "dvars_std": 1.0545913372666673,
  "dvars_vstd": 0.995053605366666,
  "efc": 0.5711692520518735,
  "fber": 1627.930908203125,
  "fd_mean": 0.06962072833858385,
  "fd_num": 14,
  "fd_perc": 4.651162790697675,
  "fwhm_avg": 1.621843085928081,
  "fwhm_x": 1.4562866666666665,
  "fwhm_y": 1.8527033333333334,
  "fwhm_z": 1.5565392577842436,
  "gcor": 0.0253676,
  "gsr_x": 0.009231635369360447,
  "gsr_y": 0.047622013837099075,
  "provenance": {
    "md5sum": "0cd3b0d5a2d0890a03ba99c542a436de",
    "settings": {
      "fd_thres": 0.2,
      "testing": false
    },
    "software": "mriqc",
    "version": "22.0.6",
    "webapi_port": null,
    "webapi_url": "https://mriqc.nimh.nih.gov/api/v1"
  },
  "size_t": 301,
  "size_x": 64,
  "size_y": 64,
  "size_z": 36,
  "snr": 6.4043674566736355,
  "spacing_tr": 2.0,
  "spacing_x": 3.0,
  "spacing_y": 3.0,
  "spacing_z": 3.0000014305114746,
  "summary_bg_k": 25.46736616464144,
  "summary_bg_mad": 10.624493469356189,
  "summary_bg_mean": 41.91215896606445,
  "summary_bg_median": 18.561460494995117,
  "summary_bg_n": 79516.0,
  "summary_bg_p05": 8.707640647888184,
  "summary_bg_p95": 152.95515060424805,
  "summary_bg_stdv": 72.77349090576172,
  "summary_fg_k": 3.4733024459427027,
  "summary_fg_mad": 102.03355519961009,
  "summary_fg_mean": 772.6897583007812,
  "summary_fg_median": 760.05810546875,
  "summary_fg_n": 34602.0,
  "summary_fg_p05": 617.4604309082031,
  "summary_fg_p95": 968.9032928466796,
  "summary_fg_stdv": 118.67637634277344,
  "tsnr": 58.40765235736035
}