{
  "aor": 0.0019768438538205983,
  "aqi": 0.012055049667774088,
  "bids_meta": {
    "AccelFactPE": 2,
    "AcquisitionNumber": 1,
    "AcquisitionTime": "10:51:48.285000",
    "BandwidthPerPixelPhaseEncode": 47.348,
    "BodyPartExamined": "BRAIN",
    "ConversionSoftware": "dcm2niix",
    "ConversionSoftwareVersion": "v1.0.20170724 (OpenJPEG build) GCC6.1.0",
    "DeviceSerialNumber": "45031",
    "EchoTime": 0.03,
    "EchoTrainLength": 31,
    "EffectiveEchoSpacing": 0.000330003,
    "FlipAngle": 71,
    "ImageType": [
      "ORIGINAL",
      "PRIMARY",
      "M",
      "ND",
      "NORM",
      "MOSAIC"
    ],
    "InstitutionAddress": "Washington_and_Faculty_Rd._-_Building_25_25_Princeton_NJ_US_085",
    "InstitutionName": "Princeton_University_-_Neuroscience_Institute",
    "MagneticFieldStrength": 3,
    "Manufacturer": "Siemens",
    "ManufacturersModelName": "Skyra",
    "PhaseEncodingDirection": "j-",
    "PhaseEncodingLines": 64,
    "ProcedureStepDescription": "NormanLab_Jarrod",
    "ProtocolName": "epi_301_3x3x3_2s",
    "RepetitionTime": 2,
    "ScanningSequence": "EP",
    "SequenceName": "_epfid2d1_64",
    "SequenceVariant": "SK",
    "SeriesDescription": "epi_301_3x3x3_2s",
    "SliceTiming": [
      1,
      0,
      1.055,
      0.0575,
      1.1125,
      0.1125,
      1.1675,
      0.1675,
      1.2225,
      0.2225,
      1.2775,
      0.2775,
      1.335,
      0.335,
      1.39,
      0.39,
      1.445,
      0.445,
      1.5,
      0.5,
      1.555,
      0.5575,
      1.6125,
      0.6125,
      1.6675,
      0.6675,
      1.7225,
      0.7225,
      1.7775,
      0.7775,
      1.8325,
      0.835,
      1.89,
      0.89,
      1.945,
      0.945
    ],
    "SoftwareVersions": "syngo_MR_D11",
    "TaskName": "Working Memory",
    "TotalReadoutTime": 0.0201302,
    "TrueEchoSpacing": 0.000660007,
    "dataset": "ds001229",
    "modality": "bold",
    "run_id": 1,
    "subject_id": "21",
    "task_id": "wm"
  },
  "dummy_trs": 0,
  "dvars_nstd": 20.542943013466676,
  "dvars_std": 1.056315256966666,
  "dvars_vstd": 0.9836478149666665,
  "efc": 0.5753219617427848,
  "fber": 1565.4095458984375,
  "fd_mean": 0.05590785934302348,
  "fd_num": 4,
  "fd_perc": 1.3289036544850499,
  "fwhm_avg": 1.625713086622144,
  "fwhm_x": 1.47011,
  "fwhm_y": 1.8548566666666666,
  "fwhm_z": 1.5521725931997652,
  "gcor": 0.0268025,
  "gsr_x": 0.005745063070207834,
  "gsr_y": 0.04523618146777153,
  "provenance": {
    "md5sum": "eff8c6f9fb7a196e4c86dc594657132b",
    "settings": {
      "fd_thres": 0.2,
      "testing": false
    },
    "software": "mriqc",
    "version": "22.0.6",
    "webapi_port": null,
    "webapi_url": "https://mriqc.nimh.nih.gov/api/v1"
  },
  "size_t": 301,
  "size_x": 64,
  "size_y": 64,
  "size_z": 36,
  "snr": 6.455843539694606,
  "spacing_tr": 2.0,
  "spacing_x": 3.0,
  "spacing_y": 3.0,
  "spacing_z": 3.0000014305114746,
  "summary_bg_k": 24.392536232911702,
  "summary_bg_mad": 10.900326571768362,
  "summary_bg_mean": 43.22641372680664,
  "summary_bg_median": 19.043188095092773,
  "summary_bg_n": 78824.0,
  "summary_bg_p05": 9.139534950256348,
  "summary_bg_p95": 157.83753890991193,
  "summary_bg_stdv": 74.27539825439453,
  "summary_fg_k": 3.3711193977655576,
  "summary_fg_mad": 102.57048270592742,
  "summary_fg_mean": 779.8043212890625,
  "summary_fg_median": 767.4219360351562,
  "summary_fg_n": 34979.0,
  "summary_fg_p05": 623.13154296875,
  "summary_fg_p95": 973.5607543945312,
  "summary_fg_stdv": 118.8707504272461,
  "tsnr": 57.65390369051602
}