{
  "aor": 0.00381421926910299,
  "aqi": 0.018898077475083055,
  "bids_meta": {
    "AccelFactPE": 2,
    "AcquisitionNumber": 1,
    "AcquisitionTime": "11:03:0.165000",
    "BandwidthPerPixelPhaseEncode": 47.348,
    "BodyPartExamined": "BRAIN",
    "ConversionSoftware": "dcm2niix",
    "ConversionSoftwareVersion": "v1.0.20170724 (OpenJPEG build) GCC6.1.0",
    "DeviceSerialNumber": "45031",
    "EchoTime": 0.03,
    "EchoTrainLength": 31,
    "EffectiveEchoSpacing": 0.000330003,
    "FlipAngle": 71,
    "ImageType": [
      "ORIGINAL",
      "PRIMARY",
      "M",
      "ND",
      "NORM",
      "MOSAIC"
    ],
    "InstitutionAddress": "Washington_and_Faculty_Rd._-_Building_25_25_Princeton_NJ_US_085",
    "InstitutionName": "Princeton_University_-_Neuroscience_Institute",
    "MagneticFieldStrength": 3,
    "Manufacturer": "Siemens",
    "ManufacturersModelName": "Skyra",
    "PhaseEncodingDirection": "j-",
    "PhaseEncodingLines": 64,
    "ProcedureStepDescription": "NormanLab_Jarrod",
    "ProtocolName": "epi_301_3x3x3_2s",
    "RepetitionTime": 2,
    "ScanningSequence": "EP",
    "SequenceName": "_epfid2d1_64",
    "SequenceVariant": "SK",
    "SeriesDescription": "epi_301_3x3x3_2s",
    "SliceTiming": [
      1,
      0,
      1.055,
      0.055,
      1.11,
      0.11,
      1.1675,
      0.1675,
      1.2225,
      0.2225,
      1.2775,
      0.2775,
      1.3325,
      0.3325,
      1.3875,
      0.39,
      1.445,
      0.445,
      1.5,
      0.5,
      1.555,
      0.555,
      1.61,
      0.61,
      1.665,
      0.6675,
      1.7225,
      0.7225,
      1.7775,
      0.7775,
      1.8325,
      0.8325,
      1.8875,
      0.8875,
      1.945,
      0.945
    ],
    "SoftwareVersions": "syngo_MR_D11",
    "TaskName": "Episodic Memory",
    "TotalReadoutTime": 0.0201302,
    "TrueEchoSpacing": 0.000660007,
    "dataset": "ds001229",
    "modality": "bold",
    "run_id": 2,
    "subject_id": "21",
    "task_id": "em"
  },
  "dummy_trs": 0,
  "dvars_nstd": 20.953454322866673,
  "dvars_std": 1.0202994378000008,
  "dvars_vstd": 0.9752831398666676,
  "efc": 0.5692870571520231,
  "fber": 1706.921142578125,
  "fd_mean": 0.07946249689985514,
  "fd_num": 19,
  "fd_perc": 6.312292358803987,
  "fwhm_avg": 1.62916418643116,
  "fwhm_x": 1.4440766666666667,
  "fwhm_y": 1.8201366666666667,
  "fwhm_z": 1.623279225960147,
  "gcor": 0.0339218,
  "gsr_x": 0.010348128154873848,
  "gsr_y": 0.04622850567102432,
  "provenance": {
    "md5sum": "e57539d9af3f4d0d95f88ecbe2f395b1",
    "settings": {
      "fd_thres": 0.2,
      "testing": false
    },
    "software": "mriqc",
    "version": "22.0.6",
    "webapi_port": null,
    "webapi_url": "https://mriqc.nimh.nih.gov/api/v1"
  },
  "size_t": 301,
  "size_x": 64,
  "size_y": 64,
  "size_z": 36,
  "snr": 6.4984042224873395,
  "spacing_tr": 2.0,
  "spacing_x": 3.0,
  "spacing_y": 3.0,
  "spacing_z": 3.0000014305114746,
  "summary_bg_k": 26.252852749437668,
  "summary_bg_mad": 10.27970350526063,
  "summary_bg_mean": 41.1148681640625,
  "summary_bg_median": 18.182723999023438,
  "summary_bg_n": 79651.0,
  "summary_bg_p05": 8.784052848815918,
  "summary_bg_p95": 147.11461639404297,
  "summary_bg_stdv": 72.23843383789062,
  "summary_fg_k": 3.4974719834845613,
  "summary_fg_mad": 101.47450267849635,
  "summary_fg_mean": 777.72265625,
  "summary_fg_median": 765.795654296875,
  "summary_fg_n": 34398.0,
  "summary_fg_p05": 624.6501342773438,
  "summary_fg_p95": 970.2064483642577,
  "summary_fg_stdv": 117.84193420410156,
  "tsnr": 48.00890888390131
}