{
  "aor": 0.00017405315614617942,
  "aqi": 0.0182037957807309,
  "bids_meta": {
    "AccelFactPE": 2,
    "AcquisitionNumber": 1,
    "AcquisitionTime": "12:12:11.152500",
    "BandwidthPerPixelPhaseEncode": 47.348,
    "BodyPartExamined": "BRAIN",
    "ConversionSoftware": "dcm2niix",
    "ConversionSoftwareVersion": "v1.0.20170724 (OpenJPEG build) GCC6.1.0",
    "DeviceSerialNumber": "45031",
    "EchoTime": 0.03,
    "EchoTrainLength": 31,
    "EffectiveEchoSpacing": 0.000330003,
    "FlipAngle": 71,
    "ImageType": [
      "ORIGINAL",
      "PRIMARY",
      "M",
      "ND",
      "NORM",
      "MOSAIC"
    ],
    "InstitutionAddress": "Washington_and_Faculty_Rd._-_Building_25_25_Princeton_NJ_US_085",
    "InstitutionName": "Princeton_University_-_Neuroscience_Institute",
    "MagneticFieldStrength": 3,
    "Manufacturer": "Siemens",
    "ManufacturersModelName": "Skyra",
    "PhaseEncodingDirection": "j-",
    "PhaseEncodingLines": 64,
    "ProcedureStepDescription": "NormanLab_Jarrod",
    "ProtocolName": "epi_301_3x3x3_2s",
    "RepetitionTime": 2,
    "ScanningSequence": "EP",
    "SequenceName": "_epfid2d1_64",
    "SequenceVariant": "SK",
    "SeriesDescription": "epi_301_3x3x3_2s",
    "SliceTiming": [
      1,
      0,
      1.055,
      0.055,
      1.11,
      0.11,
      1.165,
      0.1675,
      1.2225,
      0.2225,
      1.2775,
      0.2775,
      1.3325,
      0.3325,
      1.3875,
      0.3875,
      1.445,
      0.445,
      1.5,
      0.5,
      1.555,
      0.555,
      1.61,
      0.61,
      1.665,
      0.6675,
      1.7225,
      0.7225,
      1.7775,
      0.7775,
      1.8325,
      0.8325,
      1.8875,
      0.8875,
      1.9425,
      0.945
    ],
    "SoftwareVersions": "syngo_MR_D11",
    "TaskName": "Episodic Memory",
    "TotalReadoutTime": 0.0201302,
    "TrueEchoSpacing": 0.000660007,
    "dataset": "ds001229",
    "modality": "bold",
    "run_id": 3,
    "subject_id": "08",
    "task_id": "em"
  },
  "dummy_trs": 0,
  "dvars_nstd": 23.328275852300006,
  "dvars_std": 1.0007323085333328,
  "dvars_vstd": 0.9211847551666671,
  "efc": 0.6048343803174958,
  "fber": 1441.8424072265625,
  "fd_mean": 0.13180004764177208,
  "fd_num": 28,
  "fd_perc": 9.30232558139535,
  "fwhm_avg": 1.670315645580306,
  "fwhm_x": 1.5623266666666666,
  "fwhm_y": 1.74946,
  "fwhm_z": 1.6991602700742514,
  "gcor": 0.00798415,
  "gsr_x": -0.00934838317334652,
  "gsr_y": 0.039466507732868195,
  "provenance": {
    "md5sum": "0efb2d1bbd5528382f3e964adb1b02df",
    "settings": {
      "fd_thres": 0.2,
      "testing": false
    },
    "software": "mriqc",
    "version": "22.0.6",
    "webapi_port": null,
    "webapi_url": "https://mriqc.nimh.nih.gov/api/v1"
  },
  "size_t": 301,
  "size_x": 64,
  "size_y": 64,
  "size_z": 36,
  "snr": 6.272202980535458,
  "spacing_tr": 2.0,
  "spacing_x": 3.0,
  "spacing_y": 3.0,
  "spacing_z": 2.999999523162842,
  "summary_bg_k": 45.34179249632919,
  "summary_bg_mad": 9.910285888575338,
  "summary_bg_mean": 36.691402435302734,
  "summary_bg_median": 19.26245880126953,
  "summary_bg_n": 72123.0,
  "summary_bg_p05": 9.880398750305176,
  "summary_bg_p95": 114.26478118896479,
  "summary_bg_stdv": 57.87488555908203,
  "summary_fg_k": 2.613064816591862,
  "summary_fg_mad": 111.42419874967783,
  "summary_fg_mean": 757.7784423828125,
  "summary_fg_median": 743.8538208007812,
  "summary_fg_n": 41404.0,
  "summary_fg_p05": 601.7745513916016,
  "summary_fg_p95": 953.2288635253906,
  "summary_fg_stdv": 118.5938720703125,
  "tsnr": 50.228487495332956
}