{
  "aor": 0.0004707641196013289,
  "aqi": 0.01687791827242525,
  "bids_meta": {
    "AccelFactPE": 2,
    "AcquisitionNumber": 1,
    "AcquisitionTime": "11:51:14.810000",
    "BandwidthPerPixelPhaseEncode": 47.348,
    "BodyPartExamined": "BRAIN",
    "ConversionSoftware": "dcm2niix",
    "ConversionSoftwareVersion": "v1.0.20170724 (OpenJPEG build) GCC6.1.0",
    "DeviceSerialNumber": "45031",
    "EchoTime": 0.03,
    "EchoTrainLength": 31,
    "EffectiveEchoSpacing": 0.000330003,
    "FlipAngle": 71,
    "ImageType": [
      "ORIGINAL",
      "PRIMARY",
      "M",
      "ND",
      "NORM",
      "MOSAIC"
    ],
    "InstitutionAddress": "Washington_and_Faculty_Rd._-_Building_25_25_Princeton_NJ_US_085",
    "InstitutionName": "Princeton_University_-_Neuroscience_Institute",
    "MagneticFieldStrength": 3,
    "Manufacturer": "Siemens",
    "ManufacturersModelName": "Skyra",
    "PhaseEncodingDirection": "j-",
    "PhaseEncodingLines": 64,
    "ProcedureStepDescription": "NormanLab_Jarrod",
    "ProtocolName": "epi_301_3x3x3_2s",
    "RepetitionTime": 2,
    "ScanningSequence": "EP",
    "SequenceName": "_epfid2d1_64",
    "SequenceVariant": "SK",
    "SeriesDescription": "epi_301_3x3x3_2s",
    "SliceTiming": [
      1,
      0,
      1.055,
      0.055,
      1.11,
      0.1125,
      1.1675,
      0.1675,
      1.2225,
      0.2225,
      1.2775,
      0.2775,
      1.3325,
      0.3325,
      1.3875,
      0.39,
      1.445,
      0.445,
      1.5,
      0.5,
      1.555,
      0.555,
      1.61,
      0.61,
      1.6675,
      0.6675,
      1.7225,
      0.7225,
      1.7775,
      0.7775,
      1.8325,
      0.8325,
      1.8875,
      0.89,
      1.945,
      0.945
    ],
    "SoftwareVersions": "syngo_MR_D11",
    "TaskName": "Episodic Memory",
    "TotalReadoutTime": 0.0201302,
    "TrueEchoSpacing": 0.000660007,
    "dataset": "ds001229",
    "modality": "bold",
    "run_id": 2,
    "subject_id": "08",
    "task_id": "em"
  },
  "dummy_trs": 0,
  "dvars_nstd": 23.400543054033346,
  "dvars_std": 1.0343040441999996,
  "dvars_vstd": 0.9518721404333326,
  "efc": 0.6049458172817364,
  "fber": 1460.594482421875,
  "fd_mean": 0.15785377988510155,
  "fd_num": 60,
  "fd_perc": 19.93355481727575,
  "fwhm_avg": 1.6656300895279568,
  "fwhm_x": 1.56843,
  "fwhm_y": 1.7386766666666666,
  "fwhm_z": 1.6897836019172037,
  "gcor": 0.0151317,
  "gsr_x": -0.009324319660663605,
  "gsr_y": 0.038593508303165436,
  "provenance": {
    "md5sum": "ff5385ce44d1958345252929f60abafc",
    "settings": {
      "fd_thres": 0.2,
      "testing": false
    },
    "software": "mriqc",
    "version": "22.0.6",
    "webapi_port": null,
    "webapi_url": "https://mriqc.nimh.nih.gov/api/v1"
  },
  "size_t": 301,
  "size_x": 64,
  "size_y": 64,
  "size_z": 36,
  "snr": 6.305529974465571,
  "spacing_tr": 2.0,
  "spacing_x": 3.0,
  "spacing_y": 3.0,
  "spacing_z": 2.999999523162842,
  "summary_bg_k": 46.247978307924384,
  "summary_bg_mad": 9.989093528510686,
  "summary_bg_mean": 36.50218200683594,
  "summary_bg_median": 19.13953399658203,
  "summary_bg_n": 72028.0,
  "summary_bg_p05": 9.581395149230957,
  "summary_bg_p95": 113.38089561462401,
  "summary_bg_stdv": 57.64762878417969,
  "summary_fg_k": 2.5918052450875626,
  "summary_fg_mad": 111.77394591609163,
  "summary_fg_mean": 758.695068359375,
  "summary_fg_median": 745.7109375,
  "summary_fg_n": 41470.0,
  "summary_fg_p05": 602.3865234375,
  "summary_fg_p95": 952.2082580566404,
  "summary_fg_stdv": 118.26158142089844,
  "tsnr": 50.425060147827026
}