{
  "aor": 0.00039126245847176074,
  "aqi": 0.011097861827242525,
  "bids_meta": {
    "AccelFactPE": 2,
    "AcquisitionNumber": 1,
    "AcquisitionTime": "11:19:49.170000",
    "BandwidthPerPixelPhaseEncode": 47.348,
    "BodyPartExamined": "BRAIN",
    "ConversionSoftware": "dcm2niix",
    "ConversionSoftwareVersion": "v1.0.20170724 (OpenJPEG build) GCC6.1.0",
    "DeviceSerialNumber": "45031",
    "EchoTime": 0.03,
    "EchoTrainLength": 31,
    "EffectiveEchoSpacing": 0.000330003,
    "FlipAngle": 71,
    "ImageType": [
      "ORIGINAL",
      "PRIMARY",
      "M",
      "ND",
      "NORM",
      "MOSAIC"
    ],
    "InstitutionAddress": "Washington_and_Faculty_Rd._-_Building_25_25_Princeton_NJ_US_085",
    "InstitutionName": "Princeton_University_-_Neuroscience_Institute",
    "MagneticFieldStrength": 3,
    "Manufacturer": "Siemens",
    "ManufacturersModelName": "Skyra",
    "PhaseEncodingDirection": "j-",
    "PhaseEncodingLines": 64,
    "ProcedureStepDescription": "NormanLab_Jarrod",
    "ProtocolName": "epi_301_3x3x3_2s",
    "RepetitionTime": 2,
    "ScanningSequence": "EP",
    "SequenceName": "_epfid2d1_64",
    "SequenceVariant": "SK",
    "SeriesDescription": "epi_301_3x3x3_2s",
    "SliceTiming": [
      1,
      0,
      1.055,
      0.055,
      1.11,
      0.11,
      1.165,
      0.165,
      1.2225,
      0.2225,
      1.2775,
      0.2775,
      1.3325,
      0.3325,
      1.3875,
      0.3875,
      1.4425,
      0.445,
      1.5,
      0.5,
      1.555,
      0.555,
      1.61,
      0.61,
      1.665,
      0.665,
      1.72,
      0.7225,
      1.7775,
      0.7775,
      1.8325,
      0.8325,
      1.8875,
      0.8875,
      1.9425,
      0.9425
    ],
    "SoftwareVersions": "syngo_MR_D11",
    "TaskName": "Working Memory",
    "TotalReadoutTime": 0.0201302,
    "TrueEchoSpacing": 0.000660007,
    "dataset": "ds001229",
    "modality": "bold",
    "run_id": 1,
    "subject_id": "08",
    "task_id": "wm"
  },
  "dummy_trs": 0,
  "dvars_nstd": 22.954650128700006,
  "dvars_std": 1.052365957766667,
  "dvars_vstd": 0.9684274876666672,
  "efc": 0.6039924596288901,
  "fber": 1461.0858154296875,
  "fd_mean": 0.11437473468742633,
  "fd_num": 9,
  "fd_perc": 2.990033222591362,
  "fwhm_avg": 1.671500091040767,
  "fwhm_x": 1.5625,
  "fwhm_y": 1.7336633333333333,
  "fwhm_z": 1.7183369397889676,
  "gcor": 0.0104612,
  "gsr_x": -0.01016563456505537,
  "gsr_y": 0.03820423409342766,
  "provenance": {
    "md5sum": "6683a8899c00fd57756b3fe52b357248",
    "settings": {
      "fd_thres": 0.2,
      "testing": false
    },
    "software": "mriqc",
    "version": "22.0.6",
    "webapi_port": null,
    "webapi_url": "https://mriqc.nimh.nih.gov/api/v1"
  },
  "size_t": 301,
  "size_x": 64,
  "size_y": 64,
  "size_z": 36,
  "snr": 6.289248420695323,
  "spacing_tr": 2.0,
  "spacing_x": 3.0,
  "spacing_y": 3.0,
  "spacing_z": 2.999999523162842,
  "summary_bg_k": 47.80361874620552,
  "summary_bg_mad": 9.757589635192167,
  "summary_bg_mean": 35.829376220703125,
  "summary_bg_median": 19.063121795654297,
  "summary_bg_n": 72186.0,
  "summary_bg_p05": 9.671095848083496,
  "summary_bg_p95": 110.41943359375,
  "summary_bg_stdv": 56.712467193603516,
  "summary_fg_k": 2.6453698965047154,
  "summary_fg_mad": 110.3750477412944,
  "summary_fg_mean": 756.9923095703125,
  "summary_fg_median": 744.2425537109375,
  "summary_fg_n": 41338.0,
  "summary_fg_p05": 600.9305480957031,
  "summary_fg_p95": 952.2280700683594,
  "summary_fg_stdv": 118.33425903320312,
  "tsnr": 57.38107621204108
}