{
  "aor": 0.0006746511627906977,
  "aqi": 0.009913779102990032,
  "bids_meta": {
    "AccelFactPE": 2,
    "AcquisitionNumber": 1,
    "AcquisitionTime": "12:01:42.885000",
    "BandwidthPerPixelPhaseEncode": 47.348,
    "BodyPartExamined": "BRAIN",
    "ConversionSoftware": "dcm2niix",
    "ConversionSoftwareVersion": "v1.0.20170724 (OpenJPEG build) GCC6.1.0",
    "DeviceSerialNumber": "45031",
    "EchoTime": 0.03,
    "EchoTrainLength": 31,
    "EffectiveEchoSpacing": 0.000330003,
    "FlipAngle": 71,
    "ImageType": [
      "ORIGINAL",
      "PRIMARY",
      "M",
      "ND",
      "NORM",
      "MOSAIC"
    ],
    "InstitutionAddress": "Washington_and_Faculty_Rd._-_Building_25_25_Princeton_NJ_US_085",
    "InstitutionName": "Princeton_University_-_Neuroscience_Institute",
    "MagneticFieldStrength": 3,
    "Manufacturer": "Siemens",
    "ManufacturersModelName": "Skyra",
    "PhaseEncodingDirection": "j-",
    "PhaseEncodingLines": 64,
    "ProcedureStepDescription": "NormanLab_Jarrod",
    "ProtocolName": "epi_301_3x3x3_2s",
    "RepetitionTime": 2,
    "ScanningSequence": "EP",
    "SequenceName": "_epfid2d1_64",
    "SequenceVariant": "SK",
    "SeriesDescription": "epi_301_3x3x3_2s",
    "SliceTiming": [
      1,
      0,
      1.055,
      0.055,
      1.11,
      0.11,
      1.165,
      0.165,
      1.2225,
      0.2225,
      1.2775,
      0.2775,
      1.3325,
      0.3325,
      1.3875,
      0.3875,
      1.4425,
      0.445,
      1.5,
      0.5,
      1.555,
      0.555,
      1.61,
      0.61,
      1.665,
      0.665,
      1.7225,
      0.7225,
      1.7775,
      0.7775,
      1.8325,
      0.8325,
      1.8875,
      0.8875,
      1.9425,
      0.945
    ],
    "SoftwareVersions": "syngo_MR_D11",
    "TaskName": "Working Memory",
    "TotalReadoutTime": 0.0201302,
    "TrueEchoSpacing": 0.000660007,
    "dataset": "ds001229",
    "modality": "bold",
    "run_id": 3,
    "subject_id": "08",
    "task_id": "wm"
  },
  "dummy_trs": 0,
  "dvars_nstd": 23.950267626366678,
  "dvars_std": 1.090491078533333,
  "dvars_vstd": 0.9893587812000006,
  "efc": 0.6047132206651,
  "fber": 1459.7816162109375,
  "fd_mean": 0.1517906870054291,
  "fd_num": 38,
  "fd_perc": 12.624584717607974,
  "fwhm_avg": 1.6582956459948015,
  "fwhm_x": 1.5417100000000001,
  "fwhm_y": 1.7261933333333335,
  "fwhm_z": 1.7069836046510702,
  "gcor": 0.0211551,
  "gsr_x": -0.009667819365859032,
  "gsr_y": 0.03878244757652283,
  "provenance": {
    "md5sum": "7c12f458089112f377e589e274bb0787",
    "settings": {
      "fd_thres": 0.2,
      "testing": false
    },
    "software": "mriqc",
    "version": "22.0.6",
    "webapi_port": null,
    "webapi_url": "https://mriqc.nimh.nih.gov/api/v1"
  },
  "size_t": 301,
  "size_x": 64,
  "size_y": 64,
  "size_z": 36,
  "snr": 6.31555155776877,
  "spacing_tr": 2.0,
  "spacing_x": 3.0,
  "spacing_y": 3.0,
  "spacing_z": 2.999999523162842,
  "summary_bg_k": 45.842607228296444,
  "summary_bg_mad": 9.540864030131075,
  "summary_bg_mean": 36.199642181396484,
  "summary_bg_median": 19.102989196777344,
  "summary_bg_n": 72045.0,
  "summary_bg_p05": 9.980066299438477,
  "summary_bg_p95": 112.11959838867197,
  "summary_bg_stdv": 57.586917877197266,
  "summary_fg_k": 2.5731884062936974,
  "summary_fg_mad": 110.77157868132684,
  "summary_fg_mean": 758.18701171875,
  "summary_fg_median": 745.1660766601562,
  "summary_fg_n": 41387.0,
  "summary_fg_p05": 602.6235961914062,
  "summary_fg_p95": 953.5976562499998,
  "summary_fg_stdv": 117.9876480102539,
  "tsnr": 58.653749582590535
}