{
  "aor": 0.0005284053156146179,
  "aqi": 0.008908209966777408,
  "bids_meta": {
    "AccelFactPE": 2,
    "AcquisitionNumber": 1,
    "AcquisitionTime": "11:30:16.157500",
    "BandwidthPerPixelPhaseEncode": 47.348,
    "BodyPartExamined": "BRAIN",
    "ConversionSoftware": "dcm2niix",
    "ConversionSoftwareVersion": "v1.0.20170724 (OpenJPEG build) GCC6.1.0",
    "DeviceSerialNumber": "45031",
    "EchoTime": 0.03,
    "EchoTrainLength": 31,
    "EffectiveEchoSpacing": 0.000330003,
    "FlipAngle": 71,
    "ImageType": [
      "ORIGINAL",
      "PRIMARY",
      "M",
      "ND",
      "NORM",
      "MOSAIC"
    ],
    "InstitutionAddress": "Washington_and_Faculty_Rd._-_Building_25_25_Princeton_NJ_US_085",
    "InstitutionName": "Princeton_University_-_Neuroscience_Institute",
    "MagneticFieldStrength": 3,
    "Manufacturer": "Siemens",
    "ManufacturersModelName": "Skyra",
    "PhaseEncodingDirection": "j-",
    "PhaseEncodingLines": 64,
    "ProcedureStepDescription": "NormanLab_Jarrod",
    "ProtocolName": "epi_301_3x3x3_2s",
    "RepetitionTime": 2,
    "ScanningSequence": "EP",
    "SequenceName": "_epfid2d1_64",
    "SequenceVariant": "SK",
    "SeriesDescription": "epi_301_3x3x3_2s",
    "SliceTiming": [
      1,
      0,
      1.055,
      0.055,
      1.11,
      0.11,
      1.1675,
      0.1675,
      1.2225,
      0.2225,
      1.2775,
      0.2775,
      1.3325,
      0.3325,
      1.3875,
      0.3875,
      1.445,
      0.445,
      1.5,
      0.5,
      1.555,
      0.555,
      1.61,
      0.61,
      1.665,
      0.6675,
      1.7225,
      0.7225,
      1.7775,
      0.7775,
      1.8325,
      0.8325,
      1.8875,
      0.8875,
      1.945,
      0.945
    ],
    "SoftwareVersions": "syngo_MR_D11",
    "TaskName": "Episodic Memory",
    "TotalReadoutTime": 0.0201302,
    "TrueEchoSpacing": 0.000660007,
    "dataset": "ds001229",
    "modality": "bold",
    "run_id": 1,
    "subject_id": "08",
    "task_id": "em"
  },
  "dummy_trs": 0,
  "dvars_nstd": 23.45270374949998,
  "dvars_std": 1.100716918133333,
  "dvars_vstd": 0.9954764157333326,
  "efc": 0.6042294367973327,
  "fber": 1475.8427734375,
  "fd_mean": 0.13471986527775678,
  "fd_num": 29,
  "fd_perc": 9.634551495016611,
  "fwhm_avg": 1.6608178675821235,
  "fwhm_x": 1.5541866666666666,
  "fwhm_y": 1.7332666666666665,
  "fwhm_z": 1.6950002694130373,
  "gcor": 0.021168,
  "gsr_x": -0.009804661385715008,
  "gsr_y": 0.038565970957279205,
  "provenance": {
    "md5sum": "d54756399fc0165f43ef4ea44d6f1782",
    "settings": {
      "fd_thres": 0.2,
      "testing": false
    },
    "software": "mriqc",
    "version": "22.0.6",
    "webapi_port": null,
    "webapi_url": "https://mriqc.nimh.nih.gov/api/v1"
  },
  "size_t": 301,
  "size_x": 64,
  "size_y": 64,
  "size_z": 36,
  "snr": 6.304135411423199,
  "spacing_tr": 2.0,
  "spacing_x": 3.0,
  "spacing_y": 3.0,
  "spacing_z": 2.999999523162842,
  "summary_bg_k": 47.3830207448621,
  "summary_bg_mad": 9.590122163149854,
  "summary_bg_mean": 36.19474411010742,
  "summary_bg_median": 19.05315589904785,
  "summary_bg_n": 72031.0,
  "summary_bg_p05": 9.860465049743652,
  "summary_bg_p95": 111.31229019165039,
  "summary_bg_stdv": 57.93793869018555,
  "summary_fg_k": 2.6447327709672894,
  "summary_fg_mad": 111.18530288439126,
  "summary_fg_mean": 760.8734741210938,
  "summary_fg_median": 748.1461181640625,
  "summary_fg_n": 41410.0,
  "summary_fg_p05": 603.9377075195313,
  "summary_fg_p95": 955.322052001953,
  "summary_fg_stdv": 118.67401885986328,
  "tsnr": 60.05576467840001
}