{
  "bids_meta": {
    "AcquisitionNumber": 1,
    "AcquisitionTime": "08:51:52.157500",
    "BodyPartExamined": "BRAIN",
    "ConversionSoftware": "dcm2niix",
    "ConversionSoftwareVersion": "v1.0.20170724 (OpenJPEG build) GCC6.1.0",
    "DeviceSerialNumber": "45031",
    "EchoTime": 0.00308,
    "FlipAngle": 9,
    "ImageType": [
      "ORIGINAL",
      "PRIMARY",
      "M",
      "ND",
      "NORM"
    ],
    "InstitutionAddress": "Washington_and_Faculty_Rd._-_Building_25_25_Princeton_NJ_US_085",
    "InstitutionName": "Princeton_University_-_Neuroscience_Institute",
    "InversionTime": 0.9,
    "MagneticFieldStrength": 3,
    "Manufacturer": "Siemens",
    "ManufacturersModelName": "Skyra",
    "PhaseEncodingDirection": "i-",
    "PhaseEncodingLines": 256,
    "ProcedureStepDescription": "NormanLab_Jarrod",
    "ProtocolName": "long_mprage_.9x.9x.9",
    "RepetitionTime": 2.3,
    "ScanningSequence": "GR_IR",
    "SequenceName": "_tfl3d1_16ns",
    "SequenceVariant": "SK_SP_MP",
    "SeriesDescription": "long_mprage_.9x.9x.9",
    "SoftwareVersions": "syngo_MR_D11",
    "dataset": "ds001229",
    "modality": "T1w",
    "subject_id": "16"
  },
  "cjv": 0.3701123599195823,
  "cnr": 3.61889635043865,
  "efc": 0.6206431563488972,
  "fber": 8079.5583677685945,
  "fwhm_avg": 3.65175437929042,
  "fwhm_x": 3.756124228780351,
  "fwhm_y": 3.783691636363636,
  "fwhm_z": 3.415447272727273,
  "icvs_csf": 0.2249835608033676,
  "icvs_gm": 0.42465388483649863,
  "icvs_wm": 0.3503625543601338,
  "inu_med": 0.6127159595489502,
  "inu_range": 0.2645219832658768,
  "provenance": {
    "md5sum": "f7aa1b7d8d0f100557adf141ef85c392",
    "settings": {
      "testing": false
    },
    "software": "mriqc",
    "version": "22.0.6",
    "warnings": {
      "large_rot_frame": true,
      "small_air_mask": false
    },
    "webapi_port": null,
    "webapi_url": "https://mriqc.nimh.nih.gov/api/v1"
  },
  "qi_1": 0.0,
  "qi_2": 0.003502256314220014,
  "rpve_csf": 16.550989551598853,
  "rpve_gm": 8.98892999128655,
  "rpve_wm": 12.369557130968099,
  "size_x": 192,
  "size_y": 256,
  "size_z": 256,
  "snr_csf": 1.9212465509926326,
  "snr_gm": 10.648383505421497,
  "snr_total": 10.564415516404061,
  "snr_wm": 19.123616492798053,
  "snrd_csf": 13.381898931893891,
  "snrd_gm": 37.2156612117153,
  "snrd_total": 34.73278700252455,
  "snrd_wm": 53.60080086396448,
  "spacing_x": 0.9000021815299988,
  "spacing_y": 0.859375,
  "spacing_z": 0.859375,
  "summary_bg_k": 1098.4999838630365,
  "summary_bg_mad": 0.0,
  "summary_bg_mean": 6.740409700670119,
  "summary_bg_median": 0.0,
  "summary_bg_n": 2568803.0,
  "summary_bg_p05": 0.0,
  "summary_bg_p95": 29.022123850882053,
  "summary_bg_stdv": 12.222510880212766,
  "summary_csf_k": 1.2298051470244173,
  "summary_csf_mad": 117.44185327104002,
  "summary_csf_mean": 258.75830249675016,
  "summary_csf_median": 249.65855246782303,
  "summary_csf_n": 72311.0,
  "summary_csf_p05": 60.05872453376651,
  "summary_csf_p95": 497.2855562660843,
  "summary_csf_stdv": 129.9452306365907,
  "summary_gm_k": 0.34559939761128344,
  "summary_gm_mad": 62.56815975991615,
  "summary_gm_mean": 693.3556682520634,
  "summary_gm_median": 694.3116335384548,
  "summary_gm_n": 57482.0,
  "summary_gm_p05": 584.129993930459,
  "summary_gm_p95": 798.1766932494938,
  "summary_gm_stdv": 65.20291026103969,
  "summary_wm_k": 0.3237049409321373,
  "summary_wm_mad": 50.57086699041766,
  "summary_wm_mean": 1000.2139622680304,
  "summary_wm_median": 999.9999568760395,
  "summary_wm_n": 341663.0,
  "summary_wm_p05": 915.1187805309892,
  "summary_wm_p95": 1086.2127365507185,
  "summary_wm_stdv": 52.29128568967547,
  "tpm_overlap_csf": 0.16235308131342843,
  "tpm_overlap_gm": 0.45977066718943543,
  "tpm_overlap_wm": 0.5036931899564522,
  "wm2max": 0.5565992689275288
}