{
  "aor": 0.0004318936877076412,
  "aqi": 0.006812712691029899,
  "bids_meta": {
    "AccelFactPE": 2,
    "AcquisitionNumber": 1,
    "AcquisitionTime": "16:54:45.277500",
    "BandwidthPerPixelPhaseEncode": 47.348,
    "BodyPartExamined": "BRAIN",
    "ConversionSoftware": "dcm2niix",
    "ConversionSoftwareVersion": "v1.0.20170724 (OpenJPEG build) GCC6.1.0",
    "DeviceSerialNumber": "45031",
    "EchoTime": 0.03,
    "EchoTrainLength": 31,
    "EffectiveEchoSpacing": 0.000330003,
    "FlipAngle": 71,
    "ImageType": [
      "ORIGINAL",
      "PRIMARY",
      "M",
      "ND",
      "NORM",
      "MOSAIC"
    ],
    "InstitutionAddress": "Washington_and_Faculty_Rd._-_Building_25_25_Princeton_NJ_US_085",
    "InstitutionName": "Princeton_University_-_Neuroscience_Institute",
    "MagneticFieldStrength": 3,
    "Manufacturer": "Siemens",
    "ManufacturersModelName": "Skyra",
    "PhaseEncodingDirection": "j-",
    "PhaseEncodingLines": 64,
    "ProcedureStepDescription": "NormanLab_Jarrod",
    "ProtocolName": "epi_301_3x3x3_2s",
    "RepetitionTime": 2,
    "ScanningSequence": "EP",
    "SequenceName": "_epfid2d1_64",
    "SequenceVariant": "SK",
    "SeriesDescription": "epi_301_3x3x3_2s",
    "SliceTiming": [
      1,
      0,
      1.055,
      0.055,
      1.1125,
      0.1125,
      1.1675,
      0.1675,
      1.2225,
      0.2225,
      1.2775,
      0.2775,
      1.3325,
      0.335,
      1.39,
      0.39,
      1.445,
      0.445,
      1.5,
      0.5,
      1.555,
      0.555,
      1.6125,
      0.6125,
      1.6675,
      0.6675,
      1.7225,
      0.7225,
      1.7775,
      0.7775,
      1.8325,
      0.835,
      1.89,
      0.89,
      1.945,
      0.945
    ],
    "SoftwareVersions": "syngo_MR_D11",
    "TaskName": "Working Memory",
    "TotalReadoutTime": 0.0201302,
    "TrueEchoSpacing": 0.000660007,
    "dataset": "ds001229",
    "modality": "bold",
    "run_id": 2,
    "subject_id": "02",
    "task_id": "wm"
  },
  "dummy_trs": 0,
  "dvars_nstd": 24.256065171499987,
  "dvars_std": 1.1986241660333334,
  "dvars_vstd": 0.9985408484999991,
  "efc": 0.562730012154508,
  "fber": 1718.3319091796875,
  "fd_mean": 0.07884766157350571,
  "fd_num": 5,
  "fd_perc": 1.6611295681063123,
  "fwhm_avg": 1.6120968377371732,
  "fwhm_x": 1.4987633333333334,
  "fwhm_y": 1.7231033333333334,
  "fwhm_z": 1.6144238465448528,
  "gcor": 0.0749362,
  "gsr_x": -0.003841749858111143,
  "gsr_y": 0.028122788295149803,
  "provenance": {
    "md5sum": "de46d2573ff724c3102fb9d78790bd8a",
    "settings": {
      "fd_thres": 0.2,
      "testing": false
    },
    "software": "mriqc",
    "version": "22.0.6",
    "webapi_port": null,
    "webapi_url": "https://mriqc.nimh.nih.gov/api/v1"
  },
  "size_t": 301,
  "size_x": 64,
  "size_y": 64,
  "size_z": 36,
  "snr": 6.601368847037444,
  "spacing_tr": 2.0,
  "spacing_x": 3.0,
  "spacing_y": 3.0,
  "spacing_z": 2.9999990463256836,
  "summary_bg_k": 31.981545156872073,
  "summary_bg_mad": 8.373498027045493,
  "summary_bg_mean": 35.80098342895508,
  "summary_bg_median": 17.15282440185547,
  "summary_bg_n": 80862.0,
  "summary_bg_p05": 9.382060050964355,
  "summary_bg_p95": 121.21910247802734,
  "summary_bg_stdv": 61.25407409667969,
  "summary_fg_k": 2.32999946833345,
  "summary_fg_mad": 106.89513130362036,
  "summary_fg_mean": 727.6344604492188,
  "summary_fg_median": 723.8405151367188,
  "summary_fg_n": 33871.0,
  "summary_fg_p05": 573.8853759765625,
  "summary_fg_p95": 900.0315246582031,
  "summary_fg_stdv": 109.64844512939453,
  "tsnr": 63.735223396797664
}