{
  "aor": 0.00048156146179402,
  "aqi": 0.007064849700996677,
  "bids_meta": {
    "AccelFactPE": 2,
    "AcquisitionNumber": 1,
    "AcquisitionTime": "16:21:58.670000",
    "BandwidthPerPixelPhaseEncode": 47.348,
    "BodyPartExamined": "BRAIN",
    "ConversionSoftware": "dcm2niix",
    "ConversionSoftwareVersion": "v1.0.20170724 (OpenJPEG build) GCC6.1.0",
    "DeviceSerialNumber": "45031",
    "EchoTime": 0.03,
    "EchoTrainLength": 31,
    "EffectiveEchoSpacing": 0.000330003,
    "FlipAngle": 71,
    "ImageType": [
      "ORIGINAL",
      "PRIMARY",
      "M",
      "ND",
      "NORM",
      "MOSAIC"
    ],
    "InstitutionAddress": "Washington_and_Faculty_Rd._-_Building_25_25_Princeton_NJ_US_085",
    "InstitutionName": "Princeton_University_-_Neuroscience_Institute",
    "MagneticFieldStrength": 3,
    "Manufacturer": "Siemens",
    "ManufacturersModelName": "Skyra",
    "PhaseEncodingDirection": "j-",
    "PhaseEncodingLines": 64,
    "ProcedureStepDescription": "NormanLab_Jarrod",
    "ProtocolName": "epi_301_3x3x3_2s",
    "RepetitionTime": 2,
    "ScanningSequence": "EP",
    "SequenceName": "_epfid2d1_64",
    "SequenceVariant": "SK",
    "SeriesDescription": "epi_301_3x3x3_2s",
    "SliceTiming": [
      1,
      0,
      1.055,
      0.055,
      1.11,
      0.1125,
      1.1675,
      0.1675,
      1.2225,
      0.2225,
      1.2775,
      0.2775,
      1.3325,
      0.3325,
      1.39,
      0.39,
      1.445,
      0.445,
      1.5,
      0.5,
      1.555,
      0.555,
      1.61,
      0.6125,
      1.6675,
      0.6675,
      1.7225,
      0.7225,
      1.7775,
      0.7775,
      1.8325,
      0.8325,
      1.89,
      0.89,
      1.945,
      0.945
    ],
    "SoftwareVersions": "syngo_MR_D11",
    "TaskName": "Episodic Memory",
    "TotalReadoutTime": 0.0201302,
    "TrueEchoSpacing": 0.000660007,
    "dataset": "ds001229",
    "modality": "bold",
    "run_id": 1,
    "subject_id": "02",
    "task_id": "em"
  },
  "dummy_trs": 0,
  "dvars_nstd": 25.388556092699986,
  "dvars_std": 1.2196787537000002,
  "dvars_vstd": 0.9965203951666665,
  "efc": 0.5632300361167764,
  "fber": 1663.907470703125,
  "fd_mean": 0.07891197732212983,
  "fd_num": 7,
  "fd_perc": 2.3255813953488373,
  "fwhm_avg": 1.6220101731950818,
  "fwhm_x": 1.5089366666666668,
  "fwhm_y": 1.72262,
  "fwhm_z": 1.634473852918578,
  "gcor": 0.0358795,
  "gsr_x": -0.004479086492210627,
  "gsr_y": 0.027561256662011147,
  "provenance": {
    "md5sum": "6f215b4720c15f638c02ee7cdcc0c79d",
    "settings": {
      "fd_thres": 0.2,
      "testing": false
    },
    "software": "mriqc",
    "version": "22.0.6",
    "webapi_port": null,
    "webapi_url": "https://mriqc.nimh.nih.gov/api/v1"
  },
  "size_t": 301,
  "size_x": 64,
  "size_y": 64,
  "size_z": 36,
  "snr": 6.569965257671017,
  "spacing_tr": 2.0,
  "spacing_x": 3.0,
  "spacing_y": 3.0,
  "spacing_z": 2.9999990463256836,
  "summary_bg_k": 30.62871225620939,
  "summary_bg_mad": 8.575449585608126,
  "summary_bg_mean": 36.012699127197266,
  "summary_bg_median": 17.4916934967041,
  "summary_bg_n": 80889.0,
  "summary_bg_p05": 9.4850492477417,
  "summary_bg_p95": 121.07840118408186,
  "summary_bg_stdv": 61.58145523071289,
  "summary_fg_k": 2.2353310873869185,
  "summary_fg_mad": 108.65359490293127,
  "summary_fg_mean": 730.2293090820312,
  "summary_fg_median": 726.1810302734375,
  "summary_fg_n": 33940.0,
  "summary_fg_p05": 575.1386962890625,
  "summary_fg_p95": 903.8983032226562,
  "summary_fg_stdv": 110.52879333496094,
  "tsnr": 63.36461511091329
}