{
  "aor": 0.00044305647840531563,
  "aqi": 0.006225578837209303,
  "bids_meta": {
    "AccelFactPE": 2,
    "AcquisitionNumber": 1,
    "AcquisitionTime": "17:16:57.252500",
    "BandwidthPerPixelPhaseEncode": 47.348,
    "BodyPartExamined": "BRAIN",
    "ConversionSoftware": "dcm2niix",
    "ConversionSoftwareVersion": "v1.0.20170724 (OpenJPEG build) GCC6.1.0",
    "DeviceSerialNumber": "45031",
    "EchoTime": 0.03,
    "EchoTrainLength": 31,
    "EffectiveEchoSpacing": 0.000330003,
    "FlipAngle": 71,
    "ImageType": [
      "ORIGINAL",
      "PRIMARY",
      "M",
      "ND",
      "NORM",
      "MOSAIC"
    ],
    "InstitutionAddress": "Washington_and_Faculty_Rd._-_Building_25_25_Princeton_NJ_US_085",
    "InstitutionName": "Princeton_University_-_Neuroscience_Institute",
    "MagneticFieldStrength": 3,
    "Manufacturer": "Siemens",
    "ManufacturersModelName": "Skyra",
    "PhaseEncodingDirection": "j-",
    "PhaseEncodingLines": 64,
    "ProcedureStepDescription": "NormanLab_Jarrod",
    "ProtocolName": "epi_301_3x3x3_2s",
    "RepetitionTime": 2,
    "ScanningSequence": "EP",
    "SequenceName": "_epfid2d1_64",
    "SequenceVariant": "SK",
    "SeriesDescription": "epi_301_3x3x3_2s",
    "SliceTiming": [
      1,
      0,
      1.055,
      0.055,
      1.11,
      0.11,
      1.165,
      0.1675,
      1.2225,
      0.2225,
      1.2775,
      0.2775,
      1.3325,
      0.3325,
      1.3875,
      0.3875,
      1.445,
      0.445,
      1.5,
      0.5,
      1.555,
      0.555,
      1.61,
      0.61,
      1.665,
      0.6675,
      1.7225,
      0.7225,
      1.7775,
      0.7775,
      1.8325,
      0.8325,
      1.8875,
      0.8875,
      1.9425,
      0.945
    ],
    "SoftwareVersions": "syngo_MR_D11",
    "TaskName": "Working Memory",
    "TotalReadoutTime": 0.0201302,
    "TrueEchoSpacing": 0.000660007,
    "dataset": "ds001229",
    "modality": "bold",
    "run_id": 3,
    "subject_id": "02",
    "task_id": "wm"
  },
  "dummy_trs": 0,
  "dvars_nstd": 24.353387864700004,
  "dvars_std": 1.1982691254999998,
  "dvars_vstd": 1.0051219853666673,
  "efc": 0.5620145398332836,
  "fber": 1709.406982421875,
  "fd_mean": 0.06207812146790694,
  "fd_num": 4,
  "fd_perc": 1.3289036544850499,
  "fwhm_avg": 1.6150990603101356,
  "fwhm_x": 1.50761,
  "fwhm_y": 1.7199533333333334,
  "fwhm_z": 1.6177338475970737,
  "gcor": 0.0424911,
  "gsr_x": -0.0025002057664096355,
  "gsr_y": 0.028259357437491417,
  "provenance": {
    "md5sum": "1261ebebac000d9e027dd90b6dc2a951",
    "settings": {
      "fd_thres": 0.2,
      "testing": false
    },
    "software": "mriqc",
    "version": "22.0.6",
    "webapi_port": null,
    "webapi_url": "https://mriqc.nimh.nih.gov/api/v1"
  },
  "size_t": 301,
  "size_x": 64,
  "size_y": 64,
  "size_z": 36,
  "snr": 6.643130325569651,
  "spacing_tr": 2.0,
  "spacing_x": 3.0,
  "spacing_y": 3.0,
  "spacing_z": 2.9999990463256836,
  "summary_bg_k": 31.78056555976716,
  "summary_bg_mad": 8.053335715539664,
  "summary_bg_mean": 35.54135513305664,
  "summary_bg_median": 17.136211395263672,
  "summary_bg_n": 80908.0,
  "summary_bg_p05": 9.521594047546387,
  "summary_bg_p95": 120.16428108215307,
  "summary_bg_stdv": 60.633338928222656,
  "summary_fg_k": 2.218563518138171,
  "summary_fg_mad": 106.17355720142531,
  "summary_fg_mean": 725.024658203125,
  "summary_fg_median": 720.5,
  "summary_fg_n": 33756.0,
  "summary_fg_p05": 573.1096038818359,
  "summary_fg_p95": 896.5938262939453,
  "summary_fg_stdv": 108.456298828125,
  "tsnr": 66.70637745829299
}