{
  "aor": 0.00036212624584717605,
  "aqi": 0.006912070332225913,
  "bids_meta": {
    "AccelFactPE": 2,
    "AcquisitionNumber": 1,
    "AcquisitionTime": "16:32:46.855000",
    "BandwidthPerPixelPhaseEncode": 47.348,
    "BodyPartExamined": "BRAIN",
    "ConversionSoftware": "dcm2niix",
    "ConversionSoftwareVersion": "v1.0.20170724 (OpenJPEG build) GCC6.1.0",
    "DeviceSerialNumber": "45031",
    "EchoTime": 0.03,
    "EchoTrainLength": 31,
    "EffectiveEchoSpacing": 0.000330003,
    "FlipAngle": 71,
    "ImageType": [
      "ORIGINAL",
      "PRIMARY",
      "M",
      "ND",
      "NORM",
      "MOSAIC"
    ],
    "InstitutionAddress": "Washington_and_Faculty_Rd._-_Building_25_25_Princeton_NJ_US_085",
    "InstitutionName": "Princeton_University_-_Neuroscience_Institute",
    "MagneticFieldStrength": 3,
    "Manufacturer": "Siemens",
    "ManufacturersModelName": "Skyra",
    "PhaseEncodingDirection": "j-",
    "PhaseEncodingLines": 64,
    "ProcedureStepDescription": "NormanLab_Jarrod",
    "ProtocolName": "epi_301_3x3x3_2s",
    "RepetitionTime": 2,
    "ScanningSequence": "EP",
    "SequenceName": "_epfid2d1_64",
    "SequenceVariant": "SK",
    "SeriesDescription": "epi_301_3x3x3_2s",
    "SliceTiming": [
      1,
      0,
      1.055,
      0.0575,
      1.1125,
      0.1125,
      1.1675,
      0.1675,
      1.2225,
      0.2225,
      1.2775,
      0.2775,
      1.335,
      0.335,
      1.39,
      0.39,
      1.445,
      0.445,
      1.5,
      0.5,
      1.555,
      0.5575,
      1.6125,
      0.6125,
      1.6675,
      0.6675,
      1.7225,
      0.7225,
      1.7775,
      0.7775,
      1.8325,
      0.835,
      1.89,
      0.89,
      1.945,
      0.945
    ],
    "SoftwareVersions": "syngo_MR_D11",
    "TaskName": "Working Memory",
    "TotalReadoutTime": 0.0201302,
    "TrueEchoSpacing": 0.000660007,
    "dataset": "ds001229",
    "modality": "bold",
    "run_id": 1,
    "subject_id": "02",
    "task_id": "wm"
  },
  "dummy_trs": 0,
  "dvars_nstd": 24.570362815566675,
  "dvars_std": 1.2046382789333334,
  "dvars_vstd": 0.9859785529666675,
  "efc": 0.5634246501439713,
  "fber": 1677.097900390625,
  "fd_mean": 0.06378955028457733,
  "fd_num": 2,
  "fd_perc": 0.6644518272425249,
  "fwhm_avg": 1.6136468382521574,
  "fwhm_x": 1.5033666666666667,
  "fwhm_y": 1.7182899999999999,
  "fwhm_z": 1.6192838480898055,
  "gcor": 0.0903397,
  "gsr_x": -0.004587001632899046,
  "gsr_y": 0.028161857277154922,
  "provenance": {
    "md5sum": "4fd3f551dffcf9984d2ba79fc8e6f309",
    "settings": {
      "fd_thres": 0.2,
      "testing": false
    },
    "software": "mriqc",
    "version": "22.0.6",
    "webapi_port": null,
    "webapi_url": "https://mriqc.nimh.nih.gov/api/v1"
  },
  "size_t": 301,
  "size_x": 64,
  "size_y": 64,
  "size_z": 36,
  "snr": 6.614106795555746,
  "spacing_tr": 2.0,
  "spacing_x": 3.0,
  "spacing_y": 3.0,
  "spacing_z": 2.9999990463256836,
  "summary_bg_k": 31.274235079250182,
  "summary_bg_mad": 8.486788339581503,
  "summary_bg_mean": 36.07784652709961,
  "summary_bg_median": 17.401992797851562,
  "summary_bg_n": 80916.0,
  "summary_bg_p05": 9.448504447937012,
  "summary_bg_p95": 122.20099449157715,
  "summary_bg_stdv": 61.66965103149414,
  "summary_fg_k": 2.254692746090039,
  "summary_fg_mad": 107.907316796485,
  "summary_fg_mean": 728.5169067382812,
  "summary_fg_median": 724.8388671875,
  "summary_fg_n": 33918.0,
  "summary_fg_p05": 574.2144500732422,
  "summary_fg_p95": 899.9039489746093,
  "summary_fg_stdv": 109.58821868896484,
  "tsnr": 62.779343197122216
}