{
  "aor": 0.0004969102990033222,
  "aqi": 0.007893915581395348,
  "bids_meta": {
    "AccelFactPE": 2,
    "AcquisitionNumber": 1,
    "AcquisitionTime": "17:06:6.317500",
    "BandwidthPerPixelPhaseEncode": 47.348,
    "BodyPartExamined": "BRAIN",
    "ConversionSoftware": "dcm2niix",
    "ConversionSoftwareVersion": "v1.0.20170724 (OpenJPEG build) GCC6.1.0",
    "DeviceSerialNumber": "45031",
    "EchoTime": 0.03,
    "EchoTrainLength": 31,
    "EffectiveEchoSpacing": 0.000330003,
    "FlipAngle": 71,
    "ImageType": [
      "ORIGINAL",
      "PRIMARY",
      "M",
      "ND",
      "NORM",
      "MOSAIC"
    ],
    "InstitutionAddress": "Washington_and_Faculty_Rd._-_Building_25_25_Princeton_NJ_US_085",
    "InstitutionName": "Princeton_University_-_Neuroscience_Institute",
    "MagneticFieldStrength": 3,
    "Manufacturer": "Siemens",
    "ManufacturersModelName": "Skyra",
    "PhaseEncodingDirection": "j-",
    "PhaseEncodingLines": 64,
    "ProcedureStepDescription": "NormanLab_Jarrod",
    "ProtocolName": "epi_301_3x3x3_2s",
    "RepetitionTime": 2,
    "ScanningSequence": "EP",
    "SequenceName": "_epfid2d1_64",
    "SequenceVariant": "SK",
    "SeriesDescription": "epi_301_3x3x3_2s",
    "SliceTiming": [
      1,
      0,
      1.055,
      0.055,
      1.11,
      0.1125,
      1.1675,
      0.1675,
      1.2225,
      0.2225,
      1.2775,
      0.2775,
      1.3325,
      0.3325,
      1.3875,
      0.39,
      1.445,
      0.445,
      1.5,
      0.5,
      1.555,
      0.555,
      1.61,
      0.61,
      1.6675,
      0.6675,
      1.7225,
      0.7225,
      1.7775,
      0.7775,
      1.8325,
      0.8325,
      1.8875,
      0.89,
      1.945,
      0.945
    ],
    "SoftwareVersions": "syngo_MR_D11",
    "TaskName": "Episodic Memory",
    "TotalReadoutTime": 0.0201302,
    "TrueEchoSpacing": 0.000660007,
    "dataset": "ds001229",
    "modality": "bold",
    "run_id": 3,
    "subject_id": "02",
    "task_id": "em"
  },
  "dummy_trs": 0,
  "dvars_nstd": 24.602860527133327,
  "dvars_std": 1.209112565266667,
  "dvars_vstd": 1.0030415901666665,
  "efc": 0.5629984545060464,
  "fber": 1703.6820068359375,
  "fd_mean": 0.07952200340901672,
  "fd_num": 3,
  "fd_perc": 0.9966777408637874,
  "fwhm_avg": 1.6156057264303822,
  "fwhm_x": 1.50851,
  "fwhm_y": 1.7257300000000002,
  "fwhm_z": 1.6125771792911463,
  "gcor": 0.0445099,
  "gsr_x": -0.0040398347191512585,
  "gsr_y": 0.02861029841005802,
  "provenance": {
    "md5sum": "4c1915d5f7f1b41d44836310b3e63206",
    "settings": {
      "fd_thres": 0.2,
      "testing": false
    },
    "software": "mriqc",
    "version": "22.0.6",
    "webapi_port": null,
    "webapi_url": "https://mriqc.nimh.nih.gov/api/v1"
  },
  "size_t": 301,
  "size_x": 64,
  "size_y": 64,
  "size_z": 36,
  "snr": 6.610162553782117,
  "spacing_tr": 2.0,
  "spacing_x": 3.0,
  "spacing_y": 3.0,
  "spacing_z": 2.9999990463256836,
  "summary_bg_k": 30.90469817349645,
  "summary_bg_mad": 8.304541165362107,
  "summary_bg_mean": 36.030609130859375,
  "summary_bg_median": 17.192689895629883,
  "summary_bg_n": 80930.0,
  "summary_bg_p05": 9.448504447937012,
  "summary_bg_p95": 122.60597686767605,
  "summary_bg_stdv": 61.44099044799805,
  "summary_fg_k": 2.270206113061354,
  "summary_fg_mad": 107.26949198342734,
  "summary_fg_mean": 726.0961303710938,
  "summary_fg_median": 722.2590942382812,
  "summary_fg_n": 33811.0,
  "summary_fg_p05": 572.0979919433594,
  "summary_fg_p95": 897.9268798828125,
  "summary_fg_stdv": 109.26333618164062,
  "tsnr": 62.19497198285535
}