{
  "bids_meta": {
    "AcquisitionNumber": 1,
    "AcquisitionTime": "10:24:31.160000",
    "BodyPartExamined": "BRAIN",
    "ConversionSoftware": "dcm2niix",
    "ConversionSoftwareVersion": "v1.0.20170724 (OpenJPEG build) GCC6.1.0",
    "DeviceSerialNumber": "45031",
    "EchoTime": 0.00308,
    "FlipAngle": 9,
    "ImageType": [
      "ORIGINAL",
      "PRIMARY",
      "M",
      "ND",
      "NORM"
    ],
    "InstitutionAddress": "Washington_and_Faculty_Rd._-_Building_25_25_Princeton_NJ_US_085",
    "InstitutionName": "Princeton_University_-_Neuroscience_Institute",
    "InversionTime": 0.9,
    "MagneticFieldStrength": 3,
    "Manufacturer": "Siemens",
    "ManufacturersModelName": "Skyra",
    "PhaseEncodingDirection": "i-",
    "PhaseEncodingLines": 256,
    "ProcedureStepDescription": "NormanLab_Jarrod",
    "ProtocolName": "long_mprage_.9x.9x.9",
    "RepetitionTime": 2.3,
    "ScanningSequence": "GR_IR",
    "SequenceName": "_tfl3d1_16ns",
    "SequenceVariant": "SK_SP_MP",
    "SeriesDescription": "long_mprage_.9x.9x.9",
    "SoftwareVersions": "syngo_MR_D11",
    "dataset": "ds001229",
    "modality": "T1w",
    "subject_id": "27"
  },
  "cjv": 0.3315688850116387,
  "cnr": 3.94056716636308,
  "efc": 0.558860707872626,
  "fber": 4242.262494793836,
  "fwhm_avg": 3.673776845075555,
  "fwhm_x": 3.714706535226666,
  "fwhm_y": 3.796619636363636,
  "fwhm_z": 3.5100043636363636,
  "icvs_csf": 0.20816564870534865,
  "icvs_gm": 0.44813381896646487,
  "icvs_wm": 0.3437005323281865,
  "inu_med": 0.5953293442726135,
  "inu_range": 0.246388778090477,
  "provenance": {
    "md5sum": "4ff0dc8982e87c7d8c7792b582507423",
    "settings": {
      "testing": false
    },
    "software": "mriqc",
    "version": "22.0.6",
    "warnings": {
      "large_rot_frame": true,
      "small_air_mask": false
    },
    "webapi_port": null,
    "webapi_url": "https://mriqc.nimh.nih.gov/api/v1"
  },
  "qi_1": 0.0,
  "qi_2": 0.004579895741533275,
  "rpve_csf": 19.490528389849693,
  "rpve_gm": 9.51268190789221,
  "rpve_wm": 13.831216383144904,
  "size_x": 192,
  "size_y": 256,
  "size_z": 256,
  "snr_csf": 1.8306809231898182,
  "snr_gm": 9.832890048928698,
  "snr_total": 10.647013911346692,
  "snr_wm": 20.277470761921563,
  "snrd_csf": 13.45665321323456,
  "snrd_gm": 38.7970509421847,
  "snrd_total": 36.8164268562321,
  "snrd_wm": 58.195576413277045,
  "spacing_x": 0.9000011086463928,
  "spacing_y": 0.859375,
  "spacing_z": 0.859375,
  "summary_bg_k": 5.793904954362031,
  "summary_bg_mad": 0.0,
  "summary_bg_mean": 7.374953137058704,
  "summary_bg_median": 0.0,
  "summary_bg_n": 2398459.0,
  "summary_bg_p05": 0.0,
  "summary_bg_p95": 30.612962462008,
  "summary_bg_stdv": 11.257494922665318,
  "summary_csf_k": 1.313058091494674,
  "summary_csf_mad": 120.944741341044,
  "summary_csf_mean": 245.64875372504272,
  "summary_csf_median": 231.2315499857068,
  "summary_csf_n": 58620.0,
  "summary_csf_p05": 65.86356028206647,
  "summary_csf_p95": 476.2424477707593,
  "summary_csf_stdv": 126.30796265800906,
  "summary_gm_k": 0.3899219080204781,
  "summary_gm_mad": 63.20808756858525,
  "summary_gm_mean": 666.782600328916,
  "summary_gm_median": 666.6666727662086,
  "summary_gm_n": 68569.0,
  "summary_gm_p05": 555.356394790113,
  "summary_gm_p95": 780.071706841886,
  "summary_gm_stdv": 67.7991727912987,
  "summary_wm_k": 0.38836297106342954,
  "summary_wm_mad": 47.31487511317016,
  "summary_wm_mean": 1000.1437597193584,
  "summary_wm_median": 1000.000009149313,
  "summary_wm_n": 305041.0,
  "summary_wm_p05": 919.6190158650279,
  "summary_wm_p95": 1081.0487938076258,
  "summary_wm_stdv": 49.31573477605006,
  "tpm_overlap_csf": 0.1408681983179089,
  "tpm_overlap_gm": 0.46124095450078556,
  "tpm_overlap_wm": 0.49936357426915773,
  "wm2max": 0.5201652711250868
}