{
  "aor": 0.0004531229235880399,
  "aqi": 0.00620434219269103,
  "bids_meta": {
    "AccelFactPE": 2,
    "AcquisitionNumber": 1,
    "AcquisitionTime": "17:20:55.772500",
    "BandwidthPerPixelPhaseEncode": 47.348,
    "BodyPartExamined": "BRAIN",
    "ConversionSoftware": "dcm2niix",
    "ConversionSoftwareVersion": "v1.0.20170724 (OpenJPEG build) GCC6.1.0",
    "DeviceSerialNumber": "45031",
    "EchoTime": 0.03,
    "EchoTrainLength": 31,
    "EffectiveEchoSpacing": 0.000330003,
    "FlipAngle": 71,
    "ImageType": [
      "ORIGINAL",
      "PRIMARY",
      "M",
      "ND",
      "NORM",
      "MOSAIC"
    ],
    "InstitutionAddress": "Washington_and_Faculty_Rd._-_Building_25_25_Princeton_NJ_US_085",
    "InstitutionName": "Princeton_University_-_Neuroscience_Institute",
    "MagneticFieldStrength": 3,
    "Manufacturer": "Siemens",
    "ManufacturersModelName": "Skyra",
    "PhaseEncodingDirection": "j-",
    "PhaseEncodingLines": 64,
    "ProcedureStepDescription": "NormanLab_Jarrod",
    "ProtocolName": "epi_301_3x3x3_2s",
    "RepetitionTime": 2,
    "ScanningSequence": "EP",
    "SequenceName": "_epfid2d1_64",
    "SequenceVariant": "SK",
    "SeriesDescription": "epi_301_3x3x3_2s",
    "SliceTiming": [
      1,
      0,
      1.055,
      0.055,
      1.11,
      0.11,
      1.165,
      0.1675,
      1.2225,
      0.2225,
      1.2775,
      0.2775,
      1.3325,
      0.3325,
      1.3875,
      0.3875,
      1.4425,
      0.445,
      1.5,
      0.5,
      1.555,
      0.555,
      1.61,
      0.61,
      1.665,
      0.665,
      1.7225,
      0.7225,
      1.7775,
      0.7775,
      1.8325,
      0.8325,
      1.8875,
      0.8875,
      1.9425,
      0.945
    ],
    "SoftwareVersions": "syngo_MR_D11",
    "TaskName": "Working Memory",
    "TotalReadoutTime": 0.0201302,
    "TrueEchoSpacing": 0.000660007,
    "dataset": "ds001229",
    "modality": "bold",
    "run_id": 3,
    "subject_id": "14",
    "task_id": "wm"
  },
  "dummy_trs": 0,
  "dvars_nstd": 22.779203656566665,
  "dvars_std": 1.1567650229,
  "dvars_vstd": 0.9948186602333338,
  "efc": 0.5559240236031286,
  "fber": 1692.481201171875,
  "fd_mean": 0.07093295930778844,
  "fd_num": 15,
  "fd_perc": 4.983388704318937,
  "fwhm_avg": 1.6485335978106592,
  "fwhm_x": 1.5282499999999999,
  "fwhm_y": 1.7534033333333332,
  "fwhm_z": 1.6639474600986448,
  "gcor": 0.0654373,
  "gsr_x": 0.005034744739532471,
  "gsr_y": 0.03138473257422447,
  "provenance": {
    "md5sum": "c53aae8a8e520288f522008afc9d67fc",
    "settings": {
      "fd_thres": 0.2,
      "testing": false
    },
    "software": "mriqc",
    "version": "22.0.6",
    "webapi_port": null,
    "webapi_url": "https://mriqc.nimh.nih.gov/api/v1"
  },
  "size_t": 301,
  "size_x": 64,
  "size_y": 64,
  "size_z": 36,
  "snr": 6.028835943483428,
  "spacing_tr": 2.0,
  "spacing_x": 3.0,
  "spacing_y": 3.0,
  "spacing_z": 2.9999985694885254,
  "summary_bg_k": 38.412151271650565,
  "summary_bg_mad": 9.922598300950547,
  "summary_bg_mean": 36.628501892089844,
  "summary_bg_median": 17.837209701538086,
  "summary_bg_n": 81544.0,
  "summary_bg_p05": 8.953986597061158,
  "summary_bg_p95": 116.69368400573707,
  "summary_bg_stdv": 59.679317474365234,
  "summary_fg_k": 2.075590475666581,
  "summary_fg_mad": 124.4253370456046,
  "summary_fg_mean": 752.5961303710938,
  "summary_fg_median": 743.4052734375,
  "summary_fg_n": 33348.0,
  "summary_fg_p05": 586.0283782958985,
  "summary_fg_p95": 951.1062622070312,
  "summary_fg_stdv": 123.30641174316406,
  "tsnr": 64.99880243651569
}