{
  "aor": 0.003919867109634551,
  "aqi": 0.013349912026578073,
  "bids_meta": {
    "AccelFactPE": 2,
    "AcquisitionNumber": 1,
    "AcquisitionTime": "16:48:49.600000",
    "BandwidthPerPixelPhaseEncode": 47.348,
    "BodyPartExamined": "BRAIN",
    "ConversionSoftware": "dcm2niix",
    "ConversionSoftwareVersion": "v1.0.20170724 (OpenJPEG build) GCC6.1.0",
    "DeviceSerialNumber": "45031",
    "EchoTime": 0.03,
    "EchoTrainLength": 31,
    "EffectiveEchoSpacing": 0.000330003,
    "FlipAngle": 71,
    "ImageType": [
      "ORIGINAL",
      "PRIMARY",
      "M",
      "ND",
      "NORM",
      "MOSAIC"
    ],
    "InstitutionAddress": "Washington_and_Faculty_Rd._-_Building_25_25_Princeton_NJ_US_085",
    "InstitutionName": "Princeton_University_-_Neuroscience_Institute",
    "MagneticFieldStrength": 3,
    "Manufacturer": "Siemens",
    "ManufacturersModelName": "Skyra",
    "PhaseEncodingDirection": "j-",
    "PhaseEncodingLines": 64,
    "ProcedureStepDescription": "NormanLab_Jarrod",
    "ProtocolName": "epi_301_3x3x3_2s",
    "RepetitionTime": 2,
    "ScanningSequence": "EP",
    "SequenceName": "_epfid2d1_64",
    "SequenceVariant": "SK",
    "SeriesDescription": "epi_301_3x3x3_2s",
    "SliceTiming": [
      1,
      0,
      1.055,
      0.055,
      1.11,
      0.11,
      1.1675,
      0.1675,
      1.2225,
      0.2225,
      1.2775,
      0.2775,
      1.3325,
      0.3325,
      1.3875,
      0.3875,
      1.445,
      0.445,
      1.5,
      0.5,
      1.555,
      0.555,
      1.61,
      0.61,
      1.665,
      0.6675,
      1.7225,
      0.7225,
      1.7775,
      0.7775,
      1.8325,
      0.8325,
      1.8875,
      0.8875,
      1.945,
      0.945
    ],
    "SoftwareVersions": "syngo_MR_D11",
    "TaskName": "Episodic Memory",
    "TotalReadoutTime": 0.0201302,
    "TrueEchoSpacing": 0.000660007,
    "dataset": "ds001229",
    "modality": "bold",
    "run_id": 1,
    "subject_id": "14",
    "task_id": "em"
  },
  "dummy_trs": 0,
  "dvars_nstd": 25.681180572533343,
  "dvars_std": 1.1488091270000012,
  "dvars_vstd": 0.9949786741999997,
  "efc": 0.5555007127188323,
  "fber": 1691.8916015625,
  "fd_mean": 0.16152078347071164,
  "fd_num": 49,
  "fd_perc": 16.27906976744186,
  "fwhm_avg": 1.668274713539146,
  "fwhm_x": 1.5433133333333335,
  "fwhm_y": 1.7685133333333332,
  "fwhm_z": 1.692997473950771,
  "gcor": 0.0481985,
  "gsr_x": 0.003654910484328866,
  "gsr_y": 0.032255034893751144,
  "provenance": {
    "md5sum": "ab2d1c7b59acbdb34ef0afed3872908e",
    "settings": {
      "fd_thres": 0.2,
      "testing": false
    },
    "software": "mriqc",
    "version": "22.0.6",
    "webapi_port": null,
    "webapi_url": "https://mriqc.nimh.nih.gov/api/v1"
  },
  "size_t": 301,
  "size_x": 64,
  "size_y": 64,
  "size_z": 36,
  "snr": 6.0059948235813545,
  "spacing_tr": 2.0,
  "spacing_x": 3.0,
  "spacing_y": 3.0,
  "spacing_z": 2.9999985694885254,
  "summary_bg_k": 39.52423028153701,
  "summary_bg_mad": 10.55061192550665,
  "summary_bg_mean": 36.58841323852539,
  "summary_bg_median": 18.039867401123047,
  "summary_bg_n": 81607.0,
  "summary_bg_p05": 8.817276000976562,
  "summary_bg_p95": 116.54384994506835,
  "summary_bg_stdv": 58.95265579223633,
  "summary_fg_k": 2.310594515525792,
  "summary_fg_mad": 126.3758222457254,
  "summary_fg_mean": 758.8975830078125,
  "summary_fg_median": 749.7258911132812,
  "summary_fg_n": 33330.0,
  "summary_fg_p05": 590.8554595947265,
  "summary_fg_p95": 957.385009765625,
  "summary_fg_stdv": 124.82772064208984,
  "tsnr": 47.25802789977752
}