{
  "aor": 0.002871794019933555,
  "aqi": 0.00895529388704319,
  "bids_meta": {
    "AccelFactPE": 2,
    "AcquisitionNumber": 1,
    "AcquisitionTime": "16:37:31.677500",
    "BandwidthPerPixelPhaseEncode": 47.348,
    "BodyPartExamined": "BRAIN",
    "ConversionSoftware": "dcm2niix",
    "ConversionSoftwareVersion": "v1.0.20170724 (OpenJPEG build) GCC6.1.0",
    "DeviceSerialNumber": "45031",
    "EchoTime": 0.03,
    "EchoTrainLength": 31,
    "EffectiveEchoSpacing": 0.000330003,
    "FlipAngle": 71,
    "ImageType": [
      "ORIGINAL",
      "PRIMARY",
      "M",
      "ND",
      "NORM",
      "MOSAIC"
    ],
    "InstitutionAddress": "Washington_and_Faculty_Rd._-_Building_25_25_Princeton_NJ_US_085",
    "InstitutionName": "Princeton_University_-_Neuroscience_Institute",
    "MagneticFieldStrength": 3,
    "Manufacturer": "Siemens",
    "ManufacturersModelName": "Skyra",
    "PhaseEncodingDirection": "j-",
    "PhaseEncodingLines": 64,
    "ProcedureStepDescription": "NormanLab_Jarrod",
    "ProtocolName": "epi_301_3x3x3_2s",
    "RepetitionTime": 2,
    "ScanningSequence": "EP",
    "SequenceName": "_epfid2d1_64",
    "SequenceVariant": "SK",
    "SeriesDescription": "epi_301_3x3x3_2s",
    "SliceTiming": [
      1,
      0,
      1.055,
      0.0575,
      1.1125,
      0.1125,
      1.1675,
      0.1675,
      1.2225,
      0.2225,
      1.2775,
      0.2775,
      1.335,
      0.335,
      1.39,
      0.39,
      1.445,
      0.445,
      1.5,
      0.5,
      1.555,
      0.555,
      1.6125,
      0.6125,
      1.6675,
      0.6675,
      1.7225,
      0.7225,
      1.7775,
      0.7775,
      1.8325,
      0.835,
      1.89,
      0.89,
      1.945,
      0.945
    ],
    "SoftwareVersions": "syngo_MR_D11",
    "TaskName": "Working Memory",
    "TotalReadoutTime": 0.0201302,
    "TrueEchoSpacing": 0.000660007,
    "dataset": "ds001229",
    "modality": "bold",
    "run_id": 1,
    "subject_id": "14",
    "task_id": "wm"
  },
  "dummy_trs": 0,
  "dvars_nstd": 28.188326327066648,
  "dvars_std": 1.252824912933334,
  "dvars_vstd": 1.0039890533333333,
  "efc": 0.5551861677306019,
  "fber": 1697.582763671875,
  "fd_mean": 0.11035365759415056,
  "fd_num": 29,
  "fd_perc": 9.634551495016611,
  "fwhm_avg": 1.6597124895457378,
  "fwhm_x": 1.5371366666666668,
  "fwhm_y": 1.7601466666666665,
  "fwhm_z": 1.6818541353038798,
  "gcor": 0.044513,
  "gsr_x": 0.003359391586855054,
  "gsr_y": 0.032306648790836334,
  "provenance": {
    "md5sum": "30c2b728418dc3a39559a56f6b27fbdc",
    "settings": {
      "fd_thres": 0.2,
      "testing": false
    },
    "software": "mriqc",
    "version": "22.0.6",
    "webapi_port": null,
    "webapi_url": "https://mriqc.nimh.nih.gov/api/v1"
  },
  "size_t": 301,
  "size_x": 64,
  "size_y": 64,
  "size_z": 36,
  "snr": 5.989106096730212,
  "spacing_tr": 2.0,
  "spacing_x": 3.0,
  "spacing_y": 3.0,
  "spacing_z": 2.9999985694885254,
  "summary_bg_k": 39.26461446745044,
  "summary_bg_mad": 10.240298978333128,
  "summary_bg_mean": 36.573734283447266,
  "summary_bg_median": 17.99335479736328,
  "summary_bg_n": 81530.0,
  "summary_bg_p05": 8.843853950500488,
  "summary_bg_p95": 116.37458305358892,
  "summary_bg_stdv": 59.96701431274414,
  "summary_fg_k": 2.172447871780907,
  "summary_fg_mad": 127.66631237256307,
  "summary_fg_mean": 760.7584838867188,
  "summary_fg_median": 751.36376953125,
  "summary_fg_n": 33298.0,
  "summary_fg_p05": 591.6347015380859,
  "summary_fg_p95": 961.0684143066404,
  "summary_fg_stdv": 125.45319366455078,
  "tsnr": 55.37827714346349
}