{
  "aor": 0.0020032558139534886,
  "aqi": 0.009783673554817277,
  "bids_meta": {
    "AccelFactPE": 2,
    "AcquisitionNumber": 1,
    "AcquisitionTime": "16:59:28.735000",
    "BandwidthPerPixelPhaseEncode": 47.348,
    "BodyPartExamined": "BRAIN",
    "ConversionSoftware": "dcm2niix",
    "ConversionSoftwareVersion": "v1.0.20170724 (OpenJPEG build) GCC6.1.0",
    "DeviceSerialNumber": "45031",
    "EchoTime": 0.03,
    "EchoTrainLength": 31,
    "EffectiveEchoSpacing": 0.000330003,
    "FlipAngle": 71,
    "ImageType": [
      "ORIGINAL",
      "PRIMARY",
      "M",
      "ND",
      "NORM",
      "MOSAIC"
    ],
    "InstitutionAddress": "Washington_and_Faculty_Rd._-_Building_25_25_Princeton_NJ_US_085",
    "InstitutionName": "Princeton_University_-_Neuroscience_Institute",
    "MagneticFieldStrength": 3,
    "Manufacturer": "Siemens",
    "ManufacturersModelName": "Skyra",
    "PhaseEncodingDirection": "j-",
    "PhaseEncodingLines": 64,
    "ProcedureStepDescription": "NormanLab_Jarrod",
    "ProtocolName": "epi_301_3x3x3_2s",
    "RepetitionTime": 2,
    "ScanningSequence": "EP",
    "SequenceName": "_epfid2d1_64",
    "SequenceVariant": "SK",
    "SeriesDescription": "epi_301_3x3x3_2s",
    "SliceTiming": [
      0.9975,
      0,
      1.055,
      0.055,
      1.11,
      0.11,
      1.165,
      0.165,
      1.22,
      0.22,
      1.2775,
      0.2775,
      1.3325,
      0.3325,
      1.3875,
      0.3875,
      1.4425,
      0.4425,
      1.4975,
      0.5,
      1.555,
      0.555,
      1.61,
      0.61,
      1.665,
      0.665,
      1.72,
      0.72,
      1.775,
      0.7775,
      1.8325,
      0.8325,
      1.8875,
      0.8875,
      1.9425,
      0.9425
    ],
    "SoftwareVersions": "syngo_MR_D11",
    "TaskName": "Working Memory",
    "TotalReadoutTime": 0.0201302,
    "TrueEchoSpacing": 0.000660007,
    "dataset": "ds001229",
    "modality": "bold",
    "run_id": 2,
    "subject_id": "14",
    "task_id": "wm"
  },
  "dummy_trs": 0,
  "dvars_nstd": 21.628183682733326,
  "dvars_std": 1.1084603153999995,
  "dvars_vstd": 0.9879045403,
  "efc": 0.5565117120228844,
  "fber": 1665.8455810546875,
  "fd_mean": 0.07518842187679216,
  "fd_num": 14,
  "fd_perc": 4.651162790697675,
  "fwhm_avg": 1.6566769305140374,
  "fwhm_x": 1.5371166666666667,
  "fwhm_y": 1.77293,
  "fwhm_z": 1.6599841248754459,
  "gcor": 0.0430178,
  "gsr_x": 0.0033385755959898233,
  "gsr_y": 0.032936230301856995,
  "provenance": {
    "md5sum": "0ec567f61f1edd0c104390592556b08f",
    "settings": {
      "fd_thres": 0.2,
      "testing": false
    },
    "software": "mriqc",
    "version": "22.0.6",
    "webapi_port": null,
    "webapi_url": "https://mriqc.nimh.nih.gov/api/v1"
  },
  "size_t": 301,
  "size_x": 64,
  "size_y": 64,
  "size_z": 36,
  "snr": 6.025348698737976,
  "spacing_tr": 2.0,
  "spacing_x": 3.0,
  "spacing_y": 3.0,
  "spacing_z": 2.9999985694885254,
  "summary_bg_k": 37.63569345590379,
  "summary_bg_mad": 11.220491711113503,
  "summary_bg_mean": 36.90656661987305,
  "summary_bg_median": 18.186046600341797,
  "summary_bg_n": 81450.0,
  "summary_bg_p05": 8.318936347961426,
  "summary_bg_p95": 116.98770256042486,
  "summary_bg_stdv": 59.4997673034668,
  "summary_fg_k": 1.9290776403963479,
  "summary_fg_mad": 126.71810391634902,
  "summary_fg_mean": 757.6104125976562,
  "summary_fg_median": 748.915283203125,
  "summary_fg_n": 33378.0,
  "summary_fg_p05": 588.8632751464844,
  "summary_fg_p95": 957.2345397949218,
  "summary_fg_stdv": 124.292236328125,
  "tsnr": 57.2543110800907
}