{
  "aor": 0.0010300664451827245,
  "aqi": 0.009632909169435216,
  "bids_meta": {
    "AccelFactPE": 2,
    "AcquisitionNumber": 1,
    "AcquisitionTime": "17:31:30.350000",
    "BandwidthPerPixelPhaseEncode": 47.348,
    "BodyPartExamined": "BRAIN",
    "ConversionSoftware": "dcm2niix",
    "ConversionSoftwareVersion": "v1.0.20170724 (OpenJPEG build) GCC6.1.0",
    "DeviceSerialNumber": "45031",
    "EchoTime": 0.03,
    "EchoTrainLength": 31,
    "EffectiveEchoSpacing": 0.000330003,
    "FlipAngle": 71,
    "ImageType": [
      "ORIGINAL",
      "PRIMARY",
      "M",
      "ND",
      "NORM",
      "MOSAIC"
    ],
    "InstitutionAddress": "Washington_and_Faculty_Rd._-_Building_25_25_Princeton_NJ_US_085",
    "InstitutionName": "Princeton_University_-_Neuroscience_Institute",
    "MagneticFieldStrength": 3,
    "Manufacturer": "Siemens",
    "ManufacturersModelName": "Skyra",
    "PhaseEncodingDirection": "j-",
    "PhaseEncodingLines": 64,
    "ProcedureStepDescription": "NormanLab_Jarrod",
    "ProtocolName": "epi_301_3x3x3_2s",
    "RepetitionTime": 2,
    "ScanningSequence": "EP",
    "SequenceName": "_epfid2d1_64",
    "SequenceVariant": "SK",
    "SeriesDescription": "epi_301_3x3x3_2s",
    "SliceTiming": [
      1,
      0,
      1.055,
      0.055,
      1.11,
      0.11,
      1.165,
      0.165,
      1.2225,
      0.2225,
      1.2775,
      0.2775,
      1.3325,
      0.3325,
      1.3875,
      0.3875,
      1.4425,
      0.4425,
      1.5,
      0.5,
      1.555,
      0.555,
      1.61,
      0.61,
      1.665,
      0.665,
      1.72,
      0.7225,
      1.7775,
      0.7775,
      1.8325,
      0.8325,
      1.8875,
      0.8875,
      1.9425,
      0.9425
    ],
    "SoftwareVersions": "syngo_MR_D11",
    "TaskName": "Episodic Memory",
    "TotalReadoutTime": 0.0201302,
    "TrueEchoSpacing": 0.000660007,
    "dataset": "ds001229",
    "modality": "bold",
    "run_id": 3,
    "subject_id": "14",
    "task_id": "em"
  },
  "dummy_trs": 0,
  "dvars_nstd": 22.068246586933324,
  "dvars_std": 1.1067335544999997,
  "dvars_vstd": 0.9822016947333335,
  "efc": 0.556336543372,
  "fber": 1688.1572265625,
  "fd_mean": 0.08457289387483725,
  "fd_num": 18,
  "fd_perc": 5.980066445182724,
  "fwhm_avg": 1.651030260938663,
  "fwhm_x": 1.5375066666666666,
  "fwhm_y": 1.7739,
  "fwhm_z": 1.6416841161493219,
  "gcor": 0.0326807,
  "gsr_x": 0.004445039667189121,
  "gsr_y": 0.03191337361931801,
  "provenance": {
    "md5sum": "d2d3a9306f8cf4c15a2d93dcf04464ae",
    "settings": {
      "fd_thres": 0.2,
      "testing": false
    },
    "software": "mriqc",
    "version": "22.0.6",
    "webapi_port": null,
    "webapi_url": "https://mriqc.nimh.nih.gov/api/v1"
  },
  "size_t": 301,
  "size_x": 64,
  "size_y": 64,
  "size_z": 36,
  "snr": 6.059649169991889,
  "spacing_tr": 2.0,
  "spacing_x": 3.0,
  "spacing_y": 3.0,
  "spacing_z": 2.9999985694885254,
  "summary_bg_k": 36.86664568209815,
  "summary_bg_mad": 10.29940647568421,
  "summary_bg_mean": 36.84989929199219,
  "summary_bg_median": 17.926910400390625,
  "summary_bg_n": 81541.0,
  "summary_bg_p05": 8.787375450134277,
  "summary_bg_p95": 116.57142639160156,
  "summary_bg_stdv": 59.74372482299805,
  "summary_fg_k": 2.026952724808071,
  "summary_fg_mad": 124.81195923667914,
  "summary_fg_mean": 752.8912963867188,
  "summary_fg_median": 743.5896606445312,
  "summary_fg_n": 33256.0,
  "summary_fg_p05": 586.4094390869141,
  "summary_fg_p95": 949.0140838623047,
  "summary_fg_stdv": 122.70982360839844,
  "tsnr": 57.72214371431619
}