{
  "aor": 0.0005050830564784053,
  "aqi": 0.0068759818604651165,
  "bids_meta": {
    "AccelFactPE": 2,
    "AcquisitionNumber": 1,
    "AcquisitionTime": "17:10:19.260000",
    "BandwidthPerPixelPhaseEncode": 47.348,
    "BodyPartExamined": "BRAIN",
    "ConversionSoftware": "dcm2niix",
    "ConversionSoftwareVersion": "v1.0.20170724 (OpenJPEG build) GCC6.1.0",
    "DeviceSerialNumber": "45031",
    "EchoTime": 0.03,
    "EchoTrainLength": 31,
    "EffectiveEchoSpacing": 0.000330003,
    "FlipAngle": 71,
    "ImageType": [
      "ORIGINAL",
      "PRIMARY",
      "M",
      "ND",
      "NORM",
      "MOSAIC"
    ],
    "InstitutionAddress": "Washington_and_Faculty_Rd._-_Building_25_25_Princeton_NJ_US_085",
    "InstitutionName": "Princeton_University_-_Neuroscience_Institute",
    "MagneticFieldStrength": 3,
    "Manufacturer": "Siemens",
    "ManufacturersModelName": "Skyra",
    "PhaseEncodingDirection": "j-",
    "PhaseEncodingLines": 64,
    "ProcedureStepDescription": "NormanLab_Jarrod",
    "ProtocolName": "epi_301_3x3x3_2s",
    "RepetitionTime": 2,
    "ScanningSequence": "EP",
    "SequenceName": "_epfid2d1_64",
    "SequenceVariant": "SK",
    "SeriesDescription": "epi_301_3x3x3_2s",
    "SliceTiming": [
      1,
      0,
      1.055,
      0.055,
      1.1125,
      0.1125,
      1.1675,
      0.1675,
      1.2225,
      0.2225,
      1.2775,
      0.2775,
      1.3325,
      0.335,
      1.39,
      0.39,
      1.445,
      0.445,
      1.5,
      0.5,
      1.555,
      0.555,
      1.6125,
      0.6125,
      1.6675,
      0.6675,
      1.7225,
      0.7225,
      1.7775,
      0.7775,
      1.8325,
      0.8325,
      1.89,
      0.89,
      1.945,
      0.945
    ],
    "SoftwareVersions": "syngo_MR_D11",
    "TaskName": "Episodic Memory",
    "TotalReadoutTime": 0.0201302,
    "TrueEchoSpacing": 0.000660007,
    "dataset": "ds001229",
    "modality": "bold",
    "run_id": 2,
    "subject_id": "14",
    "task_id": "em"
  },
  "dummy_trs": 0,
  "dvars_nstd": 22.01832965203334,
  "dvars_std": 1.1296498472333336,
  "dvars_vstd": 0.9881706007000003,
  "efc": 0.5564300841794714,
  "fber": 1702.0537109375,
  "fd_mean": 0.06990809496691085,
  "fd_num": 13,
  "fd_perc": 4.318936877076412,
  "fwhm_avg": 1.65501026508079,
  "fwhm_x": 1.5369733333333333,
  "fwhm_y": 1.7603133333333334,
  "fwhm_z": 1.6677441285757042,
  "gcor": 0.0650126,
  "gsr_x": 0.0044171460904181,
  "gsr_y": 0.03136851266026497,
  "provenance": {
    "md5sum": "d835d6087d8b291028c0699304412251",
    "settings": {
      "fd_thres": 0.2,
      "testing": false
    },
    "software": "mriqc",
    "version": "22.0.6",
    "webapi_port": null,
    "webapi_url": "https://mriqc.nimh.nih.gov/api/v1"
  },
  "size_t": 301,
  "size_x": 64,
  "size_y": 64,
  "size_z": 36,
  "snr": 6.016398041031177,
  "spacing_tr": 2.0,
  "spacing_x": 3.0,
  "spacing_y": 3.0,
  "spacing_z": 2.9999985694885254,
  "summary_bg_k": 36.8787327608384,
  "summary_bg_mad": 9.954613683749335,
  "summary_bg_mean": 36.730289459228516,
  "summary_bg_median": 17.840530395507812,
  "summary_bg_n": 81494.0,
  "summary_bg_p05": 8.9003324508667,
  "summary_bg_p95": 117.82292060852045,
  "summary_bg_stdv": 59.70492172241211,
  "summary_fg_k": 2.079488040518962,
  "summary_fg_mad": 125.87590550035588,
  "summary_fg_mean": 754.2827758789062,
  "summary_fg_median": 745.2723999023438,
  "summary_fg_n": 33416.0,
  "summary_fg_p05": 587.5390167236328,
  "summary_fg_p95": 953.617919921875,
  "summary_fg_stdv": 123.87166595458984,
  "tsnr": 62.67439129203558
}