{
  "bids_meta": {
    "AcquisitionNumber": 1,
    "AcquisitionTime": "10:35:26.140000",
    "BodyPartExamined": "BRAIN",
    "ConversionSoftware": "dcm2niix",
    "ConversionSoftwareVersion": "v1.0.20170724 (OpenJPEG build) GCC6.1.0",
    "DeviceSerialNumber": "45031",
    "EchoTime": 0.00308,
    "FlipAngle": 9,
    "ImageType": [
      "ORIGINAL",
      "PRIMARY",
      "M",
      "ND",
      "NORM"
    ],
    "InstitutionAddress": "Washington_and_Faculty_Rd._-_Building_25_25_Princeton_NJ_US_085",
    "InstitutionName": "Princeton_University_-_Neuroscience_Institute",
    "InversionTime": 0.9,
    "MagneticFieldStrength": 3,
    "Manufacturer": "Siemens",
    "ManufacturersModelName": "Skyra",
    "PhaseEncodingDirection": "i-",
    "PhaseEncodingLines": 256,
    "ProcedureStepDescription": "NormanLab_Jarrod",
    "ProtocolName": "long_mprage_.9x.9x.9",
    "RepetitionTime": 2.3,
    "ScanningSequence": "GR_IR",
    "SequenceName": "_tfl3d1_16ns",
    "SequenceVariant": "SK_SP_MP",
    "SeriesDescription": "long_mprage_.9x.9x.9",
    "SoftwareVersions": "syngo_MR_D11",
    "dataset": "ds001229",
    "modality": "T1w",
    "subject_id": "24"
  },
  "cjv": 0.3983202041438398,
  "cnr": 3.2939364140363256,
  "efc": 0.5616230551780627,
  "fber": 5675.799107608265,
  "fwhm_avg": 3.6670656201637524,
  "fwhm_x": 3.7411648604912564,
  "fwhm_y": 3.777058909090909,
  "fwhm_z": 3.4829730909090912,
  "icvs_csf": 0.2054787102680788,
  "icvs_gm": 0.4411647330585491,
  "icvs_wm": 0.3533565566733721,
  "inu_med": 0.6704395413398743,
  "inu_range": 0.3083680957555771,
  "provenance": {
    "md5sum": "4648fdc120fbacb89ccd58e045079166",
    "settings": {
      "testing": false
    },
    "software": "mriqc",
    "version": "22.0.6",
    "warnings": {
      "large_rot_frame": true,
      "small_air_mask": false
    },
    "webapi_port": null,
    "webapi_url": "https://mriqc.nimh.nih.gov/api/v1"
  },
  "qi_1": 0.0003531295177471395,
  "qi_2": 0.0032033624070202677,
  "rpve_csf": 19.961380014009322,
  "rpve_gm": 9.841660857628625,
  "rpve_wm": 13.755578798636423,
  "size_x": 192,
  "size_y": 256,
  "size_z": 256,
  "snr_csf": 1.6679200547660404,
  "snr_gm": 10.330051966910547,
  "snr_total": 9.91388445431499,
  "snr_wm": 17.74368134126839,
  "snrd_csf": 7.187273147557744,
  "snrd_gm": 22.128585782397447,
  "snrd_total": 20.288328408690464,
  "snrd_wm": 31.5491262961162,
  "spacing_x": 0.8999950885772705,
  "spacing_y": 0.859375,
  "spacing_z": 0.859375,
  "summary_bg_k": 476.9690550317394,
  "summary_bg_mad": 0.0,
  "summary_bg_mean": 8.642107343380324,
  "summary_bg_median": 0.0,
  "summary_bg_n": 2586535.0,
  "summary_bg_p05": 0.0,
  "summary_bg_p95": 35.1477189399302,
  "summary_bg_stdv": 20.766451079677694,
  "summary_csf_k": 9.533348491836154,
  "summary_csf_mad": 123.34145813240686,
  "summary_csf_mean": 245.1447786506575,
  "summary_csf_median": 227.8214982636273,
  "summary_csf_n": 48534.0,
  "summary_csf_p05": 65.92772603034973,
  "summary_csf_p95": 483.9239307528361,
  "summary_csf_stdv": 136.58877148856783,
  "summary_gm_k": 0.28358296322109044,
  "summary_gm_mad": 65.24451574314537,
  "summary_gm_mean": 701.1103022341964,
  "summary_gm_median": 701.4298001341522,
  "summary_gm_n": 52380.0,
  "summary_gm_p05": 588.4049548208714,
  "summary_gm_p95": 812.5612835654987,
  "summary_gm_stdv": 67.9012174150718,
  "summary_wm_k": 0.5535021244297145,
  "summary_wm_mad": 53.6984357099483,
  "summary_wm_mean": 1001.4614522659004,
  "summary_wm_median": 1000.0411942228675,
  "summary_wm_n": 302341.0,
  "summary_wm_p05": 911.8628606572747,
  "summary_wm_p95": 1095.5951921381056,
  "summary_wm_stdv": 56.36031898666163,
  "tpm_overlap_csf": 0.16417462125370455,
  "tpm_overlap_gm": 0.47759871180446384,
  "tpm_overlap_wm": 0.5275445207205861,
  "wm2max": 0.4507047484632955
}