{
  "aor": 0.0015394684385382057,
  "aqi": 0.007811094551495016,
  "bids_meta": {
    "AccelFactPE": 2,
    "AcquisitionNumber": 1,
    "AcquisitionTime": "10:06:31.877500",
    "BandwidthPerPixelPhaseEncode": 47.348,
    "BodyPartExamined": "BRAIN",
    "ConversionSoftware": "dcm2niix",
    "ConversionSoftwareVersion": "v1.0.20170724 (OpenJPEG build) GCC6.1.0",
    "DeviceSerialNumber": "45031",
    "EchoTime": 0.03,
    "EchoTrainLength": 31,
    "EffectiveEchoSpacing": 0.000330003,
    "FlipAngle": 71,
    "ImageType": [
      "ORIGINAL",
      "PRIMARY",
      "M",
      "ND",
      "NORM",
      "MOSAIC"
    ],
    "InstitutionAddress": "Washington_and_Faculty_Rd._-_Building_25_25_Princeton_NJ_US_085",
    "InstitutionName": "Princeton_University_-_Neuroscience_Institute",
    "MagneticFieldStrength": 3,
    "Manufacturer": "Siemens",
    "ManufacturersModelName": "Skyra",
    "PhaseEncodingDirection": "j-",
    "PhaseEncodingLines": 64,
    "ProcedureStepDescription": "NormanLab_Jarrod",
    "ProtocolName": "epi_301_3x3x3_2s",
    "RepetitionTime": 2,
    "ScanningSequence": "EP",
    "SequenceName": "_epfid2d1_64",
    "SequenceVariant": "SK",
    "SeriesDescription": "epi_301_3x3x3_2s",
    "SliceTiming": [
      1,
      0,
      1.055,
      0.055,
      1.11,
      0.11,
      1.1675,
      0.1675,
      1.2225,
      0.2225,
      1.2775,
      0.2775,
      1.3325,
      0.3325,
      1.3875,
      0.39,
      1.445,
      0.445,
      1.5,
      0.5,
      1.555,
      0.555,
      1.61,
      0.61,
      1.6675,
      0.6675,
      1.7225,
      0.7225,
      1.7775,
      0.7775,
      1.8325,
      0.8325,
      1.8875,
      0.89,
      1.945,
      0.945
    ],
    "SoftwareVersions": "syngo_MR_D11",
    "TaskName": "Episodic Memory",
    "TotalReadoutTime": 0.0201302,
    "TrueEchoSpacing": 0.000660007,
    "dataset": "ds001229",
    "modality": "bold",
    "run_id": 2,
    "subject_id": "25",
    "task_id": "em"
  },
  "dummy_trs": 0,
  "dvars_nstd": 22.35287492123334,
  "dvars_std": 1.1236878604333338,
  "dvars_vstd": 1.0091786421333333,
  "efc": 0.6291376817382767,
  "fber": 1366.44189453125,
  "fd_mean": 0.09060039828274008,
  "fd_num": 23,
  "fd_perc": 7.641196013289036,
  "fwhm_avg": 1.8009400461839782,
  "fwhm_x": 1.7034666666666667,
  "fwhm_y": 1.9559666666666666,
  "fwhm_z": 1.7433868052186015,
  "gcor": 0.0724285,
  "gsr_x": 0.0029626809991896152,
  "gsr_y": 0.03945181146264076,
  "provenance": {
    "md5sum": "be065f53e2d401ef9b548235c1e85225",
    "settings": {
      "fd_thres": 0.2,
      "testing": false
    },
    "software": "mriqc",
    "version": "22.0.6",
    "webapi_port": null,
    "webapi_url": "https://mriqc.nimh.nih.gov/api/v1"
  },
  "size_t": 301,
  "size_x": 64,
  "size_y": 64,
  "size_z": 36,
  "snr": 6.2682737377845505,
  "spacing_tr": 2.0,
  "spacing_x": 3.0,
  "spacing_y": 3.0,
  "spacing_z": 2.999999761581421,
  "summary_bg_k": 23.3558271914122,
  "summary_bg_mad": 15.2200688682507,
  "summary_bg_mean": 49.853572845458984,
  "summary_bg_median": 21.830564498901367,
  "summary_bg_n": 68437.0,
  "summary_bg_p05": 9.136212348937988,
  "summary_bg_p95": 184.68504638671868,
  "summary_bg_stdv": 76.88568878173828,
  "summary_fg_k": 3.2172136899562433,
  "summary_fg_mad": 119.29283131255346,
  "summary_fg_mean": 846.0592041015625,
  "summary_fg_median": 833.1826782226562,
  "summary_fg_n": 44377.0,
  "summary_fg_p05": 670.7980102539062,
  "summary_fg_p95": 1062.3368896484376,
  "summary_fg_stdv": 132.91909790039062,
  "tsnr": 62.87792223622091
}