{
  "aor": 0.008299169435215949,
  "aqi": 0.011921230863787376,
  "bids_meta": {
    "AccelFactPE": 2,
    "AcquisitionNumber": 1,
    "AcquisitionTime": "10:27:36.942500",
    "BandwidthPerPixelPhaseEncode": 47.348,
    "BodyPartExamined": "BRAIN",
    "ConversionSoftware": "dcm2niix",
    "ConversionSoftwareVersion": "v1.0.20170724 (OpenJPEG build) GCC6.1.0",
    "DeviceSerialNumber": "45031",
    "EchoTime": 0.03,
    "EchoTrainLength": 31,
    "EffectiveEchoSpacing": 0.000330003,
    "FlipAngle": 71,
    "ImageType": [
      "ORIGINAL",
      "PRIMARY",
      "M",
      "ND",
      "NORM",
      "MOSAIC"
    ],
    "InstitutionAddress": "Washington_and_Faculty_Rd._-_Building_25_25_Princeton_NJ_US_085",
    "InstitutionName": "Princeton_University_-_Neuroscience_Institute",
    "MagneticFieldStrength": 3,
    "Manufacturer": "Siemens",
    "ManufacturersModelName": "Skyra",
    "PhaseEncodingDirection": "j-",
    "PhaseEncodingLines": 64,
    "ProcedureStepDescription": "NormanLab_Jarrod",
    "ProtocolName": "epi_301_3x3x3_2s",
    "RepetitionTime": 2,
    "ScanningSequence": "EP",
    "SequenceName": "_epfid2d1_64",
    "SequenceVariant": "SK",
    "SeriesDescription": "epi_301_3x3x3_2s",
    "SliceTiming": [
      1,
      0,
      1.0575,
      0.0575,
      1.1125,
      0.1125,
      1.1675,
      0.1675,
      1.2225,
      0.2225,
      1.2775,
      0.28,
      1.335,
      0.335,
      1.39,
      0.39,
      1.445,
      0.445,
      1.5,
      0.5,
      1.555,
      0.5575,
      1.6125,
      0.6125,
      1.6675,
      0.6675,
      1.7225,
      0.7225,
      1.7775,
      0.7775,
      1.835,
      0.835,
      1.89,
      0.89,
      1.945,
      0.945
    ],
    "SoftwareVersions": "syngo_MR_D11",
    "TaskName": "Episodic Memory",
    "TotalReadoutTime": 0.0201302,
    "TrueEchoSpacing": 0.000660007,
    "dataset": "ds001229",
    "modality": "bold",
    "run_id": 3,
    "subject_id": "25",
    "task_id": "em"
  },
  "dummy_trs": 0,
  "dvars_nstd": 24.02233952833333,
  "dvars_std": 1.1820414393333334,
  "dvars_vstd": 1.0837425309999995,
  "efc": 0.6295526588898686,
  "fber": 1347.3604736328125,
  "fd_mean": 0.12107072524286196,
  "fd_num": 45,
  "fd_perc": 14.950166112956811,
  "fwhm_avg": 1.8073744908726692,
  "fwhm_x": 1.7095966666666669,
  "fwhm_y": 1.95992,
  "fwhm_z": 1.7526068059513413,
  "gcor": 0.0632431,
  "gsr_x": 0.0038426388055086136,
  "gsr_y": 0.03942885622382164,
  "provenance": {
    "md5sum": "a0f72d37f56d78150674cf65fa2344c9",
    "settings": {
      "fd_thres": 0.2,
      "testing": false
    },
    "software": "mriqc",
    "version": "22.0.6",
    "webapi_port": null,
    "webapi_url": "https://mriqc.nimh.nih.gov/api/v1"
  },
  "size_t": 301,
  "size_x": 64,
  "size_y": 64,
  "size_z": 36,
  "snr": 6.244740557838985,
  "spacing_tr": 2.0,
  "spacing_x": 3.0,
  "spacing_y": 3.0,
  "spacing_z": 2.999999761581421,
  "summary_bg_k": 22.263031052255354,
  "summary_bg_mad": 14.59944438782331,
  "summary_bg_mean": 49.94913101196289,
  "summary_bg_median": 21.624584197998047,
  "summary_bg_n": 68472.0,
  "summary_bg_p05": 9.451827049255371,
  "summary_bg_p95": 185.5448455810547,
  "summary_bg_stdv": 76.98335266113281,
  "summary_fg_k": 3.4093044642445083,
  "summary_fg_mad": 117.29298334935926,
  "summary_fg_mean": 840.1931762695312,
  "summary_fg_median": 826.89697265625,
  "summary_fg_n": 44373.0,
  "summary_fg_p05": 666.8903198242188,
  "summary_fg_p95": 1055.8052490234377,
  "summary_fg_stdv": 132.4134521484375,
  "tsnr": 56.90529784280807
}