{
  "aor": 0.000916312292358804,
  "aqi": 0.01933776265780731,
  "bids_meta": {
    "AccelFactPE": 2,
    "AcquisitionNumber": 1,
    "AcquisitionTime": "09:45:1.712500",
    "BandwidthPerPixelPhaseEncode": 47.348,
    "BodyPartExamined": "BRAIN",
    "ConversionSoftware": "dcm2niix",
    "ConversionSoftwareVersion": "v1.0.20170724 (OpenJPEG build) GCC6.1.0",
    "DeviceSerialNumber": "45031",
    "EchoTime": 0.03,
    "EchoTrainLength": 31,
    "EffectiveEchoSpacing": 0.000330003,
    "FlipAngle": 71,
    "ImageType": [
      "ORIGINAL",
      "PRIMARY",
      "M",
      "ND",
      "NORM",
      "MOSAIC"
    ],
    "InstitutionAddress": "Washington_and_Faculty_Rd._-_Building_25_25_Princeton_NJ_US_085",
    "InstitutionName": "Princeton_University_-_Neuroscience_Institute",
    "MagneticFieldStrength": 3,
    "Manufacturer": "Siemens",
    "ManufacturersModelName": "Skyra",
    "PhaseEncodingDirection": "j-",
    "PhaseEncodingLines": 64,
    "ProcedureStepDescription": "NormanLab_Jarrod",
    "ProtocolName": "epi_301_3x3x3_2s",
    "RepetitionTime": 2,
    "ScanningSequence": "EP",
    "SequenceName": "_epfid2d1_64",
    "SequenceVariant": "SK",
    "SeriesDescription": "epi_301_3x3x3_2s",
    "SliceTiming": [
      1,
      0,
      1.055,
      0.055,
      1.11,
      0.11,
      1.165,
      0.165,
      1.2225,
      0.2225,
      1.2775,
      0.2775,
      1.3325,
      0.3325,
      1.3875,
      0.3875,
      1.4425,
      0.445,
      1.5,
      0.5,
      1.555,
      0.555,
      1.61,
      0.61,
      1.665,
      0.665,
      1.7225,
      0.7225,
      1.7775,
      0.7775,
      1.8325,
      0.8325,
      1.8875,
      0.8875,
      1.9425,
      0.9425
    ],
    "SoftwareVersions": "syngo_MR_D11",
    "TaskName": "Episodic Memory",
    "TotalReadoutTime": 0.0201302,
    "TrueEchoSpacing": 0.000660007,
    "dataset": "ds001229",
    "modality": "bold",
    "run_id": 1,
    "subject_id": "25",
    "task_id": "em"
  },
  "dummy_trs": 0,
  "dvars_nstd": 22.769547761366674,
  "dvars_std": 1.033552636166667,
  "dvars_vstd": 0.9397815129000009,
  "efc": 0.6318984978034506,
  "fber": 1243.27978515625,
  "fd_mean": 0.09605564696484255,
  "fd_num": 33,
  "fd_perc": 10.96345514950166,
  "fwhm_avg": 1.8074489358101105,
  "fwhm_x": 1.7076066666666667,
  "fwhm_y": 1.9435233333333333,
  "fwhm_z": 1.7712168074303316,
  "gcor": 0.0336639,
  "gsr_x": 0.0008867905125953257,
  "gsr_y": 0.038271721452474594,
  "provenance": {
    "md5sum": "abe3b5554eb379c8bf867d434376e9c0",
    "settings": {
      "fd_thres": 0.2,
      "testing": false
    },
    "software": "mriqc",
    "version": "22.0.6",
    "webapi_port": null,
    "webapi_url": "https://mriqc.nimh.nih.gov/api/v1"
  },
  "size_t": 301,
  "size_x": 64,
  "size_y": 64,
  "size_z": 36,
  "snr": 6.386622315998608,
  "spacing_tr": 2.0,
  "spacing_x": 3.0,
  "spacing_y": 3.0,
  "spacing_z": 2.999999761581421,
  "summary_bg_k": 23.06227317407257,
  "summary_bg_mad": 15.737255228313696,
  "summary_bg_mean": 50.67345428466797,
  "summary_bg_median": 22.827241897583008,
  "summary_bg_n": 68227.0,
  "summary_bg_p05": 9.720930099487305,
  "summary_bg_p95": 183.49235382080073,
  "summary_bg_stdv": 76.81687927246094,
  "summary_fg_k": 3.3715596239788175,
  "summary_fg_mad": 116.34735388260002,
  "summary_fg_mean": 846.5881958007812,
  "summary_fg_median": 834.9302368164062,
  "summary_fg_n": 44553.0,
  "summary_fg_p05": 673.4684204101562,
  "summary_fg_p95": 1056.5069580078125,
  "summary_fg_stdv": 130.72964477539062,
  "tsnr": 49.1239234211389
}