{
  "aor": 0.018437707641196014,
  "aqi": 0.042767978737541526,
  "bids_meta": {
    "AccelFactPE": 2,
    "AcquisitionNumber": 1,
    "AcquisitionTime": "09:55:31.972500",
    "BandwidthPerPixelPhaseEncode": 47.348,
    "BodyPartExamined": "BRAIN",
    "ConversionSoftware": "dcm2niix",
    "ConversionSoftwareVersion": "v1.0.20170724 (OpenJPEG build) GCC6.1.0",
    "DeviceSerialNumber": "45031",
    "EchoTime": 0.03,
    "EchoTrainLength": 31,
    "EffectiveEchoSpacing": 0.000330003,
    "FlipAngle": 71,
    "ImageType": [
      "ORIGINAL",
      "PRIMARY",
      "M",
      "ND",
      "NORM",
      "MOSAIC"
    ],
    "InstitutionAddress": "Washington_and_Faculty_Rd._-_Building_25_25_Princeton_NJ_US_085",
    "InstitutionName": "Princeton_University_-_Neuroscience_Institute",
    "MagneticFieldStrength": 3,
    "Manufacturer": "Siemens",
    "ManufacturersModelName": "Skyra",
    "PhaseEncodingDirection": "j-",
    "PhaseEncodingLines": 64,
    "ProcedureStepDescription": "NormanLab_Jarrod",
    "ProtocolName": "epi_301_3x3x3_2s",
    "RepetitionTime": 2,
    "ScanningSequence": "EP",
    "SequenceName": "_epfid2d1_64",
    "SequenceVariant": "SK",
    "SeriesDescription": "epi_301_3x3x3_2s",
    "SliceTiming": [
      1,
      0,
      1.055,
      0.055,
      1.11,
      0.11,
      1.165,
      0.1675,
      1.2225,
      0.2225,
      1.2775,
      0.2775,
      1.3325,
      0.3325,
      1.3875,
      0.3875,
      1.4425,
      0.445,
      1.5,
      0.5,
      1.555,
      0.555,
      1.61,
      0.61,
      1.665,
      0.665,
      1.7225,
      0.7225,
      1.7775,
      0.7775,
      1.8325,
      0.8325,
      1.8875,
      0.8875,
      1.9425,
      0.945
    ],
    "SoftwareVersions": "syngo_MR_D11",
    "TaskName": "Working Memory",
    "TotalReadoutTime": 0.0201302,
    "TrueEchoSpacing": 0.000660007,
    "dataset": "ds001229",
    "modality": "bold",
    "run_id": 1,
    "subject_id": "25",
    "task_id": "wm"
  },
  "dummy_trs": 0,
  "dvars_nstd": 27.561030197233322,
  "dvars_std": 1.005072646866666,
  "dvars_vstd": 0.9838450730333331,
  "efc": 0.6337553175556432,
  "fber": 1107.6593017578125,
  "fd_mean": 0.2134046932449444,
  "fd_num": 72,
  "fd_perc": 23.920265780730897,
  "fwhm_avg": 1.8322756020387931,
  "fwhm_x": 1.7363333333333333,
  "fwhm_y": 2.00581,
  "fwhm_z": 1.754683472783047,
  "gcor": 0.0519446,
  "gsr_x": 0.0009581859339959919,
  "gsr_y": 0.04258352518081665,
  "provenance": {
    "md5sum": "052560dddc2e1071d3188f7e112ff0ca",
    "settings": {
      "fd_thres": 0.2,
      "testing": false
    },
    "software": "mriqc",
    "version": "22.0.6",
    "webapi_port": null,
    "webapi_url": "https://mriqc.nimh.nih.gov/api/v1"
  },
  "size_t": 301,
  "size_x": 64,
  "size_y": 64,
  "size_z": 36,
  "snr": 6.373988552384649,
  "spacing_tr": 2.0,
  "spacing_x": 3.0,
  "spacing_y": 3.0,
  "spacing_z": 2.999999761581421,
  "summary_bg_k": 23.020924688621974,
  "summary_bg_mad": 17.766597555557833,
  "summary_bg_mean": 51.88234329223633,
  "summary_bg_median": 23.953487396240234,
  "summary_bg_n": 68182.0,
  "summary_bg_p05": 9.49833869934082,
  "summary_bg_p95": 185.63753509521464,
  "summary_bg_stdv": 76.83338928222656,
  "summary_fg_k": 3.3637916711708096,
  "summary_fg_mad": 115.57646226276057,
  "summary_fg_mean": 843.0116577148438,
  "summary_fg_median": 831.1627807617188,
  "summary_fg_n": 44680.0,
  "summary_fg_p05": 670.3431945800781,
  "summary_fg_p95": 1052.6979675292969,
  "summary_fg_stdv": 130.397705078125,
  "tsnr": 34.368121595005505
}