{
  "bids_meta": {
    "AcquisitionNumber": 1,
    "AcquisitionTime": "08:33:19.147500",
    "BodyPartExamined": "BRAIN",
    "ConversionSoftware": "dcm2niix",
    "ConversionSoftwareVersion": "v1.0.20170724 (OpenJPEG build) GCC6.1.0",
    "DeviceSerialNumber": "45031",
    "EchoTime": 0.00308,
    "FlipAngle": 9,
    "ImageType": [
      "ORIGINAL",
      "PRIMARY",
      "M",
      "ND",
      "NORM"
    ],
    "InstitutionAddress": "Washington_and_Faculty_Rd._-_Building_25_25_Princeton_NJ_US_085",
    "InstitutionName": "Princeton_University_-_Neuroscience_Institute",
    "InversionTime": 0.9,
    "MagneticFieldStrength": 3,
    "Manufacturer": "Siemens",
    "ManufacturersModelName": "Skyra",
    "PhaseEncodingDirection": "i-",
    "PhaseEncodingLines": 256,
    "ProcedureStepDescription": "NormanLab_Jarrod",
    "ProtocolName": "long_mprage_.9x.9x.9",
    "RepetitionTime": 2.3,
    "ScanningSequence": "GR_IR",
    "SequenceName": "_tfl3d1_16ns",
    "SequenceVariant": "SK_SP_MP",
    "SeriesDescription": "long_mprage_.9x.9x.9",
    "SoftwareVersions": "syngo_MR_D11",
    "dataset": "ds001229",
    "modality": "T1w",
    "subject_id": "26"
  },
  "cjv": 0.38267076363916247,
  "cnr": 3.4760055727944135,
  "efc": 0.5866962716440124,
  "fber": 5769.772171459285,
  "fwhm_avg": 3.843494781258927,
  "fwhm_x": 3.787240707413144,
  "fwhm_y": 4.088552727272727,
  "fwhm_z": 3.654690909090909,
  "icvs_csf": 0.21299365711288043,
  "icvs_gm": 0.4152514450584634,
  "icvs_wm": 0.3717548978286562,
  "inu_med": 0.598967432975769,
  "inu_range": 0.2507430374622345,
  "provenance": {
    "md5sum": "1d61225faa8c8d61355170aff35b8604",
    "settings": {
      "testing": false
    },
    "software": "mriqc",
    "version": "22.0.6",
    "warnings": {
      "large_rot_frame": true,
      "small_air_mask": false
    },
    "webapi_port": null,
    "webapi_url": "https://mriqc.nimh.nih.gov/api/v1"
  },
  "qi_1": 0.0,
  "qi_2": 0.004839339641837783,
  "rpve_csf": 18.027769345741437,
  "rpve_gm": 9.38704710715992,
  "rpve_wm": 12.123594008753685,
  "size_x": 192,
  "size_y": 256,
  "size_z": 256,
  "snr_csf": 1.7440639427217126,
  "snr_gm": 9.298940417510495,
  "snr_total": 10.153675782671245,
  "snr_wm": 19.418022987781526,
  "snrd_csf": 13.903503654015617,
  "snrd_gm": 43.72538228350086,
  "snrd_total": 40.474247732364155,
  "snrd_wm": 63.79385725957599,
  "spacing_x": 0.8999982476234436,
  "spacing_y": 0.859375,
  "spacing_z": 0.859375,
  "summary_bg_k": 14.689984776539735,
  "summary_bg_mad": 0.0,
  "summary_bg_mean": 6.739518649717584,
  "summary_bg_median": 0.0,
  "summary_bg_n": 2542201.0,
  "summary_bg_p05": 0.0,
  "summary_bg_p95": 28.265957206487656,
  "summary_bg_stdv": 10.269942699620106,
  "summary_csf_k": 2.6987147049612643,
  "summary_csf_mad": 121.163006980768,
  "summary_csf_mean": 231.85118349040857,
  "summary_csf_median": 217.95184308290482,
  "summary_csf_n": 70256.0,
  "summary_csf_p05": 59.0824890434742,
  "summary_csf_p95": 460.57962223142385,
  "summary_csf_stdv": 124.96691584086767,
  "summary_gm_k": 0.24019575716590147,
  "summary_gm_mad": 71.33025250642049,
  "summary_gm_mean": 686.7854069387802,
  "summary_gm_median": 685.4407274127007,
  "summary_gm_n": 54720.0,
  "summary_gm_p05": 566.8215374052525,
  "summary_gm_p95": 810.350752519071,
  "summary_gm_stdv": 73.71102872417892,
  "summary_wm_k": 0.6672080675261509,
  "summary_wm_mad": 49.05573647318824,
  "summary_wm_mean": 1000.7699333162554,
  "summary_wm_median": 1000.0348914265633,
  "summary_wm_n": 348134.0,
  "summary_wm_p05": 918.311685115099,
  "summary_wm_p95": 1085.8809444010258,
  "summary_wm_stdv": 51.500271463067875,
  "tpm_overlap_csf": 0.15494497355133283,
  "tpm_overlap_gm": 0.46503246122411607,
  "tpm_overlap_wm": 0.517568311454559,
  "wm2max": 0.5680320711280463
}