{
  "aor": 0.003150299003322259,
  "aqi": 0.009661186046511628,
  "bids_meta": {
    "AccelFactPE": 2,
    "AcquisitionNumber": 1,
    "AcquisitionTime": "10:50:41.277500",
    "BandwidthPerPixelPhaseEncode": 49.18,
    "BodyPartExamined": "HEAD",
    "ConversionSoftware": "dcm2niix",
    "ConversionSoftwareVersion": "v1.0.20170724 (OpenJPEG build) GCC6.1.0",
    "DeviceSerialNumber": "45031",
    "EchoTime": 0.034,
    "EchoTrainLength": 29,
    "EffectiveEchoSpacing": 0.000344635,
    "FlipAngle": 71,
    "ImageType": [
      "ORIGINAL",
      "PRIMARY",
      "M",
      "ND",
      "NORM",
      "MOSAIC"
    ],
    "InstitutionAddress": "Washington_and_Faculty_Rd._-_Building_25_25_Princeton_NJ_US_085",
    "InstitutionName": "Princeton_University_-_Neuroscience_Institute",
    "MagneticFieldStrength": 3,
    "Manufacturer": "Siemens",
    "ManufacturersModelName": "Skyra",
    "PhaseEncodingDirection": "j-",
    "PhaseEncodingLines": 59,
    "ProcedureStepDescription": "NormanLab_Jarrod",
    "ProtocolName": "epi_3x3x3_2s_301_pace_moco_advshim",
    "RepetitionTime": 2,
    "ScanningSequence": "EP",
    "SequenceName": "_epfid2d1_59",
    "SequenceVariant": "SK_OSP",
    "SeriesDescription": "epi_3x3x3_2s_301_pace_moco_advshim",
    "SliceTiming": [
      0.99,
      0,
      1.0475,
      0.0575,
      1.105,
      0.115,
      1.1625,
      0.175,
      1.2225,
      0.2325,
      1.28,
      0.29,
      1.3375,
      0.3475,
      1.3975,
      0.4075,
      1.455,
      0.465,
      1.5125,
      0.5225,
      1.5725,
      0.5825,
      1.63,
      0.64,
      1.6875,
      0.6975,
      1.745,
      0.755,
      1.805,
      0.815,
      1.8625,
      0.8725,
      1.92,
      0.93
    ],
    "SoftwareVersions": "syngo_MR_D11",
    "TaskName": "Working Memory",
    "TotalReadoutTime": 0.0196442,
    "TrueEchoSpacing": 0.00068927,
    "dataset": "ds001229",
    "modality": "bold",
    "run_id": 2,
    "subject_id": "01",
    "task_id": "wm"
  },
  "dummy_trs": 0,
  "dvars_nstd": 27.670300032700002,
  "dvars_std": 1.161958488966666,
  "dvars_vstd": 1.0421440121666665,
  "efc": 0.6125258354397688,
  "fber": 989.7815551757812,
  "fd_mean": 0.14536496239983865,
  "fd_num": 45,
  "fd_perc": 14.950166112956811,
  "fwhm_avg": 1.6721765225505794,
  "fwhm_x": 1.5043049853610506,
  "fwhm_y": 1.8642305941033792,
  "fwhm_z": 1.6479939881873082,
  "gcor": 0.0399009,
  "gsr_x": -0.012382111512124538,
  "gsr_y": 0.036958035081624985,
  "provenance": {
    "md5sum": "0c3bdda402c4febfbbe9d444533e3606",
    "settings": {
      "fd_thres": 0.2,
      "testing": false
    },
    "software": "mriqc",
    "version": "22.0.6",
    "webapi_port": null,
    "webapi_url": "https://mriqc.nimh.nih.gov/api/v1"
  },
  "size_t": 301,
  "size_x": 66,
  "size_y": 66,
  "size_z": 34,
  "snr": 5.5104899380167796,
  "spacing_tr": 2.0,
  "spacing_x": 2.9696969985961914,
  "spacing_y": 2.9696969985961914,
  "spacing_z": 2.9999988079071045,
  "summary_bg_k": 69.02253248983477,
  "summary_bg_mad": 10.466876775565837,
  "summary_bg_mean": 40.511962890625,
  "summary_bg_median": 19.863786697387695,
  "summary_bg_n": 73500.0,
  "summary_bg_p05": 10.196013450622559,
  "summary_bg_p95": 141.82623901367202,
  "summary_bg_stdv": 72.17913818359375,
  "summary_fg_k": 2.9510841681494595,
  "summary_fg_mad": 100.44259017857395,
  "summary_fg_mean": 654.790771484375,
  "summary_fg_median": 639.1959838867188,
  "summary_fg_n": 41295.0,
  "summary_fg_p05": 510.9388641357422,
  "summary_fg_p95": 848.602288818359,
  "summary_fg_stdv": 115.99481201171875,
  "tsnr": 54.24238051241264
}