{
  "aor": 0.0036397342192691032,
  "aqi": 0.008896860398671096,
  "bids_meta": {
    "AccelFactPE": 2,
    "AcquisitionNumber": 1,
    "AcquisitionTime": "10:39:44.255000",
    "BandwidthPerPixelPhaseEncode": 49.18,
    "BodyPartExamined": "HEAD",
    "ConversionSoftware": "dcm2niix",
    "ConversionSoftwareVersion": "v1.0.20170724 (OpenJPEG build) GCC6.1.0",
    "DeviceSerialNumber": "45031",
    "EchoTime": 0.034,
    "EchoTrainLength": 29,
    "EffectiveEchoSpacing": 0.000344635,
    "FlipAngle": 71,
    "ImageType": [
      "ORIGINAL",
      "PRIMARY",
      "M",
      "ND",
      "NORM",
      "MOSAIC"
    ],
    "InstitutionAddress": "Washington_and_Faculty_Rd._-_Building_25_25_Princeton_NJ_US_085",
    "InstitutionName": "Princeton_University_-_Neuroscience_Institute",
    "MagneticFieldStrength": 3,
    "Manufacturer": "Siemens",
    "ManufacturersModelName": "Skyra",
    "PhaseEncodingDirection": "j-",
    "PhaseEncodingLines": 59,
    "ProcedureStepDescription": "NormanLab_Jarrod",
    "ProtocolName": "epi_3x3x3_2s_301_pace_moco_advshim",
    "RepetitionTime": 2,
    "ScanningSequence": "EP",
    "SequenceName": "_epfid2d1_59",
    "SequenceVariant": "SK_OSP",
    "SeriesDescription": "epi_3x3x3_2s_301_pace_moco_advshim",
    "SliceTiming": [
      0.99,
      0,
      1.05,
      0.06,
      1.1075,
      0.1175,
      1.165,
      0.175,
      1.2225,
      0.235,
      1.2825,
      0.2925,
      1.34,
      0.35,
      1.3975,
      0.4075,
      1.4575,
      0.4675,
      1.515,
      0.525,
      1.5725,
      0.5825,
      1.63,
      0.6425,
      1.69,
      0.7,
      1.7475,
      0.7575,
      1.805,
      0.815,
      1.865,
      0.875,
      1.9225,
      0.9325
    ],
    "SoftwareVersions": "syngo_MR_D11",
    "TaskName": "Episodic Memory",
    "TotalReadoutTime": 0.0196442,
    "TrueEchoSpacing": 0.00068927,
    "dataset": "ds001229",
    "modality": "bold",
    "run_id": 1,
    "subject_id": "01",
    "task_id": "em"
  },
  "dummy_trs": 0,
  "dvars_nstd": 29.18543167789999,
  "dvars_std": 1.1941185801333325,
  "dvars_vstd": 1.0390768370333332,
  "efc": 0.6083106931273925,
  "fber": 1101.5435791015625,
  "fd_mean": 0.13650360203205741,
  "fd_num": 43,
  "fd_perc": 14.285714285714286,
  "fwhm_avg": 1.7460674707510027,
  "fwhm_x": 1.5705676377774487,
  "fwhm_y": 1.9615974298905605,
  "fwhm_z": 1.7060373445849992,
  "gcor": 0.0398256,
  "gsr_x": -0.009647577069699764,
  "gsr_y": 0.03505049645900726,
  "provenance": {
    "md5sum": "102a2837ea81a0bcd4b694ab152f5e65",
    "settings": {
      "fd_thres": 0.2,
      "testing": false
    },
    "software": "mriqc",
    "version": "22.0.6",
    "webapi_port": null,
    "webapi_url": "https://mriqc.nimh.nih.gov/api/v1"
  },
  "size_t": 301,
  "size_x": 66,
  "size_y": 66,
  "size_z": 34,
  "snr": 5.289765795831523,
  "spacing_tr": 2.0,
  "spacing_x": 2.9696969985961914,
  "spacing_y": 2.9696969985961914,
  "spacing_z": 2.9999988079071045,
  "summary_bg_k": 60.59473644807788,
  "summary_bg_mad": 11.314079053225935,
  "summary_bg_mean": 43.6112060546875,
  "summary_bg_median": 21.26245880126953,
  "summary_bg_n": 73821.0,
  "summary_bg_p05": 10.800663948059082,
  "summary_bg_p95": 156.1395263671875,
  "summary_bg_stdv": 77.03838348388672,
  "summary_fg_k": 4.090566884864991,
  "summary_fg_mad": 111.46853927012873,
  "summary_fg_mean": 742.7658081054688,
  "summary_fg_median": 724.3189697265625,
  "summary_fg_n": 41096.0,
  "summary_fg_p05": 578.4434967041016,
  "summary_fg_p95": 971.5531158447266,
  "summary_fg_stdv": 136.92669677734375,
  "tsnr": 53.97233841847628
}