{
  "aor": 0.00406156146179402,
  "aqi": 0.009772085016611297,
  "bids_meta": {
    "AccelFactPE": 2,
    "AcquisitionNumber": 1,
    "AcquisitionTime": "11:12:5.052500",
    "BandwidthPerPixelPhaseEncode": 49.18,
    "BodyPartExamined": "HEAD",
    "ConversionSoftware": "dcm2niix",
    "ConversionSoftwareVersion": "v1.0.20170724 (OpenJPEG build) GCC6.1.0",
    "DeviceSerialNumber": "45031",
    "EchoTime": 0.034,
    "EchoTrainLength": 29,
    "EffectiveEchoSpacing": 0.000344635,
    "FlipAngle": 71,
    "ImageType": [
      "ORIGINAL",
      "PRIMARY",
      "M",
      "ND",
      "NORM",
      "MOSAIC"
    ],
    "InstitutionAddress": "Washington_and_Faculty_Rd._-_Building_25_25_Princeton_NJ_US_085",
    "InstitutionName": "Princeton_University_-_Neuroscience_Institute",
    "MagneticFieldStrength": 3,
    "Manufacturer": "Siemens",
    "ManufacturersModelName": "Skyra",
    "PhaseEncodingDirection": "j-",
    "PhaseEncodingLines": 59,
    "ProcedureStepDescription": "NormanLab_Jarrod",
    "ProtocolName": "epi_3x3x3_2s_301_pace_moco_advshim",
    "RepetitionTime": 2,
    "ScanningSequence": "EP",
    "SequenceName": "_epfid2d1_59",
    "SequenceVariant": "SK_OSP",
    "SeriesDescription": "epi_3x3x3_2s_301_pace_moco_advshim",
    "SliceTiming": [
      0.99,
      0,
      1.0475,
      0.0575,
      1.105,
      0.1175,
      1.165,
      0.175,
      1.2225,
      0.2325,
      1.28,
      0.29,
      1.34,
      0.35,
      1.3975,
      0.4075,
      1.455,
      0.465,
      1.5125,
      0.525,
      1.5725,
      0.5825,
      1.63,
      0.64,
      1.6875,
      0.6975,
      1.7475,
      0.7575,
      1.805,
      0.815,
      1.8625,
      0.8725,
      1.92,
      0.9325
    ],
    "SoftwareVersions": "syngo_MR_D11",
    "TaskName": "Working Memory",
    "TotalReadoutTime": 0.0196442,
    "TrueEchoSpacing": 0.00068927,
    "dataset": "ds001229",
    "modality": "bold",
    "run_id": 3,
    "subject_id": "01",
    "task_id": "wm"
  },
  "dummy_trs": 0,
  "dvars_nstd": 29.2559666445,
  "dvars_std": 1.190563589633333,
  "dvars_vstd": 1.0437890451000005,
  "efc": 0.6074408730997432,
  "fber": 1138.64306640625,
  "fd_mean": 0.17182404103288065,
  "fd_num": 52,
  "fd_perc": 17.27574750830565,
  "fwhm_avg": 1.7520146487105304,
  "fwhm_x": 1.5820873315428974,
  "fwhm_y": 1.959469266645964,
  "fwhm_z": 1.714487347942729,
  "gcor": 0.0400617,
  "gsr_x": -0.012088235467672348,
  "gsr_y": 0.03663601353764534,
  "provenance": {
    "md5sum": "3bad42228f34252bd3de78e055bc48f6",
    "settings": {
      "fd_thres": 0.2,
      "testing": false
    },
    "software": "mriqc",
    "version": "22.0.6",
    "webapi_port": null,
    "webapi_url": "https://mriqc.nimh.nih.gov/api/v1"
  },
  "size_t": 301,
  "size_x": 66,
  "size_y": 66,
  "size_z": 34,
  "snr": 5.340747198744036,
  "spacing_tr": 2.0,
  "spacing_x": 2.9696969985961914,
  "spacing_y": 2.9696969985961914,
  "spacing_z": 2.9999988079071045,
  "summary_bg_k": 67.21957743608849,
  "summary_bg_mad": 11.12197968683492,
  "summary_bg_mean": 42.37177658081055,
  "summary_bg_median": 20.887042999267578,
  "summary_bg_n": 73761.0,
  "summary_bg_p05": 10.677741050720215,
  "summary_bg_p95": 149.60797119140625,
  "summary_bg_stdv": 73.9379653930664,
  "summary_fg_k": 4.507081407984077,
  "summary_fg_mad": 108.7447191970008,
  "summary_fg_mean": 742.4631958007812,
  "summary_fg_median": 723.9085693359375,
  "summary_fg_n": 41054.0,
  "summary_fg_p05": 581.0353851318359,
  "summary_fg_p95": 965.3474639892578,
  "summary_fg_stdv": 135.54278564453125,
  "tsnr": 54.104106375714764
}