{
  "aor": 0.0008627906976744188,
  "aqi": 0.011233713089700996,
  "bids_meta": {
    "AccelFactPE": 2,
    "AcquisitionNumber": 1,
    "AcquisitionTime": "11:40:44.095000",
    "BandwidthPerPixelPhaseEncode": 47.348,
    "BodyPartExamined": "BRAIN",
    "ConversionSoftware": "dcm2niix",
    "ConversionSoftwareVersion": "v1.0.20170724 (OpenJPEG build) GCC6.1.0",
    "DeviceSerialNumber": "45031",
    "EchoTime": 0.03,
    "EchoTrainLength": 31,
    "EffectiveEchoSpacing": 0.000330003,
    "FlipAngle": 71,
    "ImageType": [
      "ORIGINAL",
      "PRIMARY",
      "M",
      "ND",
      "NORM",
      "MOSAIC"
    ],
    "InstitutionAddress": "Washington_and_Faculty_Rd._-_Building_25_25_Princeton_NJ_US_085",
    "InstitutionName": "Princeton_University_-_Neuroscience_Institute",
    "MagneticFieldStrength": 3,
    "Manufacturer": "Siemens",
    "ManufacturersModelName": "Skyra",
    "PhaseEncodingDirection": "j-",
    "PhaseEncodingLines": 64,
    "ProcedureStepDescription": "NormanLab_Jarrod",
    "ProtocolName": "epi_301_3x3x3_2s",
    "RepetitionTime": 2,
    "ScanningSequence": "EP",
    "SequenceName": "_epfid2d1_64",
    "SequenceVariant": "SK",
    "SeriesDescription": "epi_301_3x3x3_2s",
    "SliceTiming": [
      0.9975,
      0,
      1.055,
      0.055,
      1.11,
      0.11,
      1.165,
      0.165,
      1.22,
      0.22,
      1.2775,
      0.2775,
      1.3325,
      0.3325,
      1.3875,
      0.3875,
      1.4425,
      0.4425,
      1.4975,
      0.4975,
      1.555,
      0.555,
      1.61,
      0.61,
      1.665,
      0.665,
      1.72,
      0.72,
      1.775,
      0.7775,
      1.8325,
      0.8325,
      1.8875,
      0.8875,
      1.9425,
      0.9425
    ],
    "SoftwareVersions": "syngo_MR_D11",
    "TaskName": "Working Memory",
    "TotalReadoutTime": 0.0201302,
    "TrueEchoSpacing": 0.000660007,
    "dataset": "ds001229",
    "modality": "bold",
    "run_id": 2,
    "subject_id": "08",
    "task_id": "wm"
  },
  "dummy_trs": 0,
  "dvars_nstd": 24.02890857713333,
  "dvars_std": 1.1067768977,
  "dvars_vstd": 0.9877409499666665,
  "efc": 0.6044997488965931,
  "fber": 1470.5006103515625,
  "fd_mean": 0.14885217669901324,
  "fd_num": 54,
  "fd_perc": 17.940199335548172,
  "fwhm_avg": 1.6615167560819486,
  "fwhm_x": 1.5586,
  "fwhm_y": 1.7382933333333332,
  "fwhm_z": 1.6876569349125123,
  "gcor": 0.0205304,
  "gsr_x": -0.010244862176477909,
  "gsr_y": 0.039246074855327606,
  "provenance": {
    "md5sum": "f7f0e284f6ea0ae9f1f46bb3182e6c0d",
    "settings": {
      "fd_thres": 0.2,
      "testing": false
    },
    "software": "mriqc",
    "version": "22.0.6",
    "webapi_port": null,
    "webapi_url": "https://mriqc.nimh.nih.gov/api/v1"
  },
  "size_t": 301,
  "size_x": 64,
  "size_y": 64,
  "size_z": 36,
  "snr": 6.300518312274576,
  "spacing_tr": 2.0,
  "spacing_x": 3.0,
  "spacing_y": 3.0,
  "spacing_z": 2.999999523162842,
  "summary_bg_k": 48.36950151258885,
  "summary_bg_mad": 9.895506186398253,
  "summary_bg_mean": 36.4023551940918,
  "summary_bg_median": 19.119600296020508,
  "summary_bg_n": 72106.0,
  "summary_bg_p05": 9.694352149963379,
  "summary_bg_p95": 113.05066299438477,
  "summary_bg_stdv": 57.931583404541016,
  "summary_fg_k": 2.639741298979833,
  "summary_fg_mad": 111.48573253316071,
  "summary_fg_mean": 758.7613525390625,
  "summary_fg_median": 746.3521118164062,
  "summary_fg_n": 41401.0,
  "summary_fg_p05": 602.20263671875,
  "summary_fg_p95": 953.3189086914062,
  "summary_fg_stdv": 118.45741271972656,
  "tsnr": 55.66648315102793
}