{
  "aor": 0.001233388704318937,
  "aqi": 0.00742122465116279,
  "bids_meta": {
    "AccelFactPE": 2,
    "AcquisitionNumber": 1,
    "AcquisitionTime": "10:38:6.745000",
    "BandwidthPerPixelPhaseEncode": 47.348,
    "BodyPartExamined": "BRAIN",
    "ConversionSoftware": "dcm2niix",
    "ConversionSoftwareVersion": "v1.0.20170724 (OpenJPEG build) GCC6.1.0",
    "DeviceSerialNumber": "45031",
    "EchoTime": 0.03,
    "EchoTrainLength": 31,
    "EffectiveEchoSpacing": 0.000330003,
    "FlipAngle": 71,
    "ImageType": [
      "ORIGINAL",
      "PRIMARY",
      "M",
      "ND",
      "NORM",
      "MOSAIC"
    ],
    "InstitutionAddress": "Washington_and_Faculty_Rd._-_Building_25_25_Princeton_NJ_US_085",
    "InstitutionName": "Princeton_University_-_Neuroscience_Institute",
    "MagneticFieldStrength": 3,
    "Manufacturer": "Siemens",
    "ManufacturersModelName": "Skyra",
    "PhaseEncodingDirection": "j-",
    "PhaseEncodingLines": 64,
    "ProcedureStepDescription": "NormanLab_Jarrod",
    "ProtocolName": "epi_301_3x3x3_2s",
    "RepetitionTime": 2,
    "ScanningSequence": "EP",
    "SequenceName": "_epfid2d1_64",
    "SequenceVariant": "SK",
    "SeriesDescription": "epi_301_3x3x3_2s",
    "SliceTiming": [
      0.9975,
      0,
      1.055,
      0.055,
      1.11,
      0.11,
      1.165,
      0.165,
      1.22,
      0.22,
      1.2775,
      0.2775,
      1.3325,
      0.3325,
      1.3875,
      0.3875,
      1.4425,
      0.4425,
      1.4975,
      0.5,
      1.555,
      0.555,
      1.61,
      0.61,
      1.665,
      0.665,
      1.72,
      0.72,
      1.775,
      0.7775,
      1.8325,
      0.8325,
      1.8875,
      0.8875,
      1.9425,
      0.9425
    ],
    "SoftwareVersions": "syngo_MR_D11",
    "TaskName": "Episodic Memory",
    "TotalReadoutTime": 0.0201302,
    "TrueEchoSpacing": 0.000660007,
    "dataset": "ds001229",
    "modality": "bold",
    "run_id": 3,
    "subject_id": "10",
    "task_id": "em"
  },
  "dummy_trs": 0,
  "dvars_nstd": 22.205746415633335,
  "dvars_std": 1.0865424143333335,
  "dvars_vstd": 1.0169064387999995,
  "efc": 0.5855059433717404,
  "fber": 1360.2359619140625,
  "fd_mean": 0.08064688109736841,
  "fd_num": 6,
  "fd_perc": 1.9933554817275747,
  "fwhm_avg": 1.669705687325827,
  "fwhm_x": 1.56876,
  "fwhm_y": 1.7823033333333334,
  "fwhm_z": 1.6580537286441475,
  "gcor": 0.0370408,
  "gsr_x": 0.0008581686997786164,
  "gsr_y": 0.025019440799951553,
  "provenance": {
    "md5sum": "0fe6eed6a76828fbd076eee404cf2ecb",
    "settings": {
      "fd_thres": 0.2,
      "testing": false
    },
    "software": "mriqc",
    "version": "22.0.6",
    "webapi_port": null,
    "webapi_url": "https://mriqc.nimh.nih.gov/api/v1"
  },
  "size_t": 301,
  "size_x": 64,
  "size_y": 64,
  "size_z": 36,
  "snr": 6.0800684206400035,
  "spacing_tr": 2.0,
  "spacing_x": 3.0,
  "spacing_y": 3.0,
  "spacing_z": 2.9999992847442627,
  "summary_bg_k": 24.355114435537836,
  "summary_bg_mad": 12.456813161962817,
  "summary_bg_mean": 45.69216537475586,
  "summary_bg_median": 20.325580596923828,
  "summary_bg_n": 78057.0,
  "summary_bg_p05": 9.551494598388672,
  "summary_bg_p95": 171.5069763183593,
  "summary_bg_stdv": 70.6140365600586,
  "summary_fg_k": 3.044074530096424,
  "summary_fg_mad": 115.9877432126573,
  "summary_fg_mean": 777.8180541992188,
  "summary_fg_median": 764.86376953125,
  "summary_fg_n": 36467.0,
  "summary_fg_p05": 613.3916748046875,
  "summary_fg_p95": 980.1919921875,
  "summary_fg_stdv": 125.79682159423828,
  "tsnr": 62.20996662240941
}