{
  "aor": 0.00033933333333333336,
  "aqi": 0.006163896500000001,
  "bids_meta": {
    "AccelFactPE": 2,
    "AcquisitionNumber": 1,
    "AcquisitionTime": "10:27:35.822500",
    "BandwidthPerPixelPhaseEncode": 47.348,
    "BodyPartExamined": "BRAIN",
    "ConversionSoftware": "dcm2niix",
    "ConversionSoftwareVersion": "v1.0.20170724 (OpenJPEG build) GCC6.1.0",
    "DeviceSerialNumber": "45031",
    "EchoTime": 0.03,
    "EchoTrainLength": 31,
    "EffectiveEchoSpacing": 0.000330003,
    "FlipAngle": 71,
    "ImageType": [
      "ORIGINAL",
      "PRIMARY",
      "M",
      "ND",
      "NORM",
      "MOSAIC"
    ],
    "InstitutionAddress": "Washington_and_Faculty_Rd._-_Building_25_25_Princeton_NJ_US_085",
    "InstitutionName": "Princeton_University_-_Neuroscience_Institute",
    "MagneticFieldStrength": 3,
    "Manufacturer": "Siemens",
    "ManufacturersModelName": "Skyra",
    "PhaseEncodingDirection": "j-",
    "PhaseEncodingLines": 64,
    "ProcedureStepDescription": "NormanLab_Jarrod",
    "ProtocolName": "epi_301_3x3x3_2s",
    "RepetitionTime": 2,
    "ScanningSequence": "EP",
    "SequenceName": "_epfid2d1_64",
    "SequenceVariant": "SK",
    "SeriesDescription": "epi_301_3x3x3_2s",
    "SliceTiming": [
      1,
      0,
      1.055,
      0.055,
      1.11,
      0.1125,
      1.1675,
      0.1675,
      1.2225,
      0.2225,
      1.2775,
      0.2775,
      1.3325,
      0.3325,
      1.39,
      0.39,
      1.445,
      0.445,
      1.5,
      0.5,
      1.555,
      0.555,
      1.61,
      0.6125,
      1.6675,
      0.6675,
      1.7225,
      0.7225,
      1.7775,
      0.7775,
      1.8325,
      0.8325,
      1.89,
      0.89,
      1.945,
      0.945
    ],
    "SoftwareVersions": "syngo_MR_D11",
    "TaskName": "Working Memory",
    "TotalReadoutTime": 0.0201302,
    "TrueEchoSpacing": 0.000660007,
    "dataset": "ds001229",
    "modality": "bold",
    "run_id": 3,
    "subject_id": "10",
    "task_id": "wm"
  },
  "dummy_trs": 1,
  "dvars_nstd": 21.795268042909704,
  "dvars_std": 1.0665094869565217,
  "dvars_vstd": 0.9961069324414719,
  "efc": 0.5850074152076498,
  "fber": 1377.0576171875,
  "fd_mean": 0.07166041696393056,
  "fd_num": 3,
  "fd_perc": 1.0,
  "fwhm_avg": 1.6666390208845983,
  "fwhm_x": 1.5669733333333333,
  "fwhm_y": 1.7720533333333333,
  "fwhm_z": 1.6608903959871282,
  "gcor": 0.0442936,
  "gsr_x": 0.0007609069580212235,
  "gsr_y": 0.0250866562128067,
  "provenance": {
    "md5sum": "6af8c4b5563503c1464bf1470687ec79",
    "settings": {
      "fd_thres": 0.2,
      "testing": false
    },
    "software": "mriqc",
    "version": "22.0.6",
    "webapi_port": null,
    "webapi_url": "https://mriqc.nimh.nih.gov/api/v1"
  },
  "size_t": 300,
  "size_x": 64,
  "size_y": 64,
  "size_z": 36,
  "snr": 6.074455633823947,
  "spacing_tr": 2.0,
  "spacing_x": 3.0,
  "spacing_y": 3.0,
  "spacing_z": 2.9999992847442627,
  "summary_bg_k": 25.272755216217483,
  "summary_bg_mad": 12.172165684407435,
  "summary_bg_mean": 45.555538177490234,
  "summary_bg_median": 20.246667861938477,
  "summary_bg_n": 78029.0,
  "summary_bg_p05": 9.643333435058594,
  "summary_bg_p95": 170.66000671386647,
  "summary_bg_stdv": 70.95733642578125,
  "summary_fg_k": 3.023232326820523,
  "summary_fg_mad": 116.18664211867997,
  "summary_fg_mean": 778.9536743164062,
  "summary_fg_median": 766.1799926757812,
  "summary_fg_n": 36499.0,
  "summary_fg_p05": 614.319677734375,
  "summary_fg_p95": 981.9590026855468,
  "summary_fg_stdv": 126.1297378540039,
  "tsnr": 66.45393343176693
}