{
  "bids_meta": {
    "AcquisitionNumber": 1,
    "AcquisitionTime": "14:38:45.127500",
    "BodyPartExamined": "BRAIN",
    "ConversionSoftware": "dcm2niix",
    "ConversionSoftwareVersion": "v1.0.20170724 (OpenJPEG build) GCC6.1.0",
    "DeviceSerialNumber": "45031",
    "EchoTime": 0.00308,
    "FlipAngle": 9,
    "ImageType": [
      "ORIGINAL",
      "PRIMARY",
      "M",
      "ND",
      "NORM"
    ],
    "InstitutionAddress": "Washington_and_Faculty_Rd._-_Building_25_25_Princeton_NJ_US_085",
    "InstitutionName": "Princeton_University_-_Neuroscience_Institute",
    "InversionTime": 0.9,
    "MagneticFieldStrength": 3,
    "Manufacturer": "Siemens",
    "ManufacturersModelName": "Skyra",
    "PhaseEncodingDirection": "i-",
    "PhaseEncodingLines": 256,
    "ProcedureStepDescription": "NormanLab_Jarrod",
    "ProtocolName": "long_mprage_.9x.9x.9",
    "RepetitionTime": 2.3,
    "ScanningSequence": "GR_IR",
    "SequenceName": "_tfl3d1_16ns",
    "SequenceVariant": "SK_SP_MP",
    "SeriesDescription": "long_mprage_.9x.9x.9",
    "SoftwareVersions": "syngo_MR_D11",
    "dataset": "ds001229",
    "modality": "T1w",
    "subject_id": "06"
  },
  "cjv": 0.364188224150543,
  "cnr": 3.601719441694191,
  "efc": 0.5999167817322077,
  "fber": 5844.6025,
  "fwhm_avg": 3.618055010044569,
  "fwhm_x": 3.647776666497345,
  "fwhm_y": 3.7634443636363635,
  "fwhm_z": 3.442944,
  "icvs_csf": 0.18232330687346465,
  "icvs_gm": 0.44870985205214925,
  "icvs_wm": 0.3689668410743861,
  "inu_med": 0.5637404322624207,
  "inu_range": 0.23308044672012318,
  "provenance": {
    "md5sum": "7322a8688a80a70e8d73ad75b7c85263",
    "settings": {
      "testing": false
    },
    "software": "mriqc",
    "version": "22.0.6",
    "warnings": {
      "large_rot_frame": true,
      "small_air_mask": false
    },
    "webapi_port": null,
    "webapi_url": "https://mriqc.nimh.nih.gov/api/v1"
  },
  "qi_1": 0.00032048304206261634,
  "qi_2": 0.004845640973483498,
  "rpve_csf": 18.60714536299322,
  "rpve_gm": 8.285013177065263,
  "rpve_wm": 11.43406822268707,
  "size_x": 192,
  "size_y": 256,
  "size_z": 256,
  "snr_csf": 1.9130861879840164,
  "snr_gm": 10.11779590942349,
  "snr_total": 10.680399806564159,
  "snr_wm": 20.010317322284966,
  "snrd_csf": 8.934411989606502,
  "snrd_gm": 23.96550579541148,
  "snrd_total": 22.57001272290637,
  "snrd_wm": 34.81012038370112,
  "spacing_x": 0.900000274181366,
  "spacing_y": 0.859375,
  "spacing_z": 0.859375,
  "summary_bg_k": 506.38760696886885,
  "summary_bg_mad": 0.0,
  "summary_bg_mean": 7.556104488174109,
  "summary_bg_median": 0.0,
  "summary_bg_n": 2612921.0,
  "summary_bg_p05": 0.0,
  "summary_bg_p95": 30.17592616379261,
  "summary_bg_stdv": 18.820285710274288,
  "summary_csf_k": 1.1148834364576068,
  "summary_csf_mad": 123.680675437326,
  "summary_csf_mean": 275.41916187085997,
  "summary_csf_median": 256.66133998613805,
  "summary_csf_n": 41958.0,
  "summary_csf_p05": 86.11756688253953,
  "summary_csf_p95": 524.3368930220604,
  "summary_csf_stdv": 134.1592882899246,
  "summary_gm_k": 0.2644842118145565,
  "summary_gm_mad": 65.40826460096604,
  "summary_gm_mean": 688.5963352623514,
  "summary_gm_median": 688.4637554269284,
  "summary_gm_n": 68449.0,
  "summary_gm_p05": 576.0101489849388,
  "summary_gm_p95": 800.6880248300731,
  "summary_gm_stdv": 68.04433816857481,
  "summary_wm_k": 0.4053259339934807,
  "summary_wm_mad": 48.049573311516774,
  "summary_wm_mean": 1000.2351797370783,
  "summary_wm_median": 1000.0000171419233,
  "summary_wm_n": 366466.0,
  "summary_wm_p05": 919.1587109491229,
  "summary_wm_p95": 1082.410471495241,
  "summary_wm_stdv": 49.97415266594716,
  "tpm_overlap_csf": 0.13590658978000675,
  "tpm_overlap_gm": 0.4494132558067499,
  "tpm_overlap_wm": 0.4950868262058089,
  "wm2max": 0.6084843958106904
}