{
  "bids_meta": {
    "AcquisitionNumber": 1,
    "AcquisitionTime": "17:56:15.177500",
    "BodyPartExamined": "BRAIN",
    "ConversionSoftware": "dcm2niix",
    "ConversionSoftwareVersion": "v1.0.20170724 (OpenJPEG build) GCC6.1.0",
    "DeviceSerialNumber": "45031",
    "EchoTime": 0.00308,
    "FlipAngle": 9,
    "ImageType": [
      "ORIGINAL",
      "PRIMARY",
      "M",
      "ND",
      "NORM"
    ],
    "InstitutionAddress": "Washington_and_Faculty_Rd._-_Building_25_25_Princeton_NJ_US_085",
    "InstitutionName": "Princeton_University_-_Neuroscience_Institute",
    "InversionTime": 0.9,
    "MagneticFieldStrength": 3,
    "Manufacturer": "Siemens",
    "ManufacturersModelName": "Skyra",
    "PhaseEncodingDirection": "i-",
    "PhaseEncodingLines": 256,
    "ProcedureStepDescription": "NormanLab_Jarrod",
    "ProtocolName": "long_mprage_.9x.9x.9",
    "RepetitionTime": 2.3,
    "ScanningSequence": "GR_IR",
    "SequenceName": "_tfl3d1_16ns",
    "SequenceVariant": "SK_SP_MP",
    "SeriesDescription": "long_mprage_.9x.9x.9",
    "SoftwareVersions": "syngo_MR_D11",
    "dataset": "ds001229",
    "modality": "T1w",
    "subject_id": "05"
  },
  "cjv": 0.422312344109076,
  "cnr": 3.2156750336375075,
  "efc": 0.6680836104750364,
  "fber": 2278.7159040105194,
  "fwhm_avg": 3.9974815647130213,
  "fwhm_x": 3.9794236032299724,
  "fwhm_y": 4.136354909090909,
  "fwhm_z": 3.876666181818182,
  "icvs_csf": 0.1961033822404048,
  "icvs_gm": 0.43219011894166315,
  "icvs_wm": 0.37170649881793205,
  "inu_med": 0.6843186616897583,
  "inu_range": 0.3577676862478256,
  "provenance": {
    "md5sum": "56499bc4d9f5c8bfcb824734bbe1a7c0",
    "settings": {
      "testing": false
    },
    "software": "mriqc",
    "version": "22.0.6",
    "warnings": {
      "large_rot_frame": true,
      "small_air_mask": false
    },
    "webapi_port": null,
    "webapi_url": "https://mriqc.nimh.nih.gov/api/v1"
  },
  "qi_1": 0.0,
  "qi_2": 0.0028645173498536946,
  "rpve_csf": 15.850458196859098,
  "rpve_gm": 7.511578279657024,
  "rpve_wm": 9.881120271241643,
  "size_x": 192,
  "size_y": 256,
  "size_z": 256,
  "snr_csf": 1.693146679393059,
  "snr_gm": 10.147316520357805,
  "snr_total": 9.251922852801583,
  "snr_wm": 15.915305358653885,
  "snrd_csf": 9.097846485726548,
  "snrd_gm": 30.247230864453527,
  "snrd_total": 27.58482044371011,
  "snrd_wm": 43.40938398095025,
  "spacing_x": 0.8999971747398376,
  "spacing_y": 0.859375,
  "spacing_z": 0.859375,
  "summary_bg_k": 12.619630055095802,
  "summary_bg_mad": 0.0,
  "summary_bg_mean": 9.22857350081418,
  "summary_bg_median": 0.0,
  "summary_bg_n": 2339648.0,
  "summary_bg_p05": 0.0,
  "summary_bg_p95": 39.00792858749628,
  "summary_bg_stdv": 15.093230618881387,
  "summary_csf_k": 1.072819491469633,
  "summary_csf_mad": 121.01925779005087,
  "summary_csf_mean": 231.13796987819575,
  "summary_csf_median": 209.59894022718072,
  "summary_csf_n": 73863.0,
  "summary_csf_p05": 67.38089877739549,
  "summary_csf_p95": 460.7919483717529,
  "summary_csf_stdv": 123.79170921074216,
  "summary_gm_k": 0.1450355324171979,
  "summary_gm_mad": 67.54969148761974,
  "summary_gm_mean": 696.2141052345959,
  "summary_gm_median": 696.844857070595,
  "summary_gm_n": 58310.0,
  "summary_gm_p05": 581.9971172237769,
  "summary_gm_p95": 808.3961522480471,
  "summary_gm_stdv": 68.67223273275295,
  "summary_wm_k": 0.4517057970817513,
  "summary_wm_mad": 60.509628895025436,
  "summary_wm_mean": 1002.5388355703273,
  "summary_wm_median": 1000.0785232633352,
  "summary_wm_n": 394840.0,
  "summary_wm_p05": 904.1284373514354,
  "summary_wm_p95": 1109.4890915751457,
  "summary_wm_stdv": 62.837453274723224,
  "tpm_overlap_csf": 0.15121559855163497,
  "tpm_overlap_gm": 0.4443527759141002,
  "tpm_overlap_wm": 0.48862405503516837,
  "wm2max": 0.5029803023723997
}