{
  "aor": 0.0004953,
  "aqi": 0.006095536833333333,
  "bids_meta": {
    "AccelFactPE": 2,
    "AcquisitionNumber": 1,
    "AcquisitionTime": "09:43:9.357500",
    "BandwidthPerPixelPhaseEncode": 47.348,
    "BodyPartExamined": "BRAIN",
    "ConversionSoftware": "dcm2niix",
    "ConversionSoftwareVersion": "v1.0.20170724 (OpenJPEG build) GCC6.1.0",
    "DeviceSerialNumber": "45031",
    "EchoTime": 0.03,
    "EchoTrainLength": 31,
    "EffectiveEchoSpacing": 0.000330003,
    "FlipAngle": 71,
    "ImageType": [
      "ORIGINAL",
      "PRIMARY",
      "M",
      "ND",
      "NORM",
      "MOSAIC"
    ],
    "InstitutionAddress": "Washington_and_Faculty_Rd._-_Building_25_25_Princeton_NJ_US_085",
    "InstitutionName": "Princeton_University_-_Neuroscience_Institute",
    "MagneticFieldStrength": 3,
    "Manufacturer": "Siemens",
    "ManufacturersModelName": "Skyra",
    "PhaseEncodingDirection": "j-",
    "PhaseEncodingLines": 64,
    "ProcedureStepDescription": "NormanLab_Jarrod",
    "ProtocolName": "epi_301_3x3x3_2s",
    "RepetitionTime": 2,
    "ScanningSequence": "EP",
    "SequenceName": "_epfid2d1_64",
    "SequenceVariant": "SK",
    "SeriesDescription": "epi_301_3x3x3_2s",
    "SliceTiming": [
      1,
      0,
      1.055,
      0.055,
      1.1125,
      0.1125,
      1.1675,
      0.1675,
      1.2225,
      0.2225,
      1.2775,
      0.2775,
      1.3325,
      0.335,
      1.39,
      0.39,
      1.445,
      0.445,
      1.5,
      0.5,
      1.555,
      0.555,
      1.6125,
      0.6125,
      1.6675,
      0.6675,
      1.7225,
      0.7225,
      1.7775,
      0.7775,
      1.8325,
      0.835,
      1.89,
      0.89,
      1.945,
      0.945
    ],
    "SoftwareVersions": "syngo_MR_D11",
    "TaskName": "Working Memory",
    "TotalReadoutTime": 0.0201302,
    "TrueEchoSpacing": 0.000660007,
    "dataset": "ds001229",
    "modality": "bold",
    "run_id": 1,
    "subject_id": "12",
    "task_id": "wm"
  },
  "dummy_trs": 1,
  "dvars_nstd": 24.34370425531771,
  "dvars_std": 1.0954792376254174,
  "dvars_vstd": 0.9966323403010034,
  "efc": 0.5514253571622548,
  "fber": 1452.3731689453125,
  "fd_mean": 0.15332549006280838,
  "fd_num": 76,
  "fd_perc": 25.333333333333332,
  "fwhm_avg": 1.6249566232819947,
  "fwhm_x": 1.5194433333333333,
  "fwhm_y": 1.71771,
  "fwhm_z": 1.63771653651265,
  "gcor": 0.0444736,
  "gsr_x": -0.008538016118109226,
  "gsr_y": 0.04169284924864769,
  "provenance": {
    "md5sum": "4b82e78a48f9cfb4eebabbc25b6c1c49",
    "settings": {
      "fd_thres": 0.2,
      "testing": false
    },
    "software": "mriqc",
    "version": "22.0.6",
    "webapi_port": null,
    "webapi_url": "https://mriqc.nimh.nih.gov/api/v1"
  },
  "size_t": 300,
  "size_x": 64,
  "size_y": 64,
  "size_z": 36,
  "snr": 5.801486537622585,
  "spacing_tr": 2.0,
  "spacing_x": 3.0,
  "spacing_y": 3.0,
  "spacing_z": 3.000000238418579,
  "summary_bg_k": 25.415832662806036,
  "summary_bg_mad": 9.972972016578884,
  "summary_bg_mean": 36.28340530395508,
  "summary_bg_median": 17.61333465576172,
  "summary_bg_n": 83097.0,
  "summary_bg_p05": 8.980000495910645,
  "summary_bg_p95": 127.09067077636718,
  "summary_bg_stdv": 58.00273895263672,
  "summary_fg_k": 2.0426991639662777,
  "summary_fg_mad": 111.43976317726467,
  "summary_fg_mean": 702.1785278320312,
  "summary_fg_median": 689.0599975585938,
  "summary_fg_n": 31968.0,
  "summary_fg_p05": 545.9748352050781,
  "summary_fg_p95": 907.4798614501951,
  "summary_fg_stdv": 118.77114868164062,
  "tsnr": 62.17743970733136
}