{
  "aor": 0.00031852842809364544,
  "aqi": 0.006946324247491638,
  "bids_meta": {
    "AccelFactPE": 2,
    "AcquisitionNumber": 1,
    "AcquisitionTime": "10:25:43.807500",
    "BandwidthPerPixelPhaseEncode": 47.348,
    "BodyPartExamined": "BRAIN",
    "ConversionSoftware": "dcm2niix",
    "ConversionSoftwareVersion": "v1.0.20170724 (OpenJPEG build) GCC6.1.0",
    "DeviceSerialNumber": "45031",
    "EchoTime": 0.03,
    "EchoTrainLength": 31,
    "EffectiveEchoSpacing": 0.000330003,
    "FlipAngle": 71,
    "ImageType": [
      "ORIGINAL",
      "PRIMARY",
      "M",
      "ND",
      "NORM",
      "MOSAIC"
    ],
    "InstitutionAddress": "Washington_and_Faculty_Rd._-_Building_25_25_Princeton_NJ_US_085",
    "InstitutionName": "Princeton_University_-_Neuroscience_Institute",
    "MagneticFieldStrength": 3,
    "Manufacturer": "Siemens",
    "ManufacturersModelName": "Skyra",
    "PhaseEncodingDirection": "j-",
    "PhaseEncodingLines": 64,
    "ProcedureStepDescription": "NormanLab_Jarrod",
    "ProtocolName": "epi_301_3x3x3_2s",
    "RepetitionTime": 2,
    "ScanningSequence": "EP",
    "SequenceName": "_epfid2d1_64",
    "SequenceVariant": "SK",
    "SeriesDescription": "epi_301_3x3x3_2s",
    "SliceTiming": [
      1,
      0,
      1.055,
      0.055,
      1.11,
      0.11,
      1.1675,
      0.1675,
      1.2225,
      0.2225,
      1.2775,
      0.2775,
      1.3325,
      0.3325,
      1.3875,
      0.39,
      1.445,
      0.445,
      1.5,
      0.5,
      1.555,
      0.555,
      1.61,
      0.61,
      1.6675,
      0.6675,
      1.7225,
      0.7225,
      1.7775,
      0.7775,
      1.8325,
      0.8325,
      1.8875,
      0.89,
      1.945,
      0.945
    ],
    "SoftwareVersions": "syngo_MR_D11",
    "TaskName": "Working Memory",
    "TotalReadoutTime": 0.0201302,
    "TrueEchoSpacing": 0.000660007,
    "dataset": "ds001229",
    "modality": "bold",
    "run_id": 3,
    "subject_id": "12",
    "task_id": "wm"
  },
  "dummy_trs": 2,
  "dvars_nstd": 24.202993226342286,
  "dvars_std": 1.0791813290604029,
  "dvars_vstd": 0.983117328892617,
  "efc": 0.552131213638051,
  "fber": 1444.66259765625,
  "fd_mean": 0.14487820882388197,
  "fd_num": 78,
  "fd_perc": 26.08695652173913,
  "fwhm_avg": 1.6236644011271475,
  "fwhm_x": 1.5194866666666667,
  "fwhm_y": 1.7163333333333333,
  "fwhm_z": 1.6351732033814428,
  "gcor": 0.0376472,
  "gsr_x": -0.007854698225855827,
  "gsr_y": 0.04259345680475235,
  "provenance": {
    "md5sum": "c2c2ad7a11a5fcc7d628e0e30dda59b1",
    "settings": {
      "fd_thres": 0.2,
      "testing": false
    },
    "software": "mriqc",
    "version": "22.0.6",
    "webapi_port": null,
    "webapi_url": "https://mriqc.nimh.nih.gov/api/v1"
  },
  "size_t": 299,
  "size_x": 64,
  "size_y": 64,
  "size_z": 36,
  "snr": 5.874177906629074,
  "spacing_tr": 2.0,
  "spacing_x": 3.0,
  "spacing_y": 3.0,
  "spacing_z": 3.000000238418579,
  "summary_bg_k": 24.80941502996149,
  "summary_bg_mad": 9.867486540550813,
  "summary_bg_mean": 36.602718353271484,
  "summary_bg_median": 17.57525062561035,
  "summary_bg_n": 83188.0,
  "summary_bg_p05": 9.043478012084961,
  "summary_bg_p95": 128.88059539794918,
  "summary_bg_stdv": 58.83587646484375,
  "summary_fg_k": 2.0352519036997183,
  "summary_fg_mad": 109.12256377484323,
  "summary_fg_mean": 697.8795166015625,
  "summary_fg_median": 684.876220703125,
  "summary_fg_n": 31929.0,
  "summary_fg_p05": 544.0742431640625,
  "summary_fg_p95": 898.2829467773437,
  "summary_fg_stdv": 116.58916473388672,
  "tsnr": 61.44832770386711
}