{
  "aor": 0.0007051666666666666,
  "aqi": 0.006122206966666667,
  "bids_meta": {
    "AccelFactPE": 2,
    "AcquisitionNumber": 1,
    "AcquisitionTime": "10:04:24.232500",
    "BandwidthPerPixelPhaseEncode": 47.348,
    "BodyPartExamined": "BRAIN",
    "ConversionSoftware": "dcm2niix",
    "ConversionSoftwareVersion": "v1.0.20170724 (OpenJPEG build) GCC6.1.0",
    "DeviceSerialNumber": "45031",
    "EchoTime": 0.03,
    "EchoTrainLength": 31,
    "EffectiveEchoSpacing": 0.000330003,
    "FlipAngle": 71,
    "ImageType": [
      "ORIGINAL",
      "PRIMARY",
      "M",
      "ND",
      "NORM",
      "MOSAIC"
    ],
    "InstitutionAddress": "Washington_and_Faculty_Rd._-_Building_25_25_Princeton_NJ_US_085",
    "InstitutionName": "Princeton_University_-_Neuroscience_Institute",
    "MagneticFieldStrength": 3,
    "Manufacturer": "Siemens",
    "ManufacturersModelName": "Skyra",
    "PhaseEncodingDirection": "j-",
    "PhaseEncodingLines": 64,
    "ProcedureStepDescription": "NormanLab_Jarrod",
    "ProtocolName": "epi_301_3x3x3_2s",
    "RepetitionTime": 2,
    "ScanningSequence": "EP",
    "SequenceName": "_epfid2d1_64",
    "SequenceVariant": "SK",
    "SeriesDescription": "epi_301_3x3x3_2s",
    "SliceTiming": [
      1,
      0,
      1.055,
      0.055,
      1.1125,
      0.1125,
      1.1675,
      0.1675,
      1.2225,
      0.2225,
      1.2775,
      0.2775,
      1.3325,
      0.335,
      1.39,
      0.39,
      1.445,
      0.445,
      1.5,
      0.5,
      1.555,
      0.555,
      1.6125,
      0.6125,
      1.6675,
      0.6675,
      1.7225,
      0.7225,
      1.7775,
      0.7775,
      1.8325,
      0.835,
      1.89,
      0.89,
      1.945,
      0.945
    ],
    "SoftwareVersions": "syngo_MR_D11",
    "TaskName": "Working Memory",
    "TotalReadoutTime": 0.0201302,
    "TrueEchoSpacing": 0.000660007,
    "dataset": "ds001229",
    "modality": "bold",
    "run_id": 2,
    "subject_id": "12",
    "task_id": "wm"
  },
  "dummy_trs": 1,
  "dvars_nstd": 24.708578486120395,
  "dvars_std": 1.0974879813712373,
  "dvars_vstd": 1.0002226045819407,
  "efc": 0.551795032997607,
  "fber": 1462.8936767578125,
  "fd_mean": 0.16071981794220266,
  "fd_num": 92,
  "fd_perc": 30.666666666666668,
  "fwhm_avg": 1.621568845734335,
  "fwhm_x": 1.5183666666666669,
  "fwhm_y": 1.7173100000000001,
  "fwhm_z": 1.6290298705363375,
  "gcor": 0.0766335,
  "gsr_x": -0.008537265472114086,
  "gsr_y": 0.04285296052694321,
  "provenance": {
    "md5sum": "ddca6bc6f2bf98d6de5069971bb094b8",
    "settings": {
      "fd_thres": 0.2,
      "testing": false
    },
    "software": "mriqc",
    "version": "22.0.6",
    "webapi_port": null,
    "webapi_url": "https://mriqc.nimh.nih.gov/api/v1"
  },
  "size_t": 300,
  "size_x": 64,
  "size_y": 64,
  "size_z": 36,
  "snr": 5.833988869805914,
  "spacing_tr": 2.0,
  "spacing_x": 3.0,
  "spacing_y": 3.0,
  "spacing_z": 3.000000238418579,
  "summary_bg_k": 25.398373848071955,
  "summary_bg_mad": 9.87907361214186,
  "summary_bg_mean": 36.43912124633789,
  "summary_bg_median": 17.540000915527344,
  "summary_bg_n": 83154.0,
  "summary_bg_p05": 9.043334007263184,
  "summary_bg_p95": 127.01900405883784,
  "summary_bg_stdv": 58.45941925048828,
  "summary_fg_k": 2.0007629051879094,
  "summary_fg_mad": 109.89544619356005,
  "summary_fg_mean": 699.8311157226562,
  "summary_fg_median": 686.6766967773438,
  "summary_fg_n": 31939.0,
  "summary_fg_p05": 544.7263732910156,
  "summary_fg_p95": 903.0707092285155,
  "summary_fg_stdv": 117.70093536376953,
  "tsnr": 61.03892260696739
}