{
  "aor": 0.0016772757475083055,
  "aqi": 0.007304994252491695,
  "bids_meta": {
    "AccelFactPE": 2,
    "AcquisitionNumber": 1,
    "AcquisitionTime": "10:17:3.670000",
    "BandwidthPerPixelPhaseEncode": 47.348,
    "BodyPartExamined": "BRAIN",
    "ConversionSoftware": "dcm2niix",
    "ConversionSoftwareVersion": "v1.0.20170724 (OpenJPEG build) GCC6.1.0",
    "DeviceSerialNumber": "45031",
    "EchoTime": 0.03,
    "EchoTrainLength": 31,
    "EffectiveEchoSpacing": 0.000330003,
    "FlipAngle": 71,
    "ImageType": [
      "ORIGINAL",
      "PRIMARY",
      "M",
      "ND",
      "NORM",
      "MOSAIC"
    ],
    "InstitutionAddress": "Washington_and_Faculty_Rd._-_Building_25_25_Princeton_NJ_US_085",
    "InstitutionName": "Princeton_University_-_Neuroscience_Institute",
    "MagneticFieldStrength": 3,
    "Manufacturer": "Siemens",
    "ManufacturersModelName": "Skyra",
    "PhaseEncodingDirection": "j-",
    "PhaseEncodingLines": 64,
    "ProcedureStepDescription": "NormanLab_Jarrod",
    "ProtocolName": "epi_301_3x3x3_2s",
    "RepetitionTime": 2,
    "ScanningSequence": "EP",
    "SequenceName": "_epfid2d1_64",
    "SequenceVariant": "SK",
    "SeriesDescription": "epi_301_3x3x3_2s",
    "SliceTiming": [
      1,
      0,
      1.055,
      0.055,
      1.11,
      0.1125,
      1.1675,
      0.1675,
      1.2225,
      0.2225,
      1.2775,
      0.2775,
      1.3325,
      0.3325,
      1.3875,
      0.39,
      1.445,
      0.445,
      1.5,
      0.5,
      1.555,
      0.555,
      1.61,
      0.61,
      1.6675,
      0.6675,
      1.7225,
      0.7225,
      1.7775,
      0.7775,
      1.8325,
      0.8325,
      1.8875,
      0.89,
      1.945,
      0.945
    ],
    "SoftwareVersions": "syngo_MR_D11",
    "TaskName": "Working Memory",
    "TotalReadoutTime": 0.0201302,
    "TrueEchoSpacing": 0.000660007,
    "dataset": "ds001229",
    "modality": "bold",
    "run_id": 2,
    "subject_id": "25",
    "task_id": "wm"
  },
  "dummy_trs": 0,
  "dvars_nstd": 23.15348725626665,
  "dvars_std": 1.1320099890666673,
  "dvars_vstd": 1.010821886066666,
  "efc": 0.6291552039455015,
  "fber": 1362.5244140625,
  "fd_mean": 0.10088919080193207,
  "fd_num": 32,
  "fd_perc": 10.631229235880399,
  "fwhm_avg": 1.8079822688526612,
  "fwhm_x": 1.7047933333333332,
  "fwhm_y": 1.9589133333333333,
  "fwhm_z": 1.7602401398913174,
  "gcor": 0.0906613,
  "gsr_x": 0.0035040436778217554,
  "gsr_y": 0.039727047085762024,
  "provenance": {
    "md5sum": "739871ed6d20e41655c63fa0512ddaf2",
    "settings": {
      "fd_thres": 0.2,
      "testing": false
    },
    "software": "mriqc",
    "version": "22.0.6",
    "webapi_port": null,
    "webapi_url": "https://mriqc.nimh.nih.gov/api/v1"
  },
  "size_t": 301,
  "size_x": 64,
  "size_y": 64,
  "size_z": 36,
  "snr": 6.2432546647080525,
  "spacing_tr": 2.0,
  "spacing_x": 3.0,
  "spacing_y": 3.0,
  "spacing_z": 2.999999761581421,
  "summary_bg_k": 22.846309471282723,
  "summary_bg_mad": 14.545262986558036,
  "summary_bg_mean": 49.78425216674805,
  "summary_bg_median": 21.58139419555664,
  "summary_bg_n": 68454.0,
  "summary_bg_p05": 9.45514965057373,
  "summary_bg_p95": 186.19052581787108,
  "summary_bg_stdv": 77.12389373779297,
  "summary_fg_k": 3.3236118848700453,
  "summary_fg_mad": 117.95800066526488,
  "summary_fg_mean": 843.1953125,
  "summary_fg_median": 829.744140625,
  "summary_fg_n": 44389.0,
  "summary_fg_p05": 669.035205078125,
  "summary_fg_p95": 1060.238525390625,
  "summary_fg_stdv": 132.9010009765625,
  "tsnr": 63.789937413297594
}