{
  "aor": 0.002024950166112957,
  "aqi": 0.007717260664451827,
  "bids_meta": {
    "AccelFactPE": 2,
    "AcquisitionNumber": 1,
    "AcquisitionTime": "10:38:4.292500",
    "BandwidthPerPixelPhaseEncode": 47.348,
    "BodyPartExamined": "BRAIN",
    "ConversionSoftware": "dcm2niix",
    "ConversionSoftwareVersion": "v1.0.20170724 (OpenJPEG build) GCC6.1.0",
    "DeviceSerialNumber": "45031",
    "EchoTime": 0.03,
    "EchoTrainLength": 31,
    "EffectiveEchoSpacing": 0.000330003,
    "FlipAngle": 71,
    "ImageType": [
      "ORIGINAL",
      "PRIMARY",
      "M",
      "ND",
      "NORM",
      "MOSAIC"
    ],
    "InstitutionAddress": "Washington_and_Faculty_Rd._-_Building_25_25_Princeton_NJ_US_085",
    "InstitutionName": "Princeton_University_-_Neuroscience_Institute",
    "MagneticFieldStrength": 3,
    "Manufacturer": "Siemens",
    "ManufacturersModelName": "Skyra",
    "PhaseEncodingDirection": "j-",
    "PhaseEncodingLines": 64,
    "ProcedureStepDescription": "NormanLab_Jarrod",
    "ProtocolName": "epi_301_3x3x3_2s",
    "RepetitionTime": 2,
    "ScanningSequence": "EP",
    "SequenceName": "_epfid2d1_64",
    "SequenceVariant": "SK",
    "SeriesDescription": "epi_301_3x3x3_2s",
    "SliceTiming": [
      0.9975,
      0,
      1.055,
      0.055,
      1.11,
      0.11,
      1.165,
      0.165,
      1.22,
      0.22,
      1.2775,
      0.2775,
      1.3325,
      0.3325,
      1.3875,
      0.3875,
      1.4425,
      0.4425,
      1.4975,
      0.5,
      1.555,
      0.555,
      1.61,
      0.61,
      1.665,
      0.665,
      1.72,
      0.72,
      1.7775,
      0.7775,
      1.8325,
      0.8325,
      1.8875,
      0.8875,
      1.9425,
      0.9425
    ],
    "SoftwareVersions": "syngo_MR_D11",
    "TaskName": "Working Memory",
    "TotalReadoutTime": 0.0201302,
    "TrueEchoSpacing": 0.000660007,
    "dataset": "ds001229",
    "modality": "bold",
    "run_id": 3,
    "subject_id": "25",
    "task_id": "wm"
  },
  "dummy_trs": 0,
  "dvars_nstd": 23.25708452210001,
  "dvars_std": 1.1384803507666668,
  "dvars_vstd": 1.0174707240333334,
  "efc": 0.6275008511609367,
  "fber": 1391.8292236328125,
  "fd_mean": 0.09396130849177936,
  "fd_num": 22,
  "fd_perc": 7.308970099667774,
  "fwhm_avg": 1.8240078251303604,
  "fwhm_x": 1.7070266666666667,
  "fwhm_y": 1.9774966666666665,
  "fwhm_z": 1.7875001420577479,
  "gcor": 0.0514473,
  "gsr_x": 0.00597429508343339,
  "gsr_y": 0.03944076597690582,
  "provenance": {
    "md5sum": "7c48ef9d2a088b446ed8b189ebb1e4cc",
    "settings": {
      "fd_thres": 0.2,
      "testing": false
    },
    "software": "mriqc",
    "version": "22.0.6",
    "webapi_port": null,
    "webapi_url": "https://mriqc.nimh.nih.gov/api/v1"
  },
  "size_t": 301,
  "size_x": 64,
  "size_y": 64,
  "size_z": 36,
  "snr": 6.192776951780721,
  "spacing_tr": 2.0,
  "spacing_x": 3.0,
  "spacing_y": 3.0,
  "spacing_z": 2.999999761581421,
  "summary_bg_k": 22.5508792617952,
  "summary_bg_mad": 14.348238938000868,
  "summary_bg_mean": 49.5534553527832,
  "summary_bg_median": 21.245845794677734,
  "summary_bg_n": 68729.0,
  "summary_bg_p05": 9.355481147766113,
  "summary_bg_p95": 186.6877075195312,
  "summary_bg_stdv": 77.65135955810547,
  "summary_fg_k": 3.333794119936753,
  "summary_fg_mad": 117.71666154681063,
  "summary_fg_mean": 841.2787475585938,
  "summary_fg_median": 827.2076416015625,
  "summary_fg_n": 44146.0,
  "summary_fg_p05": 666.5672454833984,
  "summary_fg_p95": 1059.6603088378906,
  "summary_fg_stdv": 133.57469177246094,
  "tsnr": 63.80813913443126
}