{
  "bids_meta": {
    "AcquisitionNumber": 1,
    "AcquisitionTime": "10:57:31.155000",
    "BodyPartExamined": "BRAIN",
    "ConversionSoftware": "dcm2niix",
    "ConversionSoftwareVersion": "v1.0.20170724 (OpenJPEG build) GCC6.1.0",
    "DeviceSerialNumber": "45031",
    "EchoTime": 0.00308,
    "FlipAngle": 9,
    "ImageType": [
      "ORIGINAL",
      "PRIMARY",
      "M",
      "ND",
      "NORM"
    ],
    "InstitutionAddress": "Washington_and_Faculty_Rd._-_Building_25_25_Princeton_NJ_US_085",
    "InstitutionName": "Princeton_University_-_Neuroscience_Institute",
    "InversionTime": 0.9,
    "MagneticFieldStrength": 3,
    "Manufacturer": "Siemens",
    "ManufacturersModelName": "Skyra",
    "PhaseEncodingDirection": "i-",
    "PhaseEncodingLines": 256,
    "ProcedureStepDescription": "NormanLab_Jarrod",
    "ProtocolName": "long_mprage_.9x.9x.9",
    "RepetitionTime": 2.3,
    "ScanningSequence": "GR_IR",
    "SequenceName": "_tfl3d1_16ns",
    "SequenceVariant": "SK_SP_MP",
    "SeriesDescription": "long_mprage_.9x.9x.9",
    "SoftwareVersions": "syngo_MR_D11",
    "dataset": "ds001229",
    "modality": "T1w",
    "subject_id": "11"
  },
  "cjv": 0.3542362533882006,
  "cnr": 3.6142917302207165,
  "efc": 0.6322714867794104,
  "fber": 4671.817431037809,
  "fwhm_avg": 3.653095831163341,
  "fwhm_x": 3.671991493490023,
  "fwhm_y": 3.7882763636363634,
  "fwhm_z": 3.499019636363636,
  "icvs_csf": 0.21461720350588717,
  "icvs_gm": 0.4581466423050456,
  "icvs_wm": 0.3272361541890672,
  "inu_med": 0.6209416389465332,
  "inu_range": 0.2810471132397651,
  "provenance": {
    "md5sum": "e5a4b8ffd324a9548e8d8da5f6ccae4e",
    "settings": {
      "testing": false
    },
    "software": "mriqc",
    "version": "22.0.6",
    "warnings": {
      "large_rot_frame": true,
      "small_air_mask": false
    },
    "webapi_port": null,
    "webapi_url": "https://mriqc.nimh.nih.gov/api/v1"
  },
  "qi_1": 0.00010483402162987005,
  "qi_2": 0.0028492800492336385,
  "rpve_csf": 17.62437603229302,
  "rpve_gm": 8.754115335561398,
  "rpve_wm": 13.409184028822756,
  "size_x": 192,
  "size_y": 256,
  "size_z": 256,
  "snr_csf": 1.2019876894062953,
  "snr_gm": 10.466752774632944,
  "snr_total": 10.208465690026232,
  "snr_wm": 18.956656606039456,
  "snrd_csf": 6.943599278093132,
  "snrd_gm": 18.973885213634123,
  "snrd_total": 17.87854648804992,
  "snrd_wm": 27.7181549724225,
  "spacing_x": 0.8999966382980347,
  "spacing_y": 0.859375,
  "spacing_z": 0.859375,
  "summary_bg_k": 556.2725427397186,
  "summary_bg_mad": 0.0,
  "summary_bg_mean": 7.743038998337651,
  "summary_bg_median": 0.0,
  "summary_bg_n": 2384834.0,
  "summary_bg_p05": 0.0,
  "summary_bg_p95": 29.30512449517846,
  "summary_bg_stdv": 23.635641304237705,
  "summary_csf_k": 16.579838513959036,
  "summary_csf_mad": 138.85062521285303,
  "summary_csf_mean": 281.00474098566843,
  "summary_csf_median": 250.50725604221225,
  "summary_csf_n": 65394.0,
  "summary_csf_p05": 62.98938592541963,
  "summary_csf_p95": 555.9990419261158,
  "summary_csf_stdv": 208.40923985653495,
  "summary_gm_k": 0.42214039316313556,
  "summary_gm_mad": 61.69495014785266,
  "summary_gm_mean": 684.712721116813,
  "summary_gm_median": 684.5291225723922,
  "summary_gm_n": 73758.0,
  "summary_gm_p05": 577.021560292691,
  "summary_gm_p95": 792.6404169855638,
  "summary_gm_stdv": 65.39989019742795,
  "summary_wm_k": 0.5629811135511162,
  "summary_wm_mad": 50.056254516443204,
  "summary_wm_mean": 1000.4301309919832,
  "summary_wm_median": 999.9999519847333,
  "summary_wm_n": 298647.0,
  "summary_wm_p05": 915.1115550361574,
  "summary_wm_p95": 1087.449636772275,
  "summary_wm_stdv": 52.75182742126756,
  "tpm_overlap_csf": 0.13667536252525758,
  "tpm_overlap_gm": 0.4574474544300798,
  "tpm_overlap_wm": 0.46728206394374033,
  "wm2max": 0.5655404642763083
}