{
  "aor": 0.005113388704318937,
  "aqi": 0.03642391362126246,
  "bids_meta": {
    "AccelFactPE": 2,
    "AcquisitionNumber": 1,
    "AcquisitionTime": "10:00:2.170000",
    "BandwidthPerPixelPhaseEncode": 47.348,
    "BodyPartExamined": "BRAIN",
    "ConversionSoftware": "dcm2niix",
    "ConversionSoftwareVersion": "v1.0.20170724 (OpenJPEG build) GCC6.1.0",
    "DeviceSerialNumber": "45031",
    "EchoTime": 0.03,
    "EchoTrainLength": 31,
    "EffectiveEchoSpacing": 0.000330003,
    "FlipAngle": 71,
    "ImageType": [
      "ORIGINAL",
      "PRIMARY",
      "M",
      "ND",
      "NORM",
      "MOSAIC"
    ],
    "InstitutionAddress": "Washington_and_Faculty_Rd._-_Building_25_25_Princeton_NJ_US_085",
    "InstitutionName": "Princeton_University_-_Neuroscience_Institute",
    "MagneticFieldStrength": 3,
    "Manufacturer": "Siemens",
    "ManufacturersModelName": "Skyra",
    "PhaseEncodingDirection": "j-",
    "PhaseEncodingLines": 64,
    "ProcedureStepDescription": "NormanLab_Jarrod",
    "ProtocolName": "epi_301_3x3x3_2s",
    "RepetitionTime": 2,
    "ScanningSequence": "EP",
    "SequenceName": "_epfid2d1_64",
    "SequenceVariant": "SK",
    "SeriesDescription": "epi_301_3x3x3_2s",
    "SliceTiming": [
      1,
      0,
      1.055,
      0.055,
      1.11,
      0.11,
      1.165,
      0.1675,
      1.2225,
      0.2225,
      1.2775,
      0.2775,
      1.3325,
      0.3325,
      1.3875,
      0.3875,
      1.445,
      0.445,
      1.5,
      0.5,
      1.555,
      0.555,
      1.61,
      0.61,
      1.665,
      0.6675,
      1.7225,
      0.7225,
      1.7775,
      0.7775,
      1.8325,
      0.8325,
      1.8875,
      0.8875,
      1.945,
      0.945
    ],
    "SoftwareVersions": "syngo_MR_D11",
    "TaskName": "Episodic Memory",
    "TotalReadoutTime": 0.0201302,
    "TrueEchoSpacing": 0.000660007,
    "dataset": "ds001229",
    "modality": "bold",
    "run_id": 3,
    "subject_id": "23",
    "task_id": "em"
  },
  "dummy_trs": 0,
  "dvars_nstd": 36.62178765613334,
  "dvars_std": 0.9540054758999997,
  "dvars_vstd": 0.9106418926,
  "efc": 0.5843658246321324,
  "fber": 1425.5054931640625,
  "fd_mean": 0.45874118111033946,
  "fd_num": 126,
  "fd_perc": 41.86046511627907,
  "fwhm_avg": 1.728704620112369,
  "fwhm_x": 1.6169933333333333,
  "fwhm_y": 1.91131,
  "fwhm_z": 1.6578105270037735,
  "gcor": 0.0356393,
  "gsr_x": 0.004714588634669781,
  "gsr_y": 0.04106162488460541,
  "provenance": {
    "md5sum": "a8e46714096487b3fb50e9a903ab757b",
    "settings": {
      "fd_thres": 0.2,
      "testing": false
    },
    "software": "mriqc",
    "version": "22.0.6",
    "webapi_port": null,
    "webapi_url": "https://mriqc.nimh.nih.gov/api/v1"
  },
  "size_t": 301,
  "size_x": 64,
  "size_y": 64,
  "size_z": 36,
  "snr": 5.803279493422951,
  "spacing_tr": 2.0,
  "spacing_x": 3.0,
  "spacing_y": 3.0,
  "spacing_z": 2.9999990463256836,
  "summary_bg_k": 27.50767852557687,
  "summary_bg_mad": 10.43239551688483,
  "summary_bg_mean": 35.26144790649414,
  "summary_bg_median": 17.58139419555664,
  "summary_bg_n": 75722.0,
  "summary_bg_p05": 8.365447998046875,
  "summary_bg_p95": 119.00248832702631,
  "summary_bg_stdv": 53.59568786621094,
  "summary_fg_k": 2.13910042200904,
  "summary_fg_mad": 102.72314078347983,
  "summary_fg_mean": 686.7743530273438,
  "summary_fg_median": 669.388671875,
  "summary_fg_n": 37401.0,
  "summary_fg_p05": 535.9302368164062,
  "summary_fg_p95": 894.5946655273438,
  "summary_fg_stdv": 115.34507751464844,
  "tsnr": 29.28979951736983
}