{
  "aor": 0.0037790033222591356,
  "aqi": 0.02253335581395349,
  "bids_meta": {
    "AccelFactPE": 2,
    "AcquisitionNumber": 1,
    "AcquisitionTime": "09:49:23.160000",
    "BandwidthPerPixelPhaseEncode": 47.348,
    "BodyPartExamined": "BRAIN",
    "ConversionSoftware": "dcm2niix",
    "ConversionSoftwareVersion": "v1.0.20170724 (OpenJPEG build) GCC6.1.0",
    "DeviceSerialNumber": "45031",
    "EchoTime": 0.03,
    "EchoTrainLength": 31,
    "EffectiveEchoSpacing": 0.000330003,
    "FlipAngle": 71,
    "ImageType": [
      "ORIGINAL",
      "PRIMARY",
      "M",
      "ND",
      "NORM",
      "MOSAIC"
    ],
    "InstitutionAddress": "Washington_and_Faculty_Rd._-_Building_25_25_Princeton_NJ_US_085",
    "InstitutionName": "Princeton_University_-_Neuroscience_Institute",
    "MagneticFieldStrength": 3,
    "Manufacturer": "Siemens",
    "ManufacturersModelName": "Skyra",
    "PhaseEncodingDirection": "j-",
    "PhaseEncodingLines": 64,
    "ProcedureStepDescription": "NormanLab_Jarrod",
    "ProtocolName": "epi_301_3x3x3_2s",
    "RepetitionTime": 2,
    "ScanningSequence": "EP",
    "SequenceName": "_epfid2d1_64",
    "SequenceVariant": "SK",
    "SeriesDescription": "epi_301_3x3x3_2s",
    "SliceTiming": [
      1,
      0,
      1.055,
      0.055,
      1.11,
      0.11,
      1.165,
      0.165,
      1.2225,
      0.2225,
      1.2775,
      0.2775,
      1.3325,
      0.3325,
      1.3875,
      0.3875,
      1.4425,
      0.445,
      1.5,
      0.5,
      1.555,
      0.555,
      1.61,
      0.61,
      1.665,
      0.665,
      1.7225,
      0.7225,
      1.7775,
      0.7775,
      1.8325,
      0.8325,
      1.8875,
      0.8875,
      1.9425,
      0.9425
    ],
    "SoftwareVersions": "syngo_MR_D11",
    "TaskName": "Working Memory",
    "TotalReadoutTime": 0.0201302,
    "TrueEchoSpacing": 0.000660007,
    "dataset": "ds001229",
    "modality": "bold",
    "run_id": 2,
    "subject_id": "23",
    "task_id": "wm"
  },
  "dummy_trs": 0,
  "dvars_nstd": 28.85977641393331,
  "dvars_std": 1.015742089333333,
  "dvars_vstd": 0.9553981828999993,
  "efc": 0.5859443725019046,
  "fber": 1433.72216796875,
  "fd_mean": 0.2355998573833073,
  "fd_num": 84,
  "fd_perc": 27.906976744186046,
  "fwhm_avg": 1.7104257290183724,
  "fwhm_x": 1.6161933333333334,
  "fwhm_y": 1.8780833333333333,
  "fwhm_z": 1.6370005203884506,
  "gcor": 0.0284509,
  "gsr_x": 0.004760945215821266,
  "gsr_y": 0.042162951081991196,
  "provenance": {
    "md5sum": "d5c5d716e326e8105c338c7fce55fd15",
    "settings": {
      "fd_thres": 0.2,
      "testing": false
    },
    "software": "mriqc",
    "version": "22.0.6",
    "webapi_port": null,
    "webapi_url": "https://mriqc.nimh.nih.gov/api/v1"
  },
  "size_t": 301,
  "size_x": 64,
  "size_y": 64,
  "size_z": 36,
  "snr": 5.747991917396396,
  "spacing_tr": 2.0,
  "spacing_x": 3.0,
  "spacing_y": 3.0,
  "spacing_z": 2.9999990463256836,
  "summary_bg_k": 23.708864725439767,
  "summary_bg_mad": 9.89058291815176,
  "summary_bg_mean": 35.12861251831055,
  "summary_bg_median": 17.392026901245117,
  "summary_bg_n": 75580.0,
  "summary_bg_p05": 8.524916648864746,
  "summary_bg_p95": 121.24933433532716,
  "summary_bg_stdv": 52.78776550292969,
  "summary_fg_k": 2.108907714424059,
  "summary_fg_mad": 103.05316094283592,
  "summary_fg_mean": 685.4676513671875,
  "summary_fg_median": 668.754150390625,
  "summary_fg_n": 37793.0,
  "summary_fg_p05": 533.4850463867188,
  "summary_fg_p95": 894.7993286132813,
  "summary_fg_stdv": 116.34416198730469,
  "tsnr": 38.96496190223843
}