{
  "aor": 0.001156611295681063,
  "aqi": 0.022234933222591364,
  "bids_meta": {
    "AccelFactPE": 2,
    "AcquisitionNumber": 1,
    "AcquisitionTime": "09:17:32.792500",
    "BandwidthPerPixelPhaseEncode": 47.348,
    "BodyPartExamined": "BRAIN",
    "ConversionSoftware": "dcm2niix",
    "ConversionSoftwareVersion": "v1.0.20170724 (OpenJPEG build) GCC6.1.0",
    "DeviceSerialNumber": "45031",
    "EchoTime": 0.03,
    "EchoTrainLength": 31,
    "EffectiveEchoSpacing": 0.000330003,
    "FlipAngle": 71,
    "ImageType": [
      "ORIGINAL",
      "PRIMARY",
      "M",
      "ND",
      "NORM",
      "MOSAIC"
    ],
    "InstitutionAddress": "Washington_and_Faculty_Rd._-_Building_25_25_Princeton_NJ_US_085",
    "InstitutionName": "Princeton_University_-_Neuroscience_Institute",
    "MagneticFieldStrength": 3,
    "Manufacturer": "Siemens",
    "ManufacturersModelName": "Skyra",
    "PhaseEncodingDirection": "j-",
    "PhaseEncodingLines": 64,
    "ProcedureStepDescription": "NormanLab_Jarrod",
    "ProtocolName": "epi_301_3x3x3_2s",
    "RepetitionTime": 2,
    "ScanningSequence": "EP",
    "SequenceName": "_epfid2d1_64",
    "SequenceVariant": "SK",
    "SeriesDescription": "epi_301_3x3x3_2s",
    "SliceTiming": [
      0.9975,
      0,
      1.055,
      0.055,
      1.11,
      0.11,
      1.165,
      0.165,
      1.22,
      0.22,
      1.2775,
      0.2775,
      1.3325,
      0.3325,
      1.3875,
      0.3875,
      1.4425,
      0.4425,
      1.4975,
      0.5,
      1.555,
      0.555,
      1.61,
      0.61,
      1.665,
      0.665,
      1.72,
      0.72,
      1.7775,
      0.7775,
      1.8325,
      0.8325,
      1.8875,
      0.8875,
      1.9425,
      0.9425
    ],
    "SoftwareVersions": "syngo_MR_D11",
    "TaskName": "Episodic Memory",
    "TotalReadoutTime": 0.0201302,
    "TrueEchoSpacing": 0.000660007,
    "dataset": "ds001229",
    "modality": "bold",
    "run_id": 1,
    "subject_id": "23",
    "task_id": "em"
  },
  "dummy_trs": 0,
  "dvars_nstd": 26.502981929833336,
  "dvars_std": 1.0161504880333332,
  "dvars_vstd": 0.9404537641333335,
  "efc": 0.5851950844575909,
  "fber": 1444.072265625,
  "fd_mean": 0.18208971177053768,
  "fd_num": 71,
  "fd_perc": 23.588039867109636,
  "fwhm_avg": 1.7149657297767205,
  "fwhm_x": 1.6147600000000002,
  "fwhm_y": 1.88598,
  "fwhm_z": 1.6441571893301614,
  "gcor": 0.0121835,
  "gsr_x": 0.0028966760728508234,
  "gsr_y": 0.04166251793503761,
  "provenance": {
    "md5sum": "5daa4c449653da40db50e19eae5bf197",
    "settings": {
      "fd_thres": 0.2,
      "testing": false
    },
    "software": "mriqc",
    "version": "22.0.6",
    "webapi_port": null,
    "webapi_url": "https://mriqc.nimh.nih.gov/api/v1"
  },
  "size_t": 301,
  "size_x": 64,
  "size_y": 64,
  "size_z": 36,
  "snr": 5.709497154530054,
  "spacing_tr": 2.0,
  "spacing_x": 3.0,
  "spacing_y": 3.0,
  "spacing_z": 2.9999990463256836,
  "summary_bg_k": 25.30530409591949,
  "summary_bg_mad": 9.915209863781662,
  "summary_bg_mean": 34.63589096069336,
  "summary_bg_median": 17.375415802001953,
  "summary_bg_n": 75540.0,
  "summary_bg_p05": 8.405315399169922,
  "summary_bg_p95": 117.01843643188487,
  "summary_bg_stdv": 51.66781997680664,
  "summary_fg_k": 2.1673455309786496,
  "summary_fg_mad": 103.85110932923621,
  "summary_fg_mean": 687.2294921875,
  "summary_fg_median": 669.6910400390625,
  "summary_fg_n": 37761.0,
  "summary_fg_p05": 534.4518432617188,
  "summary_fg_p95": 899.2756958007812,
  "summary_fg_stdv": 117.29267120361328,
  "tsnr": 39.73811333696358
}