{
  "aor": 0.004974485049833887,
  "aqi": 0.02236723787375415,
  "bids_meta": {
    "AccelFactPE": 2,
    "AcquisitionNumber": 1,
    "AcquisitionTime": "09:38:44.812500",
    "BandwidthPerPixelPhaseEncode": 47.348,
    "BodyPartExamined": "BRAIN",
    "ConversionSoftware": "dcm2niix",
    "ConversionSoftwareVersion": "v1.0.20170724 (OpenJPEG build) GCC6.1.0",
    "DeviceSerialNumber": "45031",
    "EchoTime": 0.03,
    "EchoTrainLength": 31,
    "EffectiveEchoSpacing": 0.000330003,
    "FlipAngle": 71,
    "ImageType": [
      "ORIGINAL",
      "PRIMARY",
      "M",
      "ND",
      "NORM",
      "MOSAIC"
    ],
    "InstitutionAddress": "Washington_and_Faculty_Rd._-_Building_25_25_Princeton_NJ_US_085",
    "InstitutionName": "Princeton_University_-_Neuroscience_Institute",
    "MagneticFieldStrength": 3,
    "Manufacturer": "Siemens",
    "ManufacturersModelName": "Skyra",
    "PhaseEncodingDirection": "j-",
    "PhaseEncodingLines": 64,
    "ProcedureStepDescription": "NormanLab_Jarrod",
    "ProtocolName": "epi_301_3x3x3_2s",
    "RepetitionTime": 2,
    "ScanningSequence": "EP",
    "SequenceName": "_epfid2d1_64",
    "SequenceVariant": "SK",
    "SeriesDescription": "epi_301_3x3x3_2s",
    "SliceTiming": [
      1,
      0,
      1.055,
      0.055,
      1.11,
      0.11,
      1.165,
      0.165,
      1.22,
      0.2225,
      1.2775,
      0.2775,
      1.3325,
      0.3325,
      1.3875,
      0.3875,
      1.4425,
      0.4425,
      1.5,
      0.5,
      1.555,
      0.555,
      1.61,
      0.61,
      1.665,
      0.665,
      1.72,
      0.7225,
      1.7775,
      0.7775,
      1.8325,
      0.8325,
      1.8875,
      0.8875,
      1.9425,
      0.9425
    ],
    "SoftwareVersions": "syngo_MR_D11",
    "TaskName": "Episodic Memory",
    "TotalReadoutTime": 0.0201302,
    "TrueEchoSpacing": 0.000660007,
    "dataset": "ds001229",
    "modality": "bold",
    "run_id": 2,
    "subject_id": "23",
    "task_id": "em"
  },
  "dummy_trs": 0,
  "dvars_nstd": 27.689912738833353,
  "dvars_std": 1.082650094766667,
  "dvars_vstd": 0.9929653538666672,
  "efc": 0.5867011395371068,
  "fber": 1382.2259521484375,
  "fd_mean": 0.20751664736826994,
  "fd_num": 85,
  "fd_perc": 28.239202657807308,
  "fwhm_avg": 1.7139001754570564,
  "fwhm_x": 1.5981766666666666,
  "fwhm_y": 1.8877033333333333,
  "fwhm_z": 1.6558205263711696,
  "gcor": 0.0275174,
  "gsr_x": 0.0025056020822376013,
  "gsr_y": 0.040747128427028656,
  "provenance": {
    "md5sum": "d6a0f26545a146a2c2782a661f368064",
    "settings": {
      "fd_thres": 0.2,
      "testing": false
    },
    "software": "mriqc",
    "version": "22.0.6",
    "webapi_port": null,
    "webapi_url": "https://mriqc.nimh.nih.gov/api/v1"
  },
  "size_t": 301,
  "size_x": 64,
  "size_y": 64,
  "size_z": 36,
  "snr": 5.726030863546392,
  "spacing_tr": 2.0,
  "spacing_x": 3.0,
  "spacing_y": 3.0,
  "spacing_z": 2.9999990463256836,
  "summary_bg_k": 24.03851134721979,
  "summary_bg_mad": 11.141681243338843,
  "summary_bg_mean": 35.71643829345703,
  "summary_bg_median": 17.863786697387695,
  "summary_bg_n": 75393.0,
  "summary_bg_p05": 7.932225799560548,
  "summary_bg_p95": 123.15747070312499,
  "summary_bg_stdv": 52.909271240234375,
  "summary_fg_k": 2.0519321672388724,
  "summary_fg_mad": 104.25506051962982,
  "summary_fg_mean": 687.257568359375,
  "summary_fg_median": 670.0232543945312,
  "summary_fg_n": 37721.0,
  "summary_fg_p05": 534.0963134765625,
  "summary_fg_p95": 900.076416015625,
  "summary_fg_stdv": 117.01200866699219,
  "tsnr": 37.85310427285731
}