{
  "aor": 0.00030667774086378736,
  "aqi": 0.007577246644518272,
  "bids_meta": {
    "AccelFactPE": 2,
    "AcquisitionNumber": 1,
    "AcquisitionTime": "09:55:57.495000",
    "BandwidthPerPixelPhaseEncode": 47.348,
    "BodyPartExamined": "BRAIN",
    "ConversionSoftware": "dcm2niix",
    "ConversionSoftwareVersion": "v1.0.20170724 (OpenJPEG build) GCC6.1.0",
    "DeviceSerialNumber": "45031",
    "EchoTime": 0.03,
    "EchoTrainLength": 31,
    "EffectiveEchoSpacing": 0.000330003,
    "FlipAngle": 71,
    "ImageType": [
      "ORIGINAL",
      "PRIMARY",
      "M",
      "ND",
      "NORM",
      "MOSAIC"
    ],
    "InstitutionAddress": "Washington_and_Faculty_Rd._-_Building_25_25_Princeton_NJ_US_085",
    "InstitutionName": "Princeton_University_-_Neuroscience_Institute",
    "MagneticFieldStrength": 3,
    "Manufacturer": "Siemens",
    "ManufacturersModelName": "Skyra",
    "PhaseEncodingDirection": "j-",
    "PhaseEncodingLines": 64,
    "ProcedureStepDescription": "NormanLab_Jarrod",
    "ProtocolName": "epi_301_3x3x3_2s",
    "RepetitionTime": 2,
    "ScanningSequence": "EP",
    "SequenceName": "_epfid2d1_64",
    "SequenceVariant": "SK",
    "SeriesDescription": "epi_301_3x3x3_2s",
    "SliceTiming": [
      1,
      0,
      1.055,
      0.055,
      1.11,
      0.11,
      1.165,
      0.1675,
      1.2225,
      0.2225,
      1.2775,
      0.2775,
      1.3325,
      0.3325,
      1.3875,
      0.3875,
      1.4425,
      0.445,
      1.5,
      0.5,
      1.555,
      0.555,
      1.61,
      0.61,
      1.665,
      0.665,
      1.7225,
      0.7225,
      1.7775,
      0.7775,
      1.8325,
      0.8325,
      1.8875,
      0.8875,
      1.9425,
      0.945
    ],
    "SoftwareVersions": "syngo_MR_D11",
    "TaskName": "Episodic Memory",
    "TotalReadoutTime": 0.0201302,
    "TrueEchoSpacing": 0.000660007,
    "dataset": "ds001229",
    "modality": "bold",
    "run_id": 1,
    "subject_id": "10",
    "task_id": "em"
  },
  "dummy_trs": 0,
  "dvars_nstd": 23.052265002100015,
  "dvars_std": 1.0799363794333334,
  "dvars_vstd": 0.9829115606333331,
  "efc": 0.5836935167726082,
  "fber": 1409.988525390625,
  "fd_mean": 0.07596854352679999,
  "fd_num": 6,
  "fd_perc": 1.9933554817275747,
  "fwhm_avg": 1.6733701331944255,
  "fwhm_x": 1.5757066666666668,
  "fwhm_y": 1.7684300000000002,
  "fwhm_z": 1.6759737329166093,
  "gcor": 0.0485901,
  "gsr_x": 0.0011809334391728044,
  "gsr_y": 0.02556430548429489,
  "provenance": {
    "md5sum": "2452ff3422761be981969fd3ae3d2edf",
    "settings": {
      "fd_thres": 0.2,
      "testing": false
    },
    "software": "mriqc",
    "version": "22.0.6",
    "webapi_port": null,
    "webapi_url": "https://mriqc.nimh.nih.gov/api/v1"
  },
  "size_t": 301,
  "size_x": 64,
  "size_y": 64,
  "size_z": 36,
  "snr": 6.03970655802644,
  "spacing_tr": 2.0,
  "spacing_x": 3.0,
  "spacing_y": 3.0,
  "spacing_z": 2.9999992847442627,
  "summary_bg_k": 26.08162450123362,
  "summary_bg_mad": 12.176056791304148,
  "summary_bg_mean": 44.98116683959961,
  "summary_bg_median": 20.122922897338867,
  "summary_bg_n": 78029.0,
  "summary_bg_p05": 9.528239250183105,
  "summary_bg_p95": 167.67973022460876,
  "summary_bg_stdv": 71.0057601928711,
  "summary_fg_k": 2.8795246685640565,
  "summary_fg_mad": 118.73622204460742,
  "summary_fg_mean": 783.4700927734375,
  "summary_fg_median": 770.2159423828125,
  "summary_fg_n": 36481.0,
  "summary_fg_p05": 616.1229248046875,
  "summary_fg_p95": 989.0099487304688,
  "summary_fg_stdv": 127.52364349365234,
  "tsnr": 60.9988865966443
}