{
  "aor": 0.00032455149501661127,
  "aqi": 0.008140357441860466,
  "bids_meta": {
    "AccelFactPE": 2,
    "AcquisitionNumber": 1,
    "AcquisitionTime": "09:45:25.697500",
    "BandwidthPerPixelPhaseEncode": 47.348,
    "BodyPartExamined": "BRAIN",
    "ConversionSoftware": "dcm2niix",
    "ConversionSoftwareVersion": "v1.0.20170724 (OpenJPEG build) GCC6.1.0",
    "DeviceSerialNumber": "45031",
    "EchoTime": 0.03,
    "EchoTrainLength": 31,
    "EffectiveEchoSpacing": 0.000330003,
    "FlipAngle": 71,
    "ImageType": [
      "ORIGINAL",
      "PRIMARY",
      "M",
      "ND",
      "NORM",
      "MOSAIC"
    ],
    "InstitutionAddress": "Washington_and_Faculty_Rd._-_Building_25_25_Princeton_NJ_US_085",
    "InstitutionName": "Princeton_University_-_Neuroscience_Institute",
    "MagneticFieldStrength": 3,
    "Manufacturer": "Siemens",
    "ManufacturersModelName": "Skyra",
    "PhaseEncodingDirection": "j-",
    "PhaseEncodingLines": 64,
    "ProcedureStepDescription": "NormanLab_Jarrod",
    "ProtocolName": "epi_301_3x3x3_2s",
    "RepetitionTime": 2,
    "ScanningSequence": "EP",
    "SequenceName": "_epfid2d1_64",
    "SequenceVariant": "SK",
    "SeriesDescription": "epi_301_3x3x3_2s",
    "SliceTiming": [
      1,
      0,
      1.055,
      0.055,
      1.11,
      0.11,
      1.165,
      0.165,
      1.2225,
      0.2225,
      1.2775,
      0.2775,
      1.3325,
      0.3325,
      1.3875,
      0.3875,
      1.4425,
      0.445,
      1.5,
      0.5,
      1.555,
      0.555,
      1.61,
      0.61,
      1.665,
      0.665,
      1.72,
      0.7225,
      1.7775,
      0.7775,
      1.8325,
      0.8325,
      1.8875,
      0.8875,
      1.9425,
      0.9425
    ],
    "SoftwareVersions": "syngo_MR_D11",
    "TaskName": "Working Memory",
    "TotalReadoutTime": 0.0201302,
    "TrueEchoSpacing": 0.000660007,
    "dataset": "ds001229",
    "modality": "bold",
    "run_id": 1,
    "subject_id": "10",
    "task_id": "wm"
  },
  "dummy_trs": 0,
  "dvars_nstd": 23.796589800633317,
  "dvars_std": 1.098293157466667,
  "dvars_vstd": 0.9871266035333328,
  "efc": 0.5824530727123656,
  "fber": 1441.7742919921875,
  "fd_mean": 0.07238440763900773,
  "fd_num": 2,
  "fd_perc": 0.6644518272425249,
  "fwhm_avg": 1.6804934675550782,
  "fwhm_x": 1.5832233333333334,
  "fwhm_y": 1.7693566666666667,
  "fwhm_z": 1.6889004026652343,
  "gcor": 0.0262769,
  "gsr_x": 0.0013761280570179224,
  "gsr_y": 0.02451755478978157,
  "provenance": {
    "md5sum": "d305c838e08446ee85bf28a83eee6958",
    "settings": {
      "fd_thres": 0.2,
      "testing": false
    },
    "software": "mriqc",
    "version": "22.0.6",
    "webapi_port": null,
    "webapi_url": "https://mriqc.nimh.nih.gov/api/v1"
  },
  "size_t": 301,
  "size_x": 64,
  "size_y": 64,
  "size_z": 36,
  "snr": 5.997198137372809,
  "spacing_tr": 2.0,
  "spacing_x": 3.0,
  "spacing_y": 3.0,
  "spacing_z": 2.9999992847442627,
  "summary_bg_k": 26.387362480508013,
  "summary_bg_mad": 11.801710250693734,
  "summary_bg_mean": 44.06203842163086,
  "summary_bg_median": 19.88372039794922,
  "summary_bg_n": 78082.0,
  "summary_bg_p05": 9.495016098022461,
  "summary_bg_p95": 162.92573699951146,
  "summary_bg_stdv": 69.26754760742188,
  "summary_fg_k": 2.952175594019252,
  "summary_fg_mad": 119.91590611574685,
  "summary_fg_mean": 783.4390258789062,
  "summary_fg_median": 769.9883422851562,
  "summary_fg_n": 36500.0,
  "summary_fg_p05": 615.7730529785156,
  "summary_fg_p95": 989.961245727539,
  "summary_fg_stdv": 128.38958740234375,
  "tsnr": 60.34895390900783
}