{
  "aor": 0.0004482059800664452,
  "aqi": 0.005745890166112957,
  "bids_meta": {
    "AccelFactPE": 2,
    "AcquisitionNumber": 1,
    "AcquisitionTime": "10:06:35.572500",
    "BandwidthPerPixelPhaseEncode": 47.348,
    "BodyPartExamined": "BRAIN",
    "ConversionSoftware": "dcm2niix",
    "ConversionSoftwareVersion": "v1.0.20170724 (OpenJPEG build) GCC6.1.0",
    "DeviceSerialNumber": "45031",
    "EchoTime": 0.03,
    "EchoTrainLength": 31,
    "EffectiveEchoSpacing": 0.000330003,
    "FlipAngle": 71,
    "ImageType": [
      "ORIGINAL",
      "PRIMARY",
      "M",
      "ND",
      "NORM",
      "MOSAIC"
    ],
    "InstitutionAddress": "Washington_and_Faculty_Rd._-_Building_25_25_Princeton_NJ_US_085",
    "InstitutionName": "Princeton_University_-_Neuroscience_Institute",
    "MagneticFieldStrength": 3,
    "Manufacturer": "Siemens",
    "ManufacturersModelName": "Skyra",
    "PhaseEncodingDirection": "j-",
    "PhaseEncodingLines": 64,
    "ProcedureStepDescription": "NormanLab_Jarrod",
    "ProtocolName": "epi_301_3x3x3_2s",
    "RepetitionTime": 2,
    "ScanningSequence": "EP",
    "SequenceName": "_epfid2d1_64",
    "SequenceVariant": "SK",
    "SeriesDescription": "epi_301_3x3x3_2s",
    "SliceTiming": [
      0.9975,
      0,
      1.055,
      0.055,
      1.11,
      0.11,
      1.165,
      0.165,
      1.22,
      0.22,
      1.2775,
      0.2775,
      1.3325,
      0.3325,
      1.3875,
      0.3875,
      1.4425,
      0.4425,
      1.4975,
      0.5,
      1.555,
      0.555,
      1.61,
      0.61,
      1.665,
      0.665,
      1.72,
      0.72,
      1.775,
      0.7775,
      1.8325,
      0.8325,
      1.8875,
      0.8875,
      1.9425,
      0.9425
    ],
    "SoftwareVersions": "syngo_MR_D11",
    "TaskName": "Working Memory",
    "TotalReadoutTime": 0.0201302,
    "TrueEchoSpacing": 0.000660007,
    "dataset": "ds001229",
    "modality": "bold",
    "run_id": 2,
    "subject_id": "10",
    "task_id": "wm"
  },
  "dummy_trs": 0,
  "dvars_nstd": 21.766628983700013,
  "dvars_std": 1.0739580434000002,
  "dvars_vstd": 1.0038611069666667,
  "efc": 0.5842209993157105,
  "fber": 1392.9383544921875,
  "fd_mean": 0.07250150875930625,
  "fd_num": 3,
  "fd_perc": 0.9966777408637874,
  "fwhm_avg": 1.664245687913926,
  "fwhm_x": 1.5611,
  "fwhm_y": 1.7661833333333332,
  "fwhm_z": 1.6654537304084454,
  "gcor": 0.0730581,
  "gsr_x": 0.0008366015972569585,
  "gsr_y": 0.02535160817205906,
  "provenance": {
    "md5sum": "374fa6d75411c2a3f4fa526d1e6b4677",
    "settings": {
      "fd_thres": 0.2,
      "testing": false
    },
    "software": "mriqc",
    "version": "22.0.6",
    "webapi_port": null,
    "webapi_url": "https://mriqc.nimh.nih.gov/api/v1"
  },
  "size_t": 301,
  "size_x": 64,
  "size_y": 64,
  "size_z": 36,
  "snr": 6.054796318234384,
  "spacing_tr": 2.0,
  "spacing_x": 3.0,
  "spacing_y": 3.0,
  "spacing_z": 2.9999992847442627,
  "summary_bg_k": 26.237480526407307,
  "summary_bg_mad": 12.136652264376647,
  "summary_bg_mean": 45.174583435058594,
  "summary_bg_median": 20.189369201660156,
  "summary_bg_n": 78044.0,
  "summary_bg_p05": 9.621262550354004,
  "summary_bg_p95": 169.23803710937474,
  "summary_bg_stdv": 70.82577514648438,
  "summary_fg_k": 2.9095034645674858,
  "summary_fg_mad": 117.66743452002432,
  "summary_fg_mean": 781.5494384765625,
  "summary_fg_median": 769.0797119140625,
  "summary_fg_n": 36469.0,
  "summary_fg_p05": 615.1003173828125,
  "summary_fg_p95": 985.8464843749999,
  "summary_fg_stdv": 127.01817321777344,
  "tsnr": 66.26981573412195
}