{
  "aor": 0.00041840531561461794,
  "aqi": 0.007556963787375416,
  "bids_meta": {
    "AccelFactPE": 2,
    "AcquisitionNumber": 1,
    "AcquisitionTime": "10:17:6.905000",
    "BandwidthPerPixelPhaseEncode": 47.348,
    "BodyPartExamined": "BRAIN",
    "ConversionSoftware": "dcm2niix",
    "ConversionSoftwareVersion": "v1.0.20170724 (OpenJPEG build) GCC6.1.0",
    "DeviceSerialNumber": "45031",
    "EchoTime": 0.03,
    "EchoTrainLength": 31,
    "EffectiveEchoSpacing": 0.000330003,
    "FlipAngle": 71,
    "ImageType": [
      "ORIGINAL",
      "PRIMARY",
      "M",
      "ND",
      "NORM",
      "MOSAIC"
    ],
    "InstitutionAddress": "Washington_and_Faculty_Rd._-_Building_25_25_Princeton_NJ_US_085",
    "InstitutionName": "Princeton_University_-_Neuroscience_Institute",
    "MagneticFieldStrength": 3,
    "Manufacturer": "Siemens",
    "ManufacturersModelName": "Skyra",
    "PhaseEncodingDirection": "j-",
    "PhaseEncodingLines": 64,
    "ProcedureStepDescription": "NormanLab_Jarrod",
    "ProtocolName": "epi_301_3x3x3_2s",
    "RepetitionTime": 2,
    "ScanningSequence": "EP",
    "SequenceName": "_epfid2d1_64",
    "SequenceVariant": "SK",
    "SeriesDescription": "epi_301_3x3x3_2s",
    "SliceTiming": [
      1,
      0,
      1.055,
      0.055,
      1.1125,
      0.1125,
      1.1675,
      0.1675,
      1.2225,
      0.2225,
      1.2775,
      0.2775,
      1.3325,
      0.335,
      1.39,
      0.39,
      1.445,
      0.445,
      1.5,
      0.5,
      1.555,
      0.555,
      1.6125,
      0.6125,
      1.6675,
      0.6675,
      1.7225,
      0.7225,
      1.7775,
      0.7775,
      1.8325,
      0.835,
      1.89,
      0.89,
      1.945,
      0.945
    ],
    "SoftwareVersions": "syngo_MR_D11",
    "TaskName": "Episodic Memory",
    "TotalReadoutTime": 0.0201302,
    "TrueEchoSpacing": 0.000660007,
    "dataset": "ds001229",
    "modality": "bold",
    "run_id": 2,
    "subject_id": "10",
    "task_id": "em"
  },
  "dummy_trs": 0,
  "dvars_nstd": 22.471833312066682,
  "dvars_std": 1.0811707790000005,
  "dvars_vstd": 0.9944307472999999,
  "efc": 0.5847127963880013,
  "fber": 1371.1754150390625,
  "fd_mean": 0.07339525950202418,
  "fd_num": 7,
  "fd_perc": 2.3255813953488373,
  "fwhm_avg": 1.6665056875968294,
  "fwhm_x": 1.5674566666666667,
  "fwhm_y": 1.7705966666666668,
  "fwhm_z": 1.661463729457155,
  "gcor": 0.0378569,
  "gsr_x": 0.001013071509078145,
  "gsr_y": 0.02570858970284462,
  "provenance": {
    "md5sum": "b459cf1881e18cd053eb4c7b9d3a64e1",
    "settings": {
      "fd_thres": 0.2,
      "testing": false
    },
    "software": "mriqc",
    "version": "22.0.6",
    "webapi_port": null,
    "webapi_url": "https://mriqc.nimh.nih.gov/api/v1"
  },
  "size_t": 301,
  "size_x": 64,
  "size_y": 64,
  "size_z": 36,
  "snr": 6.064006379573747,
  "spacing_tr": 2.0,
  "spacing_x": 3.0,
  "spacing_y": 3.0,
  "spacing_z": 2.9999992847442627,
  "summary_bg_k": 25.381911227890868,
  "summary_bg_mad": 12.491293006724167,
  "summary_bg_mean": 45.37883377075195,
  "summary_bg_median": 20.308969497680664,
  "summary_bg_n": 78066.0,
  "summary_bg_p05": 9.574750900268555,
  "summary_bg_p95": 170.08304977416992,
  "summary_bg_stdv": 70.79988098144531,
  "summary_fg_k": 2.943741833273191,
  "summary_fg_mad": 117.12308676334581,
  "summary_fg_mean": 780.0884399414062,
  "summary_fg_median": 767.142822265625,
  "summary_fg_n": 36426.0,
  "summary_fg_p05": 614.6029968261719,
  "summary_fg_p95": 983.9476318359375,
  "summary_fg_stdv": 126.50585174560547,
  "tsnr": 61.56219819781836
}