{
  "aor": 0.0008614999999999999,
  "aqi": 0.020169712066666665,
  "bids_meta": {
    "AccelFactPE": 2,
    "AcquisitionNumber": 1,
    "AcquisitionTime": "09:45:17.152500",
    "BandwidthPerPixelPhaseEncode": 47.348,
    "BodyPartExamined": "BRAIN",
    "ConversionSoftware": "dcm2niix",
    "ConversionSoftwareVersion": "v1.0.20170724 (OpenJPEG build) GCC6.1.0",
    "DeviceSerialNumber": "45031",
    "EchoTime": 0.03,
    "EchoTrainLength": 31,
    "EffectiveEchoSpacing": 0.000330003,
    "FlipAngle": 71,
    "ImageType": [
      "ORIGINAL",
      "PRIMARY",
      "M",
      "ND",
      "NORM",
      "MOSAIC"
    ],
    "InstitutionAddress": "Washington_and_Faculty_Rd._-_Building_25_25_Princeton_NJ_US_085",
    "InstitutionName": "Princeton_University_-_Neuroscience_Institute",
    "MagneticFieldStrength": 3,
    "Manufacturer": "Siemens",
    "ManufacturersModelName": "Skyra",
    "PhaseEncodingDirection": "j-",
    "PhaseEncodingLines": 64,
    "ProcedureStepDescription": "NormanLab_Jarrod",
    "ProtocolName": "epi_301_3x3x3_2s",
    "RepetitionTime": 2,
    "ScanningSequence": "EP",
    "SequenceName": "_epfid2d1_64",
    "SequenceVariant": "SK",
    "SeriesDescription": "epi_301_3x3x3_2s",
    "SliceTiming": [
      1,
      0,
      1.055,
      0.055,
      1.11,
      0.11,
      1.1675,
      0.1675,
      1.2225,
      0.2225,
      1.2775,
      0.2775,
      1.3325,
      0.3325,
      1.3875,
      0.39,
      1.445,
      0.445,
      1.5,
      0.5,
      1.555,
      0.555,
      1.61,
      0.61,
      1.6675,
      0.6675,
      1.7225,
      0.7225,
      1.7775,
      0.7775,
      1.8325,
      0.8325,
      1.8875,
      0.89,
      1.945,
      0.945
    ],
    "SoftwareVersions": "syngo_MR_D11",
    "TaskName": "Episodic Memory",
    "TotalReadoutTime": 0.0201302,
    "TrueEchoSpacing": 0.000660007,
    "dataset": "ds001229",
    "modality": "bold",
    "run_id": 3,
    "subject_id": "26",
    "task_id": "em"
  },
  "dummy_trs": 1,
  "dvars_nstd": 23.158067027023407,
  "dvars_std": 1.0028797148160535,
  "dvars_vstd": 0.9426107005685621,
  "efc": 0.5558154179711531,
  "fber": 2204.440185546875,
  "fd_mean": 0.12694817567897365,
  "fd_num": 38,
  "fd_perc": 12.666666666666666,
  "fwhm_avg": 1.7711001348096076,
  "fwhm_x": 1.6652565343239678,
  "fwhm_y": 1.9595066666666667,
  "fwhm_z": 1.6885372034381878,
  "gcor": 0.0279045,
  "gsr_x": 0.035544779151678085,
  "gsr_y": 0.032311808317899704,
  "provenance": {
    "md5sum": "7ec93682674409fe7f0081fb6c0b3122",
    "settings": {
      "fd_thres": 0.2,
      "testing": false
    },
    "software": "mriqc",
    "version": "22.0.6",
    "webapi_port": null,
    "webapi_url": "https://mriqc.nimh.nih.gov/api/v1"
  },
  "size_t": 300,
  "size_x": 64,
  "size_y": 64,
  "size_z": 36,
  "snr": 6.081718652948918,
  "spacing_tr": 2.0,
  "spacing_x": 3.000000238418579,
  "spacing_y": 3.0,
  "spacing_z": 2.9999990463256836,
  "summary_bg_k": 24.280640070129973,
  "summary_bg_mad": 9.493596695989686,
  "summary_bg_mean": 39.93511962890625,
  "summary_bg_median": 16.573333740234375,
  "summary_bg_n": 81843.0,
  "summary_bg_p05": 8.183333396911621,
  "summary_bg_p95": 139.08633728027343,
  "summary_bg_stdv": 75.13324737548828,
  "summary_fg_k": 2.8963442627517493,
  "summary_fg_mad": 113.38938871423386,
  "summary_fg_mean": 803.841796875,
  "summary_fg_median": 785.11669921875,
  "summary_fg_n": 33555.0,
  "summary_fg_p05": 636.9990112304688,
  "summary_fg_p95": 1028.3063232421875,
  "summary_fg_stdv": 129.09262084960938,
  "tsnr": 46.60576894506812
}