{
  "aor": 0.0020933554817275744,
  "aqi": 0.017875788671096345,
  "bids_meta": {
    "AccelFactPE": 2,
    "AcquisitionNumber": 1,
    "AcquisitionTime": "09:23:29.140000",
    "BandwidthPerPixelPhaseEncode": 47.348,
    "BodyPartExamined": "BRAIN",
    "ConversionSoftware": "dcm2niix",
    "ConversionSoftwareVersion": "v1.0.20170724 (OpenJPEG build) GCC6.1.0",
    "DeviceSerialNumber": "45031",
    "EchoTime": 0.03,
    "EchoTrainLength": 31,
    "EffectiveEchoSpacing": 0.000330003,
    "FlipAngle": 71,
    "ImageType": [
      "ORIGINAL",
      "PRIMARY",
      "M",
      "ND",
      "NORM",
      "MOSAIC"
    ],
    "InstitutionAddress": "Washington_and_Faculty_Rd._-_Building_25_25_Princeton_NJ_US_085",
    "InstitutionName": "Princeton_University_-_Neuroscience_Institute",
    "MagneticFieldStrength": 3,
    "Manufacturer": "Siemens",
    "ManufacturersModelName": "Skyra",
    "PhaseEncodingDirection": "j-",
    "PhaseEncodingLines": 64,
    "ProcedureStepDescription": "NormanLab_Jarrod",
    "ProtocolName": "epi_301_3x3x3_2s",
    "RepetitionTime": 2,
    "ScanningSequence": "EP",
    "SequenceName": "_epfid2d1_64",
    "SequenceVariant": "SK",
    "SeriesDescription": "epi_301_3x3x3_2s",
    "SliceTiming": [
      1,
      0,
      1.055,
      0.0575,
      1.1125,
      0.1125,
      1.1675,
      0.1675,
      1.2225,
      0.2225,
      1.2775,
      0.2775,
      1.335,
      0.335,
      1.39,
      0.39,
      1.445,
      0.445,
      1.5,
      0.5,
      1.555,
      0.555,
      1.6125,
      0.6125,
      1.6675,
      0.6675,
      1.7225,
      0.7225,
      1.7775,
      0.7775,
      1.8325,
      0.835,
      1.89,
      0.89,
      1.945,
      0.945
    ],
    "SoftwareVersions": "syngo_MR_D11",
    "TaskName": "Episodic Memory",
    "TotalReadoutTime": 0.0201302,
    "TrueEchoSpacing": 0.000660007,
    "dataset": "ds001229",
    "modality": "bold",
    "run_id": 2,
    "subject_id": "26",
    "task_id": "em"
  },
  "dummy_trs": 0,
  "dvars_nstd": 22.403530018966666,
  "dvars_std": 1.0478371105,
  "dvars_vstd": 0.9861576290000009,
  "efc": 0.5521031140008551,
  "fber": 2358.85400390625,
  "fd_mean": 0.13174165644228866,
  "fd_num": 44,
  "fd_perc": 14.617940199335548,
  "fwhm_avg": 1.7641901353097567,
  "fwhm_x": 1.6474565357385846,
  "fwhm_y": 1.9563066666666666,
  "fwhm_z": 1.6888072035240185,
  "gcor": 0.0376824,
  "gsr_x": 0.037135738879442215,
  "gsr_y": 0.03265036270022392,
  "provenance": {
    "md5sum": "195633b4d852762efa591aae16675bba",
    "settings": {
      "fd_thres": 0.2,
      "testing": false
    },
    "software": "mriqc",
    "version": "22.0.6",
    "webapi_port": null,
    "webapi_url": "https://mriqc.nimh.nih.gov/api/v1"
  },
  "size_t": 301,
  "size_x": 64,
  "size_y": 64,
  "size_z": 36,
  "snr": 6.053743827537774,
  "spacing_tr": 2.0,
  "spacing_x": 3.000000238418579,
  "spacing_y": 3.0,
  "spacing_z": 2.9999990463256836,
  "summary_bg_k": 25.993976976243985,
  "summary_bg_mad": 9.324139838989641,
  "summary_bg_mean": 38.63325881958008,
  "summary_bg_median": 15.98338794708252,
  "summary_bg_n": 82336.0,
  "summary_bg_p05": 7.84385347366333,
  "summary_bg_p95": 131.82806777954102,
  "summary_bg_stdv": 73.7480697631836,
  "summary_fg_k": 3.0254259492372357,
  "summary_fg_mad": 113.7613966317312,
  "summary_fg_mean": 804.95654296875,
  "summary_fg_median": 786.2890014648438,
  "summary_fg_n": 33263.0,
  "summary_fg_p05": 638.4229309082032,
  "summary_fg_p95": 1030.5577758789063,
  "summary_fg_stdv": 129.88279724121094,
  "tsnr": 47.15646371070761
}