{
  "aor": 0.00417388704318937,
  "aqi": 0.01433530142857143,
  "bids_meta": {
    "AccelFactPE": 2,
    "AcquisitionNumber": 1,
    "AcquisitionTime": "09:12:6.482500",
    "BandwidthPerPixelPhaseEncode": 47.348,
    "BodyPartExamined": "BRAIN",
    "ConversionSoftware": "dcm2niix",
    "ConversionSoftwareVersion": "v1.0.20170724 (OpenJPEG build) GCC6.1.0",
    "DeviceSerialNumber": "45031",
    "EchoTime": 0.03,
    "EchoTrainLength": 31,
    "EffectiveEchoSpacing": 0.000330003,
    "FlipAngle": 71,
    "ImageType": [
      "ORIGINAL",
      "PRIMARY",
      "M",
      "ND",
      "NORM",
      "MOSAIC"
    ],
    "InstitutionAddress": "Washington_and_Faculty_Rd._-_Building_25_25_Princeton_NJ_US_085",
    "InstitutionName": "Princeton_University_-_Neuroscience_Institute",
    "MagneticFieldStrength": 3,
    "Manufacturer": "Siemens",
    "ManufacturersModelName": "Skyra",
    "PhaseEncodingDirection": "j-",
    "PhaseEncodingLines": 64,
    "ProcedureStepDescription": "NormanLab_Jarrod",
    "ProtocolName": "epi_301_3x3x3_2s",
    "RepetitionTime": 2,
    "ScanningSequence": "EP",
    "SequenceName": "_epfid2d1_64",
    "SequenceVariant": "SK",
    "SeriesDescription": "epi_301_3x3x3_2s",
    "SliceTiming": [
      1,
      0,
      1.055,
      0.055,
      1.11,
      0.11,
      1.165,
      0.165,
      1.22,
      0.22,
      1.2775,
      0.2775,
      1.3325,
      0.3325,
      1.3875,
      0.3875,
      1.4425,
      0.4425,
      1.4975,
      0.5,
      1.555,
      0.555,
      1.61,
      0.61,
      1.665,
      0.665,
      1.72,
      0.72,
      1.7775,
      0.7775,
      1.8325,
      0.8325,
      1.8875,
      0.8875,
      1.9425,
      0.9425
    ],
    "SoftwareVersions": "syngo_MR_D11",
    "TaskName": "Working Memory",
    "TotalReadoutTime": 0.0201302,
    "TrueEchoSpacing": 0.000660007,
    "dataset": "ds001229",
    "modality": "bold",
    "run_id": 2,
    "subject_id": "26",
    "task_id": "wm"
  },
  "dummy_trs": 0,
  "dvars_nstd": 22.399202213300008,
  "dvars_std": 0.9801064000333338,
  "dvars_vstd": 0.952901212666667,
  "efc": 0.5829785252436552,
  "fber": 1647.244873046875,
  "fd_mean": 0.13174213332368637,
  "fd_num": 36,
  "fd_perc": 11.960132890365449,
  "fwhm_avg": 1.7162201221192885,
  "fwhm_x": 1.648939868954033,
  "fwhm_y": 1.9350233333333333,
  "fwhm_z": 1.5646971640704994,
  "gcor": 0.0457896,
  "gsr_x": 0.015369863249361515,
  "gsr_y": 0.02907133474946022,
  "provenance": {
    "md5sum": "b37e284de03a6467851571ee8a4dca1e",
    "settings": {
      "fd_thres": 0.2,
      "testing": false
    },
    "software": "mriqc",
    "version": "22.0.6",
    "webapi_port": null,
    "webapi_url": "https://mriqc.nimh.nih.gov/api/v1"
  },
  "size_t": 301,
  "size_x": 64,
  "size_y": 64,
  "size_z": 36,
  "snr": 6.113336528596872,
  "spacing_tr": 2.0,
  "spacing_x": 3.000000238418579,
  "spacing_y": 3.0,
  "spacing_z": 2.9999990463256836,
  "summary_bg_k": 17.6923670076734,
  "summary_bg_mad": 11.983956010993474,
  "summary_bg_mean": 47.635009765625,
  "summary_bg_median": 18.82391929626465,
  "summary_bg_n": 77683.0,
  "summary_bg_p05": 8.83720874786377,
  "summary_bg_p95": 193.85980224609332,
  "summary_bg_stdv": 83.93460845947266,
  "summary_fg_k": 3.082352693125788,
  "summary_fg_mad": 112.83296042800393,
  "summary_fg_mean": 797.6406860351562,
  "summary_fg_median": 783.0996704101562,
  "summary_fg_n": 35658.0,
  "summary_fg_p05": 631.7331939697266,
  "summary_fg_p95": 1013.4830108642578,
  "summary_fg_stdv": 128.0951385498047,
  "tsnr": 45.699510709382594
}