{
  "bids_meta": {
    "AcquisitionNumber": 1,
    "AcquisitionTime": "17:56:53.167500",
    "BodyPartExamined": "BRAIN",
    "ConversionSoftware": "dcm2niix",
    "ConversionSoftwareVersion": "v1.0.20170724 (OpenJPEG build) GCC6.1.0",
    "DeviceSerialNumber": "45031",
    "EchoTime": 0.00308,
    "FlipAngle": 9,
    "ImageType": [
      "ORIGINAL",
      "PRIMARY",
      "M",
      "ND",
      "NORM"
    ],
    "InstitutionAddress": "Washington_and_Faculty_Rd._-_Building_25_25_Princeton_NJ_US_085",
    "InstitutionName": "Princeton_University_-_Neuroscience_Institute",
    "InversionTime": 0.9,
    "MagneticFieldStrength": 3,
    "Manufacturer": "Siemens",
    "ManufacturersModelName": "Skyra",
    "PhaseEncodingDirection": "i-",
    "PhaseEncodingLines": 256,
    "ProcedureStepDescription": "NormanLab_Jarrod",
    "ProtocolName": "long_mprage_.9x.9x.9",
    "RepetitionTime": 2.3,
    "ScanningSequence": "GR_IR",
    "SequenceName": "_tfl3d1_16ns",
    "SequenceVariant": "SK_SP_MP",
    "SeriesDescription": "long_mprage_.9x.9x.9",
    "SoftwareVersions": "syngo_MR_D11",
    "dataset": "ds001229",
    "modality": "T1w",
    "subject_id": "15"
  },
  "cjv": 0.38011492869502234,
  "cnr": 3.486756736134053,
  "efc": 0.5590059090159604,
  "fber": 8347.701872851974,
  "fwhm_avg": 3.7235684684548147,
  "fwhm_x": 3.7344057690008077,
  "fwhm_y": 3.8575941818181816,
  "fwhm_z": 3.5787054545454544,
  "icvs_csf": 0.22083109562950345,
  "icvs_gm": 0.41710073173802886,
  "icvs_wm": 0.3620681726324677,
  "inu_med": 0.5736406445503235,
  "inu_range": 0.2036022812128067,
  "provenance": {
    "md5sum": "7a4add8e66f0fe85fd8b4d733df3a58a",
    "settings": {
      "testing": false
    },
    "software": "mriqc",
    "version": "22.0.6",
    "warnings": {
      "large_rot_frame": true,
      "small_air_mask": false
    },
    "webapi_port": null,
    "webapi_url": "https://mriqc.nimh.nih.gov/api/v1"
  },
  "qi_1": 0.0001310189455497173,
  "qi_2": 0.0038642270412706293,
  "rpve_csf": 18.228701511298198,
  "rpve_gm": 9.8889433161661,
  "rpve_wm": 13.235916624167286,
  "size_x": 192,
  "size_y": 256,
  "size_z": 256,
  "snr_csf": 2.0994435865094885,
  "snr_gm": 8.749686081884429,
  "snr_total": 10.136944001698266,
  "snr_wm": 19.56170233670088,
  "snrd_csf": 14.091247024887666,
  "snrd_gm": 40.926846319713064,
  "snrd_total": 38.54733225263483,
  "snrd_wm": 60.623903413303765,
  "spacing_x": 0.9000012874603271,
  "spacing_y": 0.859375,
  "spacing_z": 0.859375,
  "summary_bg_k": 10.389859969102769,
  "summary_bg_mad": 0.0,
  "summary_bg_mean": 6.247780253614427,
  "summary_bg_median": 0.0,
  "summary_bg_n": 2603166.0,
  "summary_bg_p05": 0.0,
  "summary_bg_p95": 28.545715315267444,
  "summary_bg_stdv": 10.806872994483111,
  "summary_csf_k": 1.2541855971280684,
  "summary_csf_mad": 95.77684546255904,
  "summary_csf_mean": 246.51445275563833,
  "summary_csf_median": 232.44368185289204,
  "summary_csf_n": 65779.0,
  "summary_csf_p05": 85.83120056223125,
  "summary_csf_p95": 452.9628481455147,
  "summary_csf_stdv": 110.71596135591672,
  "summary_gm_k": 0.13324510870500283,
  "summary_gm_mad": 74.76181276202367,
  "summary_gm_mean": 675.2699384123816,
  "summary_gm_median": 675.1131981704384,
  "summary_gm_n": 45238.0,
  "summary_gm_p05": 547.1454281785525,
  "summary_gm_p95": 803.1329972986132,
  "summary_gm_stdv": 77.15770943300413,
  "summary_wm_k": 0.5616272941289107,
  "summary_wm_mad": 48.7432008470751,
  "summary_wm_mean": 1000.4915892464595,
  "summary_wm_median": 1000.0281233303249,
  "summary_wm_n": 331704.0,
  "summary_wm_p05": 917.8502118512988,
  "summary_wm_p95": 1084.4559434056282,
  "summary_wm_stdv": 51.121655912459715,
  "tpm_overlap_csf": 0.15718696336544524,
  "tpm_overlap_gm": 0.452441383685483,
  "tpm_overlap_wm": 0.5142961092765661,
  "wm2max": 0.6097782655668548
}