{
  "bids_meta": {
    "AcquisitionNumber": 1,
    "AcquisitionTime": "10:22:3.162500",
    "BodyPartExamined": "BRAIN",
    "ConversionSoftware": "dcm2niix",
    "ConversionSoftwareVersion": "v1.0.20170724 (OpenJPEG build) GCC6.1.0",
    "DeviceSerialNumber": "45031",
    "EchoTime": 0.00308,
    "FlipAngle": 9,
    "ImageType": [
      "ORIGINAL",
      "PRIMARY",
      "M",
      "ND",
      "NORM"
    ],
    "InstitutionAddress": "Washington_and_Faculty_Rd._-_Building_25_25_Princeton_NJ_US_085",
    "InstitutionName": "Princeton_University_-_Neuroscience_Institute",
    "InversionTime": 0.9,
    "MagneticFieldStrength": 3,
    "Manufacturer": "Siemens",
    "ManufacturersModelName": "Skyra",
    "PhaseEncodingDirection": "i-",
    "PhaseEncodingLines": 256,
    "ProcedureStepDescription": "NormanLab_Jarrod",
    "ProtocolName": "long_mprage_.9x.9x.9",
    "RepetitionTime": 2.3,
    "ScanningSequence": "GR_IR",
    "SequenceName": "_tfl3d1_16ns",
    "SequenceVariant": "SK_SP_MP",
    "SeriesDescription": "long_mprage_.9x.9x.9",
    "SoftwareVersions": "syngo_MR_D11",
    "dataset": "ds001229",
    "modality": "T1w",
    "subject_id": "21"
  },
  "cjv": 0.38653621765819723,
  "cnr": 3.4250770660305894,
  "efc": 0.5804785480076028,
  "fber": 9781.717186061802,
  "fwhm_avg": 3.746591351662524,
  "fwhm_x": 3.6573449640784808,
  "fwhm_y": 4.0121483636363635,
  "fwhm_z": 3.5702807272727273,
  "icvs_csf": 0.20577153993678443,
  "icvs_gm": 0.44385259733361176,
  "icvs_wm": 0.3503758627296038,
  "inu_med": 0.5973960757255554,
  "inu_range": 0.25909574627876286,
  "provenance": {
    "md5sum": "dd0b9e90a26877fa449d06decbe8669e",
    "settings": {
      "testing": false
    },
    "software": "mriqc",
    "version": "22.0.6",
    "warnings": {
      "large_rot_frame": true,
      "small_air_mask": false
    },
    "webapi_port": null,
    "webapi_url": "https://mriqc.nimh.nih.gov/api/v1"
  },
  "qi_1": 2.6836956098765367e-05,
  "qi_2": 0.003948685441076241,
  "rpve_csf": 18.847088820338584,
  "rpve_gm": 9.296300891410354,
  "rpve_wm": 13.319230904755752,
  "size_x": 192,
  "size_y": 256,
  "size_z": 256,
  "snr_csf": 1.990815907837674,
  "snr_gm": 10.577062806293624,
  "snr_total": 10.591673541790671,
  "snr_wm": 19.20714191124072,
  "snrd_csf": 9.081919087597454,
  "snrd_gm": 27.987022932870406,
  "snrd_total": 25.59111271043621,
  "snrd_wm": 39.70439611084077,
  "spacing_x": 0.9000053405761719,
  "spacing_y": 0.859375,
  "spacing_z": 0.859375,
  "summary_bg_k": 1749.213894990547,
  "summary_bg_mad": 0.0,
  "summary_bg_mean": 7.228504364066909,
  "summary_bg_median": 0.0,
  "summary_bg_n": 2726459.0,
  "summary_bg_p05": 0.0,
  "summary_bg_p95": 29.99964352697134,
  "summary_bg_stdv": 16.50034908428657,
  "summary_csf_k": 3.5359671503057433,
  "summary_csf_mad": 102.02893674427376,
  "summary_csf_mean": 244.49779737560735,
  "summary_csf_median": 228.7383746355772,
  "summary_csf_n": 47554.0,
  "summary_csf_p05": 87.1129791252315,
  "summary_csf_p95": 455.42273567337537,
  "summary_csf_stdv": 114.89559063909591,
  "summary_gm_k": 0.2815858559132005,
  "summary_gm_mad": 63.94306390315475,
  "summary_gm_mean": 704.4798571816898,
  "summary_gm_median": 704.8847357928753,
  "summary_gm_n": 50568.0,
  "summary_gm_p05": 593.0808386579156,
  "summary_gm_p95": 813.4463911689818,
  "summary_gm_stdv": 66.64210839961282,
  "summary_wm_k": 0.34561298438360977,
  "summary_wm_mad": 50.1296717423328,
  "summary_wm_mean": 1000.9155371279562,
  "summary_wm_median": 999.9999939091504,
  "summary_wm_n": 303742.0,
  "summary_wm_p05": 917.3050145432353,
  "summary_wm_p95": 1087.718666549772,
  "summary_wm_stdv": 52.06388084156759,
  "tpm_overlap_csf": 0.15953544118392143,
  "tpm_overlap_gm": 0.45276316454187304,
  "tpm_overlap_wm": 0.49824675721502293,
  "wm2max": 0.5243130148885693
}