{
  "bids_meta": {
    "AcquisitionNumber": 1,
    "AcquisitionTime": "11:01:37.135000",
    "BodyPartExamined": "BRAIN",
    "ConversionSoftware": "dcm2niix",
    "ConversionSoftwareVersion": "v1.0.20170724 (OpenJPEG build) GCC6.1.0",
    "DeviceSerialNumber": "45031",
    "EchoTime": 0.00308,
    "FlipAngle": 9,
    "ImageType": [
      "ORIGINAL",
      "PRIMARY",
      "M",
      "ND",
      "NORM"
    ],
    "InstitutionAddress": "Washington_and_Faculty_Rd._-_Building_25_25_Princeton_NJ_US_085",
    "InstitutionName": "Princeton_University_-_Neuroscience_Institute",
    "InversionTime": 0.9,
    "MagneticFieldStrength": 3,
    "Manufacturer": "Siemens",
    "ManufacturersModelName": "Skyra",
    "PhaseEncodingDirection": "i-",
    "PhaseEncodingLines": 256,
    "ProcedureStepDescription": "NormanLab_Jarrod",
    "ProtocolName": "long_mprage_.9x.9x.9",
    "RepetitionTime": 2.3,
    "ScanningSequence": "GR_IR",
    "SequenceName": "_tfl3d1_16ns",
    "SequenceVariant": "SK_SP_MP",
    "SeriesDescription": "long_mprage_.9x.9x.9",
    "SoftwareVersions": "syngo_MR_D11",
    "dataset": "ds001229",
    "modality": "T1w",
    "subject_id": "13"
  },
  "cjv": 0.38024175398432664,
  "cnr": 3.4679345475940324,
  "efc": 0.5301605807685335,
  "fber": 3886.1212744962813,
  "fwhm_avg": 3.6078679293422553,
  "fwhm_x": 3.626361606208585,
  "fwhm_y": 3.7702400000000003,
  "fwhm_z": 3.4270021818181817,
  "icvs_csf": 0.20107260034055532,
  "icvs_gm": 0.4526398318885166,
  "icvs_wm": 0.3462875677709281,
  "inu_med": 0.5839692950248718,
  "inu_range": 0.22903575301170354,
  "provenance": {
    "md5sum": "765f932e7fe45fcc14d4624542f8a75d",
    "settings": {
      "testing": false
    },
    "software": "mriqc",
    "version": "22.0.6",
    "warnings": {
      "large_rot_frame": true,
      "small_air_mask": false
    },
    "webapi_port": null,
    "webapi_url": "https://mriqc.nimh.nih.gov/api/v1"
  },
  "qi_1": 0.0007988057853509004,
  "qi_2": 0.004507574424286201,
  "rpve_csf": 22.19306882320649,
  "rpve_gm": 10.474162493105071,
  "rpve_wm": 15.154737981515998,
  "size_x": 192,
  "size_y": 256,
  "size_z": 256,
  "snr_csf": 1.7969659897533712,
  "snr_gm": 10.510582290664559,
  "snr_total": 10.385568741832566,
  "snr_wm": 18.84915794507977,
  "snrd_csf": 16.913713491645908,
  "snrd_gm": 50.32785010377256,
  "snrd_total": 46.35523720693343,
  "snrd_wm": 71.82414802538185,
  "spacing_x": 0.9000067710876465,
  "spacing_y": 0.859375,
  "spacing_z": 0.859375,
  "summary_bg_k": 3.78850303278952,
  "summary_bg_mad": 9.121725210693015,
  "summary_bg_mean": 10.648938985306156,
  "summary_bg_median": 6.152510158717632,
  "summary_bg_n": 2950088.0,
  "summary_bg_p05": 0.0,
  "summary_bg_p95": 38.68843152746558,
  "summary_bg_stdv": 13.751315014480102,
  "summary_csf_k": 4.048214106948696,
  "summary_csf_mad": 115.57762414019267,
  "summary_csf_mean": 253.40365617598454,
  "summary_csf_median": 235.4963741339743,
  "summary_csf_n": 43641.0,
  "summary_csf_p05": 75.20538888126612,
  "summary_csf_p95": 493.39512349292636,
  "summary_csf_stdv": 131.0507140102074,
  "summary_gm_k": 0.3721220406593142,
  "summary_gm_mad": 62.9399039537818,
  "summary_gm_mean": 700.1188862299667,
  "summary_gm_median": 700.7347158417106,
  "summary_gm_n": 56170.0,
  "summary_gm_p05": 588.3772134108469,
  "summary_gm_p95": 808.9827033989131,
  "summary_gm_stdv": 66.66885419012547,
  "summary_wm_k": 0.5341455933205839,
  "summary_wm_mad": 50.86703235139399,
  "summary_wm_mean": 1001.1235230959442,
  "summary_wm_median": 1000.0362394452095,
  "summary_wm_n": 264666.0,
  "summary_wm_p05": 916.615439940244,
  "summary_wm_p95": 1089.3200192190707,
  "summary_wm_stdv": 53.05459018992829,
  "tpm_overlap_csf": 0.15461693130536697,
  "tpm_overlap_gm": 0.4616046696069885,
  "tpm_overlap_wm": 0.5060207655247894,
  "wm2max": 0.4811293208386486
}