{
  "aor": 0.0014723255813953488,
  "aqi": 0.016747445116279073,
  "bids_meta": {
    "AccelFactPE": 2,
    "AcquisitionNumber": 1,
    "AcquisitionTime": "10:40:28.457500",
    "BandwidthPerPixelPhaseEncode": 47.348,
    "BodyPartExamined": "BRAIN",
    "ConversionSoftware": "dcm2niix",
    "ConversionSoftwareVersion": "v1.0.20170724 (OpenJPEG build) GCC6.1.0",
    "DeviceSerialNumber": "45031",
    "EchoTime": 0.03,
    "EchoTrainLength": 31,
    "EffectiveEchoSpacing": 0.000330003,
    "FlipAngle": 71,
    "ImageType": [
      "ORIGINAL",
      "PRIMARY",
      "M",
      "ND",
      "NORM",
      "MOSAIC"
    ],
    "InstitutionAddress": "Washington_and_Faculty_Rd._-_Building_25_25_Princeton_NJ_US_085",
    "InstitutionName": "Princeton_University_-_Neuroscience_Institute",
    "MagneticFieldStrength": 3,
    "Manufacturer": "Siemens",
    "ManufacturersModelName": "Skyra",
    "PhaseEncodingDirection": "j-",
    "PhaseEncodingLines": 64,
    "ProcedureStepDescription": "NormanLab_Jarrod",
    "ProtocolName": "epi_301_3x3x3_2s",
    "RepetitionTime": 2,
    "ScanningSequence": "EP",
    "SequenceName": "_epfid2d1_64",
    "SequenceVariant": "SK",
    "SeriesDescription": "epi_301_3x3x3_2s",
    "SliceTiming": [
      1,
      0,
      1.055,
      0.0575,
      1.1125,
      0.1125,
      1.1675,
      0.1675,
      1.2225,
      0.2225,
      1.2775,
      0.2775,
      1.335,
      0.335,
      1.39,
      0.39,
      1.445,
      0.445,
      1.5,
      0.5,
      1.555,
      0.555,
      1.6125,
      0.6125,
      1.6675,
      0.6675,
      1.7225,
      0.7225,
      1.7775,
      0.7775,
      1.8325,
      0.835,
      1.89,
      0.89,
      1.945,
      0.945
    ],
    "SoftwareVersions": "syngo_MR_D11",
    "TaskName": "Episodic Memory",
    "TotalReadoutTime": 0.0201302,
    "TrueEchoSpacing": 0.000660007,
    "dataset": "ds001229",
    "modality": "bold",
    "run_id": 1,
    "subject_id": "21",
    "task_id": "em"
  },
  "dummy_trs": 0,
  "dvars_nstd": 21.08762636813333,
  "dvars_std": 1.0339560276333328,
  "dvars_vstd": 0.9620330177999998,
  "efc": 0.5753663548958451,
  "fber": 1563.704345703125,
  "fd_mean": 0.06110137861413094,
  "fd_num": 6,
  "fd_perc": 1.9933554817275747,
  "fwhm_avg": 1.643814187179794,
  "fwhm_x": 1.4735833333333332,
  "fwhm_y": 1.83929,
  "fwhm_z": 1.6185692282060489,
  "gcor": 0.0123492,
  "gsr_x": 0.006056925281882286,
  "gsr_y": 0.043084148317575455,
  "provenance": {
    "md5sum": "6ba427db4d151da26770fabdaa3f005a",
    "settings": {
      "fd_thres": 0.2,
      "testing": false
    },
    "software": "mriqc",
    "version": "22.0.6",
    "webapi_port": null,
    "webapi_url": "https://mriqc.nimh.nih.gov/api/v1"
  },
  "size_t": 301,
  "size_x": 64,
  "size_y": 64,
  "size_z": 36,
  "snr": 6.463865020492476,
  "spacing_tr": 2.0,
  "spacing_x": 3.0,
  "spacing_y": 3.0,
  "spacing_z": 3.0000014305114746,
  "summary_bg_k": 24.63241738637251,
  "summary_bg_mad": 10.713156129302469,
  "summary_bg_mean": 42.416202545166016,
  "summary_bg_median": 18.9069766998291,
  "summary_bg_n": 78741.0,
  "summary_bg_p05": 9.159468650817871,
  "summary_bg_p95": 155.55149841308594,
  "summary_bg_stdv": 72.71327209472656,
  "summary_fg_k": 3.6325662874068483,
  "summary_fg_mad": 101.26519732379643,
  "summary_fg_mean": 774.8948974609375,
  "summary_fg_median": 763.3720703125,
  "summary_fg_n": 35094.0,
  "summary_fg_p05": 620.7456787109375,
  "summary_fg_p95": 966.1576141357422,
  "summary_fg_stdv": 118.09671020507812,
  "tsnr": 52.297890313202515
}