{
  "aor": 0.0005122999999999999,
  "aqi": 0.007845693266666665,
  "bids_meta": {
    "AccelFactPE": 2,
    "AcquisitionNumber": 1,
    "AcquisitionTime": "11:24:52.697500",
    "BandwidthPerPixelPhaseEncode": 47.348,
    "BodyPartExamined": "BRAIN",
    "ConversionSoftware": "dcm2niix",
    "ConversionSoftwareVersion": "v1.0.20170724 (OpenJPEG build) GCC6.1.0",
    "DeviceSerialNumber": "45031",
    "EchoTime": 0.03,
    "EchoTrainLength": 31,
    "EffectiveEchoSpacing": 0.000330003,
    "FlipAngle": 71,
    "ImageType": [
      "ORIGINAL",
      "PRIMARY",
      "M",
      "ND",
      "NORM",
      "MOSAIC"
    ],
    "InstitutionAddress": "Washington_and_Faculty_Rd._-_Building_25_25_Princeton_NJ_US_085",
    "InstitutionName": "Princeton_University_-_Neuroscience_Institute",
    "MagneticFieldStrength": 3,
    "Manufacturer": "Siemens",
    "ManufacturersModelName": "Skyra",
    "PhaseEncodingDirection": "j-",
    "PhaseEncodingLines": 64,
    "ProcedureStepDescription": "NormanLab_Jarrod",
    "ProtocolName": "epi_301_3x3x3_2s",
    "RepetitionTime": 2,
    "ScanningSequence": "EP",
    "SequenceName": "_epfid2d1_64",
    "SequenceVariant": "SK",
    "SeriesDescription": "epi_301_3x3x3_2s",
    "SliceTiming": [
      1,
      0,
      1.0575,
      0.0575,
      1.1125,
      0.1125,
      1.1675,
      0.1675,
      1.2225,
      0.2225,
      1.2775,
      0.28,
      1.335,
      0.335,
      1.39,
      0.39,
      1.445,
      0.445,
      1.5,
      0.5,
      1.5575,
      0.5575,
      1.6125,
      0.6125,
      1.6675,
      0.6675,
      1.7225,
      0.7225,
      1.7775,
      0.78,
      1.835,
      0.835,
      1.89,
      0.89,
      1.945,
      0.945
    ],
    "SoftwareVersions": "syngo_MR_D11",
    "TaskName": "Episodic Memory",
    "TotalReadoutTime": 0.0201302,
    "TrueEchoSpacing": 0.000660007,
    "dataset": "ds001229",
    "modality": "bold",
    "run_id": 3,
    "subject_id": "27",
    "task_id": "em"
  },
  "dummy_trs": 1,
  "dvars_nstd": 22.899684140434797,
  "dvars_std": 1.1213123874247501,
  "dvars_vstd": 0.9805578090301004,
  "efc": 0.5697571117293734,
  "fber": 1687.3251953125,
  "fd_mean": 0.09055209241134145,
  "fd_num": 10,
  "fd_perc": 3.3333333333333335,
  "fwhm_avg": 1.6935156877600137,
  "fwhm_x": 1.59596,
  "fwhm_y": 1.82107,
  "fwhm_z": 1.6635170632800411,
  "gcor": 0.0169825,
  "gsr_x": 0.0017589430790394545,
  "gsr_y": 0.03748797997832298,
  "provenance": {
    "md5sum": "7b4c0b2f51e70d1a8da31a79033afa40",
    "settings": {
      "fd_thres": 0.2,
      "testing": false
    },
    "software": "mriqc",
    "version": "22.0.6",
    "webapi_port": null,
    "webapi_url": "https://mriqc.nimh.nih.gov/api/v1"
  },
  "size_t": 300,
  "size_x": 64,
  "size_y": 64,
  "size_z": 36,
  "snr": 5.931243188033384,
  "spacing_tr": 2.0,
  "spacing_x": 3.0,
  "spacing_y": 3.0,
  "spacing_z": 2.9999992847442627,
  "summary_bg_k": 28.280505029526307,
  "summary_bg_mad": 10.395513422625836,
  "summary_bg_mean": 38.862430572509766,
  "summary_bg_median": 18.351667404174805,
  "summary_bg_n": 79438.0,
  "summary_bg_p05": 8.803333282470703,
  "summary_bg_p95": 124.86483497619624,
  "summary_bg_stdv": 63.41546630859375,
  "summary_fg_k": 2.07217313283631,
  "summary_fg_mad": 123.9208505119029,
  "summary_fg_mean": 780.4691772460938,
  "summary_fg_median": 766.64501953125,
  "summary_fg_n": 35360.0,
  "summary_fg_p05": 607.2966918945312,
  "summary_fg_p95": 993.2073333740234,
  "summary_fg_stdv": 129.2535400390625,
  "tsnr": 61.59498237865046
}