{
  "aor": 0.00040186046511627913,
  "aqi": 0.004949476677740864,
  "bids_meta": {
    "AccelFactPE": 2,
    "AcquisitionNumber": 1,
    "AcquisitionTime": "10:42:4.142500",
    "BandwidthPerPixelPhaseEncode": 47.348,
    "BodyPartExamined": "BRAIN",
    "ConversionSoftware": "dcm2niix",
    "ConversionSoftwareVersion": "v1.0.20170724 (OpenJPEG build) GCC6.1.0",
    "DeviceSerialNumber": "45031",
    "EchoTime": 0.03,
    "EchoTrainLength": 31,
    "EffectiveEchoSpacing": 0.000330003,
    "FlipAngle": 71,
    "ImageType": [
      "ORIGINAL",
      "PRIMARY",
      "M",
      "ND",
      "NORM",
      "MOSAIC"
    ],
    "InstitutionAddress": "Washington_and_Faculty_Rd._-_Building_25_25_Princeton_NJ_US_085",
    "InstitutionName": "Princeton_University_-_Neuroscience_Institute",
    "MagneticFieldStrength": 3,
    "Manufacturer": "Siemens",
    "ManufacturersModelName": "Skyra",
    "PhaseEncodingDirection": "j-",
    "PhaseEncodingLines": 64,
    "ProcedureStepDescription": "NormanLab_Jarrod",
    "ProtocolName": "epi_301_3x3x3_2s",
    "RepetitionTime": 2,
    "ScanningSequence": "EP",
    "SequenceName": "_epfid2d1_64",
    "SequenceVariant": "SK",
    "SeriesDescription": "epi_301_3x3x3_2s",
    "SliceTiming": [
      1,
      0,
      1.055,
      0.0575,
      1.1125,
      0.1125,
      1.1675,
      0.1675,
      1.2225,
      0.2225,
      1.2775,
      0.2775,
      1.335,
      0.335,
      1.39,
      0.39,
      1.445,
      0.445,
      1.5,
      0.5,
      1.555,
      0.555,
      1.6125,
      0.6125,
      1.6675,
      0.6675,
      1.7225,
      0.7225,
      1.7775,
      0.7775,
      1.8325,
      0.835,
      1.89,
      0.89,
      1.945,
      0.945
    ],
    "SoftwareVersions": "syngo_MR_D11",
    "TaskName": "Episodic Memory",
    "TotalReadoutTime": 0.0201302,
    "TrueEchoSpacing": 0.000660007,
    "dataset": "ds001229",
    "modality": "bold",
    "run_id": 1,
    "subject_id": "27",
    "task_id": "em"
  },
  "dummy_trs": 0,
  "dvars_nstd": 22.331013965433343,
  "dvars_std": 1.1311664457999993,
  "dvars_vstd": 1.0026025357333337,
  "efc": 0.5687790734065946,
  "fber": 1712.036865234375,
  "fd_mean": 0.07717356791952715,
  "fd_num": 0,
  "fd_perc": 0.0,
  "fwhm_avg": 1.7154945803155162,
  "fwhm_x": 1.6018833333333333,
  "fwhm_y": 1.8349466666666665,
  "fwhm_z": 1.709653740946549,
  "gcor": 0.0223351,
  "gsr_x": -2.306674559804378e-06,
  "gsr_y": 0.03437457233667374,
  "provenance": {
    "md5sum": "f197f7cffa5513f426b9606c31b496fd",
    "settings": {
      "fd_thres": 0.2,
      "testing": false
    },
    "software": "mriqc",
    "version": "22.0.6",
    "webapi_port": null,
    "webapi_url": "https://mriqc.nimh.nih.gov/api/v1"
  },
  "size_t": 301,
  "size_x": 64,
  "size_y": 64,
  "size_z": 36,
  "snr": 5.8795539536654,
  "spacing_tr": 2.0,
  "spacing_x": 3.0,
  "spacing_y": 3.0,
  "spacing_z": 2.9999992847442627,
  "summary_bg_k": 30.347900264205784,
  "summary_bg_mad": 9.50638701320904,
  "summary_bg_mean": 37.69721984863281,
  "summary_bg_median": 18.225914001464844,
  "summary_bg_n": 79294.0,
  "summary_bg_p05": 9.219268798828125,
  "summary_bg_p95": 120.6091327667236,
  "summary_bg_stdv": 62.22774124145508,
  "summary_fg_k": 2.150848948004283,
  "summary_fg_mad": 125.07049161816538,
  "summary_fg_mean": 781.0454711914062,
  "summary_fg_median": 768.0830078125,
  "summary_fg_n": 35465.0,
  "summary_fg_p05": 605.590673828125,
  "summary_fg_p95": 994.2644165039057,
  "summary_fg_stdv": 130.63442993164062,
  "tsnr": 70.56282818038017
}