{
  "aor": 0.006228737541528238,
  "aqi": 0.01071733704318937,
  "bids_meta": {
    "AccelFactPE": 2,
    "AcquisitionNumber": 1,
    "AcquisitionTime": "10:52:35.240000",
    "BandwidthPerPixelPhaseEncode": 47.348,
    "BodyPartExamined": "BRAIN",
    "ConversionSoftware": "dcm2niix",
    "ConversionSoftwareVersion": "v1.0.20170724 (OpenJPEG build) GCC6.1.0",
    "DeviceSerialNumber": "45031",
    "EchoTime": 0.03,
    "EchoTrainLength": 31,
    "EffectiveEchoSpacing": 0.000330003,
    "FlipAngle": 71,
    "ImageType": [
      "ORIGINAL",
      "PRIMARY",
      "M",
      "ND",
      "NORM",
      "MOSAIC"
    ],
    "InstitutionAddress": "Washington_and_Faculty_Rd._-_Building_25_25_Princeton_NJ_US_085",
    "InstitutionName": "Princeton_University_-_Neuroscience_Institute",
    "MagneticFieldStrength": 3,
    "Manufacturer": "Siemens",
    "ManufacturersModelName": "Skyra",
    "PhaseEncodingDirection": "j-",
    "PhaseEncodingLines": 64,
    "ProcedureStepDescription": "NormanLab_Jarrod",
    "ProtocolName": "epi_301_3x3x3_2s",
    "RepetitionTime": 2,
    "ScanningSequence": "EP",
    "SequenceName": "_epfid2d1_64",
    "SequenceVariant": "SK",
    "SeriesDescription": "epi_301_3x3x3_2s",
    "SliceTiming": [
      1,
      0,
      1.055,
      0.055,
      1.11,
      0.11,
      1.165,
      0.165,
      1.2225,
      0.2225,
      1.2775,
      0.2775,
      1.3325,
      0.3325,
      1.3875,
      0.3875,
      1.4425,
      0.445,
      1.5,
      0.5,
      1.555,
      0.555,
      1.61,
      0.61,
      1.665,
      0.665,
      1.7225,
      0.7225,
      1.7775,
      0.7775,
      1.8325,
      0.8325,
      1.8875,
      0.8875,
      1.9425,
      0.945
    ],
    "SoftwareVersions": "syngo_MR_D11",
    "TaskName": "Working Memory",
    "TotalReadoutTime": 0.0201302,
    "TrueEchoSpacing": 0.000660007,
    "dataset": "ds001229",
    "modality": "bold",
    "run_id": 1,
    "subject_id": "27",
    "task_id": "wm"
  },
  "dummy_trs": 0,
  "dvars_nstd": 23.053849786066674,
  "dvars_std": 1.0450480824000006,
  "dvars_vstd": 0.967164672266667,
  "efc": 0.5695962065825408,
  "fber": 1710.5,
  "fd_mean": 0.11499598632487754,
  "fd_num": 16,
  "fd_perc": 5.3156146179401995,
  "fwhm_avg": 1.7134956910602577,
  "fwhm_x": 1.6111533333333332,
  "fwhm_y": 1.8242900000000002,
  "fwhm_z": 1.705043739847439,
  "gcor": 0.0604271,
  "gsr_x": 0.00016218118253163993,
  "gsr_y": 0.03570975735783577,
  "provenance": {
    "md5sum": "35e8e7af4865df01a23545595f3f9ca4",
    "settings": {
      "fd_thres": 0.2,
      "testing": false
    },
    "software": "mriqc",
    "version": "22.0.6",
    "webapi_port": null,
    "webapi_url": "https://mriqc.nimh.nih.gov/api/v1"
  },
  "size_t": 301,
  "size_x": 64,
  "size_y": 64,
  "size_z": 36,
  "snr": 5.864870737138516,
  "spacing_tr": 2.0,
  "spacing_x": 3.0,
  "spacing_y": 3.0,
  "spacing_z": 2.9999992847442627,
  "summary_bg_k": 30.123540443991757,
  "summary_bg_mad": 10.062979314119195,
  "summary_bg_mean": 38.51090621948242,
  "summary_bg_median": 18.398670196533203,
  "summary_bg_n": 79231.0,
  "summary_bg_p05": 8.943521499633789,
  "summary_bg_p95": 125.00497817993164,
  "summary_bg_stdv": 63.424278259277344,
  "summary_fg_k": 2.231605107703519,
  "summary_fg_mad": 125.33164823453545,
  "summary_fg_mean": 783.5205078125,
  "summary_fg_median": 770.1727294921875,
  "summary_fg_n": 35533.0,
  "summary_fg_p05": 607.3322143554688,
  "summary_fg_p95": 999.6431884765625,
  "summary_fg_stdv": 131.3177947998047,
  "tsnr": 54.65637870377395
}