{
  "aor": 0.00043382059800664455,
  "aqi": 0.005801350664451828,
  "bids_meta": {
    "AccelFactPE": 2,
    "AcquisitionNumber": 1,
    "AcquisitionTime": "11:03:22.927500",
    "BandwidthPerPixelPhaseEncode": 47.348,
    "BodyPartExamined": "BRAIN",
    "ConversionSoftware": "dcm2niix",
    "ConversionSoftwareVersion": "v1.0.20170724 (OpenJPEG build) GCC6.1.0",
    "DeviceSerialNumber": "45031",
    "EchoTime": 0.03,
    "EchoTrainLength": 31,
    "EffectiveEchoSpacing": 0.000330003,
    "FlipAngle": 71,
    "ImageType": [
      "ORIGINAL",
      "PRIMARY",
      "M",
      "ND",
      "NORM",
      "MOSAIC"
    ],
    "InstitutionAddress": "Washington_and_Faculty_Rd._-_Building_25_25_Princeton_NJ_US_085",
    "InstitutionName": "Princeton_University_-_Neuroscience_Institute",
    "MagneticFieldStrength": 3,
    "Manufacturer": "Siemens",
    "ManufacturersModelName": "Skyra",
    "PhaseEncodingDirection": "j-",
    "PhaseEncodingLines": 64,
    "ProcedureStepDescription": "NormanLab_Jarrod",
    "ProtocolName": "epi_301_3x3x3_2s",
    "RepetitionTime": 2,
    "ScanningSequence": "EP",
    "SequenceName": "_epfid2d1_64",
    "SequenceVariant": "SK",
    "SeriesDescription": "epi_301_3x3x3_2s",
    "SliceTiming": [
      1,
      0,
      1.055,
      0.055,
      1.1125,
      0.1125,
      1.1675,
      0.1675,
      1.2225,
      0.2225,
      1.2775,
      0.2775,
      1.3325,
      0.335,
      1.39,
      0.39,
      1.445,
      0.445,
      1.5,
      0.5,
      1.555,
      0.555,
      1.6125,
      0.6125,
      1.6675,
      0.6675,
      1.7225,
      0.7225,
      1.7775,
      0.7775,
      1.8325,
      0.835,
      1.89,
      0.89,
      1.945,
      0.945
    ],
    "SoftwareVersions": "syngo_MR_D11",
    "TaskName": "Episodic Memory",
    "TotalReadoutTime": 0.0201302,
    "TrueEchoSpacing": 0.000660007,
    "dataset": "ds001229",
    "modality": "bold",
    "run_id": 2,
    "subject_id": "27",
    "task_id": "em"
  },
  "dummy_trs": 0,
  "dvars_nstd": 22.346815725933332,
  "dvars_std": 1.1230228578666663,
  "dvars_vstd": 0.9929714344666665,
  "efc": 0.5696512305869358,
  "fber": 1712.3863525390625,
  "fd_mean": 0.08954597004642363,
  "fd_num": 6,
  "fd_perc": 1.9933554817275747,
  "fwhm_avg": 1.707156802302764,
  "fwhm_x": 1.6017633333333334,
  "fwhm_y": 1.81301,
  "fwhm_z": 1.706697073574958,
  "gcor": 0.0433701,
  "gsr_x": 0.0013752949889749289,
  "gsr_y": 0.03468136489391327,
  "provenance": {
    "md5sum": "9fc3cb9ac65dca7077d9b9dfd6acd0c8",
    "settings": {
      "fd_thres": 0.2,
      "testing": false
    },
    "software": "mriqc",
    "version": "22.0.6",
    "webapi_port": null,
    "webapi_url": "https://mriqc.nimh.nih.gov/api/v1"
  },
  "size_t": 301,
  "size_x": 64,
  "size_y": 64,
  "size_z": 36,
  "snr": 5.871121312972452,
  "spacing_tr": 2.0,
  "spacing_x": 3.0,
  "spacing_y": 3.0,
  "spacing_z": 2.9999992847442627,
  "summary_bg_k": 28.96159904174768,
  "summary_bg_mad": 9.708334330012704,
  "summary_bg_mean": 38.463260650634766,
  "summary_bg_median": 18.265779495239258,
  "summary_bg_n": 79281.0,
  "summary_bg_p05": 9.182723999023438,
  "summary_bg_p95": 124.86378479003906,
  "summary_bg_stdv": 63.449562072753906,
  "summary_fg_k": 2.225327869493503,
  "summary_fg_mad": 125.22079693340817,
  "summary_fg_mean": 783.088134765625,
  "summary_fg_median": 769.9003295898438,
  "summary_fg_n": 35492.0,
  "summary_fg_p05": 606.4428619384765,
  "summary_fg_p95": 998.4222198486323,
  "summary_fg_stdv": 131.131591796875,
  "tsnr": 66.31227475125343
}