{
  "bids_meta": {
    "AcquisitionNumber": 1,
    "AcquisitionTime": "16:34:22.165000",
    "BodyPartExamined": "BRAIN",
    "ConversionSoftware": "dcm2niix",
    "ConversionSoftwareVersion": "v1.0.20170724 (OpenJPEG build) GCC6.1.0",
    "DeviceSerialNumber": "45031",
    "EchoTime": 0.00308,
    "FlipAngle": 9,
    "ImageType": [
      "ORIGINAL",
      "PRIMARY",
      "M",
      "ND",
      "NORM"
    ],
    "InstitutionAddress": "Washington_and_Faculty_Rd._-_Building_25_25_Princeton_NJ_US_085",
    "InstitutionName": "Princeton_University_-_Neuroscience_Institute",
    "InversionTime": 0.9,
    "MagneticFieldStrength": 3,
    "Manufacturer": "Siemens",
    "ManufacturersModelName": "Skyra",
    "PhaseEncodingDirection": "i-",
    "PhaseEncodingLines": 256,
    "ProcedureStepDescription": "NormanLab_Jarrod",
    "ProtocolName": "long_mprage_.9x.9x.9",
    "RepetitionTime": 2.3,
    "ScanningSequence": "GR_IR",
    "SequenceName": "_tfl3d1_16ns",
    "SequenceVariant": "SK_SP_MP",
    "SeriesDescription": "long_mprage_.9x.9x.9",
    "SoftwareVersions": "syngo_MR_D11",
    "dataset": "ds001229",
    "modality": "T1w",
    "subject_id": "03"
  },
  "cjv": 0.35716929635835637,
  "cnr": 3.7135372199945347,
  "efc": 0.620027707958503,
  "fber": 3921.890625,
  "fwhm_avg": 3.803065853940611,
  "fwhm_x": 3.7570782890945598,
  "fwhm_y": 4.020712727272727,
  "fwhm_z": 3.6314065454545457,
  "icvs_csf": 0.20456212907054286,
  "icvs_gm": 0.4508969527630289,
  "icvs_wm": 0.34454091816642823,
  "inu_med": 0.5952531695365906,
  "inu_range": 0.2519381701946258,
  "provenance": {
    "md5sum": "6156c0fa74a8eb313005ed22cfe2bfb8",
    "settings": {
      "testing": false
    },
    "software": "mriqc",
    "version": "22.0.6",
    "warnings": {
      "large_rot_frame": true,
      "small_air_mask": false
    },
    "webapi_port": null,
    "webapi_url": "https://mriqc.nimh.nih.gov/api/v1"
  },
  "qi_1": 0.0,
  "qi_2": 0.004114693427937009,
  "rpve_csf": 17.05593078143241,
  "rpve_gm": 8.29043433441139,
  "rpve_wm": 12.107568119679364,
  "size_x": 192,
  "size_y": 256,
  "size_z": 256,
  "snr_csf": 2.014614285526191,
  "snr_gm": 9.911925303692323,
  "snr_total": 10.316118851122326,
  "snr_wm": 19.021816964148467,
  "snrd_csf": 10.658133548769355,
  "snrd_gm": 34.52253146524407,
  "snrd_total": 32.069718504987414,
  "snrd_wm": 51.02849050094882,
  "spacing_x": 0.9000025391578674,
  "spacing_y": 0.859375,
  "spacing_z": 0.859375,
  "summary_bg_k": 237.42053118277485,
  "summary_bg_mad": 0.0,
  "summary_bg_mean": 7.861939028812422,
  "summary_bg_median": 0.0,
  "summary_bg_n": 2708513.0,
  "summary_bg_p05": 0.0,
  "summary_bg_p95": 32.45019541680813,
  "summary_bg_stdv": 12.839016430183852,
  "summary_csf_k": 2.016235050693796,
  "summary_csf_mad": 94.22047459008996,
  "summary_csf_mean": 220.25890338163126,
  "summary_csf_median": 208.872460372746,
  "summary_csf_n": 70721.0,
  "summary_csf_p05": 75.52152170240879,
  "summary_csf_p95": 407.4171912819147,
  "summary_csf_stdv": 103.67790258034638,
  "summary_gm_k": 0.32419813066320113,
  "summary_gm_mad": 65.03213735557918,
  "summary_gm_mean": 676.6740580354018,
  "summary_gm_median": 676.5543002858758,
  "summary_gm_n": 74489.0,
  "summary_gm_p05": 564.0348613858223,
  "summary_gm_p95": 790.135852272808,
  "summary_gm_stdv": 68.25613977490273,
  "summary_wm_k": 0.4010494314970061,
  "summary_wm_mad": 50.503218374466506,
  "summary_wm_mean": 1000.3252042327642,
  "summary_wm_median": 1000.0293495357037,
  "summary_wm_n": 346371.0,
  "summary_wm_p05": 914.7669011801481,
  "summary_wm_p95": 1086.4654035121202,
  "summary_wm_stdv": 52.57268050882002,
  "tpm_overlap_csf": 0.1645378041159627,
  "tpm_overlap_gm": 0.4676679949590711,
  "tpm_overlap_wm": 0.5129552021936701,
  "wm2max": 0.6591305570182013
}