{
  "aor": 0.0036668666666666667,
  "aqi": 0.021984421666666667,
  "bids_meta": {
    "AccelFactPE": 2,
    "AcquisitionNumber": 1,
    "AcquisitionTime": "11:54:9.632500",
    "BandwidthPerPixelPhaseEncode": 47.348,
    "BodyPartExamined": "BRAIN",
    "ConversionSoftware": "dcm2niix",
    "ConversionSoftwareVersion": "v1.0.20170724 (OpenJPEG build) GCC6.1.0",
    "DeviceSerialNumber": "45031",
    "EchoTime": 0.03,
    "EchoTrainLength": 31,
    "EffectiveEchoSpacing": 0.000330003,
    "FlipAngle": 71,
    "ImageType": [
      "ORIGINAL",
      "PRIMARY",
      "M",
      "ND",
      "NORM",
      "MOSAIC"
    ],
    "InstitutionAddress": "Washington_and_Faculty_Rd._-_Building_25_25_Princeton_NJ_US_085",
    "InstitutionName": "Princeton_University_-_Neuroscience_Institute",
    "MagneticFieldStrength": 3,
    "Manufacturer": "Siemens",
    "ManufacturersModelName": "Skyra",
    "PhaseEncodingDirection": "j-",
    "PhaseEncodingLines": 64,
    "ProcedureStepDescription": "NormanLab_Jarrod",
    "ProtocolName": "epi_301_3x3x3_2s",
    "RepetitionTime": 2,
    "ScanningSequence": "EP",
    "SequenceName": "_epfid2d1_64",
    "SequenceVariant": "SK",
    "SeriesDescription": "epi_301_3x3x3_2s",
    "SliceTiming": [
      1,
      0,
      1.055,
      0.055,
      1.11,
      0.11,
      1.1675,
      0.1675,
      1.2225,
      0.2225,
      1.2775,
      0.2775,
      1.3325,
      0.3325,
      1.3875,
      0.39,
      1.445,
      0.445,
      1.5,
      0.5,
      1.555,
      0.555,
      1.61,
      0.61,
      1.6675,
      0.6675,
      1.7225,
      0.7225,
      1.7775,
      0.7775,
      1.8325,
      0.8325,
      1.8875,
      0.89,
      1.945,
      0.945
    ],
    "SoftwareVersions": "syngo_MR_D11",
    "TaskName": "Episodic Memory",
    "TotalReadoutTime": 0.0201302,
    "TrueEchoSpacing": 0.000660007,
    "dataset": "ds001229",
    "modality": "bold",
    "run_id": 3,
    "subject_id": "11",
    "task_id": "em"
  },
  "dummy_trs": 1,
  "dvars_nstd": 25.77862977494983,
  "dvars_std": 1.0275373011371243,
  "dvars_vstd": 0.9447087190969893,
  "efc": 0.5952227551769742,
  "fber": 1041.2054443359375,
  "fd_mean": 0.13068433848317546,
  "fd_num": 20,
  "fd_perc": 6.666666666666667,
  "fwhm_avg": 1.7652733333333332,
  "fwhm_x": 1.6226733333333332,
  "fwhm_y": 1.9441533333333334,
  "fwhm_z": 1.7289933333333334,
  "gcor": 0.0276573,
  "gsr_x": 0.01779608428478241,
  "gsr_y": 0.043773993849754333,
  "provenance": {
    "md5sum": "69eec12e9c417c81af682119603581d6",
    "settings": {
      "fd_thres": 0.2,
      "testing": false
    },
    "software": "mriqc",
    "version": "22.0.6",
    "webapi_port": null,
    "webapi_url": "https://mriqc.nimh.nih.gov/api/v1"
  },
  "size_t": 300,
  "size_x": 64,
  "size_y": 64,
  "size_z": 36,
  "snr": 6.587271873335743,
  "spacing_tr": 2.0,
  "spacing_x": 3.0,
  "spacing_y": 3.0,
  "spacing_z": 3.0,
  "summary_bg_k": 8.79698771105541,
  "summary_bg_mad": 21.11472819765956,
  "summary_bg_mean": 66.94234466552734,
  "summary_bg_median": 26.228334426879883,
  "summary_bg_n": 78914.0,
  "summary_bg_p05": 9.793334007263184,
  "summary_bg_p95": 295.99884490966565,
  "summary_bg_stdv": 97.71109771728516,
  "summary_fg_k": 2.708204316088212,
  "summary_fg_mad": 121.76124093879832,
  "summary_fg_mean": 883.7403564453125,
  "summary_fg_median": 876.205078125,
  "summary_fg_n": 34542.0,
  "summary_fg_p05": 696.8873626708985,
  "summary_fg_p95": 1098.5974792480467,
  "summary_fg_stdv": 133.012939453125,
  "tsnr": 40.027388820424676
}