{
  "aor": 0.0066766442953020136,
  "aqi": 0.011883929966442953,
  "bids_meta": {
    "AccelFactPE": 2,
    "AcquisitionNumber": 1,
    "AcquisitionTime": "12:04:36.875000",
    "BandwidthPerPixelPhaseEncode": 47.348,
    "BodyPartExamined": "BRAIN",
    "ConversionSoftware": "dcm2niix",
    "ConversionSoftwareVersion": "v1.0.20170724 (OpenJPEG build) GCC6.1.0",
    "DeviceSerialNumber": "45031",
    "EchoTime": 0.03,
    "EchoTrainLength": 31,
    "EffectiveEchoSpacing": 0.000330003,
    "FlipAngle": 71,
    "ImageType": [
      "ORIGINAL",
      "PRIMARY",
      "M",
      "ND",
      "NORM",
      "MOSAIC"
    ],
    "InstitutionAddress": "Washington_and_Faculty_Rd._-_Building_25_25_Princeton_NJ_US_085",
    "InstitutionName": "Princeton_University_-_Neuroscience_Institute",
    "MagneticFieldStrength": 3,
    "Manufacturer": "Siemens",
    "ManufacturersModelName": "Skyra",
    "PhaseEncodingDirection": "j-",
    "PhaseEncodingLines": 64,
    "ProcedureStepDescription": "NormanLab_Jarrod",
    "ProtocolName": "epi_301_3x3x3_2s",
    "RepetitionTime": 2,
    "ScanningSequence": "EP",
    "SequenceName": "_epfid2d1_64",
    "SequenceVariant": "SK",
    "SeriesDescription": "epi_301_3x3x3_2s",
    "SliceTiming": [
      1,
      0,
      1.055,
      0.055,
      1.11,
      0.11,
      1.165,
      0.165,
      1.2225,
      0.2225,
      1.2775,
      0.2775,
      1.3325,
      0.3325,
      1.3875,
      0.3875,
      1.4425,
      0.445,
      1.5,
      0.5,
      1.555,
      0.555,
      1.61,
      0.61,
      1.665,
      0.665,
      1.7225,
      0.7225,
      1.7775,
      0.7775,
      1.8325,
      0.8325,
      1.8875,
      0.8875,
      1.9425,
      0.9425
    ],
    "SoftwareVersions": "syngo_MR_D11",
    "TaskName": "Working Memory",
    "TotalReadoutTime": 0.0201302,
    "TrueEchoSpacing": 0.000660007,
    "dataset": "ds001229",
    "modality": "bold",
    "run_id": 3,
    "subject_id": "11",
    "task_id": "wm"
  },
  "dummy_trs": 3,
  "dvars_nstd": 23.645311156296298,
  "dvars_std": 1.1734912553535355,
  "dvars_vstd": 1.0823537487878783,
  "efc": 0.5934800434571966,
  "fber": 1046.3375244140625,
  "fd_mean": 0.09206609498756241,
  "fd_num": 10,
  "fd_perc": 3.3557046979865772,
  "fwhm_avg": 1.7331655555555556,
  "fwhm_x": 1.6099166666666667,
  "fwhm_y": 1.9088466666666666,
  "fwhm_z": 1.6807333333333334,
  "gcor": 0.0174881,
  "gsr_x": 0.018972346559166908,
  "gsr_y": 0.04085273668169975,
  "provenance": {
    "md5sum": "de1a64ed697a2ff4973812086cd14110",
    "settings": {
      "fd_thres": 0.2,
      "testing": false
    },
    "software": "mriqc",
    "version": "22.0.6",
    "webapi_port": null,
    "webapi_url": "https://mriqc.nimh.nih.gov/api/v1"
  },
  "size_t": 298,
  "size_x": 64,
  "size_y": 64,
  "size_z": 36,
  "snr": 6.5646339058186935,
  "spacing_tr": 2.0,
  "spacing_x": 3.0,
  "spacing_y": 3.0,
  "spacing_z": 3.0,
  "summary_bg_k": 8.661694497014796,
  "summary_bg_mad": 20.970364172816478,
  "summary_bg_mean": 66.81427764892578,
  "summary_bg_median": 26.100671768188477,
  "summary_bg_n": 79374.0,
  "summary_bg_p05": 9.525671339035034,
  "summary_bg_p95": 297.5786895751951,
  "summary_bg_stdv": 97.6181640625,
  "summary_fg_k": 2.7215166544464076,
  "summary_fg_mad": 121.39430050935252,
  "summary_fg_mean": 881.3641967773438,
  "summary_fg_median": 872.882568359375,
  "summary_fg_n": 34259.0,
  "summary_fg_p05": 694.2774963378906,
  "summary_fg_p95": 1094.219140625,
  "summary_fg_stdv": 132.9654998779297,
  "tsnr": 50.51290207076818
}