{
  "bids_meta": {
    "AcquisitionNumber": 1,
    "AcquisitionTime": "16:21:37.190000",
    "BodyPartExamined": "BRAIN",
    "ConversionSoftware": "dcm2niix",
    "ConversionSoftwareVersion": "v1.0.20170724 (OpenJPEG build) GCC6.1.0",
    "DeviceSerialNumber": "45031",
    "EchoTime": 0.00308,
    "FlipAngle": 9,
    "ImageType": [
      "ORIGINAL",
      "PRIMARY",
      "M",
      "ND",
      "NORM"
    ],
    "InstitutionAddress": "Washington_and_Faculty_Rd._-_Building_25_25_Princeton_NJ_US_085",
    "InstitutionName": "Princeton_University_-_Neuroscience_Institute",
    "InversionTime": 0.9,
    "MagneticFieldStrength": 3,
    "Manufacturer": "Siemens",
    "ManufacturersModelName": "Skyra",
    "PhaseEncodingDirection": "i-",
    "PhaseEncodingLines": 256,
    "ProcedureStepDescription": "NormanLab_Jarrod",
    "ProtocolName": "long_mprage_.9x.9x.9",
    "RepetitionTime": 2.3,
    "ScanningSequence": "GR_IR",
    "SequenceName": "_tfl3d1_16ns",
    "SequenceVariant": "SK_SP_MP",
    "SeriesDescription": "long_mprage_.9x.9x.9",
    "SoftwareVersions": "syngo_MR_D11",
    "dataset": "ds001229",
    "modality": "T1w",
    "subject_id": "04"
  },
  "cjv": 0.36432599281373174,
  "cnr": 3.6161482649251337,
  "efc": 0.6415168521950831,
  "fber": 10514.751719214753,
  "fwhm_avg": 3.7642524954366325,
  "fwhm_x": 3.808062213582624,
  "fwhm_y": 3.893597090909091,
  "fwhm_z": 3.591098181818182,
  "icvs_csf": 0.18522606371804648,
  "icvs_gm": 0.4487142363517671,
  "icvs_wm": 0.36605969993018644,
  "inu_med": 0.5815358757972717,
  "inu_range": 0.24408863037824624,
  "provenance": {
    "md5sum": "0e3ba320c9ba40ed44ff4adee8c7ec6e",
    "settings": {
      "testing": false
    },
    "software": "mriqc",
    "version": "22.0.6",
    "warnings": {
      "large_rot_frame": true,
      "small_air_mask": false
    },
    "webapi_port": null,
    "webapi_url": "https://mriqc.nimh.nih.gov/api/v1"
  },
  "qi_1": 0.0,
  "qi_2": 0.0032073519775350965,
  "rpve_csf": 17.199153559768284,
  "rpve_gm": 7.692320975063616,
  "rpve_wm": 10.494540908014784,
  "size_x": 192,
  "size_y": 256,
  "size_z": 256,
  "snr_csf": 1.880526811655294,
  "snr_gm": 10.488303023598995,
  "snr_total": 10.515004354081045,
  "snr_wm": 19.176183226988847,
  "snrd_csf": 11.301602083517714,
  "snrd_gm": 36.152947123026586,
  "snrd_total": 33.22252622655193,
  "snrd_wm": 52.213029473111476,
  "spacing_x": 0.8999984264373779,
  "spacing_y": 0.859375,
  "spacing_z": 0.859375,
  "summary_bg_k": 425.15834822480883,
  "summary_bg_mad": 0.0,
  "summary_bg_mean": 6.250103624181113,
  "summary_bg_median": 0.0,
  "summary_bg_n": 2349850.0,
  "summary_bg_p05": 0.0,
  "summary_bg_p95": 27.830877516418695,
  "summary_bg_stdv": 12.547780866684258,
  "summary_csf_k": 2.412541726618837,
  "summary_csf_mad": 103.94788044284432,
  "summary_csf_mean": 231.78328451728385,
  "summary_csf_median": 216.45878077670932,
  "summary_csf_n": 53414.0,
  "summary_csf_p05": 70.69496477395296,
  "summary_csf_p95": 442.66970838978887,
  "summary_csf_stdv": 115.10431714627182,
  "summary_gm_k": 0.409362811554276,
  "summary_gm_mad": 62.20540904504778,
  "summary_gm_mean": 692.2673953871345,
  "summary_gm_median": 692.4348245412111,
  "summary_gm_n": 80757.0,
  "summary_gm_p05": 582.6340749450028,
  "summary_gm_p95": 801.069204416126,
  "summary_gm_stdv": 66.01931082840171,
  "summary_wm_k": 0.46225616998530583,
  "summary_wm_mad": 49.86039736583753,
  "summary_wm_mean": 1000.421067200503,
  "summary_wm_median": 1000.0324393734336,
  "summary_wm_n": 405789.0,
  "summary_wm_p05": 915.8270253278315,
  "summary_wm_p95": 1086.1494037956,
  "summary_wm_stdv": 52.149648098782684,
  "tpm_overlap_csf": 0.14463617816651037,
  "tpm_overlap_gm": 0.46133067886045914,
  "tpm_overlap_wm": 0.5133648912774432,
  "wm2max": 0.5867503089059976
}