{
  "aor": 0.005546677740863788,
  "aqi": 0.014316067807308973,
  "bids_meta": {
    "AccelFactPE": 2,
    "AcquisitionNumber": 1,
    "AcquisitionTime": "11:12:7.660000",
    "BandwidthPerPixelPhaseEncode": 47.348,
    "BodyPartExamined": "BRAIN",
    "ConversionSoftware": "dcm2niix",
    "ConversionSoftwareVersion": "v1.0.20170724 (OpenJPEG build) GCC6.1.0",
    "DeviceSerialNumber": "45031",
    "EchoTime": 0.03,
    "EchoTrainLength": 31,
    "EffectiveEchoSpacing": 0.000330003,
    "FlipAngle": 71,
    "ImageType": [
      "ORIGINAL",
      "PRIMARY",
      "M",
      "ND",
      "NORM",
      "MOSAIC"
    ],
    "InstitutionAddress": "Washington_and_Faculty_Rd._-_Building_25_25_Princeton_NJ_US_085",
    "InstitutionName": "Princeton_University_-_Neuroscience_Institute",
    "MagneticFieldStrength": 3,
    "Manufacturer": "Siemens",
    "ManufacturersModelName": "Skyra",
    "PhaseEncodingDirection": "j-",
    "PhaseEncodingLines": 64,
    "ProcedureStepDescription": "NormanLab_Jarrod",
    "ProtocolName": "epi_301_3x3x3_2s",
    "RepetitionTime": 2,
    "ScanningSequence": "EP",
    "SequenceName": "_epfid2d1_64",
    "SequenceVariant": "SK",
    "SeriesDescription": "epi_301_3x3x3_2s",
    "SliceTiming": [
      1,
      0,
      1.055,
      0.055,
      1.11,
      0.11,
      1.165,
      0.165,
      1.22,
      0.2225,
      1.2775,
      0.2775,
      1.3325,
      0.3325,
      1.3875,
      0.3875,
      1.4425,
      0.4425,
      1.5,
      0.5,
      1.555,
      0.555,
      1.61,
      0.61,
      1.665,
      0.665,
      1.72,
      0.72,
      1.7775,
      0.7775,
      1.8325,
      0.8325,
      1.8875,
      0.8875,
      1.9425,
      0.9425
    ],
    "SoftwareVersions": "syngo_MR_D11",
    "TaskName": "Episodic Memory",
    "TotalReadoutTime": 0.0201302,
    "TrueEchoSpacing": 0.000660007,
    "dataset": "ds001229",
    "modality": "bold",
    "run_id": 1,
    "subject_id": "11",
    "task_id": "em"
  },
  "dummy_trs": 0,
  "dvars_nstd": 25.73337343203332,
  "dvars_std": 1.1741657606999996,
  "dvars_vstd": 1.0494235411333337,
  "efc": 0.5938880224101714,
  "fber": 1050.2569580078125,
  "fd_mean": 0.0952859460105549,
  "fd_num": 11,
  "fd_perc": 3.654485049833887,
  "fwhm_avg": 1.758021111111111,
  "fwhm_x": 1.6274666666666666,
  "fwhm_y": 1.9291066666666667,
  "fwhm_z": 1.71749,
  "gcor": 0.0163173,
  "gsr_x": 0.016209477558732033,
  "gsr_y": 0.040863461792469025,
  "provenance": {
    "md5sum": "7b4728f68a7125403e42c93b6ab08b9f",
    "settings": {
      "fd_thres": 0.2,
      "testing": false
    },
    "software": "mriqc",
    "version": "22.0.6",
    "webapi_port": null,
    "webapi_url": "https://mriqc.nimh.nih.gov/api/v1"
  },
  "size_t": 301,
  "size_x": 64,
  "size_y": 64,
  "size_z": 36,
  "snr": 6.556796403367211,
  "spacing_tr": 2.0,
  "spacing_x": 3.0,
  "spacing_y": 3.0,
  "spacing_z": 3.0,
  "summary_bg_k": 9.24058448970649,
  "summary_bg_mad": 20.485524052752062,
  "summary_bg_mean": 64.99250793457031,
  "summary_bg_median": 26.112957000732422,
  "summary_bg_n": 78760.0,
  "summary_bg_p05": 9.73073081970215,
  "summary_bg_p95": 285.69150848388676,
  "summary_bg_stdv": 94.6095199584961,
  "summary_fg_k": 2.829741702515512,
  "summary_fg_mad": 122.97228009225661,
  "summary_fg_mean": 884.1045532226562,
  "summary_fg_median": 875.415283203125,
  "summary_fg_n": 34659.0,
  "summary_fg_p05": 698.4331909179688,
  "summary_fg_p95": 1096.963720703125,
  "summary_fg_stdv": 133.51072692871094,
  "tsnr": 47.11687675118446
}