{
  "aor": 0.0024120598006644517,
  "aqi": 0.026011784717607976,
  "bids_meta": {
    "AccelFactPE": 2,
    "AcquisitionNumber": 1,
    "AcquisitionTime": "11:43:36.827500",
    "BandwidthPerPixelPhaseEncode": 47.348,
    "BodyPartExamined": "BRAIN",
    "ConversionSoftware": "dcm2niix",
    "ConversionSoftwareVersion": "v1.0.20170724 (OpenJPEG build) GCC6.1.0",
    "DeviceSerialNumber": "45031",
    "EchoTime": 0.03,
    "EchoTrainLength": 31,
    "EffectiveEchoSpacing": 0.000330003,
    "FlipAngle": 71,
    "ImageType": [
      "ORIGINAL",
      "PRIMARY",
      "M",
      "ND",
      "NORM",
      "MOSAIC"
    ],
    "InstitutionAddress": "Washington_and_Faculty_Rd._-_Building_25_25_Princeton_NJ_US_085",
    "InstitutionName": "Princeton_University_-_Neuroscience_Institute",
    "MagneticFieldStrength": 3,
    "Manufacturer": "Siemens",
    "ManufacturersModelName": "Skyra",
    "PhaseEncodingDirection": "j-",
    "PhaseEncodingLines": 64,
    "ProcedureStepDescription": "NormanLab_Jarrod",
    "ProtocolName": "epi_301_3x3x3_2s",
    "RepetitionTime": 2,
    "ScanningSequence": "EP",
    "SequenceName": "_epfid2d1_64",
    "SequenceVariant": "SK",
    "SeriesDescription": "epi_301_3x3x3_2s",
    "SliceTiming": [
      1,
      0,
      1.055,
      0.0575,
      1.1125,
      0.1125,
      1.1675,
      0.1675,
      1.2225,
      0.2225,
      1.2775,
      0.2775,
      1.335,
      0.335,
      1.39,
      0.39,
      1.445,
      0.445,
      1.5,
      0.5,
      1.555,
      0.555,
      1.6125,
      0.6125,
      1.6675,
      0.6675,
      1.7225,
      0.7225,
      1.7775,
      0.7775,
      1.8325,
      0.835,
      1.89,
      0.89,
      1.945,
      0.945
    ],
    "SoftwareVersions": "syngo_MR_D11",
    "TaskName": "Working Memory",
    "TotalReadoutTime": 0.0201302,
    "TrueEchoSpacing": 0.000660007,
    "dataset": "ds001229",
    "modality": "bold",
    "run_id": 2,
    "subject_id": "11",
    "task_id": "wm"
  },
  "dummy_trs": 0,
  "dvars_nstd": 26.50900822303333,
  "dvars_std": 1.0152575415666665,
  "dvars_vstd": 0.9470325168666665,
  "efc": 0.5956528505744338,
  "fber": 1050.1490478515625,
  "fd_mean": 0.16680060920210812,
  "fd_num": 50,
  "fd_perc": 16.611295681063122,
  "fwhm_avg": 1.7800055555555556,
  "fwhm_x": 1.6548033333333334,
  "fwhm_y": 1.98873,
  "fwhm_z": 1.6964833333333333,
  "gcor": 0.0305429,
  "gsr_x": 0.016602450981736183,
  "gsr_y": 0.04204108193516731,
  "provenance": {
    "md5sum": "dce34b0bdd21aa05ed53e96541b1659c",
    "settings": {
      "fd_thres": 0.2,
      "testing": false
    },
    "software": "mriqc",
    "version": "22.0.6",
    "webapi_port": null,
    "webapi_url": "https://mriqc.nimh.nih.gov/api/v1"
  },
  "size_t": 301,
  "size_x": 64,
  "size_y": 64,
  "size_z": 36,
  "snr": 6.599571810535471,
  "spacing_tr": 2.0,
  "spacing_x": 3.0,
  "spacing_y": 3.0,
  "spacing_z": 3.0,
  "summary_bg_k": 9.133716867377741,
  "summary_bg_mad": 21.278542101307576,
  "summary_bg_mean": 67.2394027709961,
  "summary_bg_median": 26.358802795410156,
  "summary_bg_n": 78611.0,
  "summary_bg_p05": 9.657807350158691,
  "summary_bg_p95": 297.7475128173828,
  "summary_bg_stdv": 98.53523254394531,
  "summary_fg_k": 2.7104856053530746,
  "summary_fg_mad": 122.35404654996961,
  "summary_fg_mean": 889.0419921875,
  "summary_fg_median": 880.2408447265625,
  "summary_fg_n": 34702.0,
  "summary_fg_p05": 701.4694396972657,
  "summary_fg_p95": 1102.949505615234,
  "summary_fg_stdv": 133.37655639648438,
  "tsnr": 37.18735475814901
}