{
  "aor": 0.007253986710963455,
  "aqi": 0.02703160272425249,
  "bids_meta": {
    "AccelFactPE": 2,
    "AcquisitionNumber": 1,
    "AcquisitionTime": "11:33:6.270000",
    "BandwidthPerPixelPhaseEncode": 47.348,
    "BodyPartExamined": "BRAIN",
    "ConversionSoftware": "dcm2niix",
    "ConversionSoftwareVersion": "v1.0.20170724 (OpenJPEG build) GCC6.1.0",
    "DeviceSerialNumber": "45031",
    "EchoTime": 0.03,
    "EchoTrainLength": 31,
    "EffectiveEchoSpacing": 0.000330003,
    "FlipAngle": 71,
    "ImageType": [
      "ORIGINAL",
      "PRIMARY",
      "M",
      "ND",
      "NORM",
      "MOSAIC"
    ],
    "InstitutionAddress": "Washington_and_Faculty_Rd._-_Building_25_25_Princeton_NJ_US_085",
    "InstitutionName": "Princeton_University_-_Neuroscience_Institute",
    "MagneticFieldStrength": 3,
    "Manufacturer": "Siemens",
    "ManufacturersModelName": "Skyra",
    "PhaseEncodingDirection": "j-",
    "PhaseEncodingLines": 64,
    "ProcedureStepDescription": "NormanLab_Jarrod",
    "ProtocolName": "epi_301_3x3x3_2s",
    "RepetitionTime": 2,
    "ScanningSequence": "EP",
    "SequenceName": "_epfid2d1_64",
    "SequenceVariant": "SK",
    "SeriesDescription": "epi_301_3x3x3_2s",
    "SliceTiming": [
      1,
      0,
      1.0575,
      0.0575,
      1.1125,
      0.1125,
      1.1675,
      0.1675,
      1.2225,
      0.2225,
      1.2775,
      0.28,
      1.335,
      0.335,
      1.39,
      0.39,
      1.445,
      0.445,
      1.5,
      0.5,
      1.555,
      0.5575,
      1.6125,
      0.6125,
      1.6675,
      0.6675,
      1.7225,
      0.7225,
      1.7775,
      0.7775,
      1.835,
      0.835,
      1.89,
      0.89,
      1.945,
      0.945
    ],
    "SoftwareVersions": "syngo_MR_D11",
    "TaskName": "Episodic Memory",
    "TotalReadoutTime": 0.0201302,
    "TrueEchoSpacing": 0.000660007,
    "dataset": "ds001229",
    "modality": "bold",
    "run_id": 2,
    "subject_id": "11",
    "task_id": "em"
  },
  "dummy_trs": 0,
  "dvars_nstd": 26.09476308173332,
  "dvars_std": 0.9824536557999992,
  "dvars_vstd": 0.9222656696000003,
  "efc": 0.5963794879606277,
  "fber": 993.113037109375,
  "fd_mean": 0.13633792905460435,
  "fd_num": 20,
  "fd_perc": 6.644518272425249,
  "fwhm_avg": 1.7751455555555555,
  "fwhm_x": 1.6360566666666667,
  "fwhm_y": 1.9486299999999999,
  "fwhm_z": 1.74075,
  "gcor": 0.0330858,
  "gsr_x": 0.015946554020047188,
  "gsr_y": 0.04535810649394989,
  "provenance": {
    "md5sum": "016ddd5bc6ebe434c2f8b8485041e725",
    "settings": {
      "fd_thres": 0.2,
      "testing": false
    },
    "software": "mriqc",
    "version": "22.0.6",
    "webapi_port": null,
    "webapi_url": "https://mriqc.nimh.nih.gov/api/v1"
  },
  "size_t": 301,
  "size_x": 64,
  "size_y": 64,
  "size_z": 36,
  "snr": 6.622978283215954,
  "spacing_tr": 2.0,
  "spacing_x": 3.0,
  "spacing_y": 3.0,
  "spacing_z": 3.0,
  "summary_bg_k": 8.960636617875545,
  "summary_bg_mad": 22.453295834602216,
  "summary_bg_mean": 67.41664123535156,
  "summary_bg_median": 27.071428298950195,
  "summary_bg_n": 78706.0,
  "summary_bg_p05": 9.637873649597168,
  "summary_bg_p95": 293.87955474853516,
  "summary_bg_stdv": 97.24716186523438,
  "summary_fg_k": 2.7489646868761755,
  "summary_fg_mad": 122.40580732078169,
  "summary_fg_mean": 887.8171997070312,
  "summary_fg_median": 879.6212158203125,
  "summary_fg_n": 34705.0,
  "summary_fg_p05": 702.0763793945313,
  "summary_fg_p95": 1099.82392578125,
  "summary_fg_stdv": 132.81163024902344,
  "tsnr": 37.59957577683963
}