{
  "aor": 0.008156345514950166,
  "aqi": 0.022041545448504982,
  "bids_meta": {
    "AccelFactPE": 2,
    "AcquisitionNumber": 1,
    "AcquisitionTime": "11:22:34.050000",
    "BandwidthPerPixelPhaseEncode": 47.348,
    "BodyPartExamined": "BRAIN",
    "ConversionSoftware": "dcm2niix",
    "ConversionSoftwareVersion": "v1.0.20170724 (OpenJPEG build) GCC6.1.0",
    "DeviceSerialNumber": "45031",
    "EchoTime": 0.03,
    "EchoTrainLength": 31,
    "EffectiveEchoSpacing": 0.000330003,
    "FlipAngle": 71,
    "ImageType": [
      "ORIGINAL",
      "PRIMARY",
      "M",
      "ND",
      "NORM",
      "MOSAIC"
    ],
    "InstitutionAddress": "Washington_and_Faculty_Rd._-_Building_25_25_Princeton_NJ_US_085",
    "InstitutionName": "Princeton_University_-_Neuroscience_Institute",
    "MagneticFieldStrength": 3,
    "Manufacturer": "Siemens",
    "ManufacturersModelName": "Skyra",
    "PhaseEncodingDirection": "j-",
    "PhaseEncodingLines": 64,
    "ProcedureStepDescription": "NormanLab_Jarrod",
    "ProtocolName": "epi_301_3x3x3_2s",
    "RepetitionTime": 2,
    "ScanningSequence": "EP",
    "SequenceName": "_epfid2d1_64",
    "SequenceVariant": "SK",
    "SeriesDescription": "epi_301_3x3x3_2s",
    "SliceTiming": [
      1,
      0,
      1.055,
      0.0575,
      1.1125,
      0.1125,
      1.1675,
      0.1675,
      1.2225,
      0.2225,
      1.2775,
      0.2775,
      1.335,
      0.335,
      1.39,
      0.39,
      1.445,
      0.445,
      1.5,
      0.5,
      1.555,
      0.5575,
      1.6125,
      0.6125,
      1.6675,
      0.6675,
      1.7225,
      0.7225,
      1.7775,
      0.7775,
      1.8325,
      0.835,
      1.89,
      0.89,
      1.945,
      0.945
    ],
    "SoftwareVersions": "syngo_MR_D11",
    "TaskName": "Working Memory",
    "TotalReadoutTime": 0.0201302,
    "TrueEchoSpacing": 0.000660007,
    "dataset": "ds001229",
    "modality": "bold",
    "run_id": 1,
    "subject_id": "11",
    "task_id": "wm"
  },
  "dummy_trs": 0,
  "dvars_nstd": 27.34698567053334,
  "dvars_std": 1.0698305252999998,
  "dvars_vstd": 0.9731359059333329,
  "efc": 0.5951018092100324,
  "fber": 1029.5899658203125,
  "fd_mean": 0.14671631338548058,
  "fd_num": 22,
  "fd_perc": 7.308970099667774,
  "fwhm_avg": 1.7621144444444443,
  "fwhm_x": 1.6190133333333332,
  "fwhm_y": 1.9243533333333334,
  "fwhm_z": 1.7429766666666666,
  "gcor": 0.0352386,
  "gsr_x": 0.01614588312804699,
  "gsr_y": 0.03783006593585014,
  "provenance": {
    "md5sum": "a80c3aa5c544e0bbf29d5a0df605432c",
    "settings": {
      "fd_thres": 0.2,
      "testing": false
    },
    "software": "mriqc",
    "version": "22.0.6",
    "webapi_port": null,
    "webapi_url": "https://mriqc.nimh.nih.gov/api/v1"
  },
  "size_t": 301,
  "size_x": 64,
  "size_y": 64,
  "size_z": 36,
  "snr": 6.636279000917634,
  "spacing_tr": 2.0,
  "spacing_x": 3.0,
  "spacing_y": 3.0,
  "spacing_z": 3.0,
  "summary_bg_k": 9.274188725340313,
  "summary_bg_mad": 20.081626591305422,
  "summary_bg_mean": 66.2203369140625,
  "summary_bg_median": 26.265779495239258,
  "summary_bg_n": 78938.0,
  "summary_bg_p05": 10.348836898803711,
  "summary_bg_p95": 296.3901947021484,
  "summary_bg_stdv": 97.1474609375,
  "summary_fg_k": 2.7630535164479326,
  "summary_fg_mad": 122.14718444843739,
  "summary_fg_mean": 888.5459594726562,
  "summary_fg_median": 880.093017578125,
  "summary_fg_n": 34608.0,
  "summary_fg_p05": 702.2950073242188,
  "summary_fg_p95": 1099.6627746582033,
  "summary_fg_stdv": 132.6165313720703,
  "tsnr": 41.39539807057008
}