{
  "aor": 0.014543488372093022,
  "aqi": 0.044479285714285714,
  "bids_meta": {
    "AccelFactPE": 2,
    "AcquisitionNumber": 1,
    "AcquisitionTime": "10:10:4.977500",
    "BandwidthPerPixelPhaseEncode": 47.348,
    "BodyPartExamined": "BRAIN",
    "ConversionSoftware": "dcm2niix",
    "ConversionSoftwareVersion": "v1.0.20170724 (OpenJPEG build) GCC6.1.0",
    "DeviceSerialNumber": "45031",
    "EchoTime": 0.03,
    "EchoTrainLength": 31,
    "EffectiveEchoSpacing": 0.000330003,
    "FlipAngle": 71,
    "ImageType": [
      "ORIGINAL",
      "PRIMARY",
      "M",
      "ND",
      "NORM",
      "MOSAIC"
    ],
    "InstitutionAddress": "Washington_and_Faculty_Rd._-_Building_25_25_Princeton_NJ_US_085",
    "InstitutionName": "Princeton_University_-_Neuroscience_Institute",
    "MagneticFieldStrength": 3,
    "Manufacturer": "Siemens",
    "ManufacturersModelName": "Skyra",
    "PhaseEncodingDirection": "j-",
    "PhaseEncodingLines": 64,
    "ProcedureStepDescription": "NormanLab_Jarrod",
    "ProtocolName": "epi_301_3x3x3_2s",
    "RepetitionTime": 2,
    "ScanningSequence": "EP",
    "SequenceName": "_epfid2d1_64",
    "SequenceVariant": "SK",
    "SeriesDescription": "epi_301_3x3x3_2s",
    "SliceTiming": [
      1,
      0,
      1.055,
      0.055,
      1.11,
      0.11,
      1.165,
      0.165,
      1.22,
      0.2225,
      1.2775,
      0.2775,
      1.3325,
      0.3325,
      1.3875,
      0.3875,
      1.4425,
      0.4425,
      1.5,
      0.5,
      1.555,
      0.555,
      1.61,
      0.61,
      1.665,
      0.665,
      1.72,
      0.72,
      1.7775,
      0.7775,
      1.8325,
      0.8325,
      1.8875,
      0.8875,
      1.9425,
      0.9425
    ],
    "SoftwareVersions": "syngo_MR_D11",
    "TaskName": "Episodic Memory",
    "TotalReadoutTime": 0.0201302,
    "TrueEchoSpacing": 0.000660007,
    "dataset": "ds001229",
    "modality": "bold",
    "run_id": 2,
    "subject_id": "07",
    "task_id": "em"
  },
  "dummy_trs": 0,
  "dvars_nstd": 34.01003864289999,
  "dvars_std": 0.9284380234333336,
  "dvars_vstd": 0.9474486685000001,
  "efc": 0.5952318368087676,
  "fber": 1315.8968505859375,
  "fd_mean": 0.42572765495176346,
  "fd_num": 84,
  "fd_perc": 27.906976744186046,
  "fwhm_avg": 1.7774624008251474,
  "fwhm_x": 1.644663464039442,
  "fwhm_y": 1.9886,
  "fwhm_z": 1.6991237384360007,
  "gcor": 0.0704849,
  "gsr_x": -0.003074279986321926,
  "gsr_y": 0.05922829359769821,
  "provenance": {
    "md5sum": "f942929fe88ec3cb89ee994eeff6052c",
    "settings": {
      "fd_thres": 0.2,
      "testing": false
    },
    "software": "mriqc",
    "version": "22.0.6",
    "webapi_port": null,
    "webapi_url": "https://mriqc.nimh.nih.gov/api/v1"
  },
  "size_t": 301,
  "size_x": 64,
  "size_y": 64,
  "size_z": 36,
  "snr": 6.773381816548189,
  "spacing_tr": 2.0,
  "spacing_x": 2.999999761581421,
  "spacing_y": 3.0,
  "spacing_z": 2.9999992847442627,
  "summary_bg_k": 16.97967054120168,
  "summary_bg_mad": 13.244906528352177,
  "summary_bg_mean": 48.19181442260742,
  "summary_bg_median": 20.112957000732422,
  "summary_bg_n": 76043.0,
  "summary_bg_p05": 9.265780448913574,
  "summary_bg_p95": 199.33853607177656,
  "summary_bg_stdv": 79.99310302734375,
  "summary_fg_k": 3.3876104433300114,
  "summary_fg_mad": 98.62019478804146,
  "summary_fg_mean": 765.2321166992188,
  "summary_fg_median": 752.23583984375,
  "summary_fg_n": 37561.0,
  "summary_fg_p05": 622.52490234375,
  "summary_fg_p95": 949.18603515625,
  "summary_fg_stdv": 111.05616760253906,
  "tsnr": 30.676079036900774
}