{
  "aor": 0.03188126245847177,
  "aqi": 0.03288313056478405,
  "bids_meta": {
    "AccelFactPE": 2,
    "AcquisitionNumber": 1,
    "AcquisitionTime": "09:48:59.367500",
    "BandwidthPerPixelPhaseEncode": 47.348,
    "BodyPartExamined": "BRAIN",
    "ConversionSoftware": "dcm2niix",
    "ConversionSoftwareVersion": "v1.0.20170724 (OpenJPEG build) GCC6.1.0",
    "DeviceSerialNumber": "45031",
    "EchoTime": 0.03,
    "EchoTrainLength": 31,
    "EffectiveEchoSpacing": 0.000330003,
    "FlipAngle": 71,
    "ImageType": [
      "ORIGINAL",
      "PRIMARY",
      "M",
      "ND",
      "NORM",
      "MOSAIC"
    ],
    "InstitutionAddress": "Washington_and_Faculty_Rd._-_Building_25_25_Princeton_NJ_US_085",
    "InstitutionName": "Princeton_University_-_Neuroscience_Institute",
    "MagneticFieldStrength": 3,
    "Manufacturer": "Siemens",
    "ManufacturersModelName": "Skyra",
    "PhaseEncodingDirection": "j-",
    "PhaseEncodingLines": 64,
    "ProcedureStepDescription": "NormanLab_Jarrod",
    "ProtocolName": "epi_301_3x3x3_2s",
    "RepetitionTime": 2,
    "ScanningSequence": "EP",
    "SequenceName": "_epfid2d1_64",
    "SequenceVariant": "SK",
    "SeriesDescription": "epi_301_3x3x3_2s",
    "SliceTiming": [
      1,
      0,
      1.055,
      0.055,
      1.11,
      0.11,
      1.165,
      0.1675,
      1.2225,
      0.2225,
      1.2775,
      0.2775,
      1.3325,
      0.3325,
      1.3875,
      0.3875,
      1.445,
      0.445,
      1.5,
      0.5,
      1.555,
      0.555,
      1.61,
      0.61,
      1.665,
      0.665,
      1.7225,
      0.7225,
      1.7775,
      0.7775,
      1.8325,
      0.8325,
      1.8875,
      0.8875,
      1.9425,
      0.945
    ],
    "SoftwareVersions": "syngo_MR_D11",
    "TaskName": "Episodic Memory",
    "TotalReadoutTime": 0.0201302,
    "TrueEchoSpacing": 0.000660007,
    "dataset": "ds001229",
    "modality": "bold",
    "run_id": 1,
    "subject_id": "07",
    "task_id": "em"
  },
  "dummy_trs": 0,
  "dvars_nstd": 29.66437270459998,
  "dvars_std": 1.2347453484333337,
  "dvars_vstd": 1.3487884097000002,
  "efc": 0.6018586501070008,
  "fber": 1220.5699462890625,
  "fd_mean": 0.2536092717438722,
  "fd_num": 65,
  "fd_perc": 21.59468438538206,
  "fwhm_avg": 1.7496857339816099,
  "fwhm_x": 1.6000767938293452,
  "fwhm_y": 1.93722,
  "fwhm_z": 1.7117604081154842,
  "gcor": 0.0440619,
  "gsr_x": -0.007868152111768723,
  "gsr_y": 0.055578093975782394,
  "provenance": {
    "md5sum": "a0656442341a0e9fe39b6daf4b68efc0",
    "settings": {
      "fd_thres": 0.2,
      "testing": false
    },
    "software": "mriqc",
    "version": "22.0.6",
    "webapi_port": null,
    "webapi_url": "https://mriqc.nimh.nih.gov/api/v1"
  },
  "size_t": 301,
  "size_x": 64,
  "size_y": 64,
  "size_z": 36,
  "snr": 6.73599715969423,
  "spacing_tr": 2.0,
  "spacing_x": 2.999999761581421,
  "spacing_y": 3.0,
  "spacing_z": 2.9999992847442627,
  "summary_bg_k": 15.168409388662166,
  "summary_bg_mad": 13.121769679323174,
  "summary_bg_mean": 49.62816619873047,
  "summary_bg_median": 20.70431900024414,
  "summary_bg_n": 75373.0,
  "summary_bg_p05": 9.707640647888184,
  "summary_bg_p95": 218.99932861328122,
  "summary_bg_stdv": 81.99298858642578,
  "summary_fg_k": 3.199483535498315,
  "summary_fg_mad": 100.82925761507752,
  "summary_fg_mean": 762.735595703125,
  "summary_fg_median": 750.5315551757812,
  "summary_fg_n": 38308.0,
  "summary_fg_p05": 618.3270477294922,
  "summary_fg_p95": 946.3122680664063,
  "summary_fg_stdv": 111.41954803466797,
  "tsnr": 35.20935282460414
}