{
  "aor": 0.012833621262458472,
  "aqi": 0.03983773289036545,
  "bids_meta": {
    "AccelFactPE": 2,
    "AcquisitionNumber": 1,
    "AcquisitionTime": "10:32:19.030000",
    "BandwidthPerPixelPhaseEncode": 47.348,
    "BodyPartExamined": "BRAIN",
    "ConversionSoftware": "dcm2niix",
    "ConversionSoftwareVersion": "v1.0.20170724 (OpenJPEG build) GCC6.1.0",
    "DeviceSerialNumber": "45031",
    "EchoTime": 0.03,
    "EchoTrainLength": 31,
    "EffectiveEchoSpacing": 0.000330003,
    "FlipAngle": 71,
    "ImageType": [
      "ORIGINAL",
      "PRIMARY",
      "M",
      "ND",
      "NORM",
      "MOSAIC"
    ],
    "InstitutionAddress": "Washington_and_Faculty_Rd._-_Building_25_25_Princeton_NJ_US_085",
    "InstitutionName": "Princeton_University_-_Neuroscience_Institute",
    "MagneticFieldStrength": 3,
    "Manufacturer": "Siemens",
    "ManufacturersModelName": "Skyra",
    "PhaseEncodingDirection": "j-",
    "PhaseEncodingLines": 64,
    "ProcedureStepDescription": "NormanLab_Jarrod",
    "ProtocolName": "epi_301_3x3x3_2s",
    "RepetitionTime": 2,
    "ScanningSequence": "EP",
    "SequenceName": "_epfid2d1_64",
    "SequenceVariant": "SK",
    "SeriesDescription": "epi_301_3x3x3_2s",
    "SliceTiming": [
      1,
      0,
      1.055,
      0.055,
      1.11,
      0.11,
      1.165,
      0.165,
      1.22,
      0.2225,
      1.2775,
      0.2775,
      1.3325,
      0.3325,
      1.3875,
      0.3875,
      1.4425,
      0.4425,
      1.5,
      0.5,
      1.555,
      0.555,
      1.61,
      0.61,
      1.665,
      0.665,
      1.72,
      0.7225,
      1.7775,
      0.7775,
      1.8325,
      0.8325,
      1.8875,
      0.8875,
      1.9425,
      0.9425
    ],
    "SoftwareVersions": "syngo_MR_D11",
    "TaskName": "Episodic Memory",
    "TotalReadoutTime": 0.0201302,
    "TrueEchoSpacing": 0.000660007,
    "dataset": "ds001229",
    "modality": "bold",
    "run_id": 3,
    "subject_id": "07",
    "task_id": "em"
  },
  "dummy_trs": 0,
  "dvars_nstd": 37.032954820266674,
  "dvars_std": 0.9867516788666669,
  "dvars_vstd": 0.9736562171333331,
  "efc": 0.5804671869459805,
  "fber": 1579.9532470703125,
  "fd_mean": 0.537672639317258,
  "fd_num": 119,
  "fd_perc": 39.53488372093023,
  "fwhm_avg": 1.772404624737758,
  "fwhm_x": 1.6222434622576603,
  "fwhm_y": 1.9671033333333332,
  "fwhm_z": 1.7278670786222805,
  "gcor": 0.0623693,
  "gsr_x": 0.007875100709497929,
  "gsr_y": 0.06009542569518089,
  "provenance": {
    "md5sum": "6832a78e71dbe290c74ce4fc649ebc76",
    "settings": {
      "fd_thres": 0.2,
      "testing": false
    },
    "software": "mriqc",
    "version": "22.0.6",
    "webapi_port": null,
    "webapi_url": "https://mriqc.nimh.nih.gov/api/v1"
  },
  "size_t": 301,
  "size_x": 64,
  "size_y": 64,
  "size_z": 36,
  "snr": 6.696098099751489,
  "spacing_tr": 2.0,
  "spacing_x": 2.999999761581421,
  "spacing_y": 3.0,
  "spacing_z": 2.9999992847442627,
  "summary_bg_k": 20.9638495799639,
  "summary_bg_mad": 11.708122908581302,
  "summary_bg_mean": 44.03632354736328,
  "summary_bg_median": 18.67441749572754,
  "summary_bg_n": 78627.0,
  "summary_bg_p05": 8.730896949768066,
  "summary_bg_p95": 163.2840438842771,
  "summary_bg_stdv": 75.29686737060547,
  "summary_fg_k": 3.218905845227832,
  "summary_fg_mad": 99.32946213353992,
  "summary_fg_mean": 768.5364990234375,
  "summary_fg_median": 753.6411743164062,
  "summary_fg_n": 36113.0,
  "summary_fg_p05": 624.306298828125,
  "summary_fg_p95": 956.5109497070314,
  "summary_fg_stdv": 112.54774475097656,
  "tsnr": 30.6713638707879
}