{
  "bids_meta": {
    "AcquisitionNumber": 1,
    "AcquisitionTime": "11:35:50.037500",
    "BodyPartExamined": "HEAD",
    "ConversionSoftware": "dcm2niix",
    "ConversionSoftwareVersion": "v1.0.20170724 (OpenJPEG build) GCC6.1.0",
    "DeviceSerialNumber": "45031",
    "EchoTime": 0.00311,
    "FlipAngle": 9,
    "ImageType": [
      "ORIGINAL",
      "PRIMARY",
      "M",
      "ND",
      "NORM"
    ],
    "InstitutionAddress": "Washington_and_Faculty_Rd._-_Building_25_25_Princeton_NJ_US_085",
    "InstitutionName": "Princeton_University_-_Neuroscience_Institute",
    "InversionTime": 0.9,
    "MagneticFieldStrength": 3,
    "Manufacturer": "Siemens",
    "ManufacturersModelName": "Skyra",
    "PhaseEncodingDirection": "i-",
    "PhaseEncodingLines": 224,
    "ProcedureStepDescription": "NormanLab_Jarrod",
    "ProtocolName": "long_mprage",
    "RepetitionTime": 2.3,
    "ScanningSequence": "GR_IR",
    "SequenceName": "_tfl3d1_ns",
    "SequenceVariant": "SP_MP",
    "SeriesDescription": "long_mprage",
    "SoftwareVersions": "syngo_MR_D11",
    "dataset": "ds001229",
    "modality": "T1w",
    "subject_id": "01"
  },
  "cjv": 0.4452825386033517,
  "cnr": 2.920710776030503,
  "efc": 0.6642993359328583,
  "fber": 10878.393871180106,
  "fwhm_avg": 3.9543345110535846,
  "fwhm_x": 3.9275853513425734,
  "fwhm_y": 4.137053090909091,
  "fwhm_z": 3.798365090909091,
  "icvs_csf": 0.19906015529555487,
  "icvs_gm": 0.4155649005309623,
  "icvs_wm": 0.38537494417348284,
  "inu_med": 0.5986662805080414,
  "inu_range": 0.32351515889167787,
  "provenance": {
    "md5sum": "b1e771893670b3d0f5e56ffb87ea41c2",
    "settings": {
      "testing": false
    },
    "software": "mriqc",
    "version": "22.0.6",
    "warnings": {
      "large_rot_frame": true,
      "small_air_mask": false
    },
    "webapi_port": null,
    "webapi_url": "https://mriqc.nimh.nih.gov/api/v1"
  },
  "qi_1": 0.00018906107831697893,
  "qi_2": 0.0022989170421062535,
  "rpve_csf": 14.050871368593562,
  "rpve_gm": 6.899735739453385,
  "rpve_wm": 8.489007716708118,
  "size_x": 176,
  "size_y": 224,
  "size_z": 256,
  "snr_csf": 2.3718473264862663,
  "snr_gm": 10.725223856522343,
  "snr_total": 10.232717596395636,
  "snr_wm": 17.601081606178298,
  "snrd_csf": 24.991928498584453,
  "snrd_gm": 68.40465779574066,
  "snrd_total": 62.51789731425627,
  "snrd_wm": 94.15710564844369,
  "spacing_x": 0.900000810623169,
  "spacing_y": 0.859375,
  "spacing_z": 0.859375,
  "summary_bg_k": 861.8798873724343,
  "summary_bg_mad": 6.958129405932907,
  "summary_bg_mean": 10.20331875664954,
  "summary_bg_median": 4.693186964839697,
  "summary_bg_n": 2793102.0,
  "summary_bg_p05": 0.0,
  "summary_bg_p95": 37.13045197352767,
  "summary_bg_stdv": 30.871211342915654,
  "summary_csf_k": 1.8625413123591334,
  "summary_csf_mad": 97.08247218754009,
  "summary_csf_mean": 275.20435272071035,
  "summary_csf_median": 265.4364382699132,
  "summary_csf_n": 70503.0,
  "summary_csf_p05": 110.11429824307561,
  "summary_csf_p95": 478.41453979201594,
  "summary_csf_stdv": 111.91047284170473,
  "summary_gm_k": 0.15523824494016658,
  "summary_gm_mad": 66.12589646318551,
  "summary_gm_mean": 725.4810560277041,
  "summary_gm_median": 726.5181127339602,
  "summary_gm_n": 44020.0,
  "summary_gm_p05": 611.8064068518579,
  "summary_gm_p95": 835.5788383930922,
  "summary_gm_stdv": 67.7384332736894,
  "summary_wm_k": 0.31918616793126686,
  "summary_wm_mad": 55.66503524746326,
  "summary_wm_mean": 1001.2893104008616,
  "summary_wm_median": 1000.0319408141077,
  "summary_wm_n": 391569.0,
  "summary_wm_p05": 910.1270803175867,
  "summary_wm_p95": 1095.779340185225,
  "summary_wm_stdv": 56.816432434886245,
  "tpm_overlap_csf": 0.16999806388009556,
  "tpm_overlap_gm": 0.44854366722533034,
  "tpm_overlap_wm": 0.5059070660878934,
  "wm2max": 0.5388903225806452
}