{
  "bids_meta": {
    "AcquisitionNumber": 1,
    "AcquisitionTime": "16:21:33.145000",
    "BodyPartExamined": "BRAIN",
    "ConversionSoftware": "dcm2niix",
    "ConversionSoftwareVersion": "v1.0.20170724 (OpenJPEG build) GCC6.1.0",
    "DeviceSerialNumber": "45031",
    "EchoTime": 0.00308,
    "FlipAngle": 9,
    "ImageType": [
      "ORIGINAL",
      "PRIMARY",
      "M",
      "ND",
      "NORM"
    ],
    "InstitutionAddress": "Washington_and_Faculty_Rd._-_Building_25_25_Princeton_NJ_US_085",
    "InstitutionName": "Princeton_University_-_Neuroscience_Institute",
    "InversionTime": 0.9,
    "MagneticFieldStrength": 3,
    "Manufacturer": "Siemens",
    "ManufacturersModelName": "Skyra",
    "PhaseEncodingDirection": "i-",
    "PhaseEncodingLines": 256,
    "ProcedureStepDescription": "NormanLab_Jarrod",
    "ProtocolName": "long_mprage_.9x.9x.9",
    "RepetitionTime": 2.3,
    "ScanningSequence": "GR_IR",
    "SequenceName": "_tfl3d1_16ns",
    "SequenceVariant": "SK_SP_MP",
    "SeriesDescription": "long_mprage_.9x.9x.9",
    "SoftwareVersions": "syngo_MR_D11",
    "dataset": "ds001229",
    "modality": "T1w",
    "subject_id": "14"
  },
  "cjv": 0.3605964022801487,
  "cnr": 3.6601200724239638,
  "efc": 0.5595558442392695,
  "fber": 7426.038949751019,
  "fwhm_avg": 3.679177467545396,
  "fwhm_x": 3.718143311727098,
  "fwhm_y": 3.8385687272727274,
  "fwhm_z": 3.4808203636363637,
  "icvs_csf": 0.233940327780732,
  "icvs_gm": 0.4345601033336244,
  "icvs_wm": 0.33149956888564364,
  "inu_med": 0.6778651475906372,
  "inu_range": 0.28128062188625336,
  "provenance": {
    "md5sum": "e3e476ea29e40f098493fe555147b3ee",
    "settings": {
      "testing": false
    },
    "software": "mriqc",
    "version": "22.0.6",
    "warnings": {
      "large_rot_frame": true,
      "small_air_mask": false
    },
    "webapi_port": null,
    "webapi_url": "https://mriqc.nimh.nih.gov/api/v1"
  },
  "qi_1": 7.0911041423191355e-06,
  "qi_2": 0.004078557269845488,
  "rpve_csf": 17.940506540367274,
  "rpve_gm": 9.839061213613277,
  "rpve_wm": 14.633243517046333,
  "size_x": 192,
  "size_y": 256,
  "size_z": 256,
  "snr_csf": 2.0955867093084746,
  "snr_gm": 10.176186048781778,
  "snr_total": 10.121258559700548,
  "snr_wm": 18.09200292101139,
  "snrd_csf": 12.683537844515731,
  "snrd_gm": 34.59364979801689,
  "snrd_total": 32.733927510591485,
  "snrd_wm": 50.92459488924184,
  "spacing_x": 0.900000274181366,
  "spacing_y": 0.859375,
  "spacing_z": 0.859375,
  "summary_bg_k": 9.232918199043377,
  "summary_bg_mad": 0.0,
  "summary_bg_mean": 7.9472887872105265,
  "summary_bg_median": 0.0,
  "summary_bg_n": 2716334.0,
  "summary_bg_p05": 0.0,
  "summary_bg_p95": 35.056909263134,
  "summary_bg_stdv": 12.865250715635254,
  "summary_csf_k": 1.8539025476064115,
  "summary_csf_mad": 108.6759439356234,
  "summary_csf_mean": 259.991067994719,
  "summary_csf_median": 249.07316145300865,
  "summary_csf_n": 58638.0,
  "summary_csf_p05": 81.49593192338943,
  "summary_csf_p95": 471.2194946408272,
  "summary_csf_stdv": 118.85503783603549,
  "summary_gm_k": 0.424123086405765,
  "summary_gm_mad": 63.04072612947098,
  "summary_gm_mean": 678.1206247980984,
  "summary_gm_median": 679.3333080261946,
  "summary_gm_n": 48812.0,
  "summary_gm_p05": 565.7560764849186,
  "summary_gm_p95": 785.9007837310432,
  "summary_gm_stdv": 66.75647890702358,
  "summary_wm_k": 0.5385544483044682,
  "summary_wm_mad": 52.60224260592951,
  "summary_wm_mean": 1001.5455664045048,
  "summary_wm_median": 1000.0324830710888,
  "summary_wm_n": 270262.0,
  "summary_wm_p05": 913.5934619009495,
  "summary_wm_p95": 1094.3397966310376,
  "summary_wm_stdv": 55.27473311378207,
  "tpm_overlap_csf": 0.13287430218449148,
  "tpm_overlap_gm": 0.44804449183793327,
  "tpm_overlap_wm": 0.4782869221244044,
  "wm2max": 0.5220439691027926
}