{
  "bids_meta": {
    "AcquisitionNumber": 1,
    "AcquisitionTime": "15:56:22.172500",
    "BodyPartExamined": "BRAIN",
    "ConversionSoftware": "dcm2niix",
    "ConversionSoftwareVersion": "v1.0.20170724 (OpenJPEG build) GCC6.1.0",
    "DeviceSerialNumber": "45031",
    "EchoTime": 0.00308,
    "FlipAngle": 9,
    "ImageType": [
      "ORIGINAL",
      "PRIMARY",
      "M",
      "ND",
      "NORM"
    ],
    "InstitutionAddress": "Washington_and_Faculty_Rd._-_Building_25_25_Princeton_NJ_US_085",
    "InstitutionName": "Princeton_University_-_Neuroscience_Institute",
    "InversionTime": 0.9,
    "MagneticFieldStrength": 3,
    "Manufacturer": "Siemens",
    "ManufacturersModelName": "Skyra",
    "PhaseEncodingDirection": "i-",
    "PhaseEncodingLines": 256,
    "ProcedureStepDescription": "NormanLab_Jarrod",
    "ProtocolName": "long_mprage_.9x.9x.9",
    "RepetitionTime": 2.3,
    "ScanningSequence": "GR_IR",
    "SequenceName": "_tfl3d1_16ns",
    "SequenceVariant": "SK_SP_MP",
    "SeriesDescription": "long_mprage_.9x.9x.9",
    "SoftwareVersions": "syngo_MR_D11",
    "dataset": "ds001229",
    "modality": "T1w",
    "subject_id": "02"
  },
  "cjv": 0.34615886849350236,
  "cnr": 3.8147944142688246,
  "efc": 0.5324880615161068,
  "fber": 7382.502031965029,
  "fwhm_avg": 3.6277147668973964,
  "fwhm_x": 3.6533435734194604,
  "fwhm_y": 3.7756974545454547,
  "fwhm_z": 3.454103272727273,
  "icvs_csf": 0.18740936970915262,
  "icvs_gm": 0.47095771878096465,
  "icvs_wm": 0.34163291150988273,
  "inu_med": 0.6158087253570557,
  "inu_range": 0.2553095161914825,
  "provenance": {
    "md5sum": "56ce11557f6bef954ac46f14128442ca",
    "settings": {
      "testing": false
    },
    "software": "mriqc",
    "version": "22.0.6",
    "warnings": {
      "large_rot_frame": true,
      "small_air_mask": false
    },
    "webapi_port": null,
    "webapi_url": "https://mriqc.nimh.nih.gov/api/v1"
  },
  "qi_1": 0.0,
  "qi_2": 0.004609235361542862,
  "rpve_csf": 21.399064043886018,
  "rpve_gm": 9.463708832672983,
  "rpve_wm": 14.404960022715546,
  "size_x": 192,
  "size_y": 256,
  "size_z": 256,
  "snr_csf": 1.8677298558407782,
  "snr_gm": 10.004798142279316,
  "snr_total": 10.196969738412578,
  "snr_wm": 18.718381217117642,
  "snrd_csf": 12.66077927623034,
  "snrd_gm": 36.30711127813294,
  "snrd_total": 34.38662968750364,
  "snrd_wm": 54.19199850814765,
  "spacing_x": 0.9000002145767212,
  "spacing_y": 0.859375,
  "spacing_z": 0.859375,
  "summary_bg_k": 6.808236758940833,
  "summary_bg_mad": 0.0,
  "summary_bg_mean": 7.588498740835063,
  "summary_bg_median": 0.0,
  "summary_bg_n": 3036884.0,
  "summary_bg_p05": 0.0,
  "summary_bg_p95": 32.88940768688917,
  "summary_bg_stdv": 12.089172292834201,
  "summary_csf_k": 1.0343980384527933,
  "summary_csf_mad": 122.745494570343,
  "summary_csf_mean": 247.30898332122433,
  "summary_csf_median": 233.62820632755756,
  "summary_csf_n": 31128.0,
  "summary_csf_p05": 70.7478702198714,
  "summary_csf_p95": 472.86219347268343,
  "summary_csf_stdv": 125.08471332991573,
  "summary_gm_k": 0.19803165829408576,
  "summary_gm_mad": 64.03903885020243,
  "summary_gm_mean": 670.070011396868,
  "summary_gm_median": 669.9718160927296,
  "summary_gm_n": 64923.0,
  "summary_gm_p05": 558.5042668879032,
  "summary_gm_p95": 780.7848174795505,
  "summary_gm_stdv": 66.96453509641358,
  "summary_wm_k": 0.7165073442333774,
  "summary_wm_mad": 50.20314748571759,
  "summary_wm_mean": 1000.5722650744858,
  "summary_wm_median": 1000.0000104680657,
  "summary_wm_n": 268252.0,
  "summary_wm_p05": 914.3903404101729,
  "summary_wm_p95": 1088.850016258657,
  "summary_wm_stdv": 53.42332410843446,
  "tpm_overlap_csf": 0.14096719162363874,
  "tpm_overlap_gm": 0.4569316934521625,
  "tpm_overlap_wm": 0.4846329975488898,
  "wm2max": 0.5332488318561444
}