{
  "bids_meta": {
    "AcquisitionNumber": 1,
    "AcquisitionTime": "09:34:0.145000",
    "BodyPartExamined": "BRAIN",
    "ConversionSoftware": "dcm2niix",
    "ConversionSoftwareVersion": "v1.0.20170724 (OpenJPEG build) GCC6.1.0",
    "DeviceSerialNumber": "45031",
    "EchoTime": 0.00308,
    "FlipAngle": 9,
    "ImageType": [
      "ORIGINAL",
      "PRIMARY",
      "M",
      "ND",
      "NORM"
    ],
    "InstitutionAddress": "Washington_and_Faculty_Rd._-_Building_25_25_Princeton_NJ_US_085",
    "InstitutionName": "Princeton_University_-_Neuroscience_Institute",
    "InversionTime": 0.9,
    "MagneticFieldStrength": 3,
    "Manufacturer": "Siemens",
    "ManufacturersModelName": "Skyra",
    "PhaseEncodingDirection": "i-",
    "PhaseEncodingLines": 256,
    "ProcedureStepDescription": "NormanLab_Jarrod",
    "ProtocolName": "long_mprage_.9x.9x.9",
    "RepetitionTime": 2.3,
    "ScanningSequence": "GR_IR",
    "SequenceName": "_tfl3d1_16ns",
    "SequenceVariant": "SK_SP_MP",
    "SeriesDescription": "long_mprage_.9x.9x.9",
    "SoftwareVersions": "syngo_MR_D11",
    "dataset": "ds001229",
    "modality": "T1w",
    "subject_id": "07"
  },
  "cjv": 0.3828298216655343,
  "cnr": 3.532060045650028,
  "efc": 0.6018927083251913,
  "fber": 5087.506772465781,
  "fwhm_avg": 3.804013878706909,
  "fwhm_x": 3.801347817938908,
  "fwhm_y": 4.040727272727273,
  "fwhm_z": 3.5699665454545455,
  "icvs_csf": 0.16926352157381747,
  "icvs_gm": 0.450347998636101,
  "icvs_wm": 0.38038847979008156,
  "inu_med": 0.5399975776672363,
  "inu_range": 0.21999887824058523,
  "provenance": {
    "md5sum": "9c520f08bba0501d9170e7f1eb38a97e",
    "settings": {
      "testing": false
    },
    "software": "mriqc",
    "version": "22.0.6",
    "warnings": {
      "large_rot_frame": true,
      "small_air_mask": false
    },
    "webapi_port": null,
    "webapi_url": "https://mriqc.nimh.nih.gov/api/v1"
  },
  "qi_1": 0.0,
  "qi_2": 0.0032347967491919,
  "rpve_csf": 21.77375420382077,
  "rpve_gm": 8.96982410446127,
  "rpve_wm": 11.884449879102164,
  "size_x": 192,
  "size_y": 256,
  "size_z": 256,
  "snr_csf": 1.6946585162545278,
  "snr_gm": 9.249396492382072,
  "snr_total": 9.985517338912048,
  "snr_wm": 19.012497008099544,
  "snrd_csf": 22.107135891570373,
  "snrd_gm": 65.82234005670037,
  "snrd_total": 61.666042550454506,
  "snrd_wm": 97.06865170309278,
  "spacing_x": 0.89999920129776,
  "spacing_y": 0.859375,
  "spacing_z": 0.859375,
  "summary_bg_k": 98.76282355423184,
  "summary_bg_mad": 6.74929721171391,
  "summary_bg_mean": 8.788393370472674,
  "summary_bg_median": 4.552331790328026,
  "summary_bg_n": 2685955.0,
  "summary_bg_p05": 0.0,
  "summary_bg_p95": 33.39269260317087,
  "summary_bg_stdv": 12.832496841042861,
  "summary_csf_k": 0.37264229924139824,
  "summary_csf_mad": 137.05043514609656,
  "summary_csf_mean": 238.61379322393913,
  "summary_csf_median": 227.75048162788153,
  "summary_csf_n": 37499.0,
  "summary_csf_p05": 43.27125258818269,
  "summary_csf_p95": 477.1968410000204,
  "summary_csf_stdv": 134.39134944833975,
  "summary_gm_k": 0.1894890695617759,
  "summary_gm_mad": 70.66911198147506,
  "summary_gm_mean": 679.0732966188464,
  "summary_gm_median": 678.1099878028035,
  "summary_gm_n": 87039.0,
  "summary_gm_p05": 559.8805755235255,
  "summary_gm_p95": 802.5493162125349,
  "summary_gm_stdv": 73.31355001512851,
  "summary_wm_k": 0.19287379555025375,
  "summary_wm_mad": 52.565114754760096,
  "summary_wm_mean": 999.6481034160481,
  "summary_wm_median": 1000.013402223587,
  "summary_wm_n": 369387.0,
  "summary_wm_p05": 913.224535562098,
  "summary_wm_p95": 1083.4817445203662,
  "summary_wm_stdv": 52.597617671397174,
  "tpm_overlap_csf": 0.13178523966203462,
  "tpm_overlap_gm": 0.44358322627091823,
  "tpm_overlap_wm": 0.4910545074878034,
  "wm2max": 0.5968069295063366
}