{
  "bids_meta": {
    "AcquisitionNumber": 1,
    "AcquisitionTime": "08:33:6.142500",
    "BodyPartExamined": "BRAIN",
    "ConversionSoftware": "dcm2niix",
    "ConversionSoftwareVersion": "v1.0.20170724 (OpenJPEG build) GCC6.1.0",
    "DeviceSerialNumber": "45031",
    "EchoTime": 0.00308,
    "FlipAngle": 9,
    "ImageType": [
      "ORIGINAL",
      "PRIMARY",
      "M",
      "ND",
      "NORM"
    ],
    "InstitutionAddress": "Washington_and_Faculty_Rd._-_Building_25_25_Princeton_NJ_US_085",
    "InstitutionName": "Princeton_University_-_Neuroscience_Institute",
    "InversionTime": 0.9,
    "MagneticFieldStrength": 3,
    "Manufacturer": "Siemens",
    "ManufacturersModelName": "Skyra",
    "PhaseEncodingDirection": "i-",
    "PhaseEncodingLines": 256,
    "ProcedureStepDescription": "NormanLab_Jarrod",
    "ProtocolName": "long_mprage_.9x.9x.9",
    "RepetitionTime": 2.3,
    "ScanningSequence": "GR_IR",
    "SequenceName": "_tfl3d1_16ns",
    "SequenceVariant": "SK_SP_MP",
    "SeriesDescription": "long_mprage_.9x.9x.9",
    "SoftwareVersions": "syngo_MR_D11",
    "dataset": "ds001229",
    "modality": "T1w",
    "subject_id": "20"
  },
  "cjv": 0.4193526873461747,
  "cnr": 3.1932141360984487,
  "efc": 0.5557375419395806,
  "fber": 2587.2006175835377,
  "fwhm_avg": 3.7140294170681103,
  "fwhm_x": 3.758396614840695,
  "fwhm_y": 3.7941061818181816,
  "fwhm_z": 3.5895854545454546,
  "icvs_csf": 0.18107701918993202,
  "icvs_gm": 0.43286679967089153,
  "icvs_wm": 0.38605618113917645,
  "inu_med": 0.6774316430091858,
  "inu_range": 0.2850995242595673,
  "provenance": {
    "md5sum": "d993609ad8bf994e41b53dcae6b6d17f",
    "settings": {
      "testing": false
    },
    "software": "mriqc",
    "version": "22.0.6",
    "warnings": {
      "large_rot_frame": true,
      "small_air_mask": false
    },
    "webapi_port": null,
    "webapi_url": "https://mriqc.nimh.nih.gov/api/v1"
  },
  "qi_1": 0.0,
  "qi_2": 0.0037008753534577927,
  "rpve_csf": 21.156563240154462,
  "rpve_gm": 9.64297198409081,
  "rpve_wm": 12.529239689685665,
  "size_x": 192,
  "size_y": 256,
  "size_z": 256,
  "snr_csf": 1.9636527740200862,
  "snr_gm": 9.163575532678378,
  "snr_total": 9.174365142191363,
  "snr_wm": 16.39586711987562,
  "snrd_csf": 10.64122579371135,
  "snrd_gm": 26.549891178338175,
  "snrd_total": 25.283797564469907,
  "snrd_wm": 38.6602757213602,
  "spacing_x": 0.900000810623169,
  "spacing_y": 0.859375,
  "spacing_z": 0.859375,
  "summary_bg_k": 9.865216503971794,
  "summary_bg_mad": 0.0,
  "summary_bg_mean": 10.472106250559678,
  "summary_bg_median": 0.0,
  "summary_bg_n": 2644824.0,
  "summary_bg_p05": 0.0,
  "summary_bg_p95": 45.13499817252159,
  "summary_bg_stdv": 16.94655942610612,
  "summary_csf_k": 4.336250163476188,
  "summary_csf_mad": 139.72563158265189,
  "summary_csf_mean": 288.34631265236925,
  "summary_csf_median": 275.25896176695824,
  "summary_csf_n": 32156.0,
  "summary_csf_p05": 82.38240919262171,
  "summary_csf_p95": 520.3260398805141,
  "summary_csf_stdv": 140.1748238382097,
  "summary_gm_k": 0.09932063865047347,
  "summary_gm_mad": 73.66436000195306,
  "summary_gm_mean": 686.4324000165429,
  "summary_gm_median": 686.7719586491585,
  "summary_gm_n": 45395.0,
  "summary_gm_p05": 561.2396082013845,
  "summary_gm_p95": 808.9998430907726,
  "summary_gm_stdv": 74.9450246530415,
  "summary_wm_k": 0.676758122124173,
  "summary_wm_mad": 57.70290947521408,
  "summary_wm_mean": 1002.7638428936986,
  "summary_wm_median": 1000.0339775681496,
  "summary_wm_n": 333979.0,
  "summary_wm_p05": 908.0659000277519,
  "summary_wm_p95": 1106.6734766364098,
  "summary_wm_stdv": 60.99296079338012,
  "tpm_overlap_csf": 0.1448568704505647,
  "tpm_overlap_gm": 0.4486243082572798,
  "tpm_overlap_wm": 0.4982627317284523,
  "wm2max": 0.5461909925433425
}