{
  "aor": 0.0004240531561461795,
  "aqi": 0.010172532392026578,
  "bids_meta": {
    "AccelFactPE": 2,
    "AcquisitionNumber": 1,
    "AcquisitionTime": "09:23:43.792500",
    "BandwidthPerPixelPhaseEncode": 47.348,
    "BodyPartExamined": "BRAIN",
    "ConversionSoftware": "dcm2niix",
    "ConversionSoftwareVersion": "v1.0.20170724 (OpenJPEG build) GCC6.1.0",
    "DeviceSerialNumber": "45031",
    "EchoTime": 0.03,
    "EchoTrainLength": 31,
    "EffectiveEchoSpacing": 0.000330003,
    "FlipAngle": 71,
    "ImageType": [
      "ORIGINAL",
      "PRIMARY",
      "M",
      "ND",
      "NORM",
      "MOSAIC"
    ],
    "InstitutionAddress": "Washington_and_Faculty_Rd._-_Building_25_25_Princeton_NJ_US_085",
    "InstitutionName": "Princeton_University_-_Neuroscience_Institute",
    "MagneticFieldStrength": 3,
    "Manufacturer": "Siemens",
    "ManufacturersModelName": "Skyra",
    "PhaseEncodingDirection": "j-",
    "PhaseEncodingLines": 64,
    "ProcedureStepDescription": "NormanLab_Jarrod",
    "ProtocolName": "epi_301_3x3x3_2s",
    "RepetitionTime": 2,
    "ScanningSequence": "EP",
    "SequenceName": "_epfid2d1_64",
    "SequenceVariant": "SK",
    "SeriesDescription": "epi_301_3x3x3_2s",
    "SliceTiming": [
      1,
      0,
      1.055,
      0.055,
      1.11,
      0.11,
      1.165,
      0.1675,
      1.2225,
      0.2225,
      1.2775,
      0.2775,
      1.3325,
      0.3325,
      1.3875,
      0.3875,
      1.445,
      0.445,
      1.5,
      0.5,
      1.555,
      0.555,
      1.61,
      0.61,
      1.665,
      0.665,
      1.7225,
      0.7225,
      1.7775,
      0.7775,
      1.8325,
      0.8325,
      1.8875,
      0.8875,
      1.9425,
      0.945
    ],
    "SoftwareVersions": "syngo_MR_D11",
    "TaskName": "Working Memory",
    "TotalReadoutTime": 0.0201302,
    "TrueEchoSpacing": 0.000660007,
    "dataset": "ds001229",
    "modality": "bold",
    "run_id": 2,
    "subject_id": "22",
    "task_id": "wm"
  },
  "dummy_trs": 0,
  "dvars_nstd": 27.137538363399997,
  "dvars_std": 1.105124250766666,
  "dvars_vstd": 0.9762922755333333,
  "efc": 0.596655355881691,
  "fber": 1346.921142578125,
  "fd_mean": 0.1994286908876416,
  "fd_num": 139,
  "fd_perc": 46.179401993355484,
  "fwhm_avg": 1.6434044444444442,
  "fwhm_x": 1.5282633333333333,
  "fwhm_y": 1.7660799999999999,
  "fwhm_z": 1.63587,
  "gcor": 0.0308717,
  "gsr_x": 0.011854646727442741,
  "gsr_y": 0.06183323636651039,
  "provenance": {
    "md5sum": "8a53ce5165db3b4c82b3f96963842941",
    "settings": {
      "fd_thres": 0.2,
      "testing": false
    },
    "software": "mriqc",
    "version": "22.0.6",
    "webapi_port": null,
    "webapi_url": "https://mriqc.nimh.nih.gov/api/v1"
  },
  "size_t": 301,
  "size_x": 64,
  "size_y": 64,
  "size_z": 36,
  "snr": 5.862614532681102,
  "spacing_tr": 2.0,
  "spacing_x": 3.0,
  "spacing_y": 3.0,
  "spacing_z": 3.0,
  "summary_bg_k": 35.705207295843664,
  "summary_bg_mad": 13.5552194755257,
  "summary_bg_mean": 47.723228454589844,
  "summary_bg_median": 21.099666595458984,
  "summary_bg_n": 75119.0,
  "summary_bg_p05": 9.973422050476074,
  "summary_bg_p95": 175.9494964599607,
  "summary_bg_stdv": 81.20658111572266,
  "summary_fg_k": 1.8624518301597117,
  "summary_fg_mad": 118.94068613840096,
  "summary_fg_mean": 802.8184204101562,
  "summary_fg_median": 783.2674560546875,
  "summary_fg_n": 39350.0,
  "summary_fg_p05": 630.0563079833985,
  "summary_fg_p95": 1047.4200561523432,
  "summary_fg_stdv": 133.60208129882812,
  "tsnr": 55.39949015364982
}