{
  "aor": 0.0003356000000000001,
  "aqi": 0.0061883764,
  "bids_meta": {
    "AccelFactPE": 2,
    "AcquisitionNumber": 1,
    "AcquisitionTime": "09:02:32.375000",
    "BandwidthPerPixelPhaseEncode": 47.348,
    "BodyPartExamined": "BRAIN",
    "ConversionSoftware": "dcm2niix",
    "ConversionSoftwareVersion": "v1.0.20170724 (OpenJPEG build) GCC6.1.0",
    "DeviceSerialNumber": "45031",
    "EchoTime": 0.03,
    "EchoTrainLength": 31,
    "EffectiveEchoSpacing": 0.000330003,
    "FlipAngle": 71,
    "ImageType": [
      "ORIGINAL",
      "PRIMARY",
      "M",
      "ND",
      "NORM",
      "MOSAIC"
    ],
    "InstitutionAddress": "Washington_and_Faculty_Rd._-_Building_25_25_Princeton_NJ_US_085",
    "InstitutionName": "Princeton_University_-_Neuroscience_Institute",
    "MagneticFieldStrength": 3,
    "Manufacturer": "Siemens",
    "ManufacturersModelName": "Skyra",
    "PhaseEncodingDirection": "j-",
    "PhaseEncodingLines": 64,
    "ProcedureStepDescription": "NormanLab_Jarrod",
    "ProtocolName": "epi_301_3x3x3_2s",
    "RepetitionTime": 2,
    "ScanningSequence": "EP",
    "SequenceName": "_epfid2d1_64",
    "SequenceVariant": "SK",
    "SeriesDescription": "epi_301_3x3x3_2s",
    "SliceTiming": [
      1,
      0,
      1.055,
      0.055,
      1.11,
      0.11,
      1.165,
      0.165,
      1.2225,
      0.2225,
      1.2775,
      0.2775,
      1.3325,
      0.3325,
      1.3875,
      0.3875,
      1.4425,
      0.445,
      1.5,
      0.5,
      1.555,
      0.555,
      1.61,
      0.61,
      1.665,
      0.665,
      1.7225,
      0.7225,
      1.7775,
      0.7775,
      1.8325,
      0.8325,
      1.8875,
      0.8875,
      1.9425,
      0.9425
    ],
    "SoftwareVersions": "syngo_MR_D11",
    "TaskName": "Working Memory",
    "TotalReadoutTime": 0.0201302,
    "TrueEchoSpacing": 0.000660007,
    "dataset": "ds001229",
    "modality": "bold",
    "run_id": 1,
    "subject_id": "22",
    "task_id": "wm"
  },
  "dummy_trs": 1,
  "dvars_nstd": 27.483369265785928,
  "dvars_std": 1.1502875087959865,
  "dvars_vstd": 0.9957490610367888,
  "efc": 0.5949961951744123,
  "fber": 1360.181884765625,
  "fd_mean": 0.16884715361346553,
  "fd_num": 58,
  "fd_perc": 19.333333333333332,
  "fwhm_avg": 1.6519133333333331,
  "fwhm_x": 1.5329966666666666,
  "fwhm_y": 1.7613366666666668,
  "fwhm_z": 1.6614066666666665,
  "gcor": 0.0420749,
  "gsr_x": 0.012470240704715252,
  "gsr_y": 0.06173286959528923,
  "provenance": {
    "md5sum": "94feb06477efbaeabf3870a22e962f4d",
    "settings": {
      "fd_thres": 0.2,
      "testing": false
    },
    "software": "mriqc",
    "version": "22.0.6",
    "webapi_port": null,
    "webapi_url": "https://mriqc.nimh.nih.gov/api/v1"
  },
  "size_t": 300,
  "size_x": 64,
  "size_y": 64,
  "size_z": 36,
  "snr": 5.82719725218188,
  "spacing_tr": 2.0,
  "spacing_x": 3.0,
  "spacing_y": 3.0,
  "spacing_z": 3.0,
  "summary_bg_k": 37.21160455193409,
  "summary_bg_mad": 12.819566975303555,
  "summary_bg_mean": 46.91459655761719,
  "summary_bg_median": 20.920000076293945,
  "summary_bg_n": 75253.0,
  "summary_bg_p05": 10.123333930969238,
  "summary_bg_p95": 170.03800048828114,
  "summary_bg_stdv": 82.04031372070312,
  "summary_fg_k": 1.8259586152957246,
  "summary_fg_mad": 120.6640392847834,
  "summary_fg_mean": 804.7369995117188,
  "summary_fg_median": 784.7583618164062,
  "summary_fg_n": 39296.0,
  "summary_fg_p05": 630.6566619873047,
  "summary_fg_p95": 1050.2749938964844,
  "summary_fg_stdv": 134.66995239257812,
  "tsnr": 63.62697625113651
}