{
  "aor": 0.00042604651162790705,
  "aqi": 0.00870751119601329,
  "bids_meta": {
    "AccelFactPE": 2,
    "AcquisitionNumber": 1,
    "AcquisitionTime": "09:35:14.205000",
    "BandwidthPerPixelPhaseEncode": 47.348,
    "BodyPartExamined": "BRAIN",
    "ConversionSoftware": "dcm2niix",
    "ConversionSoftwareVersion": "v1.0.20170724 (OpenJPEG build) GCC6.1.0",
    "DeviceSerialNumber": "45031",
    "EchoTime": 0.03,
    "EchoTrainLength": 31,
    "EffectiveEchoSpacing": 0.000330003,
    "FlipAngle": 71,
    "ImageType": [
      "ORIGINAL",
      "PRIMARY",
      "M",
      "ND",
      "NORM",
      "MOSAIC"
    ],
    "InstitutionAddress": "Washington_and_Faculty_Rd._-_Building_25_25_Princeton_NJ_US_085",
    "InstitutionName": "Princeton_University_-_Neuroscience_Institute",
    "MagneticFieldStrength": 3,
    "Manufacturer": "Siemens",
    "ManufacturersModelName": "Skyra",
    "PhaseEncodingDirection": "j-",
    "PhaseEncodingLines": 64,
    "ProcedureStepDescription": "NormanLab_Jarrod",
    "ProtocolName": "epi_301_3x3x3_2s",
    "RepetitionTime": 2,
    "ScanningSequence": "EP",
    "SequenceName": "_epfid2d1_64",
    "SequenceVariant": "SK",
    "SeriesDescription": "epi_301_3x3x3_2s",
    "SliceTiming": [
      1,
      0,
      1.055,
      0.0575,
      1.1125,
      0.1125,
      1.1675,
      0.1675,
      1.2225,
      0.2225,
      1.2775,
      0.2775,
      1.335,
      0.335,
      1.39,
      0.39,
      1.445,
      0.445,
      1.5,
      0.5,
      1.555,
      0.5575,
      1.6125,
      0.6125,
      1.6675,
      0.6675,
      1.7225,
      0.7225,
      1.7775,
      0.7775,
      1.835,
      0.835,
      1.89,
      0.89,
      1.945,
      0.945
    ],
    "SoftwareVersions": "syngo_MR_D11",
    "TaskName": "Episodic Memory",
    "TotalReadoutTime": 0.0201302,
    "TrueEchoSpacing": 0.000660007,
    "dataset": "ds001229",
    "modality": "bold",
    "run_id": 2,
    "subject_id": "22",
    "task_id": "em"
  },
  "dummy_trs": 0,
  "dvars_nstd": 27.39145064683332,
  "dvars_std": 1.1266249114666667,
  "dvars_vstd": 0.9925692508333329,
  "efc": 0.5953937035401429,
  "fber": 1361.8861083984375,
  "fd_mean": 0.21715709991085266,
  "fd_num": 176,
  "fd_perc": 58.47176079734219,
  "fwhm_avg": 1.650758888888889,
  "fwhm_x": 1.5289333333333335,
  "fwhm_y": 1.7708466666666667,
  "fwhm_z": 1.6524966666666667,
  "gcor": 0.0315173,
  "gsr_x": 0.012883848510682583,
  "gsr_y": 0.06119722127914429,
  "provenance": {
    "md5sum": "4f5b6b5c6c82c8fc984d6c50e7d75ffa",
    "settings": {
      "fd_thres": 0.2,
      "testing": false
    },
    "software": "mriqc",
    "version": "22.0.6",
    "webapi_port": null,
    "webapi_url": "https://mriqc.nimh.nih.gov/api/v1"
  },
  "size_t": 301,
  "size_x": 64,
  "size_y": 64,
  "size_z": 36,
  "snr": 5.869618210929489,
  "spacing_tr": 2.0,
  "spacing_x": 3.0,
  "spacing_y": 3.0,
  "spacing_z": 3.0,
  "summary_bg_k": 35.01634978265076,
  "summary_bg_mad": 13.345883014593323,
  "summary_bg_mean": 46.8620719909668,
  "summary_bg_median": 20.921926498413086,
  "summary_bg_n": 75362.0,
  "summary_bg_p05": 9.800663948059082,
  "summary_bg_p95": 169.9485038757323,
  "summary_bg_stdv": 78.44688415527344,
  "summary_fg_k": 1.8759347961901414,
  "summary_fg_mad": 118.94308414613964,
  "summary_fg_mean": 800.568603515625,
  "summary_fg_median": 781.6544799804688,
  "summary_fg_n": 39191.0,
  "summary_fg_p05": 627.9568176269531,
  "summary_fg_p95": 1043.5880126953125,
  "summary_fg_stdv": 133.16786193847656,
  "tsnr": 58.20174179971218
}