{
  "aor": 0.0007936544850498338,
  "aqi": 0.007548505581395348,
  "bids_meta": {
    "AccelFactPE": 2,
    "AcquisitionNumber": 1,
    "AcquisitionTime": "09:13:10.357500",
    "BandwidthPerPixelPhaseEncode": 47.348,
    "BodyPartExamined": "BRAIN",
    "ConversionSoftware": "dcm2niix",
    "ConversionSoftwareVersion": "v1.0.20170724 (OpenJPEG build) GCC6.1.0",
    "DeviceSerialNumber": "45031",
    "EchoTime": 0.03,
    "EchoTrainLength": 31,
    "EffectiveEchoSpacing": 0.000330003,
    "FlipAngle": 71,
    "ImageType": [
      "ORIGINAL",
      "PRIMARY",
      "M",
      "ND",
      "NORM",
      "MOSAIC"
    ],
    "InstitutionAddress": "Washington_and_Faculty_Rd._-_Building_25_25_Princeton_NJ_US_085",
    "InstitutionName": "Princeton_University_-_Neuroscience_Institute",
    "MagneticFieldStrength": 3,
    "Manufacturer": "Siemens",
    "ManufacturersModelName": "Skyra",
    "PhaseEncodingDirection": "j-",
    "PhaseEncodingLines": 64,
    "ProcedureStepDescription": "NormanLab_Jarrod",
    "ProtocolName": "epi_301_3x3x3_2s",
    "RepetitionTime": 2,
    "ScanningSequence": "EP",
    "SequenceName": "_epfid2d1_64",
    "SequenceVariant": "SK",
    "SeriesDescription": "epi_301_3x3x3_2s",
    "SliceTiming": [
      1,
      0,
      1.0575,
      0.0575,
      1.1125,
      0.1125,
      1.1675,
      0.1675,
      1.2225,
      0.2225,
      1.2775,
      0.28,
      1.335,
      0.335,
      1.39,
      0.39,
      1.445,
      0.445,
      1.5,
      0.5,
      1.5575,
      0.5575,
      1.6125,
      0.6125,
      1.6675,
      0.6675,
      1.7225,
      0.7225,
      1.7775,
      0.7775,
      1.835,
      0.835,
      1.89,
      0.89,
      1.945,
      0.945
    ],
    "SoftwareVersions": "syngo_MR_D11",
    "TaskName": "Episodic Memory",
    "TotalReadoutTime": 0.0201302,
    "TrueEchoSpacing": 0.000660007,
    "dataset": "ds001229",
    "modality": "bold",
    "run_id": 1,
    "subject_id": "22",
    "task_id": "em"
  },
  "dummy_trs": 0,
  "dvars_nstd": 26.96783734009998,
  "dvars_std": 1.139562250566666,
  "dvars_vstd": 1.0008787757666666,
  "efc": 0.5958140762494473,
  "fber": 1371.754150390625,
  "fd_mean": 0.19147661750515924,
  "fd_num": 109,
  "fd_perc": 36.21262458471761,
  "fwhm_avg": 1.6546277777777778,
  "fwhm_x": 1.5305266666666668,
  "fwhm_y": 1.7636066666666668,
  "fwhm_z": 1.6697499999999998,
  "gcor": 0.0582714,
  "gsr_x": 0.01235037948936224,
  "gsr_y": 0.062360621988773346,
  "provenance": {
    "md5sum": "3d7d2e9278ac7cfb968ee8134d5b7110",
    "settings": {
      "fd_thres": 0.2,
      "testing": false
    },
    "software": "mriqc",
    "version": "22.0.6",
    "webapi_port": null,
    "webapi_url": "https://mriqc.nimh.nih.gov/api/v1"
  },
  "size_t": 301,
  "size_x": 64,
  "size_y": 64,
  "size_z": 36,
  "snr": 5.8657556792992676,
  "spacing_tr": 2.0,
  "spacing_x": 3.0,
  "spacing_y": 3.0,
  "spacing_z": 3.0,
  "summary_bg_k": 35.58242645858464,
  "summary_bg_mad": 13.018331558958781,
  "summary_bg_mean": 47.30912780761719,
  "summary_bg_median": 20.813953399658203,
  "summary_bg_n": 75213.0,
  "summary_bg_p05": 10.106311798095703,
  "summary_bg_p95": 172.7455108642578,
  "summary_bg_stdv": 82.19734191894531,
  "summary_fg_k": 1.7909089313102502,
  "summary_fg_mad": 119.51697716797572,
  "summary_fg_mean": 803.3578491210938,
  "summary_fg_median": 783.7258911132812,
  "summary_fg_n": 39310.0,
  "summary_fg_p05": 630.1491729736329,
  "summary_fg_p95": 1046.5190917968748,
  "summary_fg_stdv": 133.6086883544922,
  "tsnr": 58.78822702122852
}