{
  "aor": 0.0003561794019933556,
  "aqi": 0.008846904983388705,
  "bids_meta": {
    "AccelFactPE": 2,
    "AcquisitionNumber": 1,
    "AcquisitionTime": "09:45:49.160000",
    "BandwidthPerPixelPhaseEncode": 47.348,
    "BodyPartExamined": "BRAIN",
    "ConversionSoftware": "dcm2niix",
    "ConversionSoftwareVersion": "v1.0.20170724 (OpenJPEG build) GCC6.1.0",
    "DeviceSerialNumber": "45031",
    "EchoTime": 0.03,
    "EchoTrainLength": 31,
    "EffectiveEchoSpacing": 0.000330003,
    "FlipAngle": 71,
    "ImageType": [
      "ORIGINAL",
      "PRIMARY",
      "M",
      "ND",
      "NORM",
      "MOSAIC"
    ],
    "InstitutionAddress": "Washington_and_Faculty_Rd._-_Building_25_25_Princeton_NJ_US_085",
    "InstitutionName": "Princeton_University_-_Neuroscience_Institute",
    "MagneticFieldStrength": 3,
    "Manufacturer": "Siemens",
    "ManufacturersModelName": "Skyra",
    "PhaseEncodingDirection": "j-",
    "PhaseEncodingLines": 64,
    "ProcedureStepDescription": "NormanLab_Jarrod",
    "ProtocolName": "epi_301_3x3x3_2s",
    "RepetitionTime": 2,
    "ScanningSequence": "EP",
    "SequenceName": "_epfid2d1_64",
    "SequenceVariant": "SK",
    "SeriesDescription": "epi_301_3x3x3_2s",
    "SliceTiming": [
      1,
      0,
      1.055,
      0.0575,
      1.1125,
      0.1125,
      1.1675,
      0.1675,
      1.2225,
      0.2225,
      1.2775,
      0.2775,
      1.335,
      0.335,
      1.39,
      0.39,
      1.445,
      0.445,
      1.5,
      0.5,
      1.555,
      0.555,
      1.6125,
      0.6125,
      1.6675,
      0.6675,
      1.7225,
      0.7225,
      1.7775,
      0.7775,
      1.8325,
      0.835,
      1.89,
      0.89,
      1.945,
      0.945
    ],
    "SoftwareVersions": "syngo_MR_D11",
    "TaskName": "Working Memory",
    "TotalReadoutTime": 0.0201302,
    "TrueEchoSpacing": 0.000660007,
    "dataset": "ds001229",
    "modality": "bold",
    "run_id": 3,
    "subject_id": "22",
    "task_id": "wm"
  },
  "dummy_trs": 0,
  "dvars_nstd": 28.69356357543332,
  "dvars_std": 1.1459458843333334,
  "dvars_vstd": 0.9963904469333331,
  "efc": 0.5958072917362841,
  "fber": 1353.165771484375,
  "fd_mean": 0.23756832393350205,
  "fd_num": 220,
  "fd_perc": 73.08970099667773,
  "fwhm_avg": 1.652088888888889,
  "fwhm_x": 1.5261533333333333,
  "fwhm_y": 1.7785266666666668,
  "fwhm_z": 1.6515866666666668,
  "gcor": 0.0336573,
  "gsr_x": 0.01237774919718504,
  "gsr_y": 0.06132794916629791,
  "provenance": {
    "md5sum": "5c4bd34e3a48cff678eba24c7b6db24c",
    "settings": {
      "fd_thres": 0.2,
      "testing": false
    },
    "software": "mriqc",
    "version": "22.0.6",
    "webapi_port": null,
    "webapi_url": "https://mriqc.nimh.nih.gov/api/v1"
  },
  "size_t": 301,
  "size_x": 64,
  "size_y": 64,
  "size_z": 36,
  "snr": 5.872609658825387,
  "spacing_tr": 2.0,
  "spacing_x": 3.0,
  "spacing_y": 3.0,
  "spacing_z": 3.0,
  "summary_bg_k": 37.93373103170318,
  "summary_bg_mad": 13.018331558958781,
  "summary_bg_mean": 46.919254302978516,
  "summary_bg_median": 20.923587799072266,
  "summary_bg_n": 75315.0,
  "summary_bg_p05": 10.106311798095703,
  "summary_bg_p95": 169.61926269531267,
  "summary_bg_stdv": 78.7686538696289,
  "summary_fg_k": 1.8671397974265336,
  "summary_fg_mad": 118.4259288923091,
  "summary_fg_mean": 800.21337890625,
  "summary_fg_median": 780.7973022460938,
  "summary_fg_n": 39274.0,
  "summary_fg_p05": 628.651123046875,
  "summary_fg_p95": 1043.5453796386719,
  "summary_fg_stdv": 132.95407104492188,
  "tsnr": 58.24713916797191
}