{
  "aor": 0.016645083056478403,
  "aqi": 0.03228625797342193,
  "bids_meta": {
    "AccelFactPE": 2,
    "AcquisitionNumber": 1,
    "AcquisitionTime": "09:59:30.902500",
    "BandwidthPerPixelPhaseEncode": 47.348,
    "BodyPartExamined": "BRAIN",
    "ConversionSoftware": "dcm2niix",
    "ConversionSoftwareVersion": "v1.0.20170724 (OpenJPEG build) GCC6.1.0",
    "DeviceSerialNumber": "45031",
    "EchoTime": 0.03,
    "EchoTrainLength": 31,
    "EffectiveEchoSpacing": 0.000330003,
    "FlipAngle": 71,
    "ImageType": [
      "ORIGINAL",
      "PRIMARY",
      "M",
      "ND",
      "NORM",
      "MOSAIC"
    ],
    "InstitutionAddress": "Washington_and_Faculty_Rd._-_Building_25_25_Princeton_NJ_US_085",
    "InstitutionName": "Princeton_University_-_Neuroscience_Institute",
    "MagneticFieldStrength": 3,
    "Manufacturer": "Siemens",
    "ManufacturersModelName": "Skyra",
    "PhaseEncodingDirection": "j-",
    "PhaseEncodingLines": 64,
    "ProcedureStepDescription": "NormanLab_Jarrod",
    "ProtocolName": "epi_301_3x3x3_2s",
    "RepetitionTime": 2,
    "ScanningSequence": "EP",
    "SequenceName": "_epfid2d1_64",
    "SequenceVariant": "SK",
    "SeriesDescription": "epi_301_3x3x3_2s",
    "SliceTiming": [
      1,
      0,
      1.055,
      0.0575,
      1.1125,
      0.1125,
      1.1675,
      0.1675,
      1.2225,
      0.2225,
      1.2775,
      0.2775,
      1.335,
      0.335,
      1.39,
      0.39,
      1.445,
      0.445,
      1.5,
      0.5,
      1.555,
      0.5575,
      1.6125,
      0.6125,
      1.6675,
      0.6675,
      1.7225,
      0.7225,
      1.7775,
      0.7775,
      1.835,
      0.835,
      1.89,
      0.89,
      1.945,
      0.945
    ],
    "SoftwareVersions": "syngo_MR_D11",
    "TaskName": "Working Memory",
    "TotalReadoutTime": 0.0201302,
    "TrueEchoSpacing": 0.000660007,
    "dataset": "ds001229",
    "modality": "bold",
    "run_id": 1,
    "subject_id": "07",
    "task_id": "wm"
  },
  "dummy_trs": 0,
  "dvars_nstd": 34.05752835566666,
  "dvars_std": 1.0536031092000002,
  "dvars_vstd": 1.0277227155000006,
  "efc": 0.5850286234889555,
  "fber": 1485.8875732421875,
  "fd_mean": 0.5012566447325597,
  "fd_num": 100,
  "fd_perc": 33.222591362126245,
  "fwhm_avg": 1.7527901778958819,
  "fwhm_x": 1.6128934615145891,
  "fwhm_y": 1.94466,
  "fwhm_z": 1.7008170721730564,
  "gcor": 0.0522991,
  "gsr_x": 0.004386872053146362,
  "gsr_y": 0.07344464212656021,
  "provenance": {
    "md5sum": "880856fb2d96b71a24928f817512c468",
    "settings": {
      "fd_thres": 0.2,
      "testing": false
    },
    "software": "mriqc",
    "version": "22.0.6",
    "webapi_port": null,
    "webapi_url": "https://mriqc.nimh.nih.gov/api/v1"
  },
  "size_t": 301,
  "size_x": 64,
  "size_y": 64,
  "size_z": 36,
  "snr": 6.62237280690611,
  "spacing_tr": 2.0,
  "spacing_x": 2.999999761581421,
  "spacing_y": 3.0,
  "spacing_z": 2.9999992847442627,
  "summary_bg_k": 20.270347305299264,
  "summary_bg_mad": 14.195546926376668,
  "summary_bg_mean": 44.81416702270508,
  "summary_bg_median": 19.312292098999023,
  "summary_bg_n": 78048.0,
  "summary_bg_p05": 6.710963249206543,
  "summary_bg_p95": 159.95232696533202,
  "summary_bg_stdv": 72.2672348022461,
  "summary_fg_k": 3.454180686018929,
  "summary_fg_mad": 100.0165139733839,
  "summary_fg_mean": 765.288330078125,
  "summary_fg_median": 751.956787109375,
  "summary_fg_n": 36562.0,
  "summary_fg_p05": 616.3757568359375,
  "summary_fg_p95": 951.8307067871092,
  "summary_fg_stdv": 113.54638671875,
  "tsnr": 31.143106009811163
}