{
  "aor": 0.022703122923588042,
  "aqi": 0.05003308604651163,
  "bids_meta": {
    "AccelFactPE": 2,
    "AcquisitionNumber": 1,
    "AcquisitionTime": "10:43:54.535000",
    "BandwidthPerPixelPhaseEncode": 47.348,
    "BodyPartExamined": "BRAIN",
    "ConversionSoftware": "dcm2niix",
    "ConversionSoftwareVersion": "v1.0.20170724 (OpenJPEG build) GCC6.1.0",
    "DeviceSerialNumber": "45031",
    "EchoTime": 0.03,
    "EchoTrainLength": 31,
    "EffectiveEchoSpacing": 0.000330003,
    "FlipAngle": 71,
    "ImageType": [
      "ORIGINAL",
      "PRIMARY",
      "M",
      "ND",
      "NORM",
      "MOSAIC"
    ],
    "InstitutionAddress": "Washington_and_Faculty_Rd._-_Building_25_25_Princeton_NJ_US_085",
    "InstitutionName": "Princeton_University_-_Neuroscience_Institute",
    "MagneticFieldStrength": 3,
    "Manufacturer": "Siemens",
    "ManufacturersModelName": "Skyra",
    "PhaseEncodingDirection": "j-",
    "PhaseEncodingLines": 64,
    "ProcedureStepDescription": "NormanLab_Jarrod",
    "ProtocolName": "epi_301_3x3x3_2s",
    "RepetitionTime": 2,
    "ScanningSequence": "EP",
    "SequenceName": "_epfid2d1_64",
    "SequenceVariant": "SK",
    "SeriesDescription": "epi_301_3x3x3_2s",
    "SliceTiming": [
      0.9975,
      0,
      1.055,
      0.055,
      1.11,
      0.11,
      1.165,
      0.165,
      1.22,
      0.22,
      1.2775,
      0.2775,
      1.3325,
      0.3325,
      1.3875,
      0.3875,
      1.4425,
      0.4425,
      1.4975,
      0.5,
      1.555,
      0.555,
      1.61,
      0.61,
      1.665,
      0.665,
      1.72,
      0.72,
      1.775,
      0.7775,
      1.8325,
      0.8325,
      1.8875,
      0.8875,
      1.9425,
      0.9425
    ],
    "SoftwareVersions": "syngo_MR_D11",
    "TaskName": "Working Memory",
    "TotalReadoutTime": 0.0201302,
    "TrueEchoSpacing": 0.000660007,
    "dataset": "ds001229",
    "modality": "bold",
    "run_id": 3,
    "subject_id": "07",
    "task_id": "wm"
  },
  "dummy_trs": 0,
  "dvars_nstd": 39.4686908533,
  "dvars_std": 1.3585870275000007,
  "dvars_vstd": 1.6813107546666666,
  "efc": 0.5817701874228702,
  "fber": 1543.7115478515625,
  "fd_mean": 0.6759888969588776,
  "fd_num": 96,
  "fd_perc": 31.893687707641195,
  "fwhm_avg": 1.785997954285533,
  "fwhm_x": 1.6666634657878452,
  "fwhm_y": 2.0259033333333334,
  "fwhm_z": 1.6654270637354207,
  "gcor": 0.819799,
  "gsr_x": 0.007220042869448662,
  "gsr_y": 0.05876084044575691,
  "provenance": {
    "md5sum": "20d225a1bcc40922d934bbd7955e0e3a",
    "settings": {
      "fd_thres": 0.2,
      "testing": false
    },
    "software": "mriqc",
    "version": "22.0.6",
    "webapi_port": null,
    "webapi_url": "https://mriqc.nimh.nih.gov/api/v1"
  },
  "size_t": 301,
  "size_x": 64,
  "size_y": 64,
  "size_z": 36,
  "snr": 6.624278762745965,
  "spacing_tr": 2.0,
  "spacing_x": 2.999999761581421,
  "spacing_y": 3.0,
  "spacing_z": 2.9999992847442627,
  "summary_bg_k": 20.42258283987834,
  "summary_bg_mad": 11.545580118705141,
  "summary_bg_mean": 44.093746185302734,
  "summary_bg_median": 18.631229400634766,
  "summary_bg_n": 78298.0,
  "summary_bg_p05": 8.95348834991455,
  "summary_bg_p95": 165.57856292724608,
  "summary_bg_stdv": 74.88533782958984,
  "summary_fg_k": 3.274847002647724,
  "summary_fg_mad": 98.92306768997861,
  "summary_fg_mean": 757.3880615234375,
  "summary_fg_median": 742.8239135742188,
  "summary_fg_n": 36240.0,
  "summary_fg_p05": 614.6358856201172,
  "summary_fg_p95": 946.9222473144526,
  "summary_fg_stdv": 112.13502502441406,
  "tsnr": 8.431689197430387
}