{
  "aor": 0.011081661129568108,
  "aqi": 0.04810945149501661,
  "bids_meta": {
    "AccelFactPE": 2,
    "AcquisitionNumber": 1,
    "AcquisitionTime": "10:21:25.947500",
    "BandwidthPerPixelPhaseEncode": 47.348,
    "BodyPartExamined": "BRAIN",
    "ConversionSoftware": "dcm2niix",
    "ConversionSoftwareVersion": "v1.0.20170724 (OpenJPEG build) GCC6.1.0",
    "DeviceSerialNumber": "45031",
    "EchoTime": 0.03,
    "EchoTrainLength": 31,
    "EffectiveEchoSpacing": 0.000330003,
    "FlipAngle": 71,
    "ImageType": [
      "ORIGINAL",
      "PRIMARY",
      "M",
      "ND",
      "NORM",
      "MOSAIC"
    ],
    "InstitutionAddress": "Washington_and_Faculty_Rd._-_Building_25_25_Princeton_NJ_US_085",
    "InstitutionName": "Princeton_University_-_Neuroscience_Institute",
    "MagneticFieldStrength": 3,
    "Manufacturer": "Siemens",
    "ManufacturersModelName": "Skyra",
    "PhaseEncodingDirection": "j-",
    "PhaseEncodingLines": 64,
    "ProcedureStepDescription": "NormanLab_Jarrod",
    "ProtocolName": "epi_301_3x3x3_2s",
    "RepetitionTime": 2,
    "ScanningSequence": "EP",
    "SequenceName": "_epfid2d1_64",
    "SequenceVariant": "SK",
    "SeriesDescription": "epi_301_3x3x3_2s",
    "SliceTiming": [
      1,
      0,
      1.055,
      0.055,
      1.11,
      0.11,
      1.165,
      0.1675,
      1.2225,
      0.2225,
      1.2775,
      0.2775,
      1.3325,
      0.3325,
      1.3875,
      0.3875,
      1.445,
      0.445,
      1.5,
      0.5,
      1.555,
      0.555,
      1.61,
      0.61,
      1.665,
      0.6675,
      1.7225,
      0.7225,
      1.7775,
      0.7775,
      1.8325,
      0.8325,
      1.8875,
      0.8875,
      1.945,
      0.945
    ],
    "SoftwareVersions": "syngo_MR_D11",
    "TaskName": "Working Memory",
    "TotalReadoutTime": 0.0201302,
    "TrueEchoSpacing": 0.000660007,
    "dataset": "ds001229",
    "modality": "bold",
    "run_id": 2,
    "subject_id": "07",
    "task_id": "wm"
  },
  "dummy_trs": 0,
  "dvars_nstd": 43.80309864686669,
  "dvars_std": 0.9857960124666664,
  "dvars_vstd": 0.9546969337666666,
  "efc": 0.5918083287294976,
  "fber": 1323.818359375,
  "fd_mean": 0.7344673611349138,
  "fd_num": 151,
  "fd_perc": 50.16611295681063,
  "fwhm_avg": 1.7857357375682206,
  "fwhm_x": 1.6319567963629402,
  "fwhm_y": 1.9789866666666667,
  "fwhm_z": 1.7462637496750553,
  "gcor": 0.0730802,
  "gsr_x": -0.0007249740883708,
  "gsr_y": 0.06953878700733185,
  "provenance": {
    "md5sum": "f6094b7256a32c7cf2f585a3a847f815",
    "settings": {
      "fd_thres": 0.2,
      "testing": false
    },
    "software": "mriqc",
    "version": "22.0.6",
    "webapi_port": null,
    "webapi_url": "https://mriqc.nimh.nih.gov/api/v1"
  },
  "size_t": 301,
  "size_x": 64,
  "size_y": 64,
  "size_z": 36,
  "snr": 6.744104557928074,
  "spacing_tr": 2.0,
  "spacing_x": 2.999999761581421,
  "spacing_y": 3.0,
  "spacing_z": 2.9999992847442627,
  "summary_bg_k": 18.26549200070159,
  "summary_bg_mad": 13.299089343537107,
  "summary_bg_mean": 46.92658615112305,
  "summary_bg_median": 19.867109298706055,
  "summary_bg_n": 77225.0,
  "summary_bg_p05": 9.182723999023438,
  "summary_bg_p95": 178.71494750976586,
  "summary_bg_stdv": 75.42697143554688,
  "summary_fg_k": 3.362163325846626,
  "summary_fg_mad": 97.61040730291548,
  "summary_fg_mean": 758.6910400390625,
  "summary_fg_median": 745.5548095703125,
  "summary_fg_n": 36969.0,
  "summary_fg_p05": 616.8066162109375,
  "summary_fg_p95": 942.2836791992187,
  "summary_fg_stdv": 110.54762268066406,
  "tsnr": 25.908378709107637
}