{
  "aor": 0.0034360465116279075,
  "aqi": 0.01291284418604651,
  "bids_meta": {
    "AccelFactPE": 2,
    "AcquisitionNumber": 1,
    "AcquisitionTime": "17:19:10.415000",
    "BandwidthPerPixelPhaseEncode": 47.348,
    "BodyPartExamined": "BRAIN",
    "ConversionSoftware": "dcm2niix",
    "ConversionSoftwareVersion": "v1.0.20170724 (OpenJPEG build) GCC6.1.0",
    "DeviceSerialNumber": "45031",
    "EchoTime": 0.03,
    "EchoTrainLength": 31,
    "EffectiveEchoSpacing": 0.000330003,
    "FlipAngle": 71,
    "ImageType": [
      "ORIGINAL",
      "PRIMARY",
      "M",
      "ND",
      "NORM",
      "MOSAIC"
    ],
    "InstitutionAddress": "Washington_and_Faculty_Rd._-_Building_25_25_Princeton_NJ_US_085",
    "InstitutionName": "Princeton_University_-_Neuroscience_Institute",
    "MagneticFieldStrength": 3,
    "Manufacturer": "Siemens",
    "ManufacturersModelName": "Skyra",
    "PhaseEncodingDirection": "j-",
    "PhaseEncodingLines": 64,
    "ProcedureStepDescription": "NormanLab_Jarrod",
    "ProtocolName": "epi_301_3x3x3_2s",
    "RepetitionTime": 2,
    "ScanningSequence": "EP",
    "SequenceName": "_epfid2d1_64",
    "SequenceVariant": "SK",
    "SeriesDescription": "epi_301_3x3x3_2s",
    "SliceTiming": [
      1,
      0,
      1.055,
      0.055,
      1.1125,
      0.1125,
      1.1675,
      0.1675,
      1.2225,
      0.2225,
      1.2775,
      0.2775,
      1.3325,
      0.335,
      1.39,
      0.39,
      1.445,
      0.445,
      1.5,
      0.5,
      1.555,
      0.555,
      1.6125,
      0.6125,
      1.6675,
      0.6675,
      1.7225,
      0.7225,
      1.7775,
      0.7775,
      1.8325,
      0.835,
      1.89,
      0.89,
      1.945,
      0.945
    ],
    "SoftwareVersions": "syngo_MR_D11",
    "TaskName": "Working Memory",
    "TotalReadoutTime": 0.0201302,
    "TrueEchoSpacing": 0.000660007,
    "dataset": "ds001229",
    "modality": "bold",
    "run_id": 2,
    "subject_id": "03",
    "task_id": "wm"
  },
  "dummy_trs": 0,
  "dvars_nstd": 27.254994030033338,
  "dvars_std": 1.1364183406000006,
  "dvars_vstd": 1.0289485079000007,
  "efc": 0.6234067981271377,
  "fber": 1087.5274658203125,
  "fd_mean": 0.15587643405654825,
  "fd_num": 59,
  "fd_perc": 19.601328903654483,
  "fwhm_avg": 1.697507995318923,
  "fwhm_x": 1.6033133333333334,
  "fwhm_y": 1.84683,
  "fwhm_z": 1.6423806526234357,
  "gcor": 0.0627735,
  "gsr_x": -0.013765654526650906,
  "gsr_y": 0.06329897046089172,
  "provenance": {
    "md5sum": "71f316c25a974099fb097ec0ff60de03",
    "settings": {
      "fd_thres": 0.2,
      "testing": false
    },
    "software": "mriqc",
    "version": "22.0.6",
    "webapi_port": null,
    "webapi_url": "https://mriqc.nimh.nih.gov/api/v1"
  },
  "size_t": 301,
  "size_x": 64,
  "size_y": 64,
  "size_z": 36,
  "snr": 5.6575773402447584,
  "spacing_tr": 2.0,
  "spacing_x": 3.0,
  "spacing_y": 3.0,
  "spacing_z": 2.9999988079071045,
  "summary_bg_k": 20.26208097322017,
  "summary_bg_mad": 14.195548340296327,
  "summary_bg_mean": 54.34957504272461,
  "summary_bg_median": 21.428571701049805,
  "summary_bg_n": 72029.0,
  "summary_bg_p05": 9.754152297973633,
  "summary_bg_p95": 219.01261901855432,
  "summary_bg_stdv": 80.02831268310547,
  "summary_fg_k": 2.691439105060904,
  "summary_fg_mad": 122.568328901863,
  "summary_fg_mean": 746.935791015625,
  "summary_fg_median": 734.9451904296875,
  "summary_fg_n": 41188.0,
  "summary_fg_p05": 575.1378631591797,
  "summary_fg_p95": 952.574560546875,
  "summary_fg_stdv": 129.9029998779297,
  "tsnr": 47.727375503163785
}