{
  "aor": 0.004499601328903655,
  "aqi": 0.013318046378737543,
  "bids_meta": {
    "AccelFactPE": 2,
    "AcquisitionNumber": 1,
    "AcquisitionTime": "17:31:22.910000",
    "BandwidthPerPixelPhaseEncode": 47.348,
    "BodyPartExamined": "BRAIN",
    "ConversionSoftware": "dcm2niix",
    "ConversionSoftwareVersion": "v1.0.20170724 (OpenJPEG build) GCC6.1.0",
    "DeviceSerialNumber": "45031",
    "EchoTime": 0.03,
    "EchoTrainLength": 31,
    "EffectiveEchoSpacing": 0.000330003,
    "FlipAngle": 71,
    "ImageType": [
      "ORIGINAL",
      "PRIMARY",
      "M",
      "ND",
      "NORM",
      "MOSAIC"
    ],
    "InstitutionAddress": "Washington_and_Faculty_Rd._-_Building_25_25_Princeton_NJ_US_085",
    "InstitutionName": "Princeton_University_-_Neuroscience_Institute",
    "MagneticFieldStrength": 3,
    "Manufacturer": "Siemens",
    "ManufacturersModelName": "Skyra",
    "PhaseEncodingDirection": "j-",
    "PhaseEncodingLines": 64,
    "ProcedureStepDescription": "NormanLab_Jarrod",
    "ProtocolName": "epi_301_3x3x3_2s",
    "RepetitionTime": 2,
    "ScanningSequence": "EP",
    "SequenceName": "_epfid2d1_64",
    "SequenceVariant": "SK",
    "SeriesDescription": "epi_301_3x3x3_2s",
    "SliceTiming": [
      1,
      0,
      1.055,
      0.055,
      1.11,
      0.1125,
      1.1675,
      0.1675,
      1.2225,
      0.2225,
      1.2775,
      0.2775,
      1.3325,
      0.3325,
      1.39,
      0.39,
      1.445,
      0.445,
      1.5,
      0.5,
      1.555,
      0.555,
      1.61,
      0.61,
      1.6675,
      0.6675,
      1.7225,
      0.7225,
      1.7775,
      0.7775,
      1.8325,
      0.8325,
      1.8875,
      0.89,
      1.945,
      0.945
    ],
    "SoftwareVersions": "syngo_MR_D11",
    "TaskName": "Episodic Memory",
    "TotalReadoutTime": 0.0201302,
    "TrueEchoSpacing": 0.000660007,
    "dataset": "ds001229",
    "modality": "bold",
    "run_id": 2,
    "subject_id": "03",
    "task_id": "em"
  },
  "dummy_trs": 0,
  "dvars_nstd": 25.334435736266656,
  "dvars_std": 1.1181319208999998,
  "dvars_vstd": 1.029914900466667,
  "efc": 0.6234445670311253,
  "fber": 1102.649169921875,
  "fd_mean": 0.11097096000932083,
  "fd_num": 45,
  "fd_perc": 14.950166112956811,
  "fwhm_avg": 1.6994479973768293,
  "fwhm_x": 1.5936566666666667,
  "fwhm_y": 1.84677,
  "fwhm_z": 1.6579173254638215,
  "gcor": 0.0551492,
  "gsr_x": -0.01295297872275114,
  "gsr_y": 0.06266187131404877,
  "provenance": {
    "md5sum": "5c85b093188b9257232569b2e4610035",
    "settings": {
      "fd_thres": 0.2,
      "testing": false
    },
    "software": "mriqc",
    "version": "22.0.6",
    "webapi_port": null,
    "webapi_url": "https://mriqc.nimh.nih.gov/api/v1"
  },
  "size_t": 301,
  "size_x": 64,
  "size_y": 64,
  "size_z": 36,
  "snr": 5.676516964507632,
  "spacing_tr": 2.0,
  "spacing_x": 3.0,
  "spacing_y": 3.0,
  "spacing_z": 2.9999988079071045,
  "summary_bg_k": 16.842386984126236,
  "summary_bg_mad": 14.207859338751877,
  "summary_bg_mean": 54.22755813598633,
  "summary_bg_median": 21.17441749572754,
  "summary_bg_n": 72092.0,
  "summary_bg_p05": 9.609800529479982,
  "summary_bg_p95": 220.19235534667968,
  "summary_bg_stdv": 78.66499328613281,
  "summary_fg_k": 2.776780239765113,
  "summary_fg_mad": 121.56849541112395,
  "summary_fg_mean": 746.7709350585938,
  "summary_fg_median": 735.0498046875,
  "summary_fg_n": 41117.0,
  "summary_fg_p05": 576.388671875,
  "summary_fg_p95": 950.8325439453124,
  "summary_fg_stdv": 129.48800659179688,
  "tsnr": 48.49837994738482
}