{
  "aor": 0.006548139534883721,
  "aqi": 0.017867395847176077,
  "bids_meta": {
    "AccelFactPE": 2,
    "AcquisitionNumber": 1,
    "AcquisitionTime": "17:50:6.105000",
    "BandwidthPerPixelPhaseEncode": 47.348,
    "BodyPartExamined": "BRAIN",
    "ConversionSoftware": "dcm2niix",
    "ConversionSoftwareVersion": "v1.0.20170724 (OpenJPEG build) GCC6.1.0",
    "DeviceSerialNumber": "45031",
    "EchoTime": 0.03,
    "EchoTrainLength": 31,
    "EffectiveEchoSpacing": 0.000330003,
    "FlipAngle": 71,
    "ImageType": [
      "ORIGINAL",
      "PRIMARY",
      "M",
      "ND",
      "NORM",
      "MOSAIC"
    ],
    "InstitutionAddress": "Washington_and_Faculty_Rd._-_Building_25_25_Princeton_NJ_US_085",
    "InstitutionName": "Princeton_University_-_Neuroscience_Institute",
    "MagneticFieldStrength": 3,
    "Manufacturer": "Siemens",
    "ManufacturersModelName": "Skyra",
    "PhaseEncodingDirection": "j-",
    "PhaseEncodingLines": 64,
    "ProcedureStepDescription": "NormanLab_Jarrod",
    "ProtocolName": "epi_301_3x3x3_2s",
    "RepetitionTime": 2,
    "ScanningSequence": "EP",
    "SequenceName": "_epfid2d1_64",
    "SequenceVariant": "SK",
    "SeriesDescription": "epi_301_3x3x3_2s",
    "SliceTiming": [
      1,
      0,
      1.055,
      0.055,
      1.11,
      0.11,
      1.165,
      0.1675,
      1.2225,
      0.2225,
      1.2775,
      0.2775,
      1.3325,
      0.3325,
      1.3875,
      0.3875,
      1.445,
      0.445,
      1.5,
      0.5,
      1.555,
      0.555,
      1.61,
      0.61,
      1.665,
      0.665,
      1.7225,
      0.7225,
      1.7775,
      0.7775,
      1.8325,
      0.8325,
      1.8875,
      0.8875,
      1.9425,
      0.945
    ],
    "SoftwareVersions": "syngo_MR_D11",
    "TaskName": "Working Memory",
    "TotalReadoutTime": 0.0201302,
    "TrueEchoSpacing": 0.000660007,
    "dataset": "ds001229",
    "modality": "bold",
    "run_id": 3,
    "subject_id": "03",
    "task_id": "wm"
  },
  "dummy_trs": 0,
  "dvars_nstd": 27.62649257046667,
  "dvars_std": 1.1415718500999992,
  "dvars_vstd": 1.0479639922000006,
  "efc": 0.6201416309692528,
  "fber": 1138.37060546875,
  "fd_mean": 0.15788267732001046,
  "fd_num": 62,
  "fd_perc": 20.59800664451827,
  "fwhm_avg": 1.7162491132978166,
  "fwhm_x": 1.5958766666666666,
  "fwhm_y": 1.85864,
  "fwhm_z": 1.6942306732267831,
  "gcor": 0.0488133,
  "gsr_x": -0.009334729984402657,
  "gsr_y": 0.06332964450120926,
  "provenance": {
    "md5sum": "9bc9a4b1822034c52f69b3e5ac7b47b4",
    "settings": {
      "fd_thres": 0.2,
      "testing": false
    },
    "software": "mriqc",
    "version": "22.0.6",
    "webapi_port": null,
    "webapi_url": "https://mriqc.nimh.nih.gov/api/v1"
  },
  "size_t": 301,
  "size_x": 64,
  "size_y": 64,
  "size_z": 36,
  "snr": 5.617999055645045,
  "spacing_tr": 2.0,
  "spacing_x": 3.0,
  "spacing_y": 3.0,
  "spacing_z": 2.9999988079071045,
  "summary_bg_k": 17.448855878389743,
  "summary_bg_mad": 14.08964575796937,
  "summary_bg_mean": 52.93414306640625,
  "summary_bg_median": 20.749168395996094,
  "summary_bg_n": 72456.0,
  "summary_bg_p05": 9.39119553565979,
  "summary_bg_p95": 218.2408561706543,
  "summary_bg_stdv": 77.57183074951172,
  "summary_fg_k": 2.88133426709408,
  "summary_fg_mad": 120.84683081807084,
  "summary_fg_mean": 745.01611328125,
  "summary_fg_median": 731.4617919921875,
  "summary_fg_n": 40810.0,
  "summary_fg_p05": 575.1092926025391,
  "summary_fg_p95": 951.2908447265622,
  "summary_fg_stdv": 130.19810485839844,
  "tsnr": 41.35358450235799
}