{
  "bids_meta": {
    "AcquisitionNumber": 1,
    "AcquisitionTime": "17:34:23.147500",
    "BodyPartExamined": "BRAIN",
    "ConversionSoftware": "dcm2niix",
    "ConversionSoftwareVersion": "v1.0.20170724 (OpenJPEG build) GCC6.1.0",
    "DeviceSerialNumber": "45031",
    "EchoTime": 0.00308,
    "FlipAngle": 9,
    "ImageType": [
      "ORIGINAL",
      "PRIMARY",
      "M",
      "ND",
      "NORM"
    ],
    "InstitutionAddress": "Washington_and_Faculty_Rd._-_Building_25_25_Princeton_NJ_US_085",
    "InstitutionName": "Princeton_University_-_Neuroscience_Institute",
    "InversionTime": 0.9,
    "MagneticFieldStrength": 3,
    "Manufacturer": "Siemens",
    "ManufacturersModelName": "Skyra",
    "PhaseEncodingDirection": "i-",
    "PhaseEncodingLines": 256,
    "ProcedureStepDescription": "NormanLab_Jarrod",
    "ProtocolName": "long_mprage_.9x.9x.9",
    "RepetitionTime": 2.3,
    "ScanningSequence": "GR_IR",
    "SequenceName": "_tfl3d1_16ns",
    "SequenceVariant": "SK_SP_MP",
    "SeriesDescription": "long_mprage_.9x.9x.9",
    "SoftwareVersions": "syngo_MR_D11",
    "dataset": "ds001229",
    "modality": "T1w",
    "subject_id": "09"
  },
  "cjv": 0.32446821060140685,
  "cnr": 4.0663747015840785,
  "efc": 0.5382289061155406,
  "fber": 5192.05907379334,
  "fwhm_avg": 3.8688852651659773,
  "fwhm_x": 3.9083517954979334,
  "fwhm_y": 4.061451636363636,
  "fwhm_z": 3.636852363636364,
  "icvs_csf": 0.22972929071500792,
  "icvs_gm": 0.4531884287860331,
  "icvs_wm": 0.317082280498959,
  "inu_med": 0.6066321730613708,
  "inu_range": 0.24055450260639188,
  "provenance": {
    "md5sum": "4798f6b5e4bb9147f066d38cf6ae6a53",
    "settings": {
      "testing": false
    },
    "software": "mriqc",
    "version": "22.0.6",
    "warnings": {
      "large_rot_frame": true,
      "small_air_mask": false
    },
    "webapi_port": null,
    "webapi_url": "https://mriqc.nimh.nih.gov/api/v1"
  },
  "qi_1": 0.0,
  "qi_2": 0.00440807514637788,
  "rpve_csf": 18.178868941407814,
  "rpve_gm": 9.561673857479102,
  "rpve_wm": 15.006992679200925,
  "size_x": 192,
  "size_y": 256,
  "size_z": 256,
  "snr_csf": 2.216894374586352,
  "snr_gm": 10.980961165100126,
  "snr_total": 11.36269186954938,
  "snr_wm": 20.890220068961664,
  "snrd_csf": 12.090356894422895,
  "snrd_gm": 36.5426467344609,
  "snrd_total": 34.16693657723665,
  "snrd_wm": 53.86780610282615,
  "spacing_x": 0.8999983072280884,
  "spacing_y": 0.859375,
  "spacing_z": 0.859375,
  "summary_bg_k": 5.033125797888296,
  "summary_bg_mad": 0.0,
  "summary_bg_mean": 8.471808808384775,
  "summary_bg_median": 0.0,
  "summary_bg_n": 2877965.0,
  "summary_bg_p05": 0.0,
  "summary_bg_p95": 32.769930459558964,
  "summary_bg_stdv": 12.161927882293435,
  "summary_csf_k": 1.2811657544984927,
  "summary_csf_mad": 93.00102729275687,
  "summary_csf_mean": 237.72236670715344,
  "summary_csf_median": 224.44493791088462,
  "summary_csf_n": 76209.0,
  "summary_csf_p05": 97.32087631747127,
  "summary_csf_p95": 425.7828735746443,
  "summary_csf_stdv": 101.24229098016642,
  "summary_gm_k": 0.36681322382741,
  "summary_gm_mad": 58.311308714727005,
  "summary_gm_mean": 678.9104293857855,
  "summary_gm_median": 678.3763414956629,
  "summary_gm_n": 65938.0,
  "summary_gm_p05": 577.5732560982927,
  "summary_gm_p95": 782.0556831168009,
  "summary_gm_stdv": 61.77703274146668,
  "summary_wm_k": 0.4098725625963837,
  "summary_wm_mad": 46.04533087498164,
  "summary_wm_mean": 999.9868094348946,
  "summary_wm_median": 999.9999587871134,
  "summary_wm_n": 265100.0,
  "summary_wm_p05": 921.5977385751903,
  "summary_wm_p95": 1078.046686656773,
  "summary_wm_stdv": 47.86919761513037,
  "tpm_overlap_csf": 0.16000989355158268,
  "tpm_overlap_gm": 0.46416409309078527,
  "tpm_overlap_wm": 0.5008408868495476,
  "wm2max": 0.5507145781052557
}