{
  "aor": 0.0006950166112956811,
  "aqi": 0.006130064318936877,
  "bids_meta": {
    "AccelFactPE": 2,
    "AcquisitionNumber": 1,
    "AcquisitionTime": "09:53:49.892500",
    "BandwidthPerPixelPhaseEncode": 47.348,
    "BodyPartExamined": "BRAIN",
    "ConversionSoftware": "dcm2niix",
    "ConversionSoftwareVersion": "v1.0.20170724 (OpenJPEG build) GCC6.1.0",
    "DeviceSerialNumber": "45031",
    "EchoTime": 0.03,
    "EchoTrainLength": 31,
    "EffectiveEchoSpacing": 0.000330003,
    "FlipAngle": 71,
    "ImageType": [
      "ORIGINAL",
      "PRIMARY",
      "M",
      "ND",
      "NORM",
      "MOSAIC"
    ],
    "InstitutionAddress": "Washington_and_Faculty_Rd._-_Building_25_25_Princeton_NJ_US_085",
    "InstitutionName": "Princeton_University_-_Neuroscience_Institute",
    "MagneticFieldStrength": 3,
    "Manufacturer": "Siemens",
    "ManufacturersModelName": "Skyra",
    "PhaseEncodingDirection": "j-",
    "PhaseEncodingLines": 64,
    "ProcedureStepDescription": "NormanLab_Jarrod",
    "ProtocolName": "epi_301_3x3x3_2s",
    "RepetitionTime": 2,
    "ScanningSequence": "EP",
    "SequenceName": "_epfid2d1_64",
    "SequenceVariant": "SK",
    "SeriesDescription": "epi_301_3x3x3_2s",
    "SliceTiming": [
      0.9975,
      0,
      1.055,
      0.055,
      1.11,
      0.11,
      1.165,
      0.165,
      1.22,
      0.22,
      1.2775,
      0.2775,
      1.3325,
      0.3325,
      1.3875,
      0.3875,
      1.4425,
      0.4425,
      1.4975,
      0.4975,
      1.555,
      0.555,
      1.61,
      0.61,
      1.665,
      0.665,
      1.72,
      0.72,
      1.775,
      0.7775,
      1.8325,
      0.8325,
      1.8875,
      0.8875,
      1.9425,
      0.9425
    ],
    "SoftwareVersions": "syngo_MR_D11",
    "TaskName": "Episodic Memory",
    "TotalReadoutTime": 0.0201302,
    "TrueEchoSpacing": 0.000660007,
    "dataset": "ds001229",
    "modality": "bold",
    "run_id": 1,
    "subject_id": "12",
    "task_id": "em"
  },
  "dummy_trs": 0,
  "dvars_nstd": 24.130483372899985,
  "dvars_std": 1.1011642029000002,
  "dvars_vstd": 1.0046606443333341,
  "efc": 0.5514659573985073,
  "fber": 1459.8218994140625,
  "fd_mean": 0.1496021238861322,
  "fd_num": 85,
  "fd_perc": 28.239202657807308,
  "fwhm_avg": 1.6274044009106283,
  "fwhm_x": 1.5215566666666664,
  "fwhm_y": 1.7173100000000001,
  "fwhm_z": 1.643346536065218,
  "gcor": 0.0700993,
  "gsr_x": -0.008655277080833912,
  "gsr_y": 0.04236314073204994,
  "provenance": {
    "md5sum": "20e0d762bb3e602dd3bad94c4021250e",
    "settings": {
      "fd_thres": 0.2,
      "testing": false
    },
    "software": "mriqc",
    "version": "22.0.6",
    "webapi_port": null,
    "webapi_url": "https://mriqc.nimh.nih.gov/api/v1"
  },
  "size_t": 301,
  "size_x": 64,
  "size_y": 64,
  "size_z": 36,
  "snr": 5.816888211780949,
  "spacing_tr": 2.0,
  "spacing_x": 3.0,
  "spacing_y": 3.0,
  "spacing_z": 3.000000238418579,
  "summary_bg_k": 25.508771127437814,
  "summary_bg_mad": 9.801921672125136,
  "summary_bg_mean": 36.2351188659668,
  "summary_bg_median": 17.538206100463867,
  "summary_bg_n": 83099.0,
  "summary_bg_p05": 9.059800148010254,
  "summary_bg_p95": 127.76411361694278,
  "summary_bg_stdv": 57.8995246887207,
  "summary_fg_k": 1.9804837621556963,
  "summary_fg_mad": 111.04739481670313,
  "summary_fg_mean": 700.6528930664062,
  "summary_fg_median": 687.7906494140625,
  "summary_fg_n": 31948.0,
  "summary_fg_p05": 544.4742553710937,
  "summary_fg_p95": 905.5275451660154,
  "summary_fg_stdv": 118.23845672607422,
  "tsnr": 61.335644961800426
}