{
  "aor": 0.0005635548172757475,
  "aqi": 0.006898257774086377,
  "bids_meta": {
    "AccelFactPE": 2,
    "AcquisitionNumber": 1,
    "AcquisitionTime": "10:36:18.777500",
    "BandwidthPerPixelPhaseEncode": 47.348,
    "BodyPartExamined": "BRAIN",
    "ConversionSoftware": "dcm2niix",
    "ConversionSoftwareVersion": "v1.0.20170724 (OpenJPEG build) GCC6.1.0",
    "DeviceSerialNumber": "45031",
    "EchoTime": 0.03,
    "EchoTrainLength": 31,
    "EffectiveEchoSpacing": 0.000330003,
    "FlipAngle": 71,
    "ImageType": [
      "ORIGINAL",
      "PRIMARY",
      "M",
      "ND",
      "NORM",
      "MOSAIC"
    ],
    "InstitutionAddress": "Washington_and_Faculty_Rd._-_Building_25_25_Princeton_NJ_US_085",
    "InstitutionName": "Princeton_University_-_Neuroscience_Institute",
    "MagneticFieldStrength": 3,
    "Manufacturer": "Siemens",
    "ManufacturersModelName": "Skyra",
    "PhaseEncodingDirection": "j-",
    "PhaseEncodingLines": 64,
    "ProcedureStepDescription": "NormanLab_Jarrod",
    "ProtocolName": "epi_301_3x3x3_2s",
    "RepetitionTime": 2,
    "ScanningSequence": "EP",
    "SequenceName": "_epfid2d1_64",
    "SequenceVariant": "SK",
    "SeriesDescription": "epi_301_3x3x3_2s",
    "SliceTiming": [
      1,
      0,
      1.055,
      0.055,
      1.11,
      0.11,
      1.165,
      0.165,
      1.22,
      0.2225,
      1.2775,
      0.2775,
      1.3325,
      0.3325,
      1.3875,
      0.3875,
      1.4425,
      0.4425,
      1.5,
      0.5,
      1.555,
      0.555,
      1.61,
      0.61,
      1.665,
      0.665,
      1.72,
      0.7225,
      1.7775,
      0.7775,
      1.8325,
      0.8325,
      1.8875,
      0.8875,
      1.9425,
      0.9425
    ],
    "SoftwareVersions": "syngo_MR_D11",
    "TaskName": "Episodic Memory",
    "TotalReadoutTime": 0.0201302,
    "TrueEchoSpacing": 0.000660007,
    "dataset": "ds001229",
    "modality": "bold",
    "run_id": 3,
    "subject_id": "12",
    "task_id": "em"
  },
  "dummy_trs": 0,
  "dvars_nstd": 24.338241431100002,
  "dvars_std": 1.090550504133333,
  "dvars_vstd": 0.9962148284000002,
  "efc": 0.5520261338160657,
  "fber": 1439.5455322265625,
  "fd_mean": 0.13926765233507804,
  "fd_num": 54,
  "fd_perc": 17.940199335548172,
  "fwhm_avg": 1.628617734450856,
  "fwhm_x": 1.51549,
  "fwhm_y": 1.7348266666666667,
  "fwhm_z": 1.635536536685901,
  "gcor": 0.0281275,
  "gsr_x": -0.00725230947136879,
  "gsr_y": 0.04255983978509903,
  "provenance": {
    "md5sum": "7f12f04465332017b282549641bcfecb",
    "settings": {
      "fd_thres": 0.2,
      "testing": false
    },
    "software": "mriqc",
    "version": "22.0.6",
    "webapi_port": null,
    "webapi_url": "https://mriqc.nimh.nih.gov/api/v1"
  },
  "size_t": 301,
  "size_x": 64,
  "size_y": 64,
  "size_z": 36,
  "snr": 5.882472278182412,
  "spacing_tr": 2.0,
  "spacing_x": 3.0,
  "spacing_y": 3.0,
  "spacing_z": 3.000000238418579,
  "summary_bg_k": 24.26934774230316,
  "summary_bg_mad": 9.964465875920954,
  "summary_bg_mean": 36.61568832397461,
  "summary_bg_median": 17.621261596679688,
  "summary_bg_n": 83182.0,
  "summary_bg_p05": 9.04318904876709,
  "summary_bg_p95": 128.49717407226555,
  "summary_bg_stdv": 58.69873046875,
  "summary_fg_k": 2.0411216041410274,
  "summary_fg_mad": 109.09188737395984,
  "summary_fg_mean": 697.2116088867188,
  "summary_fg_median": 684.3853759765625,
  "summary_fg_n": 31925.0,
  "summary_fg_p05": 543.5455200195313,
  "summary_fg_p95": 895.3468383789062,
  "summary_fg_stdv": 116.3413314819336,
  "tsnr": 60.72068683244288
}