{
  "aor": 0.0016625333333333337,
  "aqi": 0.0065544257,
  "bids_meta": {
    "AccelFactPE": 2,
    "AcquisitionNumber": 1,
    "AcquisitionTime": "10:15:2.857500",
    "BandwidthPerPixelPhaseEncode": 47.348,
    "BodyPartExamined": "BRAIN",
    "ConversionSoftware": "dcm2niix",
    "ConversionSoftwareVersion": "v1.0.20170724 (OpenJPEG build) GCC6.1.0",
    "DeviceSerialNumber": "45031",
    "EchoTime": 0.03,
    "EchoTrainLength": 31,
    "EffectiveEchoSpacing": 0.000330003,
    "FlipAngle": 71,
    "ImageType": [
      "ORIGINAL",
      "PRIMARY",
      "M",
      "ND",
      "NORM",
      "MOSAIC"
    ],
    "InstitutionAddress": "Washington_and_Faculty_Rd._-_Building_25_25_Princeton_NJ_US_085",
    "InstitutionName": "Princeton_University_-_Neuroscience_Institute",
    "MagneticFieldStrength": 3,
    "Manufacturer": "Siemens",
    "ManufacturersModelName": "Skyra",
    "PhaseEncodingDirection": "j-",
    "PhaseEncodingLines": 64,
    "ProcedureStepDescription": "NormanLab_Jarrod",
    "ProtocolName": "epi_301_3x3x3_2s",
    "RepetitionTime": 2,
    "ScanningSequence": "EP",
    "SequenceName": "_epfid2d1_64",
    "SequenceVariant": "SK",
    "SeriesDescription": "epi_301_3x3x3_2s",
    "SliceTiming": [
      1,
      0,
      1.0575,
      0.0575,
      1.1125,
      0.1125,
      1.1675,
      0.1675,
      1.2225,
      0.2225,
      1.2775,
      0.28,
      1.335,
      0.335,
      1.39,
      0.39,
      1.445,
      0.445,
      1.5,
      0.5,
      1.5575,
      0.5575,
      1.6125,
      0.6125,
      1.6675,
      0.6675,
      1.7225,
      0.7225,
      1.7775,
      0.7775,
      1.835,
      0.835,
      1.89,
      0.89,
      1.945,
      0.945
    ],
    "SoftwareVersions": "syngo_MR_D11",
    "TaskName": "Episodic Memory",
    "TotalReadoutTime": 0.0201302,
    "TrueEchoSpacing": 0.000660007,
    "dataset": "ds001229",
    "modality": "bold",
    "run_id": 2,
    "subject_id": "12",
    "task_id": "em"
  },
  "dummy_trs": 1,
  "dvars_nstd": 24.00805303642139,
  "dvars_std": 1.1071478631103673,
  "dvars_vstd": 1.0167762772240805,
  "efc": 0.5514207629249946,
  "fber": 1477.37548828125,
  "fd_mean": 0.16601680645913316,
  "fd_num": 98,
  "fd_perc": 32.666666666666664,
  "fwhm_avg": 1.6255721790155693,
  "fwhm_x": 1.5248366666666666,
  "fwhm_y": 1.7208833333333333,
  "fwhm_z": 1.6309965370467077,
  "gcor": 0.0476,
  "gsr_x": -0.007700786925852299,
  "gsr_y": 0.04270748421549797,
  "provenance": {
    "md5sum": "777f2e2bc4e9df344e0fb0cccaf4c112",
    "settings": {
      "fd_thres": 0.2,
      "testing": false
    },
    "software": "mriqc",
    "version": "22.0.6",
    "webapi_port": null,
    "webapi_url": "https://mriqc.nimh.nih.gov/api/v1"
  },
  "size_t": 300,
  "size_x": 64,
  "size_y": 64,
  "size_z": 36,
  "snr": 5.857298215437962,
  "spacing_tr": 2.0,
  "spacing_x": 3.0,
  "spacing_y": 3.0,
  "spacing_z": 3.000000238418579,
  "summary_bg_k": 24.49435947096598,
  "summary_bg_mad": 9.765407196977023,
  "summary_bg_mean": 36.22704315185547,
  "summary_bg_median": 17.470001220703125,
  "summary_bg_n": 83190.0,
  "summary_bg_p05": 9.066666603088379,
  "summary_bg_p95": 127.62983398437508,
  "summary_bg_stdv": 57.49068832397461,
  "summary_fg_k": 1.9956600790656527,
  "summary_fg_mad": 110.10303222195677,
  "summary_fg_mean": 698.9421997070312,
  "summary_fg_median": 686.1100463867188,
  "summary_fg_n": 31883.0,
  "summary_fg_p05": 544.3493469238281,
  "summary_fg_p95": 899.5620239257812,
  "summary_fg_stdv": 117.13579559326172,
  "tsnr": 60.912611248204485
}