{
  "bids_meta": {
    "AcquisitionNumber": 1,
    "AcquisitionTime": "08:31:28.135000",
    "BodyPartExamined": "BRAIN",
    "ConversionSoftware": "dcm2niix",
    "ConversionSoftwareVersion": "v1.0.20170724 (OpenJPEG build) GCC6.1.0",
    "DeviceSerialNumber": "45031",
    "EchoTime": 0.00308,
    "FlipAngle": 9,
    "ImageType": [
      "ORIGINAL",
      "PRIMARY",
      "M",
      "ND",
      "NORM"
    ],
    "InstitutionAddress": "Washington_and_Faculty_Rd._-_Building_25_25_Princeton_NJ_US_085",
    "InstitutionName": "Princeton_University_-_Neuroscience_Institute",
    "InversionTime": 0.9,
    "MagneticFieldStrength": 3,
    "Manufacturer": "Siemens",
    "ManufacturersModelName": "Skyra",
    "PhaseEncodingDirection": "i-",
    "PhaseEncodingLines": 256,
    "ProcedureStepDescription": "NormanLab_Jarrod",
    "ProtocolName": "long_mprage_.9x.9x.9",
    "RepetitionTime": 2.3,
    "ScanningSequence": "GR_IR",
    "SequenceName": "_tfl3d1_16ns",
    "SequenceVariant": "SK_SP_MP",
    "SeriesDescription": "long_mprage_.9x.9x.9",
    "SoftwareVersions": "syngo_MR_D11",
    "dataset": "ds001229",
    "modality": "T1w",
    "subject_id": "18"
  },
  "cjv": 0.470041532447611,
  "cnr": 2.864086443480058,
  "efc": 0.5843028042616709,
  "fber": 3162.4904903360207,
  "fwhm_avg": 3.8749968398371686,
  "fwhm_x": 3.8966879740569595,
  "fwhm_y": 3.9976494545454546,
  "fwhm_z": 3.730653090909091,
  "icvs_csf": 0.19995524583795599,
  "icvs_gm": 0.4132036203151178,
  "icvs_wm": 0.3868411338469262,
  "inu_med": 0.7864594459533691,
  "inu_range": 0.4380489796400069,
  "provenance": {
    "md5sum": "c04fd5905d4ebbf0f6454b777a6213ef",
    "settings": {
      "testing": false
    },
    "software": "mriqc",
    "version": "22.0.6",
    "warnings": {
      "large_rot_frame": true,
      "small_air_mask": false
    },
    "webapi_port": null,
    "webapi_url": "https://mriqc.nimh.nih.gov/api/v1"
  },
  "qi_1": 0.0,
  "qi_2": 0.0019804996039625104,
  "rpve_csf": 20.44720028832607,
  "rpve_gm": 9.713725842088154,
  "rpve_wm": 11.788310474937887,
  "size_x": 192,
  "size_y": 256,
  "size_z": 256,
  "snr_csf": 1.9772951465291524,
  "snr_gm": 9.050913556721456,
  "snr_total": 8.031777315054882,
  "snr_wm": 13.067123241914038,
  "snrd_csf": 7.530270143547561,
  "snrd_gm": 21.069391073993508,
  "snrd_total": 19.77677236562628,
  "snrd_wm": 30.730655879337768,
  "spacing_x": 0.9000027775764465,
  "spacing_y": 0.859375,
  "spacing_z": 0.859375,
  "summary_bg_k": 15.944009253255732,
  "summary_bg_mad": 0.0,
  "summary_bg_mean": 13.058943461316908,
  "summary_bg_median": 0.0,
  "summary_bg_n": 2716362.0,
  "summary_bg_p05": 0.0,
  "summary_bg_p95": 53.03713444620371,
  "summary_bg_stdv": 21.32040753793409,
  "summary_csf_k": 2.7665203788684316,
  "summary_csf_mad": 116.12643877284017,
  "summary_csf_mean": 258.21443291097773,
  "summary_csf_median": 245.06107175722718,
  "summary_csf_n": 62233.0,
  "summary_csf_p05": 77.28502373397352,
  "summary_csf_p95": 478.1293571628628,
  "summary_csf_stdv": 123.9365318221556,
  "summary_gm_k": 0.06470292015622814,
  "summary_gm_mad": 75.35153536280576,
  "summary_gm_mean": 686.0673736539383,
  "summary_gm_median": 685.670959930867,
  "summary_gm_n": 36211.0,
  "summary_gm_p05": 560.8656474202871,
  "summary_gm_p95": 810.742687722668,
  "summary_gm_stdv": 75.75605355769544,
  "summary_wm_k": 0.6262915217353315,
  "summary_wm_mad": 72.43470173585844,
  "summary_wm_mean": 1007.8127100144416,
  "summary_wm_median": 1000.081978738308,
  "summary_wm_n": 295019.0,
  "summary_wm_p05": 896.3439669273794,
  "summary_wm_p95": 1145.4627483524382,
  "summary_wm_stdv": 76.53408216002616,
  "tpm_overlap_csf": 0.15394702821714148,
  "tpm_overlap_gm": 0.44350112100459543,
  "tpm_overlap_wm": 0.48762740380664193,
  "wm2max": 0.44502808783833075
}