{
  "bids_meta": {
    "AcquisitionNumber": 1,
    "AcquisitionTime": "09:22:23.207500",
    "BodyPartExamined": "BRAIN",
    "ConversionSoftware": "dcm2niix",
    "ConversionSoftwareVersion": "v1.0.20170724 (OpenJPEG build) GCC6.1.0",
    "DeviceSerialNumber": "45031",
    "EchoTime": 0.00308,
    "FlipAngle": 9,
    "ImageType": [
      "ORIGINAL",
      "PRIMARY",
      "M",
      "ND",
      "NORM"
    ],
    "InstitutionAddress": "Washington_and_Faculty_Rd._-_Building_25_25_Princeton_NJ_US_085",
    "InstitutionName": "Princeton_University_-_Neuroscience_Institute",
    "InversionTime": 0.9,
    "MagneticFieldStrength": 3,
    "Manufacturer": "Siemens",
    "ManufacturersModelName": "Skyra",
    "PhaseEncodingDirection": "i-",
    "PhaseEncodingLines": 256,
    "ProcedureStepDescription": "NormanLab_Jarrod",
    "ProtocolName": "long_mprage_.9x.9x.9",
    "RepetitionTime": 2.3,
    "ScanningSequence": "GR_IR",
    "SequenceName": "_tfl3d1_16ns",
    "SequenceVariant": "SK_SP_MP",
    "SeriesDescription": "long_mprage_.9x.9x.9",
    "SoftwareVersions": "syngo_MR_D11",
    "dataset": "ds001229",
    "modality": "T1w",
    "subject_id": "25"
  },
  "cjv": 0.40321817658102144,
  "cnr": 3.2250320793905103,
  "efc": 0.6322180159581505,
  "fber": 6591.503261509973,
  "fwhm_avg": 3.4979075483201325,
  "fwhm_x": 3.5514215540513066,
  "fwhm_y": 3.6219461818181817,
  "fwhm_z": 3.320354909090909,
  "icvs_csf": 0.18580465374983204,
  "icvs_gm": 0.4507980124249193,
  "icvs_wm": 0.36339733382524864,
  "inu_med": 0.6556146144866943,
  "inu_range": 0.3231787085533142,
  "provenance": {
    "md5sum": "de14f15004bbdb028e7ed1b45710ecba",
    "settings": {
      "testing": false
    },
    "software": "mriqc",
    "version": "22.0.6",
    "warnings": {
      "large_rot_frame": true,
      "small_air_mask": false
    },
    "webapi_port": null,
    "webapi_url": "https://mriqc.nimh.nih.gov/api/v1"
  },
  "qi_1": 0.0019895790579412724,
  "qi_2": 0.003620628590892911,
  "rpve_csf": 16.744954160514844,
  "rpve_gm": 7.558972288754515,
  "rpve_wm": 10.537282439387782,
  "size_x": 192,
  "size_y": 256,
  "size_z": 256,
  "snr_csf": 1.6875792759480328,
  "snr_gm": 10.23825761772393,
  "snr_total": 9.90034490472587,
  "snr_wm": 17.77519782050565,
  "snrd_csf": 7.34689617934696,
  "snrd_gm": 20.66351115261464,
  "snrd_total": 19.11433285329064,
  "snrd_wm": 29.332591227910328,
  "spacing_x": 0.899997353553772,
  "spacing_y": 0.859375,
  "spacing_z": 0.859375,
  "summary_bg_k": 498.5632959902612,
  "summary_bg_mad": 0.0,
  "summary_bg_mean": 6.747563193959237,
  "summary_bg_median": 0.0,
  "summary_bg_n": 2049379.0,
  "summary_bg_p05": 0.0,
  "summary_bg_p95": 28.003830403089523,
  "summary_bg_stdv": 22.335652123397313,
  "summary_csf_k": 25.474731836138616,
  "summary_csf_mad": 110.83439599456358,
  "summary_csf_mean": 271.2456860780337,
  "summary_csf_median": 250.4787052720785,
  "summary_csf_n": 47225.0,
  "summary_csf_p05": 81.77756741642952,
  "summary_csf_p95": 508.193727973103,
  "summary_csf_stdv": 148.42328112014764,
  "summary_gm_k": 0.2801475931417303,
  "summary_gm_mad": 65.58983199464835,
  "summary_gm_mean": 703.8344010429824,
  "summary_gm_median": 704.4838246703148,
  "summary_gm_n": 55746.0,
  "summary_gm_p05": 588.2100858278573,
  "summary_gm_p95": 816.4592547863722,
  "summary_gm_stdv": 68.80833949015741,
  "summary_wm_k": 0.45456879928561245,
  "summary_wm_mad": 53.583758148919216,
  "summary_wm_mean": 1000.5754106681245,
  "summary_wm_median": 1000.0399207621813,
  "summary_wm_n": 369560.0,
  "summary_wm_p05": 909.4463326632977,
  "summary_wm_p95": 1093.5455880910158,
  "summary_wm_stdv": 56.260334081532584,
  "tpm_overlap_csf": 0.1502521063156188,
  "tpm_overlap_gm": 0.44892233099927725,
  "tpm_overlap_wm": 0.4845386323441316,
  "wm2max": 0.4965731716979637
}