{
  "aor": 0.002471029900332226,
  "aqi": 0.006328546843853821,
  "bids_meta": {
    "AccelFactPE": 2,
    "AcquisitionNumber": 1,
    "AcquisitionTime": "11:13:58.750000",
    "BandwidthPerPixelPhaseEncode": 47.348,
    "BodyPartExamined": "BRAIN",
    "ConversionSoftware": "dcm2niix",
    "ConversionSoftwareVersion": "v1.0.20170724 (OpenJPEG build) GCC6.1.0",
    "DeviceSerialNumber": "45031",
    "EchoTime": 0.03,
    "EchoTrainLength": 31,
    "EffectiveEchoSpacing": 0.000330003,
    "FlipAngle": 71,
    "ImageType": [
      "ORIGINAL",
      "PRIMARY",
      "M",
      "ND",
      "NORM",
      "MOSAIC"
    ],
    "InstitutionAddress": "Washington_and_Faculty_Rd._-_Building_25_25_Princeton_NJ_US_085",
    "InstitutionName": "Princeton_University_-_Neuroscience_Institute",
    "MagneticFieldStrength": 3,
    "Manufacturer": "Siemens",
    "ManufacturersModelName": "Skyra",
    "PhaseEncodingDirection": "j-",
    "PhaseEncodingLines": 64,
    "ProcedureStepDescription": "NormanLab_Jarrod",
    "ProtocolName": "epi_301_3x3x3_2s",
    "RepetitionTime": 2,
    "ScanningSequence": "EP",
    "SequenceName": "_epfid2d1_64",
    "SequenceVariant": "SK",
    "SeriesDescription": "epi_301_3x3x3_2s",
    "SliceTiming": [
      1,
      0,
      1.055,
      0.055,
      1.11,
      0.1125,
      1.1675,
      0.1675,
      1.2225,
      0.2225,
      1.2775,
      0.2775,
      1.3325,
      0.3325,
      1.3875,
      0.39,
      1.445,
      0.445,
      1.5,
      0.5,
      1.555,
      0.555,
      1.61,
      0.61,
      1.6675,
      0.6675,
      1.7225,
      0.7225,
      1.7775,
      0.7775,
      1.8325,
      0.8325,
      1.8875,
      0.89,
      1.945,
      0.945
    ],
    "SoftwareVersions": "syngo_MR_D11",
    "TaskName": "Working Memory",
    "TotalReadoutTime": 0.0201302,
    "TrueEchoSpacing": 0.000660007,
    "dataset": "ds001229",
    "modality": "bold",
    "run_id": 2,
    "subject_id": "27",
    "task_id": "wm"
  },
  "dummy_trs": 0,
  "dvars_nstd": 22.935149078333325,
  "dvars_std": 1.1240093054333335,
  "dvars_vstd": 1.006612967099999,
  "efc": 0.5702765810679522,
  "fber": 1699.64501953125,
  "fd_mean": 0.10778576189512913,
  "fd_num": 9,
  "fd_perc": 2.990033222591362,
  "fwhm_avg": 1.7045234690012194,
  "fwhm_x": 1.5934266666666668,
  "fwhm_y": 1.8130466666666667,
  "fwhm_z": 1.7070970736703255,
  "gcor": 0.0409066,
  "gsr_x": 0.0005329573177732527,
  "gsr_y": 0.03579872474074364,
  "provenance": {
    "md5sum": "7053897576e8a374c849400b33891bad",
    "settings": {
      "fd_thres": 0.2,
      "testing": false
    },
    "software": "mriqc",
    "version": "22.0.6",
    "webapi_port": null,
    "webapi_url": "https://mriqc.nimh.nih.gov/api/v1"
  },
  "size_t": 301,
  "size_x": 64,
  "size_y": 64,
  "size_z": 36,
  "snr": 5.900943361802798,
  "spacing_tr": 2.0,
  "spacing_x": 3.0,
  "spacing_y": 3.0,
  "spacing_z": 2.9999992847442627,
  "summary_bg_k": 28.702676500014896,
  "summary_bg_mad": 9.858566121433313,
  "summary_bg_mean": 38.62310791015625,
  "summary_bg_median": 18.277408599853516,
  "summary_bg_n": 79216.0,
  "summary_bg_p05": 9.116278648376465,
  "summary_bg_p95": 125.16279029846191,
  "summary_bg_stdv": 63.16463851928711,
  "summary_fg_k": 2.234335711112463,
  "summary_fg_mad": 124.37606477338926,
  "summary_fg_mean": 783.2047729492188,
  "summary_fg_median": 769.5946655273438,
  "summary_fg_n": 35495.0,
  "summary_fg_p05": 608.787353515625,
  "summary_fg_p95": 997.8507995605466,
  "summary_fg_stdv": 130.41708374023438,
  "tsnr": 63.02341793756932
}