{
  "aor": 0.0005270764119601329,
  "aqi": 0.007606310531561461,
  "bids_meta": {
    "AccelFactPE": 2,
    "AcquisitionNumber": 1,
    "AcquisitionTime": "11:35:32.880000",
    "BandwidthPerPixelPhaseEncode": 47.348,
    "BodyPartExamined": "BRAIN",
    "ConversionSoftware": "dcm2niix",
    "ConversionSoftwareVersion": "v1.0.20170724 (OpenJPEG build) GCC6.1.0",
    "DeviceSerialNumber": "45031",
    "EchoTime": 0.03,
    "EchoTrainLength": 31,
    "EffectiveEchoSpacing": 0.000330003,
    "FlipAngle": 71,
    "ImageType": [
      "ORIGINAL",
      "PRIMARY",
      "M",
      "ND",
      "NORM",
      "MOSAIC"
    ],
    "InstitutionAddress": "Washington_and_Faculty_Rd._-_Building_25_25_Princeton_NJ_US_085",
    "InstitutionName": "Princeton_University_-_Neuroscience_Institute",
    "MagneticFieldStrength": 3,
    "Manufacturer": "Siemens",
    "ManufacturersModelName": "Skyra",
    "PhaseEncodingDirection": "j-",
    "PhaseEncodingLines": 64,
    "ProcedureStepDescription": "NormanLab_Jarrod",
    "ProtocolName": "epi_301_3x3x3_2s",
    "RepetitionTime": 2,
    "ScanningSequence": "EP",
    "SequenceName": "_epfid2d1_64",
    "SequenceVariant": "SK",
    "SeriesDescription": "epi_301_3x3x3_2s",
    "SliceTiming": [
      1,
      0,
      1.055,
      0.055,
      1.1125,
      0.1125,
      1.1675,
      0.1675,
      1.2225,
      0.2225,
      1.2775,
      0.2775,
      1.3325,
      0.3325,
      1.39,
      0.39,
      1.445,
      0.445,
      1.5,
      0.5,
      1.555,
      0.555,
      1.61,
      0.6125,
      1.6675,
      0.6675,
      1.7225,
      0.7225,
      1.7775,
      0.7775,
      1.8325,
      0.8325,
      1.89,
      0.89,
      1.945,
      0.945
    ],
    "SoftwareVersions": "syngo_MR_D11",
    "TaskName": "Working Memory",
    "TotalReadoutTime": 0.0201302,
    "TrueEchoSpacing": 0.000660007,
    "dataset": "ds001229",
    "modality": "bold",
    "run_id": 3,
    "subject_id": "27",
    "task_id": "wm"
  },
  "dummy_trs": 0,
  "dvars_nstd": 22.404747714766685,
  "dvars_std": 1.0995643505000001,
  "dvars_vstd": 0.9814571218333323,
  "efc": 0.5688826040090387,
  "fber": 1742.7001953125,
  "fd_mean": 0.08685537408062662,
  "fd_num": 1,
  "fd_perc": 0.33222591362126247,
  "fwhm_avg": 1.7057179115693095,
  "fwhm_x": 1.5944733333333332,
  "fwhm_y": 1.8391933333333332,
  "fwhm_z": 1.6834870680412615,
  "gcor": 0.0229019,
  "gsr_x": 0.00278109242208302,
  "gsr_y": 0.037043388932943344,
  "provenance": {
    "md5sum": "2a8ea3756e01c0c438aebfc184734755",
    "settings": {
      "fd_thres": 0.2,
      "testing": false
    },
    "software": "mriqc",
    "version": "22.0.6",
    "webapi_port": null,
    "webapi_url": "https://mriqc.nimh.nih.gov/api/v1"
  },
  "size_t": 301,
  "size_x": 64,
  "size_y": 64,
  "size_z": 36,
  "snr": 5.950266878246556,
  "spacing_tr": 2.0,
  "spacing_x": 3.0,
  "spacing_y": 3.0,
  "spacing_z": 2.9999992847442627,
  "summary_bg_k": 28.65069949143672,
  "summary_bg_mad": 10.545685829420842,
  "summary_bg_mean": 38.61384582519531,
  "summary_bg_median": 18.05647850036621,
  "summary_bg_n": 79475.0,
  "summary_bg_p05": 8.54485034942627,
  "summary_bg_p95": 125.43022994995123,
  "summary_bg_stdv": 63.94049835205078,
  "summary_fg_k": 2.0681578224841024,
  "summary_fg_mad": 123.0584726345617,
  "summary_fg_mean": 777.8018188476562,
  "summary_fg_median": 764.0564575195312,
  "summary_fg_n": 35334.0,
  "summary_fg_p05": 605.4747253417969,
  "summary_fg_p95": 987.9737213134765,
  "summary_fg_stdv": 128.4052734375,
  "tsnr": 62.16590179782361
}