{
  "aor": 0.004138837209302326,
  "aqi": 0.017176260132890364,
  "bids_meta": {
    "AccelFactPE": 2,
    "AcquisitionNumber": 1,
    "AcquisitionTime": "19:16:15.120000",
    "BandwidthPerPixelPhaseEncode": 47.348,
    "BodyPartExamined": "BRAIN",
    "ConversionSoftware": "dcm2niix",
    "ConversionSoftwareVersion": "v1.0.20170724 (OpenJPEG build) GCC6.1.0",
    "DeviceSerialNumber": "45031",
    "EchoTime": 0.03,
    "EchoTrainLength": 31,
    "EffectiveEchoSpacing": 0.000330003,
    "FlipAngle": 71,
    "ImageType": [
      "ORIGINAL",
      "PRIMARY",
      "M",
      "ND",
      "NORM",
      "MOSAIC"
    ],
    "InstitutionAddress": "Washington_and_Faculty_Rd._-_Building_25_25_Princeton_NJ_US_085",
    "InstitutionName": "Princeton_University_-_Neuroscience_Institute",
    "MagneticFieldStrength": 3,
    "Manufacturer": "Siemens",
    "ManufacturersModelName": "Skyra",
    "PhaseEncodingDirection": "j-",
    "PhaseEncodingLines": 64,
    "ProcedureStepDescription": "NormanLab_Jarrod",
    "ProtocolName": "epi_301_3x3x3_2s",
    "RepetitionTime": 2,
    "ScanningSequence": "EP",
    "SequenceName": "_epfid2d1_64",
    "SequenceVariant": "SK",
    "SeriesDescription": "epi_301_3x3x3_2s",
    "SliceTiming": [
      1,
      0,
      1.055,
      0.055,
      1.11,
      0.1125,
      1.1675,
      0.1675,
      1.2225,
      0.2225,
      1.2775,
      0.2775,
      1.3325,
      0.3325,
      1.39,
      0.39,
      1.445,
      0.445,
      1.5,
      0.5,
      1.555,
      0.555,
      1.61,
      0.6125,
      1.6675,
      0.6675,
      1.7225,
      0.7225,
      1.7775,
      0.7775,
      1.8325,
      0.8325,
      1.8875,
      0.89,
      1.945,
      0.945
    ],
    "SoftwareVersions": "syngo_MR_D11",
    "TaskName": "Episodic Memory",
    "TotalReadoutTime": 0.0201302,
    "TrueEchoSpacing": 0.000660007,
    "dataset": "ds001229",
    "modality": "bold",
    "run_id": 3,
    "subject_id": "05",
    "task_id": "em"
  },
  "dummy_trs": 0,
  "dvars_nstd": 29.938551820100006,
  "dvars_std": 1.1462223210666669,
  "dvars_vstd": 0.9910859619000001,
  "efc": 0.656280862842197,
  "fber": 1128.6209716796875,
  "fd_mean": 0.17908192329613123,
  "fd_num": 52,
  "fd_perc": 17.27574750830565,
  "fwhm_avg": 1.6150944444444442,
  "fwhm_x": 1.4762533333333332,
  "fwhm_y": 1.7356633333333333,
  "fwhm_z": 1.6333666666666666,
  "gcor": 0.03247,
  "gsr_x": 0.010966452769935131,
  "gsr_y": 0.04222875088453293,
  "provenance": {
    "md5sum": "53d546d54804e45d5bedf03348c255da",
    "settings": {
      "fd_thres": 0.2,
      "testing": false
    },
    "software": "mriqc",
    "version": "22.0.6",
    "webapi_port": null,
    "webapi_url": "https://mriqc.nimh.nih.gov/api/v1"
  },
  "size_t": 301,
  "size_x": 64,
  "size_y": 64,
  "size_z": 36,
  "snr": 6.612942427375479,
  "spacing_tr": 2.0,
  "spacing_x": 3.0,
  "spacing_y": 3.0,
  "spacing_z": 3.0,
  "summary_bg_k": 10.86331420350717,
  "summary_bg_mad": 15.584563216689496,
  "summary_bg_mean": 57.886436462402344,
  "summary_bg_median": 22.34883689880371,
  "summary_bg_n": 65244.0,
  "summary_bg_p05": 10.006644248962402,
  "summary_bg_p95": 230.50830078125,
  "summary_bg_stdv": 83.16929626464844,
  "summary_fg_k": 2.5617025034868712,
  "summary_fg_mad": 109.83567698180937,
  "summary_fg_mean": 798.910888671875,
  "summary_fg_median": 787.0897216796875,
  "summary_fg_n": 47386.0,
  "summary_fg_p05": 640.2342071533203,
  "summary_fg_p95": 998.3106231689453,
  "summary_fg_stdv": 119.0213623046875,
  "tsnr": 47.46393853344489
}