{
  "aor": 0.0014775666666666666,
  "aqi": 0.0204583288,
  "bids_meta": {
    "AccelFactPE": 2,
    "AcquisitionNumber": 1,
    "AcquisitionTime": "18:13:44.932500",
    "BandwidthPerPixelPhaseEncode": 47.348,
    "BodyPartExamined": "BRAIN",
    "ConversionSoftware": "dcm2niix",
    "ConversionSoftwareVersion": "v1.0.20170724 (OpenJPEG build) GCC6.1.0",
    "DeviceSerialNumber": "45031",
    "EchoTime": 0.03,
    "EchoTrainLength": 31,
    "EffectiveEchoSpacing": 0.000330003,
    "FlipAngle": 71,
    "ImageType": [
      "ORIGINAL",
      "PRIMARY",
      "M",
      "ND",
      "NORM",
      "MOSAIC"
    ],
    "InstitutionAddress": "Washington_and_Faculty_Rd._-_Building_25_25_Princeton_NJ_US_085",
    "InstitutionName": "Princeton_University_-_Neuroscience_Institute",
    "MagneticFieldStrength": 3,
    "Manufacturer": "Siemens",
    "ManufacturersModelName": "Skyra",
    "PhaseEncodingDirection": "j-",
    "PhaseEncodingLines": 64,
    "ProcedureStepDescription": "NormanLab_Jarrod",
    "ProtocolName": "epi_301_3x3x3_2s",
    "RepetitionTime": 2,
    "ScanningSequence": "EP",
    "SequenceName": "_epfid2d1_64",
    "SequenceVariant": "SK",
    "SeriesDescription": "epi_301_3x3x3_2s",
    "SliceTiming": [
      1,
      0,
      1.055,
      0.055,
      1.11,
      0.11,
      1.165,
      0.165,
      1.22,
      0.22,
      1.2775,
      0.2775,
      1.3325,
      0.3325,
      1.3875,
      0.3875,
      1.4425,
      0.4425,
      1.4975,
      0.5,
      1.555,
      0.555,
      1.61,
      0.61,
      1.665,
      0.665,
      1.72,
      0.72,
      1.7775,
      0.7775,
      1.8325,
      0.8325,
      1.8875,
      0.8875,
      1.9425,
      0.9425
    ],
    "SoftwareVersions": "syngo_MR_D11",
    "TaskName": "Working Memory",
    "TotalReadoutTime": 0.0201302,
    "TrueEchoSpacing": 0.000660007,
    "dataset": "ds001229",
    "modality": "bold",
    "run_id": 1,
    "subject_id": "05",
    "task_id": "wm"
  },
  "dummy_trs": 1,
  "dvars_nstd": 29.302618058595314,
  "dvars_std": 1.1236797261204017,
  "dvars_vstd": 0.9516470130769232,
  "efc": 0.658975756944824,
  "fber": 956.8662719726562,
  "fd_mean": 0.14848058163222708,
  "fd_num": 34,
  "fd_perc": 11.333333333333334,
  "fwhm_avg": 1.6190855555555554,
  "fwhm_x": 1.4936233333333335,
  "fwhm_y": 1.7340866666666666,
  "fwhm_z": 1.6295466666666665,
  "gcor": 0.025285,
  "gsr_x": 0.006258571986109018,
  "gsr_y": 0.036563996225595474,
  "provenance": {
    "md5sum": "89cb7f84a84e30e875e9663490918bac",
    "settings": {
      "fd_thres": 0.2,
      "testing": false
    },
    "software": "mriqc",
    "version": "22.0.6",
    "webapi_port": null,
    "webapi_url": "https://mriqc.nimh.nih.gov/api/v1"
  },
  "size_t": 300,
  "size_x": 64,
  "size_y": 64,
  "size_z": 36,
  "snr": 6.502064065657235,
  "spacing_tr": 2.0,
  "spacing_x": 3.0,
  "spacing_y": 3.0,
  "spacing_z": 3.0,
  "summary_bg_k": 10.804076389877658,
  "summary_bg_mad": 18.675846869536407,
  "summary_bg_mean": 60.69749069213867,
  "summary_bg_median": 25.003334045410156,
  "summary_bg_n": 64553.0,
  "summary_bg_p05": 10.266667366027832,
  "summary_bg_p95": 243.09467163085907,
  "summary_bg_stdv": 85.76871490478516,
  "summary_fg_k": 2.794771999493335,
  "summary_fg_mad": 114.72869865899656,
  "summary_fg_mean": 818.88525390625,
  "summary_fg_median": 808.203369140625,
  "summary_fg_n": 47580.0,
  "summary_fg_p05": 652.5198516845703,
  "summary_fg_p95": 1022.5108428955077,
  "summary_fg_stdv": 124.29820251464844,
  "tsnr": 45.63789189455565
}