{
  "aor": 0.003494584717607973,
  "aqi": 0.011562909767441861,
  "bids_meta": {
    "AccelFactPE": 2,
    "AcquisitionNumber": 1,
    "AcquisitionTime": "19:05:42.950000",
    "BandwidthPerPixelPhaseEncode": 47.348,
    "BodyPartExamined": "BRAIN",
    "ConversionSoftware": "dcm2niix",
    "ConversionSoftwareVersion": "v1.0.20170724 (OpenJPEG build) GCC6.1.0",
    "DeviceSerialNumber": "45031",
    "EchoTime": 0.03,
    "EchoTrainLength": 31,
    "EffectiveEchoSpacing": 0.000330003,
    "FlipAngle": 71,
    "ImageType": [
      "ORIGINAL",
      "PRIMARY",
      "M",
      "ND",
      "NORM",
      "MOSAIC"
    ],
    "InstitutionAddress": "Washington_and_Faculty_Rd._-_Building_25_25_Princeton_NJ_US_085",
    "InstitutionName": "Princeton_University_-_Neuroscience_Institute",
    "MagneticFieldStrength": 3,
    "Manufacturer": "Siemens",
    "ManufacturersModelName": "Skyra",
    "PhaseEncodingDirection": "j-",
    "PhaseEncodingLines": 64,
    "ProcedureStepDescription": "NormanLab_Jarrod",
    "ProtocolName": "epi_301_3x3x3_2s",
    "RepetitionTime": 2,
    "ScanningSequence": "EP",
    "SequenceName": "_epfid2d1_64",
    "SequenceVariant": "SK",
    "SeriesDescription": "epi_301_3x3x3_2s",
    "SliceTiming": [
      1,
      0,
      1.055,
      0.055,
      1.11,
      0.11,
      1.1675,
      0.1675,
      1.2225,
      0.2225,
      1.2775,
      0.2775,
      1.3325,
      0.3325,
      1.3875,
      0.39,
      1.445,
      0.445,
      1.5,
      0.5,
      1.555,
      0.555,
      1.61,
      0.61,
      1.665,
      0.6675,
      1.7225,
      0.7225,
      1.7775,
      0.7775,
      1.8325,
      0.8325,
      1.8875,
      0.8875,
      1.945,
      0.945
    ],
    "SoftwareVersions": "syngo_MR_D11",
    "TaskName": "Working Memory",
    "TotalReadoutTime": 0.0201302,
    "TrueEchoSpacing": 0.000660007,
    "dataset": "ds001229",
    "modality": "bold",
    "run_id": 3,
    "subject_id": "05",
    "task_id": "wm"
  },
  "dummy_trs": 0,
  "dvars_nstd": 26.84156705866668,
  "dvars_std": 1.1511859265666664,
  "dvars_vstd": 1.0135528192333325,
  "efc": 0.6569418987940249,
  "fber": 1126.90185546875,
  "fd_mean": 0.11477425399141554,
  "fd_num": 15,
  "fd_perc": 4.983388704318937,
  "fwhm_avg": 1.609371111111111,
  "fwhm_x": 1.4689066666666666,
  "fwhm_y": 1.7246533333333334,
  "fwhm_z": 1.6345533333333335,
  "gcor": 0.0385018,
  "gsr_x": 0.009908904321491718,
  "gsr_y": 0.04136771336197853,
  "provenance": {
    "md5sum": "517b69950a36d022412949ca014fdfcf",
    "settings": {
      "fd_thres": 0.2,
      "testing": false
    },
    "software": "mriqc",
    "version": "22.0.6",
    "webapi_port": null,
    "webapi_url": "https://mriqc.nimh.nih.gov/api/v1"
  },
  "size_t": 301,
  "size_x": 64,
  "size_y": 64,
  "size_z": 36,
  "snr": 6.586852268406338,
  "spacing_tr": 2.0,
  "spacing_x": 3.0,
  "spacing_y": 3.0,
  "spacing_z": 3.0,
  "summary_bg_k": 10.919415119062508,
  "summary_bg_mad": 15.200365897827119,
  "summary_bg_mean": 58.09319305419922,
  "summary_bg_median": 22.28571319580078,
  "summary_bg_n": 65147.0,
  "summary_bg_p05": 10.196013450622559,
  "summary_bg_p95": 234.06145477294868,
  "summary_bg_stdv": 83.74568939208984,
  "summary_fg_k": 2.5886578115302488,
  "summary_fg_mad": 110.39224100432638,
  "summary_fg_mean": 796.7781372070312,
  "summary_fg_median": 785.262451171875,
  "summary_fg_n": 47483.0,
  "summary_fg_p05": 637.059814453125,
  "summary_fg_p95": 995.4232360839844,
  "summary_fg_stdv": 119.21539306640625,
  "tsnr": 55.22263116133399
}