{
  "aor": 0.002081993355481728,
  "aqi": 0.014680020564784053,
  "bids_meta": {
    "AccelFactPE": 2,
    "AcquisitionNumber": 1,
    "AcquisitionTime": "18:35:57.425000",
    "BandwidthPerPixelPhaseEncode": 47.348,
    "BodyPartExamined": "BRAIN",
    "ConversionSoftware": "dcm2niix",
    "ConversionSoftwareVersion": "v1.0.20170724 (OpenJPEG build) GCC6.1.0",
    "DeviceSerialNumber": "45031",
    "EchoTime": 0.03,
    "EchoTrainLength": 31,
    "EffectiveEchoSpacing": 0.000330003,
    "FlipAngle": 71,
    "ImageType": [
      "ORIGINAL",
      "PRIMARY",
      "M",
      "ND",
      "NORM",
      "MOSAIC"
    ],
    "InstitutionAddress": "Washington_and_Faculty_Rd._-_Building_25_25_Princeton_NJ_US_085",
    "InstitutionName": "Princeton_University_-_Neuroscience_Institute",
    "MagneticFieldStrength": 3,
    "Manufacturer": "Siemens",
    "ManufacturersModelName": "Skyra",
    "PhaseEncodingDirection": "j-",
    "PhaseEncodingLines": 64,
    "ProcedureStepDescription": "NormanLab_Jarrod",
    "ProtocolName": "epi_301_3x3x3_2s",
    "RepetitionTime": 2,
    "ScanningSequence": "EP",
    "SequenceName": "_epfid2d1_64",
    "SequenceVariant": "SK",
    "SeriesDescription": "epi_301_3x3x3_2s",
    "SliceTiming": [
      1,
      0,
      1.0575,
      0.0575,
      1.1125,
      0.1125,
      1.1675,
      0.1675,
      1.2225,
      0.2225,
      1.2775,
      0.28,
      1.335,
      0.335,
      1.39,
      0.39,
      1.445,
      0.445,
      1.5,
      0.5,
      1.555,
      0.5575,
      1.6125,
      0.6125,
      1.6675,
      0.6675,
      1.7225,
      0.7225,
      1.7775,
      0.7775,
      1.835,
      0.835,
      1.89,
      0.89,
      1.945,
      0.945
    ],
    "SoftwareVersions": "syngo_MR_D11",
    "TaskName": "Working Memory",
    "TotalReadoutTime": 0.0201302,
    "TrueEchoSpacing": 0.000660007,
    "dataset": "ds001229",
    "modality": "bold",
    "run_id": 2,
    "subject_id": "05",
    "task_id": "wm"
  },
  "dummy_trs": 0,
  "dvars_nstd": 26.030901711633362,
  "dvars_std": 1.1666400847,
  "dvars_vstd": 1.0000058050666667,
  "efc": 0.6573236478575258,
  "fber": 1097.5745849609375,
  "fd_mean": 0.09882880018614107,
  "fd_num": 9,
  "fd_perc": 2.990033222591362,
  "fwhm_avg": 1.6100155555555558,
  "fwhm_x": 1.47872,
  "fwhm_y": 1.7161733333333336,
  "fwhm_z": 1.6351533333333332,
  "gcor": 0.0319418,
  "gsr_x": 0.007561388425529003,
  "gsr_y": 0.0391523577272892,
  "provenance": {
    "md5sum": "f3e97d7b1bfd762994e169fc4effa6bd",
    "settings": {
      "fd_thres": 0.2,
      "testing": false
    },
    "software": "mriqc",
    "version": "22.0.6",
    "webapi_port": null,
    "webapi_url": "https://mriqc.nimh.nih.gov/api/v1"
  },
  "size_t": 301,
  "size_x": 64,
  "size_y": 64,
  "size_z": 36,
  "snr": 6.545944370159068,
  "spacing_tr": 2.0,
  "spacing_x": 3.0,
  "spacing_y": 3.0,
  "spacing_z": 3.0,
  "summary_bg_k": 11.09232307855612,
  "summary_bg_mad": 16.476093289523593,
  "summary_bg_mean": 60.256988525390625,
  "summary_bg_median": 23.411958694458008,
  "summary_bg_n": 64855.0,
  "summary_bg_p05": 10.362126350402832,
  "summary_bg_p95": 244.64185028076167,
  "summary_bg_stdv": 86.93236541748047,
  "summary_fg_k": 2.6222541698989046,
  "summary_fg_mad": 116.36952414282547,
  "summary_fg_mean": 830.4925537109375,
  "summary_fg_median": 819.1843872070312,
  "summary_fg_n": 47452.0,
  "summary_fg_p05": 661.3524749755859,
  "summary_fg_p95": 1038.2574951171873,
  "summary_fg_stdv": 125.14248657226562,
  "tsnr": 53.19726224988699
}