{
  "aor": 0.0033297342192691033,
  "aqi": 0.028757723920265783,
  "bids_meta": {
    "AccelFactPE": 2,
    "AcquisitionNumber": 1,
    "AcquisitionTime": "18:24:18.182500",
    "BandwidthPerPixelPhaseEncode": 47.348,
    "BodyPartExamined": "BRAIN",
    "ConversionSoftware": "dcm2niix",
    "ConversionSoftwareVersion": "v1.0.20170724 (OpenJPEG build) GCC6.1.0",
    "DeviceSerialNumber": "45031",
    "EchoTime": 0.03,
    "EchoTrainLength": 31,
    "EffectiveEchoSpacing": 0.000330003,
    "FlipAngle": 71,
    "ImageType": [
      "ORIGINAL",
      "PRIMARY",
      "M",
      "ND",
      "NORM",
      "MOSAIC"
    ],
    "InstitutionAddress": "Washington_and_Faculty_Rd._-_Building_25_25_Princeton_NJ_US_085",
    "InstitutionName": "Princeton_University_-_Neuroscience_Institute",
    "MagneticFieldStrength": 3,
    "Manufacturer": "Siemens",
    "ManufacturersModelName": "Skyra",
    "PhaseEncodingDirection": "j-",
    "PhaseEncodingLines": 64,
    "ProcedureStepDescription": "NormanLab_Jarrod",
    "ProtocolName": "epi_301_3x3x3_2s",
    "RepetitionTime": 2,
    "ScanningSequence": "EP",
    "SequenceName": "_epfid2d1_64",
    "SequenceVariant": "SK",
    "SeriesDescription": "epi_301_3x3x3_2s",
    "SliceTiming": [
      1,
      0,
      1.0575,
      0.0575,
      1.1125,
      0.1125,
      1.1675,
      0.1675,
      1.2225,
      0.2225,
      1.2775,
      0.28,
      1.335,
      0.335,
      1.39,
      0.39,
      1.445,
      0.445,
      1.5,
      0.5,
      1.555,
      0.5575,
      1.6125,
      0.6125,
      1.6675,
      0.6675,
      1.7225,
      0.7225,
      1.7775,
      0.7775,
      1.835,
      0.835,
      1.89,
      0.89,
      1.945,
      0.945
    ],
    "SoftwareVersions": "syngo_MR_D11",
    "TaskName": "Episodic Memory",
    "TotalReadoutTime": 0.0201302,
    "TrueEchoSpacing": 0.000660007,
    "dataset": "ds001229",
    "modality": "bold",
    "run_id": 1,
    "subject_id": "05",
    "task_id": "em"
  },
  "dummy_trs": 0,
  "dvars_nstd": 30.404832000666683,
  "dvars_std": 1.0574864791333327,
  "dvars_vstd": 0.9330106471999998,
  "efc": 0.6592511974949795,
  "fber": 957.569091796875,
  "fd_mean": 0.17569818892383562,
  "fd_num": 48,
  "fd_perc": 15.946843853820598,
  "fwhm_avg": 1.6292377777777778,
  "fwhm_x": 1.5329133333333333,
  "fwhm_y": 1.7779666666666667,
  "fwhm_z": 1.5768333333333333,
  "gcor": 0.0418369,
  "gsr_x": 0.00663123419508338,
  "gsr_y": 0.0393429771065712,
  "provenance": {
    "md5sum": "049a4fa9983921b9cbf020e64b4c3eef",
    "settings": {
      "fd_thres": 0.2,
      "testing": false
    },
    "software": "mriqc",
    "version": "22.0.6",
    "webapi_port": null,
    "webapi_url": "https://mriqc.nimh.nih.gov/api/v1"
  },
  "size_t": 301,
  "size_x": 64,
  "size_y": 64,
  "size_z": 36,
  "snr": 6.525026188878118,
  "spacing_tr": 2.0,
  "spacing_x": 3.0,
  "spacing_y": 3.0,
  "spacing_z": 3.0,
  "summary_bg_k": 10.55759393648073,
  "summary_bg_mad": 19.11128322285735,
  "summary_bg_mean": 62.00497817993164,
  "summary_bg_median": 25.564783096313477,
  "summary_bg_n": 64468.0,
  "summary_bg_p05": 10.629069709777832,
  "summary_bg_p95": 246.77241744995058,
  "summary_bg_stdv": 86.48023986816406,
  "summary_fg_k": 2.663953184761957,
  "summary_fg_mad": 115.49520147221993,
  "summary_fg_mean": 827.3544921875,
  "summary_fg_median": 816.6112670898438,
  "summary_fg_n": 47696.0,
  "summary_fg_p05": 658.4966888427734,
  "summary_fg_p95": 1033.7931518554688,
  "summary_fg_stdv": 125.14933776855469,
  "tsnr": 38.340336686815135
}