{
  "aor": 0.006850466666666666,
  "aqi": 0.01869181346666667,
  "bids_meta": {
    "AccelFactPE": 2,
    "AcquisitionNumber": 1,
    "AcquisitionTime": "18:47:0.035000",
    "BandwidthPerPixelPhaseEncode": 47.348,
    "BodyPartExamined": "BRAIN",
    "ConversionSoftware": "dcm2niix",
    "ConversionSoftwareVersion": "v1.0.20170724 (OpenJPEG build) GCC6.1.0",
    "DeviceSerialNumber": "45031",
    "EchoTime": 0.03,
    "EchoTrainLength": 31,
    "EffectiveEchoSpacing": 0.000330003,
    "FlipAngle": 71,
    "ImageType": [
      "ORIGINAL",
      "PRIMARY",
      "M",
      "ND",
      "NORM",
      "MOSAIC"
    ],
    "InstitutionAddress": "Washington_and_Faculty_Rd._-_Building_25_25_Princeton_NJ_US_085",
    "InstitutionName": "Princeton_University_-_Neuroscience_Institute",
    "MagneticFieldStrength": 3,
    "Manufacturer": "Siemens",
    "ManufacturersModelName": "Skyra",
    "PhaseEncodingDirection": "j-",
    "PhaseEncodingLines": 64,
    "ProcedureStepDescription": "NormanLab_Jarrod",
    "ProtocolName": "epi_301_3x3x3_2s",
    "RepetitionTime": 2,
    "ScanningSequence": "EP",
    "SequenceName": "_epfid2d1_64",
    "SequenceVariant": "SK",
    "SeriesDescription": "epi_301_3x3x3_2s",
    "SliceTiming": [
      1,
      0,
      1.055,
      0.055,
      1.11,
      0.11,
      1.165,
      0.165,
      1.22,
      0.2225,
      1.2775,
      0.2775,
      1.3325,
      0.3325,
      1.3875,
      0.3875,
      1.4425,
      0.4425,
      1.5,
      0.5,
      1.555,
      0.555,
      1.61,
      0.61,
      1.665,
      0.665,
      1.72,
      0.7225,
      1.7775,
      0.7775,
      1.8325,
      0.8325,
      1.8875,
      0.8875,
      1.9425,
      0.9425
    ],
    "SoftwareVersions": "syngo_MR_D11",
    "TaskName": "Episodic Memory",
    "TotalReadoutTime": 0.0201302,
    "TrueEchoSpacing": 0.000660007,
    "dataset": "ds001229",
    "modality": "bold",
    "run_id": 2,
    "subject_id": "05",
    "task_id": "em"
  },
  "dummy_trs": 1,
  "dvars_nstd": 27.619266389130438,
  "dvars_std": 1.1361185387959856,
  "dvars_vstd": 1.0214610668896322,
  "efc": 0.6558400297506758,
  "fber": 1110.7008056640625,
  "fd_mean": 0.16243761559650147,
  "fd_num": 34,
  "fd_perc": 11.333333333333334,
  "fwhm_avg": 1.6162122222222222,
  "fwhm_x": 1.51858,
  "fwhm_y": 1.7726033333333333,
  "fwhm_z": 1.5574533333333334,
  "gcor": 0.0348663,
  "gsr_x": 0.008618531748652458,
  "gsr_y": 0.03872302174568176,
  "provenance": {
    "md5sum": "29b4b7a31b8a0c108c0fce1cbb3ce135",
    "settings": {
      "fd_thres": 0.2,
      "testing": false
    },
    "software": "mriqc",
    "version": "22.0.6",
    "webapi_port": null,
    "webapi_url": "https://mriqc.nimh.nih.gov/api/v1"
  },
  "size_t": 300,
  "size_x": 64,
  "size_y": 64,
  "size_z": 36,
  "snr": 6.545867874505888,
  "spacing_tr": 2.0,
  "spacing_x": 3.0,
  "spacing_y": 3.0,
  "spacing_z": 3.0,
  "summary_bg_k": 11.321313062617984,
  "summary_bg_mad": 17.29208470466987,
  "summary_bg_mean": 59.79863739013672,
  "summary_bg_median": 23.540000915527344,
  "summary_bg_n": 64951.0,
  "summary_bg_p05": 9.953333854675293,
  "summary_bg_p95": 239.70667266845703,
  "summary_bg_stdv": 85.91089630126953,
  "summary_fg_k": 2.548760136764689,
  "summary_fg_mad": 115.5094990277939,
  "summary_fg_mean": 831.064697265625,
  "summary_fg_median": 818.1533813476562,
  "summary_fg_n": 47335.0,
  "summary_fg_p05": 661.4713317871094,
  "summary_fg_p95": 1041.7639892578122,
  "summary_fg_stdv": 124.98644256591797,
  "tsnr": 44.60878883488476
}