{
  "aor": 0.002431063122923588,
  "aqi": 0.010998550132890366,
  "bids_meta": {
    "AccelFactPE": 2,
    "AcquisitionNumber": 1,
    "AcquisitionTime": "16:54:52.215000",
    "BandwidthPerPixelPhaseEncode": 47.348,
    "BodyPartExamined": "BRAIN",
    "ConversionSoftware": "dcm2niix",
    "ConversionSoftwareVersion": "v1.0.20170724 (OpenJPEG build) GCC6.1.0",
    "DeviceSerialNumber": "45031",
    "EchoTime": 0.03,
    "EchoTrainLength": 31,
    "EffectiveEchoSpacing": 0.000330003,
    "FlipAngle": 71,
    "ImageType": [
      "ORIGINAL",
      "PRIMARY",
      "M",
      "ND",
      "NORM",
      "MOSAIC"
    ],
    "InstitutionAddress": "Washington_and_Faculty_Rd._-_Building_25_25_Princeton_NJ_US_085",
    "InstitutionName": "Princeton_University_-_Neuroscience_Institute",
    "MagneticFieldStrength": 3,
    "Manufacturer": "Siemens",
    "ManufacturersModelName": "Skyra",
    "PhaseEncodingDirection": "j-",
    "PhaseEncodingLines": 64,
    "ProcedureStepDescription": "NormanLab_Jarrod",
    "ProtocolName": "epi_301_3x3x3_2s",
    "RepetitionTime": 2,
    "ScanningSequence": "EP",
    "SequenceName": "_epfid2d1_64",
    "SequenceVariant": "SK",
    "SeriesDescription": "epi_301_3x3x3_2s",
    "SliceTiming": [
      1,
      0,
      1.055,
      0.0575,
      1.1125,
      0.1125,
      1.1675,
      0.1675,
      1.2225,
      0.2225,
      1.2775,
      0.2775,
      1.335,
      0.335,
      1.39,
      0.39,
      1.445,
      0.445,
      1.5,
      0.5,
      1.555,
      0.555,
      1.6125,
      0.6125,
      1.6675,
      0.6675,
      1.7225,
      0.7225,
      1.7775,
      0.7775,
      1.8325,
      0.835,
      1.89,
      0.89,
      1.945,
      0.945
    ],
    "SoftwareVersions": "syngo_MR_D11",
    "TaskName": "Working Memory",
    "TotalReadoutTime": 0.0201302,
    "TrueEchoSpacing": 0.000660007,
    "dataset": "ds001229",
    "modality": "bold",
    "run_id": 1,
    "subject_id": "03",
    "task_id": "wm"
  },
  "dummy_trs": 0,
  "dvars_nstd": 24.96386174490001,
  "dvars_std": 1.1317569591000003,
  "dvars_vstd": 1.0014929946000006,
  "efc": 0.6221373996878834,
  "fber": 1098.2491455078125,
  "fd_mean": 0.07200279845392525,
  "fd_num": 20,
  "fd_perc": 6.644518272425249,
  "fwhm_avg": 1.6990957759956953,
  "fwhm_x": 1.5957233333333332,
  "fwhm_y": 1.8372966666666668,
  "fwhm_z": 1.6642673279870859,
  "gcor": 0.0411902,
  "gsr_x": -0.012931693345308304,
  "gsr_y": 0.060914453119039536,
  "provenance": {
    "md5sum": "b8134ff45fab79ec18904a62eb720659",
    "settings": {
      "fd_thres": 0.2,
      "testing": false
    },
    "software": "mriqc",
    "version": "22.0.6",
    "webapi_port": null,
    "webapi_url": "https://mriqc.nimh.nih.gov/api/v1"
  },
  "size_t": 301,
  "size_x": 64,
  "size_y": 64,
  "size_z": 36,
  "snr": 5.6312012203762585,
  "spacing_tr": 2.0,
  "spacing_x": 3.0,
  "spacing_y": 3.0,
  "spacing_z": 2.9999988079071045,
  "summary_bg_k": 20.628328360961884,
  "summary_bg_mad": 13.914787727878686,
  "summary_bg_mean": 52.9036865234375,
  "summary_bg_median": 21.37873649597168,
  "summary_bg_n": 72050.0,
  "summary_bg_p05": 9.764119148254395,
  "summary_bg_p95": 212.07159271240235,
  "summary_bg_stdv": 77.95093536376953,
  "summary_fg_k": 2.784063383567836,
  "summary_fg_mad": 122.40580732078169,
  "summary_fg_mean": 745.7900390625,
  "summary_fg_median": 733.41357421875,
  "summary_fg_n": 41186.0,
  "summary_fg_p05": 574.2699279785156,
  "summary_fg_p95": 953.1810302734375,
  "summary_fg_stdv": 130.23947143554688,
  "tsnr": 52.71110783610493
}