{
  "aor": 0.0024990365448504985,
  "aqi": 0.009501260598006643,
  "bids_meta": {
    "AccelFactPE": 2,
    "AcquisitionNumber": 1,
    "AcquisitionTime": "17:08:14.787500",
    "BandwidthPerPixelPhaseEncode": 47.348,
    "BodyPartExamined": "BRAIN",
    "ConversionSoftware": "dcm2niix",
    "ConversionSoftwareVersion": "v1.0.20170724 (OpenJPEG build) GCC6.1.0",
    "DeviceSerialNumber": "45031",
    "EchoTime": 0.03,
    "EchoTrainLength": 31,
    "EffectiveEchoSpacing": 0.000330003,
    "FlipAngle": 71,
    "ImageType": [
      "ORIGINAL",
      "PRIMARY",
      "M",
      "ND",
      "NORM",
      "MOSAIC"
    ],
    "InstitutionAddress": "Washington_and_Faculty_Rd._-_Building_25_25_Princeton_NJ_US_085",
    "InstitutionName": "Princeton_University_-_Neuroscience_Institute",
    "MagneticFieldStrength": 3,
    "Manufacturer": "Siemens",
    "ManufacturersModelName": "Skyra",
    "PhaseEncodingDirection": "j-",
    "PhaseEncodingLines": 64,
    "ProcedureStepDescription": "NormanLab_Jarrod",
    "ProtocolName": "epi_301_3x3x3_2s",
    "RepetitionTime": 2,
    "ScanningSequence": "EP",
    "SequenceName": "_epfid2d1_64",
    "SequenceVariant": "SK",
    "SeriesDescription": "epi_301_3x3x3_2s",
    "SliceTiming": [
      1,
      0,
      1.055,
      0.0575,
      1.1125,
      0.1125,
      1.1675,
      0.1675,
      1.2225,
      0.2225,
      1.2775,
      0.2775,
      1.335,
      0.335,
      1.39,
      0.39,
      1.445,
      0.445,
      1.5,
      0.5,
      1.555,
      0.555,
      1.6125,
      0.6125,
      1.6675,
      0.6675,
      1.7225,
      0.7225,
      1.7775,
      0.7775,
      1.8325,
      0.835,
      1.89,
      0.89,
      1.945,
      0.945
    ],
    "SoftwareVersions": "syngo_MR_D11",
    "TaskName": "Episodic Memory",
    "TotalReadoutTime": 0.0201302,
    "TrueEchoSpacing": 0.000660007,
    "dataset": "ds001229",
    "modality": "bold",
    "run_id": 1,
    "subject_id": "03",
    "task_id": "em"
  },
  "dummy_trs": 0,
  "dvars_nstd": 24.5984358660333,
  "dvars_std": 1.116715108066667,
  "dvars_vstd": 1.0200229340000007,
  "efc": 0.6220545965744736,
  "fber": 1114.8585205078125,
  "fd_mean": 0.09806037822772919,
  "fd_num": 36,
  "fd_perc": 11.960132890365449,
  "fwhm_avg": 1.6949957728543084,
  "fwhm_x": 1.5978566666666667,
  "fwhm_y": 1.84658,
  "fwhm_z": 1.640550651896259,
  "gcor": 0.0631851,
  "gsr_x": -0.013248261995613575,
  "gsr_y": 0.062363043427467346,
  "provenance": {
    "md5sum": "a9e95bd8ee4aa2e80449abeab9695490",
    "settings": {
      "fd_thres": 0.2,
      "testing": false
    },
    "software": "mriqc",
    "version": "22.0.6",
    "webapi_port": null,
    "webapi_url": "https://mriqc.nimh.nih.gov/api/v1"
  },
  "size_t": 301,
  "size_x": 64,
  "size_y": 64,
  "size_z": 36,
  "snr": 5.630440926160193,
  "spacing_tr": 2.0,
  "spacing_x": 3.0,
  "spacing_y": 3.0,
  "spacing_z": 2.9999988079071045,
  "summary_bg_k": 19.743830340307387,
  "summary_bg_mad": 14.12166114076816,
  "summary_bg_mean": 53.6920280456543,
  "summary_bg_median": 21.282390594482422,
  "summary_bg_n": 72154.0,
  "summary_bg_p05": 9.752989721298219,
  "summary_bg_p95": 215.7365356445312,
  "summary_bg_stdv": 78.90254974365234,
  "summary_fg_k": 2.8193152467959033,
  "summary_fg_mad": 122.85400854076815,
  "summary_fg_mean": 748.5411987304688,
  "summary_fg_median": 736.89697265625,
  "summary_fg_n": 41037.0,
  "summary_fg_p05": 576.4032836914063,
  "summary_fg_p95": 954.0219116210936,
  "summary_fg_stdv": 130.87571716308594,
  "tsnr": 54.4887818666175
}