{
  "aor": 0.002598604651162791,
  "aqi": 0.013813312990033222,
  "bids_meta": {
    "AccelFactPE": 2,
    "AcquisitionNumber": 1,
    "AcquisitionTime": "18:00:34.270000",
    "BandwidthPerPixelPhaseEncode": 47.348,
    "BodyPartExamined": "BRAIN",
    "ConversionSoftware": "dcm2niix",
    "ConversionSoftwareVersion": "v1.0.20170724 (OpenJPEG build) GCC6.1.0",
    "DeviceSerialNumber": "45031",
    "EchoTime": 0.03,
    "EchoTrainLength": 31,
    "EffectiveEchoSpacing": 0.000330003,
    "FlipAngle": 71,
    "ImageType": [
      "ORIGINAL",
      "PRIMARY",
      "M",
      "ND",
      "NORM",
      "MOSAIC"
    ],
    "InstitutionAddress": "Washington_and_Faculty_Rd._-_Building_25_25_Princeton_NJ_US_085",
    "InstitutionName": "Princeton_University_-_Neuroscience_Institute",
    "MagneticFieldStrength": 3,
    "Manufacturer": "Siemens",
    "ManufacturersModelName": "Skyra",
    "PhaseEncodingDirection": "j-",
    "PhaseEncodingLines": 64,
    "ProcedureStepDescription": "NormanLab_Jarrod",
    "ProtocolName": "epi_301_3x3x3_2s",
    "RepetitionTime": 2,
    "ScanningSequence": "EP",
    "SequenceName": "_epfid2d1_64",
    "SequenceVariant": "SK",
    "SeriesDescription": "epi_301_3x3x3_2s",
    "SliceTiming": [
      0.9975,
      0,
      1.055,
      0.055,
      1.11,
      0.11,
      1.165,
      0.165,
      1.22,
      0.22,
      1.2775,
      0.2775,
      1.3325,
      0.3325,
      1.3875,
      0.3875,
      1.4425,
      0.4425,
      1.4975,
      0.5,
      1.555,
      0.555,
      1.61,
      0.61,
      1.665,
      0.665,
      1.72,
      0.72,
      1.775,
      0.7775,
      1.8325,
      0.8325,
      1.8875,
      0.8875,
      1.9425,
      0.9425
    ],
    "SoftwareVersions": "syngo_MR_D11",
    "TaskName": "Episodic Memory",
    "TotalReadoutTime": 0.0201302,
    "TrueEchoSpacing": 0.000660007,
    "dataset": "ds001229",
    "modality": "bold",
    "run_id": 3,
    "subject_id": "03",
    "task_id": "em"
  },
  "dummy_trs": 0,
  "dvars_nstd": 26.65207922006665,
  "dvars_std": 1.1021767821666673,
  "dvars_vstd": 1.0088116855999993,
  "efc": 0.6208104664401501,
  "fber": 1172.16796875,
  "fd_mean": 0.15090461616418632,
  "fd_num": 65,
  "fd_perc": 21.59468438538206,
  "fwhm_avg": 1.7009835544675365,
  "fwhm_x": 1.5888966666666666,
  "fwhm_y": 1.8445466666666668,
  "fwhm_z": 1.6695073300692758,
  "gcor": 0.0521362,
  "gsr_x": -0.009352958761155605,
  "gsr_y": 0.061782389879226685,
  "provenance": {
    "md5sum": "ea83f43feee519dbcb2c391beb12a8fc",
    "settings": {
      "fd_thres": 0.2,
      "testing": false
    },
    "software": "mriqc",
    "version": "22.0.6",
    "webapi_port": null,
    "webapi_url": "https://mriqc.nimh.nih.gov/api/v1"
  },
  "size_t": 301,
  "size_x": 64,
  "size_y": 64,
  "size_z": 36,
  "snr": 5.646889870828377,
  "spacing_tr": 2.0,
  "spacing_x": 3.0,
  "spacing_y": 3.0,
  "spacing_z": 2.9999988079071045,
  "summary_bg_k": 16.44290883252428,
  "summary_bg_mad": 13.60940229071063,
  "summary_bg_mean": 53.791603088378906,
  "summary_bg_median": 20.671096801757812,
  "summary_bg_n": 72427.0,
  "summary_bg_p05": 9.504982948303223,
  "summary_bg_p95": 222.48803253173813,
  "summary_bg_stdv": 79.21575927734375,
  "summary_fg_k": 2.743236004027257,
  "summary_fg_mad": 122.66931669946139,
  "summary_fg_mean": 747.26025390625,
  "summary_fg_median": 734.68603515625,
  "summary_fg_n": 40822.0,
  "summary_fg_p05": 576.3458526611328,
  "summary_fg_p95": 954.0763885498045,
  "summary_fg_stdv": 130.1029510498047,
  "tsnr": 46.68791147577576
}