{
  "aor": 0.0014796677740863786,
  "aqi": 0.030794388372093022,
  "bids_meta": {
    "AccelFactPE": 2,
    "AcquisitionNumber": 1,
    "AcquisitionTime": "11:46:22.890000",
    "BandwidthPerPixelPhaseEncode": 47.348,
    "BodyPartExamined": "BRAIN",
    "ConversionSoftware": "dcm2niix",
    "ConversionSoftwareVersion": "v1.0.20170724 (OpenJPEG build) GCC6.1.0",
    "DeviceSerialNumber": "45031",
    "EchoTime": 0.03,
    "EchoTrainLength": 31,
    "EffectiveEchoSpacing": 0.000330003,
    "FlipAngle": 71,
    "ImageType": [
      "ORIGINAL",
      "PRIMARY",
      "M",
      "ND",
      "NORM",
      "MOSAIC"
    ],
    "InstitutionAddress": "Washington_and_Faculty_Rd._-_Building_25_25_Princeton_NJ_US_085",
    "InstitutionName": "Princeton_University_-_Neuroscience_Institute",
    "MagneticFieldStrength": 3,
    "Manufacturer": "Siemens",
    "ManufacturersModelName": "Skyra",
    "PhaseEncodingDirection": "j-",
    "PhaseEncodingLines": 64,
    "ProcedureStepDescription": "NormanLab_Jarrod",
    "ProtocolName": "epi_301_3x3x3_2s",
    "RepetitionTime": 2,
    "ScanningSequence": "EP",
    "SequenceName": "_epfid2d1_64",
    "SequenceVariant": "SK",
    "SeriesDescription": "epi_301_3x3x3_2s",
    "SliceTiming": [
      1,
      0,
      1.055,
      0.055,
      1.1125,
      0.1125,
      1.1675,
      0.1675,
      1.2225,
      0.2225,
      1.2775,
      0.2775,
      1.3325,
      0.335,
      1.39,
      0.39,
      1.445,
      0.445,
      1.5,
      0.5,
      1.555,
      0.555,
      1.6125,
      0.6125,
      1.6675,
      0.6675,
      1.7225,
      0.7225,
      1.7775,
      0.7775,
      1.8325,
      0.8325,
      1.89,
      0.89,
      1.945,
      0.945
    ],
    "SoftwareVersions": "syngo_MR_D11",
    "TaskName": "Episodic Memory",
    "TotalReadoutTime": 0.0201302,
    "TrueEchoSpacing": 0.000660007,
    "dataset": "ds001229",
    "modality": "bold",
    "run_id": 3,
    "subject_id": "24",
    "task_id": "em"
  },
  "dummy_trs": 0,
  "dvars_nstd": 28.941943404066667,
  "dvars_std": 1.033719633633333,
  "dvars_vstd": 0.9108550824333335,
  "efc": 0.5669849703351395,
  "fber": 1390.18505859375,
  "fd_mean": 0.14403176925212188,
  "fd_num": 49,
  "fd_perc": 16.27906976744186,
  "fwhm_avg": 1.687191237631934,
  "fwhm_x": 1.6349333333333333,
  "fwhm_y": 1.83464,
  "fwhm_z": 1.5920003795624684,
  "gcor": 0.0162412,
  "gsr_x": -0.003646831028163433,
  "gsr_y": 0.034081436693668365,
  "provenance": {
    "md5sum": "47ccd92b7a8f3921cbbc90e89b1b1b5b",
    "settings": {
      "fd_thres": 0.2,
      "testing": false
    },
    "software": "mriqc",
    "version": "22.0.6",
    "webapi_port": null,
    "webapi_url": "https://mriqc.nimh.nih.gov/api/v1"
  },
  "size_t": 301,
  "size_x": 64,
  "size_y": 64,
  "size_z": 36,
  "snr": 6.561412325434002,
  "spacing_tr": 2.0,
  "spacing_x": 3.0,
  "spacing_y": 3.0,
  "spacing_z": 2.9999992847442627,
  "summary_bg_k": 30.502885700583604,
  "summary_bg_mad": 11.91992383147624,
  "summary_bg_mean": 36.86161804199219,
  "summary_bg_median": 19.953487396240234,
  "summary_bg_n": 79599.0,
  "summary_bg_p05": 9.315614700317383,
  "summary_bg_p95": 108.43720779418899,
  "summary_bg_stdv": 55.2555046081543,
  "summary_fg_k": 2.57164359509657,
  "summary_fg_mad": 103.9791991388245,
  "summary_fg_mean": 761.8423461914062,
  "summary_fg_median": 750.2657470703125,
  "summary_fg_n": 34708.0,
  "summary_fg_p05": 608.245849609375,
  "summary_fg_p95": 955.8672637939454,
  "summary_fg_stdv": 114.34351348876953,
  "tsnr": 41.6476651802659
}