{
  "aor": 0.003303466666666667,
  "aqi": 0.0082820443,
  "bids_meta": {
    "AccelFactPE": 2,
    "AcquisitionNumber": 1,
    "AcquisitionTime": "10:53:29.945000",
    "BandwidthPerPixelPhaseEncode": 47.348,
    "BodyPartExamined": "BRAIN",
    "ConversionSoftware": "dcm2niix",
    "ConversionSoftwareVersion": "v1.0.20170724 (OpenJPEG build) GCC6.1.0",
    "DeviceSerialNumber": "45031",
    "EchoTime": 0.03,
    "EchoTrainLength": 31,
    "EffectiveEchoSpacing": 0.000330003,
    "FlipAngle": 71,
    "ImageType": [
      "ORIGINAL",
      "PRIMARY",
      "M",
      "ND",
      "NORM",
      "MOSAIC"
    ],
    "InstitutionAddress": "Washington_and_Faculty_Rd._-_Building_25_25_Princeton_NJ_US_085",
    "InstitutionName": "Princeton_University_-_Neuroscience_Institute",
    "MagneticFieldStrength": 3,
    "Manufacturer": "Siemens",
    "ManufacturersModelName": "Skyra",
    "PhaseEncodingDirection": "j-",
    "PhaseEncodingLines": 64,
    "ProcedureStepDescription": "NormanLab_Jarrod",
    "ProtocolName": "epi_301_3x3x3_2s",
    "RepetitionTime": 2,
    "ScanningSequence": "EP",
    "SequenceName": "_epfid2d1_64",
    "SequenceVariant": "SK",
    "SeriesDescription": "epi_301_3x3x3_2s",
    "SliceTiming": [
      1,
      0,
      1.055,
      0.055,
      1.1125,
      0.1125,
      1.1675,
      0.1675,
      1.2225,
      0.2225,
      1.2775,
      0.2775,
      1.3325,
      0.335,
      1.39,
      0.39,
      1.445,
      0.445,
      1.5,
      0.5,
      1.555,
      0.555,
      1.61,
      0.6125,
      1.6675,
      0.6675,
      1.7225,
      0.7225,
      1.7775,
      0.7775,
      1.8325,
      0.8325,
      1.89,
      0.89,
      1.945,
      0.945
    ],
    "SoftwareVersions": "syngo_MR_D11",
    "TaskName": "Working Memory",
    "TotalReadoutTime": 0.0201302,
    "TrueEchoSpacing": 0.000660007,
    "dataset": "ds001229",
    "modality": "bold",
    "run_id": 1,
    "subject_id": "24",
    "task_id": "wm"
  },
  "dummy_trs": 1,
  "dvars_nstd": 28.813512872274227,
  "dvars_std": 1.2301298648494978,
  "dvars_vstd": 1.0272817117391315,
  "efc": 0.5653645401163911,
  "fber": 1449.129638671875,
  "fd_mean": 0.13054699284361554,
  "fd_num": 29,
  "fd_perc": 9.666666666666666,
  "fwhm_avg": 1.6620223510972965,
  "fwhm_x": 1.5888833333333334,
  "fwhm_y": 1.7755599999999998,
  "fwhm_z": 1.6216237199585564,
  "gcor": 0.0146394,
  "gsr_x": -0.0039628781378269196,
  "gsr_y": 0.030560839921236038,
  "provenance": {
    "md5sum": "10e976bfd172b5727fdf439bb8dcac74",
    "settings": {
      "fd_thres": 0.2,
      "testing": false
    },
    "software": "mriqc",
    "version": "22.0.6",
    "webapi_port": null,
    "webapi_url": "https://mriqc.nimh.nih.gov/api/v1"
  },
  "size_t": 300,
  "size_x": 64,
  "size_y": 64,
  "size_z": 36,
  "snr": 6.5155055783373745,
  "spacing_tr": 2.0,
  "spacing_x": 3.0,
  "spacing_y": 3.0,
  "spacing_z": 2.9999992847442627,
  "summary_bg_k": 30.84244658779066,
  "summary_bg_mad": 10.837821425480943,
  "summary_bg_mean": 35.20255661010742,
  "summary_bg_median": 19.06999969482422,
  "summary_bg_n": 79701.0,
  "summary_bg_p05": 8.933333396911621,
  "summary_bg_p95": 103.24666595458984,
  "summary_bg_stdv": 53.482276916503906,
  "summary_fg_k": 2.765980067124051,
  "summary_fg_mad": 103.04085418613934,
  "summary_fg_mean": 754.6447143554688,
  "summary_fg_median": 743.739990234375,
  "summary_fg_n": 34668.0,
  "summary_fg_p05": 603.3358612060547,
  "summary_fg_p95": 945.9455291748047,
  "summary_fg_stdv": 114.14759063720703,
  "tsnr": 60.81263633398339
}