{
  "aor": 0.0017464451827242525,
  "aqi": 0.011449326611295682,
  "bids_meta": {
    "AccelFactPE": 2,
    "AcquisitionNumber": 1,
    "AcquisitionTime": "11:35:50.120000",
    "BandwidthPerPixelPhaseEncode": 47.348,
    "BodyPartExamined": "BRAIN",
    "ConversionSoftware": "dcm2niix",
    "ConversionSoftwareVersion": "v1.0.20170724 (OpenJPEG build) GCC6.1.0",
    "DeviceSerialNumber": "45031",
    "EchoTime": 0.03,
    "EchoTrainLength": 31,
    "EffectiveEchoSpacing": 0.000330003,
    "FlipAngle": 71,
    "ImageType": [
      "ORIGINAL",
      "PRIMARY",
      "M",
      "ND",
      "NORM",
      "MOSAIC"
    ],
    "InstitutionAddress": "Washington_and_Faculty_Rd._-_Building_25_25_Princeton_NJ_US_085",
    "InstitutionName": "Princeton_University_-_Neuroscience_Institute",
    "MagneticFieldStrength": 3,
    "Manufacturer": "Siemens",
    "ManufacturersModelName": "Skyra",
    "PhaseEncodingDirection": "j-",
    "PhaseEncodingLines": 64,
    "ProcedureStepDescription": "NormanLab_Jarrod",
    "ProtocolName": "epi_301_3x3x3_2s",
    "RepetitionTime": 2,
    "ScanningSequence": "EP",
    "SequenceName": "_epfid2d1_64",
    "SequenceVariant": "SK",
    "SeriesDescription": "epi_301_3x3x3_2s",
    "SliceTiming": [
      0.9975,
      0,
      1.055,
      0.055,
      1.11,
      0.11,
      1.165,
      0.165,
      1.22,
      0.22,
      1.2775,
      0.2775,
      1.3325,
      0.3325,
      1.3875,
      0.3875,
      1.4425,
      0.4425,
      1.4975,
      0.5,
      1.555,
      0.555,
      1.61,
      0.61,
      1.665,
      0.665,
      1.72,
      0.72,
      1.7775,
      0.7775,
      1.8325,
      0.8325,
      1.8875,
      0.8875,
      1.9425,
      0.9425
    ],
    "SoftwareVersions": "syngo_MR_D11",
    "TaskName": "Working Memory",
    "TotalReadoutTime": 0.0201302,
    "TrueEchoSpacing": 0.000660007,
    "dataset": "ds001229",
    "modality": "bold",
    "run_id": 3,
    "subject_id": "24",
    "task_id": "wm"
  },
  "dummy_trs": 0,
  "dvars_nstd": 27.16863224673335,
  "dvars_std": 1.153033922200001,
  "dvars_vstd": 0.972386354666667,
  "efc": 0.5671892002077626,
  "fber": 1487.2630615234375,
  "fd_mean": 0.13319610992175068,
  "fd_num": 35,
  "fd_perc": 11.627906976744185,
  "fwhm_avg": 1.651696787317623,
  "fwhm_x": 1.6228733333333334,
  "fwhm_y": 1.8140766666666668,
  "fwhm_z": 1.5181403619528682,
  "gcor": 0.0170593,
  "gsr_x": -0.003749857423827052,
  "gsr_y": 0.03154950588941574,
  "provenance": {
    "md5sum": "d72dd0b14caa45f5eae2f4076a1722c8",
    "settings": {
      "fd_thres": 0.2,
      "testing": false
    },
    "software": "mriqc",
    "version": "22.0.6",
    "webapi_port": null,
    "webapi_url": "https://mriqc.nimh.nih.gov/api/v1"
  },
  "size_t": 301,
  "size_x": 64,
  "size_y": 64,
  "size_z": 36,
  "snr": 6.500291895871669,
  "spacing_tr": 2.0,
  "spacing_x": 3.0,
  "spacing_y": 3.0,
  "spacing_z": 2.9999992847442627,
  "summary_bg_k": 29.212603962274464,
  "summary_bg_mad": 12.378005522027468,
  "summary_bg_mean": 36.843326568603516,
  "summary_bg_median": 19.315614700317383,
  "summary_bg_n": 79603.0,
  "summary_bg_p05": 8.29568099975586,
  "summary_bg_p95": 114.29900360107422,
  "summary_bg_stdv": 56.65287780761719,
  "summary_fg_k": 2.6413075866420463,
  "summary_fg_mad": 104.99880488205032,
  "summary_fg_mean": 762.0442504882812,
  "summary_fg_median": 750.0465087890625,
  "summary_fg_n": 34851.0,
  "summary_fg_p05": 607.7557983398438,
  "summary_fg_p95": 955.7624206542969,
  "summary_fg_stdv": 115.38493347167969,
  "tsnr": 55.00229262188077
}