{
  "aor": 0.0009462,
  "aqi": 0.009725186366666666,
  "bids_meta": {
    "AccelFactPE": 2,
    "AcquisitionNumber": 1,
    "AcquisitionTime": "11:04:2.212500",
    "BandwidthPerPixelPhaseEncode": 47.348,
    "BodyPartExamined": "BRAIN",
    "ConversionSoftware": "dcm2niix",
    "ConversionSoftwareVersion": "v1.0.20170724 (OpenJPEG build) GCC6.1.0",
    "DeviceSerialNumber": "45031",
    "EchoTime": 0.03,
    "EchoTrainLength": 31,
    "EffectiveEchoSpacing": 0.000330003,
    "FlipAngle": 71,
    "ImageType": [
      "ORIGINAL",
      "PRIMARY",
      "M",
      "ND",
      "NORM",
      "MOSAIC"
    ],
    "InstitutionAddress": "Washington_and_Faculty_Rd._-_Building_25_25_Princeton_NJ_US_085",
    "InstitutionName": "Princeton_University_-_Neuroscience_Institute",
    "MagneticFieldStrength": 3,
    "Manufacturer": "Siemens",
    "ManufacturersModelName": "Skyra",
    "PhaseEncodingDirection": "j-",
    "PhaseEncodingLines": 64,
    "ProcedureStepDescription": "NormanLab_Jarrod",
    "ProtocolName": "epi_301_3x3x3_2s",
    "RepetitionTime": 2,
    "ScanningSequence": "EP",
    "SequenceName": "_epfid2d1_64",
    "SequenceVariant": "SK",
    "SeriesDescription": "epi_301_3x3x3_2s",
    "SliceTiming": [
      1,
      0,
      1.055,
      0.055,
      1.11,
      0.11,
      1.1675,
      0.1675,
      1.2225,
      0.2225,
      1.2775,
      0.2775,
      1.3325,
      0.3325,
      1.3875,
      0.39,
      1.445,
      0.445,
      1.5,
      0.5,
      1.555,
      0.555,
      1.61,
      0.61,
      1.665,
      0.6675,
      1.7225,
      0.7225,
      1.7775,
      0.7775,
      1.8325,
      0.8325,
      1.8875,
      0.8875,
      1.945,
      0.945
    ],
    "SoftwareVersions": "syngo_MR_D11",
    "TaskName": "Episodic Memory",
    "TotalReadoutTime": 0.0201302,
    "TrueEchoSpacing": 0.000660007,
    "dataset": "ds001229",
    "modality": "bold",
    "run_id": 1,
    "subject_id": "24",
    "task_id": "em"
  },
  "dummy_trs": 1,
  "dvars_nstd": 28.257158897792642,
  "dvars_std": 1.2122243327424747,
  "dvars_vstd": 0.9861571990301007,
  "efc": 0.566399044820379,
  "fber": 1430.598876953125,
  "fd_mean": 0.10466726240522516,
  "fd_num": 15,
  "fd_perc": 5.0,
  "fwhm_avg": 1.657757908182705,
  "fwhm_x": 1.5778233333333331,
  "fwhm_y": 1.7545766666666667,
  "fwhm_z": 1.6408737245481153,
  "gcor": 0.0266573,
  "gsr_x": -0.004170374479144812,
  "gsr_y": 0.03159555792808533,
  "provenance": {
    "md5sum": "5d25b4b09919bd5681e126b163140b8f",
    "settings": {
      "fd_thres": 0.2,
      "testing": false
    },
    "software": "mriqc",
    "version": "22.0.6",
    "webapi_port": null,
    "webapi_url": "https://mriqc.nimh.nih.gov/api/v1"
  },
  "size_t": 300,
  "size_x": 64,
  "size_y": 64,
  "size_z": 36,
  "snr": 6.557134286926941,
  "spacing_tr": 2.0,
  "spacing_x": 3.0,
  "spacing_y": 3.0,
  "spacing_z": 2.9999992847442627,
  "summary_bg_k": 30.345165750322955,
  "summary_bg_mad": 11.233181640037195,
  "summary_bg_mean": 36.13077926635742,
  "summary_bg_median": 19.40999984741211,
  "summary_bg_n": 79643.0,
  "summary_bg_p05": 9.103333473205566,
  "summary_bg_p95": 107.65733795165961,
  "summary_bg_stdv": 55.29719161987305,
  "summary_fg_k": 2.8700839319411005,
  "summary_fg_mad": 103.24355370820065,
  "summary_fg_mean": 761.4484252929688,
  "summary_fg_median": 750.663330078125,
  "summary_fg_n": 34659.0,
  "summary_fg_p05": 608.6920227050781,
  "summary_fg_p95": 951.4673400878906,
  "summary_fg_stdv": 114.47874450683594,
  "tsnr": 58.91301898914389
}